GEM
  remote: https://rubygems.org/
  specs:
    albacore (2.6.4)
      map (~> 6.5)
      nokogiri (~> 1.5)
      rake (~> 10)
      semver2 (~> 3.4)
    map (6.6.0)
    mini_portile2 (2.1.0)
    nokogiri (1.7.1)
      mini_portile2 (~> 2.1.0)
    rake (10.5.0)
    semver2 (3.4.2)

PLATFORMS
  ruby

DEPENDENCIES
  albacore (~> 2.6.2)

BUNDLED WITH
   1.13.6
