REDIRECTS: ON
STORAGE: NONE
RESTRICTION: || (== net461) (== netstandard1.6) (== netcoreapp1.1)
NUGET
  remote: https://api.nuget.org/v3/index.json
    Argu (3.7)
      FSharp.Core (>= 4.0.1.7-alpha) - restriction: || (&& (== net461) (>= netstandard1.6)) (== netstandard1.6) (== netcoreapp1.1)
      NETStandard.Library (>= 1.6) - restriction: || (&& (== net461) (>= netstandard1.6)) (== netstandard1.6) (== netcoreapp1.1)
      System.Xml.XDocument (>= 4.0.11) - restriction: || (&& (== net461) (>= netstandard1.6)) (== netstandard1.6) (== netcoreapp1.1)
    BenchmarkDotNet (0.10.9)
      BenchmarkDotNet.Core (>= 0.10.9) - restriction: || (== net461) (&& (== netstandard1.6) (>= net46)) (&& (== netstandard1.6) (>= netcoreapp1.1)) (== netcoreapp1.1)
      BenchmarkDotNet.Toolchains.Roslyn (>= 0.10.9) - restriction: || (== net461) (&& (== netstandard1.6) (>= net46)) (&& (== netcoreapp1.1) (>= net46))
      Microsoft.NETCore.App (>= 1.1.2) - restriction: || (&& (== net461) (>= netcoreapp1.1)) (&& (== netstandard1.6) (>= netcoreapp1.1)) (== netcoreapp1.1)
    BenchmarkDotNet.Core (0.10.9) - restriction: || (== net461) (&& (== netstandard1.6) (>= net46)) (&& (== netstandard1.6) (>= netcoreapp1.1)) (== netcoreapp1.1)
      Microsoft.DotNet.InternalAbstractions (>= 1.0) - restriction: || (== net461) (&& (== netstandard1.6) (>= net46)) (&& (== netstandard1.6) (>= netcoreapp1.1)) (== netcoreapp1.1)
      Microsoft.DotNet.PlatformAbstractions (>= 1.1.1) - restriction: || (== net461) (&& (== netstandard1.6) (>= net46)) (&& (== netstandard1.6) (>= netcoreapp1.1)) (== netcoreapp1.1)
      Microsoft.NETCore.App (>= 1.1.2) - restriction: || (&& (== net461) (>= netcoreapp1.1)) (&& (== netstandard1.6) (>= netcoreapp1.1)) (== netcoreapp1.1)
      Microsoft.Win32.Registry (>= 4.3) - restriction: || (== net461) (&& (== netstandard1.6) (>= net46)) (&& (== netstandard1.6) (>= netcoreapp1.1)) (== netcoreapp1.1)
      System.Reflection.Emit.Lightweight (>= 4.3) - restriction: || (&& (== net461) (>= netcoreapp1.1)) (&& (== netstandard1.6) (>= netcoreapp1.1)) (== netcoreapp1.1)
      System.Runtime.Serialization.Primitives (>= 4.3) - restriction: || (&& (== net461) (>= netcoreapp1.1)) (&& (== netstandard1.6) (>= netcoreapp1.1)) (== netcoreapp1.1)
      System.Threading.Tasks.Extensions (>= 4.3) - restriction: || (== net461) (&& (== netstandard1.6) (>= net46)) (&& (== netcoreapp1.1) (>= net46))
      System.ValueTuple (>= 4.3) - restriction: || (== net461) (&& (== netstandard1.6) (>= net46)) (&& (== netstandard1.6) (>= netcoreapp1.1)) (== netcoreapp1.1)
      System.Xml.XPath.XmlDocument (>= 4.3) - restriction: || (&& (== net461) (>= netcoreapp1.1)) (&& (== netstandard1.6) (>= netcoreapp1.1)) (== netcoreapp1.1)
    BenchmarkDotNet.Toolchains.Roslyn (0.10.9) - restriction: || (== net461) (&& (== net461) (== netstandard1.6)) (&& (== net461) (== netcoreapp1.1)) (&& (== netstandard1.6) (== netcoreapp1.1) (>= net46)) (&& (== netstandard1.6) (>= net46)) (&& (== netcoreapp1.1) (>= net46))
      BenchmarkDotNet.Core (>= 0.10.9) - restriction: || (== net461) (&& (== netstandard1.6) (>= net46)) (&& (== netcoreapp1.1) (>= net46))
      Microsoft.CodeAnalysis.CSharp (>= 2.0) - restriction: || (== net461) (&& (== netstandard1.6) (>= net46)) (&& (== netcoreapp1.1) (>= net46))
      System.Threading.Tasks (>= 4.3) - restriction: || (== net461) (&& (== netstandard1.6) (>= net46)) (&& (== netcoreapp1.1) (>= net46))
    FsCheck (2.10)
      FSharp.Core (>= 4.1) - restriction: || (== net461) (&& (== netcoreapp1.1) (< netstandard1.6))
      FSharp.Core (>= 4.1.18) - restriction: || (&& (== net461) (>= netstandard1.6)) (== netstandard1.6) (== netcoreapp1.1)
      NETStandard.Library (>= 1.6.1) - restriction: || (&& (== net461) (>= netstandard1.6)) (== netstandard1.6) (== netcoreapp1.1)
    FSharp.Core (4.2.3)
      System.Collections (>= 4.0.11) - restriction: || (&& (== net461) (>= netstandard1.6)) (== netstandard1.6) (== netcoreapp1.1)
      System.Console (>= 4.0) - restriction: || (&& (== net461) (>= netstandard1.6)) (== netstandard1.6) (== netcoreapp1.1)
      System.Diagnostics.Debug (>= 4.0.11) - restriction: || (&& (== net461) (>= netstandard1.6)) (== netstandard1.6) (== netcoreapp1.1)
      System.Diagnostics.Tools (>= 4.0.1) - restriction: || (&& (== net461) (>= netstandard1.6)) (== netstandard1.6) (== netcoreapp1.1)
      System.Globalization (>= 4.0.11) - restriction: || (&& (== net461) (>= netstandard1.6)) (== netstandard1.6) (== netcoreapp1.1)
      System.IO (>= 4.1) - restriction: || (&& (== net461) (>= netstandard1.6)) (== netstandard1.6) (== netcoreapp1.1)
      System.Linq (>= 4.1) - restriction: || (&& (== net461) (>= netstandard1.6)) (== netstandard1.6) (== netcoreapp1.1)
      System.Linq.Expressions (>= 4.1) - restriction: || (&& (== net461) (>= netstandard1.6)) (== netstandard1.6) (== netcoreapp1.1)
      System.Linq.Queryable (>= 4.0.1) - restriction: || (&& (== net461) (>= netstandard1.6)) (== netstandard1.6) (== netcoreapp1.1)
      System.Net.Requests (>= 4.0.11) - restriction: || (&& (== net461) (>= netstandard1.6)) (== netstandard1.6) (== netcoreapp1.1)
      System.Reflection (>= 4.1) - restriction: || (&& (== net461) (>= netstandard1.6)) (== netstandard1.6) (== netcoreapp1.1)
      System.Reflection.Extensions (>= 4.0.1) - restriction: || (&& (== net461) (>= netstandard1.6)) (== netstandard1.6) (== netcoreapp1.1)
      System.Resources.ResourceManager (>= 4.0.1) - restriction: || (&& (== net461) (>= netstandard1.6)) (== netstandard1.6) (== netcoreapp1.1)
      System.Runtime (>= 4.1) - restriction: || (&& (== net461) (>= netstandard1.6)) (== netstandard1.6) (== netcoreapp1.1)
      System.Runtime.Extensions (>= 4.1) - restriction: || (&& (== net461) (>= netstandard1.6)) (== netstandard1.6) (== netcoreapp1.1)
      System.Runtime.Numerics (>= 4.0.1) - restriction: || (&& (== net461) (>= netstandard1.6)) (== netstandard1.6) (== netcoreapp1.1)
      System.Text.RegularExpressions (>= 4.1) - restriction: || (&& (== net461) (>= netstandard1.6)) (== netstandard1.6) (== netcoreapp1.1)
      System.Threading (>= 4.0.11) - restriction: || (&& (== net461) (>= netstandard1.6)) (== netstandard1.6) (== netcoreapp1.1)
      System.Threading.Tasks (>= 4.0.11) - restriction: || (&& (== net461) (>= netstandard1.6)) (== netstandard1.6) (== netcoreapp1.1)
      System.Threading.Tasks.Parallel (>= 4.0.1) - restriction: || (&& (== net461) (>= netstandard1.6)) (== netstandard1.6) (== netcoreapp1.1)
      System.Threading.Thread (>= 4.0) - restriction: || (&& (== net461) (>= netstandard1.6)) (== netstandard1.6) (== netcoreapp1.1)
      System.Threading.ThreadPool (>= 4.0.10) - restriction: || (&& (== net461) (>= netstandard1.6)) (== netstandard1.6) (== netcoreapp1.1)
      System.Threading.Timer (>= 4.0.1) - restriction: || (&& (== net461) (>= netstandard1.6)) (== netstandard1.6) (== netcoreapp1.1)
    Libuv (1.10) - restriction: || (&& (== net461) (== netstandard1.6) (>= netcoreapp1.1)) (&& (== net461) (== netcoreapp1.1)) (&& (== net461) (>= netcoreapp1.1)) (&& (== netstandard1.6) (== netcoreapp1.1)) (&& (== netstandard1.6) (>= netcoreapp1.1)) (== netcoreapp1.1)
      Microsoft.NETCore.Platforms (>= 1.0.1)
    Microsoft.CodeAnalysis.Analyzers (1.1) - restriction: || (== net461) (&& (== netstandard1.6) (>= net46)) (&& (== netstandard1.6) (>= netcoreapp1.1)) (== netcoreapp1.1)
    Microsoft.CodeAnalysis.Common (2.3.2) - restriction: || (== net461) (&& (== netstandard1.6) (>= net46)) (&& (== netstandard1.6) (>= netcoreapp1.1)) (== netcoreapp1.1)
      Microsoft.CodeAnalysis.Analyzers (>= 1.1)
      System.AppContext (>= 4.3)
      System.Collections (>= 4.3)
      System.Collections.Concurrent (>= 4.3)
      System.Collections.Immutable (>= 1.3.1)
      System.Console (>= 4.3)
      System.Diagnostics.Debug (>= 4.3)
      System.Diagnostics.FileVersionInfo (>= 4.3)
      System.Diagnostics.StackTrace (>= 4.3)
      System.Diagnostics.Tools (>= 4.3)
      System.Dynamic.Runtime (>= 4.3)
      System.Globalization (>= 4.3)
      System.IO.Compression (>= 4.3)
      System.IO.FileSystem (>= 4.3)
      System.IO.FileSystem.Primitives (>= 4.3)
      System.Linq (>= 4.3)
      System.Linq.Expressions (>= 4.3)
      System.Reflection (>= 4.3)
      System.Reflection.Metadata (>= 1.4.2)
      System.Resources.ResourceManager (>= 4.3)
      System.Runtime (>= 4.3)
      System.Runtime.Extensions (>= 4.3)
      System.Runtime.InteropServices (>= 4.3)
      System.Runtime.Numerics (>= 4.3)
      System.Security.Cryptography.Algorithms (>= 4.3)
      System.Security.Cryptography.Encoding (>= 4.3)
      System.Security.Cryptography.X509Certificates (>= 4.3)
      System.Text.Encoding (>= 4.3)
      System.Text.Encoding.CodePages (>= 4.3)
      System.Text.Encoding.Extensions (>= 4.3)
      System.Threading (>= 4.3)
      System.Threading.Tasks (>= 4.3)
      System.Threading.Tasks.Parallel (>= 4.3)
      System.Threading.Thread (>= 4.3)
      System.ValueTuple (>= 4.3)
      System.Xml.ReaderWriter (>= 4.3)
      System.Xml.XDocument (>= 4.3)
      System.Xml.XmlDocument (>= 4.3)
      System.Xml.XPath.XDocument (>= 4.3)
    Microsoft.CodeAnalysis.CSharp (2.3.2) - restriction: || (== net461) (&& (== netstandard1.6) (>= net46)) (&& (== netstandard1.6) (>= netcoreapp1.1)) (== netcoreapp1.1)
      Microsoft.CodeAnalysis.Common (2.3.2)
    Microsoft.CodeAnalysis.VisualBasic (2.3.2) - restriction: || (&& (== net461) (== netstandard1.6) (>= netcoreapp1.1)) (&& (== net461) (== netcoreapp1.1)) (&& (== net461) (>= netcoreapp1.1)) (&& (== netstandard1.6) (== netcoreapp1.1)) (&& (== netstandard1.6) (>= netcoreapp1.1)) (== netcoreapp1.1)
      Microsoft.CodeAnalysis.Common (>= 2.3.2)
    Microsoft.CSharp (4.4) - restriction: || (&& (== net461) (== netstandard1.6) (>= netcoreapp1.1)) (&& (== net461) (== netcoreapp1.1)) (&& (== net461) (>= netcoreapp1.1)) (&& (== netstandard1.6) (== netcoreapp1.1)) (&& (== netstandard1.6) (>= netcoreapp1.1)) (== netcoreapp1.1)
      NETStandard.Library (>= 1.6.1) - restriction: || (&& (== net461) (< net45)) (&& (== net461) (>= dnxcore50)) (== netstandard1.6) (== netcoreapp1.1)
      System.Dynamic.Runtime (>= 4.3) - restriction: || (&& (== net461) (< net45)) (&& (== net461) (>= dnxcore50)) (== netstandard1.6) (== netcoreapp1.1)
      System.Reflection.TypeExtensions (>= 4.3) - restriction: || (&& (== net461) (< net45)) (&& (== net461) (>= dnxcore50)) (== netstandard1.6) (== netcoreapp1.1)
    Microsoft.DiaSymReader.Native (1.5) - restriction: || (&& (== net461) (== netstandard1.6) (>= netcoreapp1.1)) (&& (== net461) (== netcoreapp1.1)) (&& (== net461) (>= netcoreapp1.1)) (&& (== netstandard1.6) (== netcoreapp1.1)) (&& (== netstandard1.6) (>= netcoreapp1.1)) (== netcoreapp1.1)
    Microsoft.DotNet.InternalAbstractions (1.0) - restriction: || (== net461) (&& (== net461) (== netstandard1.6)) (&& (== net461) (== netcoreapp1.1)) (&& (== netstandard1.6) (== netcoreapp1.1)) (&& (== netstandard1.6) (>= net46)) (&& (== netstandard1.6) (>= netcoreapp1.1)) (== netcoreapp1.1)
      System.AppContext (>= 4.1) - restriction: || (&& (== net461) (< net451)) (== netstandard1.6) (== netcoreapp1.1)
      System.Collections (>= 4.0.11) - restriction: || (&& (== net461) (< net451)) (== netstandard1.6) (== netcoreapp1.1)
      System.IO (>= 4.1) - restriction: || (&& (== net461) (< net451)) (== netstandard1.6) (== netcoreapp1.1)
      System.IO.FileSystem (>= 4.0.1) - restriction: || (&& (== net461) (< net451)) (== netstandard1.6) (== netcoreapp1.1)
      System.Reflection.TypeExtensions (>= 4.1) - restriction: || (&& (== net461) (< net451)) (== netstandard1.6) (== netcoreapp1.1)
      System.Runtime.Extensions (>= 4.1) - restriction: || (&& (== net461) (< net451)) (== netstandard1.6) (== netcoreapp1.1)
      System.Runtime.InteropServices (>= 4.1) - restriction: || (&& (== net461) (< net451)) (== netstandard1.6) (== netcoreapp1.1)
      System.Runtime.InteropServices.RuntimeInformation (>= 4.0) - restriction: || (&& (== net461) (< net451)) (== netstandard1.6) (== netcoreapp1.1)
    Microsoft.DotNet.PlatformAbstractions (2.0) - restriction: || (== net461) (&& (== net461) (== netstandard1.6)) (&& (== net461) (== netcoreapp1.1)) (&& (== netstandard1.6) (== netcoreapp1.1)) (&& (== netstandard1.6) (>= net46)) (&& (== netstandard1.6) (>= netcoreapp1.1)) (== netcoreapp1.1)
      System.AppContext (>= 4.1) - restriction: || (&& (== net461) (< net45)) (== netstandard1.6) (== netcoreapp1.1)
      System.Collections (>= 4.0.11) - restriction: || (&& (== net461) (< net45)) (== netstandard1.6) (== netcoreapp1.1)
      System.IO (>= 4.1) - restriction: || (&& (== net461) (< net45)) (== netstandard1.6) (== netcoreapp1.1)
      System.IO.FileSystem (>= 4.0.1) - restriction: || (&& (== net461) (< net45)) (== netstandard1.6) (== netcoreapp1.1)
      System.Reflection.TypeExtensions (>= 4.1) - restriction: || (&& (== net461) (< net45)) (== netstandard1.6) (== netcoreapp1.1)
      System.Runtime.Extensions (>= 4.1) - restriction: || (&& (== net461) (< net45)) (== netstandard1.6) (== netcoreapp1.1)
      System.Runtime.InteropServices (>= 4.1) - restriction: || (&& (== net461) (< net45)) (== netstandard1.6) (== netcoreapp1.1)
      System.Runtime.InteropServices.RuntimeInformation (>= 4.0) - restriction: || (&& (== net461) (< net45)) (== netstandard1.6) (== netcoreapp1.1)
    Microsoft.NETCore.App (2.0) - restriction: || (&& (== net461) (== netstandard1.6) (>= netcoreapp1.1)) (&& (== net461) (== netcoreapp1.1)) (&& (== net461) (>= netcoreapp1.1)) (&& (== netstandard1.6) (== netcoreapp1.1)) (&& (== netstandard1.6) (>= netcoreapp1.1)) (== netcoreapp1.1)
      Libuv (>= 1.9.1) - restriction: || (&& (== net461) (>= netcoreapp1.0)) (&& (== net461) (>= netcoreapp1.1)) (&& (== netstandard1.6) (>= netcoreapp1.0)) (&& (== netstandard1.6) (>= netcoreapp1.1)) (== netcoreapp1.1)
      Microsoft.CodeAnalysis.CSharp (>= 1.3) - restriction: || (&& (== net461) (>= netcoreapp1.0)) (&& (== net461) (>= netcoreapp1.1)) (&& (== netstandard1.6) (>= netcoreapp1.0)) (&& (== netstandard1.6) (>= netcoreapp1.1)) (== netcoreapp1.1)
      Microsoft.CodeAnalysis.VisualBasic (>= 1.3) - restriction: || (&& (== net461) (>= netcoreapp1.0)) (&& (== net461) (>= netcoreapp1.1)) (&& (== netstandard1.6) (>= netcoreapp1.0)) (&& (== netstandard1.6) (>= netcoreapp1.1)) (== netcoreapp1.1)
      Microsoft.CSharp (>= 4.3) - restriction: || (&& (== net461) (>= netcoreapp1.1)) (&& (== netstandard1.6) (>= netcoreapp1.1)) (== netcoreapp1.1)
      Microsoft.DiaSymReader.Native (>= 1.4.1) - restriction: || (&& (== net461) (>= netcoreapp1.1)) (&& (== netstandard1.6) (>= netcoreapp1.1)) (== netcoreapp1.1)
      Microsoft.NETCore.DotNetHostPolicy (>= 1.1.2) - restriction: || (&& (== net461) (>= netcoreapp1.1)) (&& (== netstandard1.6) (>= netcoreapp1.1)) (== netcoreapp1.1)
      Microsoft.NETCore.Runtime.CoreCLR (>= 1.1.2) - restriction: || (&& (== net461) (>= netcoreapp1.1)) (&& (== netstandard1.6) (>= netcoreapp1.1)) (== netcoreapp1.1)
      Microsoft.VisualBasic (>= 10.1) - restriction: || (&& (== net461) (>= netcoreapp1.1)) (&& (== netstandard1.6) (>= netcoreapp1.1)) (== netcoreapp1.1)
      NETStandard.Library (>= 1.6.1) - restriction: || (&& (== net461) (>= netcoreapp1.1)) (&& (== netstandard1.6) (>= netcoreapp1.1)) (== netcoreapp1.1)
      runtime.native.System.Security.Cryptography.OpenSsl (>= 4.3.1) - restriction: || (&& (== net461) (>= netcoreapp1.1)) (&& (== netstandard1.6) (>= netcoreapp1.1)) (== netcoreapp1.1)
      System.Buffers (>= 4.3) - restriction: || (&& (== net461) (>= netcoreapp1.1)) (&& (== netstandard1.6) (>= netcoreapp1.1)) (== netcoreapp1.1)
      System.Collections.Immutable (>= 1.3) - restriction: || (&& (== net461) (>= netcoreapp1.1)) (&& (== netstandard1.6) (>= netcoreapp1.1)) (== netcoreapp1.1)
      System.ComponentModel (>= 4.3) - restriction: || (&& (== net461) (>= netcoreapp1.1)) (&& (== netstandard1.6) (>= netcoreapp1.1)) (== netcoreapp1.1)
      System.ComponentModel.Annotations (>= 4.3) - restriction: || (&& (== net461) (>= netcoreapp1.1)) (&& (== netstandard1.6) (>= netcoreapp1.1)) (== netcoreapp1.1)
      System.Diagnostics.DiagnosticSource (>= 4.3.1) - restriction: || (&& (== net461) (>= netcoreapp1.1)) (&& (== netstandard1.6) (>= netcoreapp1.1)) (== netcoreapp1.1)
      System.Diagnostics.Process (>= 4.3) - restriction: || (&& (== net461) (>= netcoreapp1.1)) (&& (== netstandard1.6) (>= netcoreapp1.1)) (== netcoreapp1.1)
      System.Dynamic.Runtime (>= 4.3) - restriction: || (&& (== net461) (>= netcoreapp1.1)) (&& (== netstandard1.6) (>= netcoreapp1.1)) (== netcoreapp1.1)
      System.Globalization.Extensions (>= 4.3) - restriction: || (&& (== net461) (>= netcoreapp1.1)) (&& (== netstandard1.6) (>= netcoreapp1.1)) (== netcoreapp1.1)
      System.IO.FileSystem.Watcher (>= 4.3) - restriction: || (&& (== net461) (>= netcoreapp1.1)) (&& (== netstandard1.6) (>= netcoreapp1.1)) (== netcoreapp1.1)
      System.IO.MemoryMappedFiles (>= 4.3) - restriction: || (&& (== net461) (>= netcoreapp1.1)) (&& (== netstandard1.6) (>= netcoreapp1.1)) (== netcoreapp1.1)
      System.IO.UnmanagedMemoryStream (>= 4.3) - restriction: || (&& (== net461) (>= netcoreapp1.1)) (&& (== netstandard1.6) (>= netcoreapp1.1)) (== netcoreapp1.1)
      System.Linq.Expressions (>= 4.3) - restriction: || (&& (== net461) (>= netcoreapp1.1)) (&& (== netstandard1.6) (>= netcoreapp1.1)) (== netcoreapp1.1)
      System.Linq.Parallel (>= 4.3) - restriction: || (&& (== net461) (>= netcoreapp1.1)) (&& (== netstandard1.6) (>= netcoreapp1.1)) (== netcoreapp1.1)
      System.Linq.Queryable (>= 4.3) - restriction: || (&& (== net461) (>= netcoreapp1.1)) (&& (== netstandard1.6) (>= netcoreapp1.1)) (== netcoreapp1.1)
      System.Net.Http (>= 4.3.2) - restriction: || (&& (== net461) (>= netcoreapp1.1)) (&& (== netstandard1.6) (>= netcoreapp1.1)) (== netcoreapp1.1)
      System.Net.NameResolution (>= 4.3) - restriction: || (&& (== net461) (>= netcoreapp1.1)) (&& (== netstandard1.6) (>= netcoreapp1.1)) (== netcoreapp1.1)
      System.Net.Requests (>= 4.3) - restriction: || (&& (== net461) (>= netcoreapp1.1)) (&& (== netstandard1.6) (>= netcoreapp1.1)) (== netcoreapp1.1)
      System.Net.Security (>= 4.3.1) - restriction: || (&& (== net461) (>= netcoreapp1.1)) (&& (== netstandard1.6) (>= netcoreapp1.1)) (== netcoreapp1.1)
      System.Net.WebHeaderCollection (>= 4.3) - restriction: || (&& (== net461) (>= netcoreapp1.1)) (&& (== netstandard1.6) (>= netcoreapp1.1)) (== netcoreapp1.1)
      System.Numerics.Vectors (>= 4.3) - restriction: || (&& (== net461) (>= netcoreapp1.1)) (&& (== netstandard1.6) (>= netcoreapp1.1)) (== netcoreapp1.1)
      System.Reflection.DispatchProxy (>= 4.3) - restriction: || (&& (== net461) (>= netcoreapp1.1)) (&& (== netstandard1.6) (>= netcoreapp1.1)) (== netcoreapp1.1)
      System.Reflection.Metadata (>= 1.4.1) - restriction: || (&& (== net461) (>= netcoreapp1.1)) (&& (== netstandard1.6) (>= netcoreapp1.1)) (== netcoreapp1.1)
      System.Reflection.TypeExtensions (>= 4.3) - restriction: || (&& (== net461) (>= netcoreapp1.1)) (&& (== netstandard1.6) (>= netcoreapp1.1)) (== netcoreapp1.1)
      System.Resources.Reader (>= 4.3) - restriction: || (&& (== net461) (>= netcoreapp1.1)) (&& (== netstandard1.6) (>= netcoreapp1.1)) (== netcoreapp1.1)
      System.Runtime.Loader (>= 4.3) - restriction: || (&& (== net461) (>= netcoreapp1.1)) (&& (== netstandard1.6) (>= netcoreapp1.1)) (== netcoreapp1.1)
      System.Security.Cryptography.Algorithms (>= 4.3) - restriction: || (&& (== net461) (>= netcoreapp1.1)) (&& (== netstandard1.6) (>= netcoreapp1.1)) (== netcoreapp1.1)
      System.Security.Cryptography.Encoding (>= 4.3) - restriction: || (&& (== net461) (>= netcoreapp1.1)) (&& (== netstandard1.6) (>= netcoreapp1.1)) (== netcoreapp1.1)
      System.Security.Cryptography.Primitives (>= 4.3) - restriction: || (&& (== net461) (>= netcoreapp1.1)) (&& (== netstandard1.6) (>= netcoreapp1.1)) (== netcoreapp1.1)
      System.Security.Cryptography.X509Certificates (>= 4.3) - restriction: || (&& (== net461) (>= netcoreapp1.1)) (&& (== netstandard1.6) (>= netcoreapp1.1)) (== netcoreapp1.1)
      System.Threading.Tasks.Dataflow (>= 4.7) - restriction: || (&& (== net461) (>= netcoreapp1.1)) (&& (== netstandard1.6) (>= netcoreapp1.1)) (== netcoreapp1.1)
      System.Threading.Tasks.Extensions (>= 4.3) - restriction: || (&& (== net461) (>= netcoreapp1.1)) (&& (== netstandard1.6) (>= netcoreapp1.1)) (== netcoreapp1.1)
      System.Threading.Tasks.Parallel (>= 4.3) - restriction: || (&& (== net461) (>= netcoreapp1.1)) (&& (== netstandard1.6) (>= netcoreapp1.1)) (== netcoreapp1.1)
      System.Threading.Thread (>= 4.3) - restriction: || (&& (== net461) (>= netcoreapp1.1)) (&& (== netstandard1.6) (>= netcoreapp1.1)) (== netcoreapp1.1)
      System.Threading.ThreadPool (>= 4.3) - restriction: || (&& (== net461) (>= netcoreapp1.1)) (&& (== netstandard1.6) (>= netcoreapp1.1)) (== netcoreapp1.1)
    Microsoft.NETCore.DotNetAppHost (2.0) - restriction: || (&& (== net461) (== netstandard1.6) (>= netcoreapp1.1)) (&& (== net461) (== netcoreapp1.1)) (&& (== net461) (>= netcoreapp1.1)) (&& (== netstandard1.6) (== netcoreapp1.1)) (&& (== netstandard1.6) (>= netcoreapp1.1)) (== netcoreapp1.1)
    Microsoft.NETCore.DotNetHostPolicy (2.0) - restriction: || (&& (== net461) (== netstandard1.6) (>= netcoreapp1.1)) (&& (== net461) (== netcoreapp1.1)) (&& (== net461) (>= netcoreapp1.1)) (&& (== netstandard1.6) (== netcoreapp1.1)) (&& (== netstandard1.6) (>= netcoreapp1.1)) (== netcoreapp1.1)
      Microsoft.NETCore.DotNetHostResolver (>= 2.0)
    Microsoft.NETCore.DotNetHostResolver (2.0) - restriction: || (&& (== net461) (== netstandard1.6) (>= netcoreapp1.1)) (&& (== net461) (== netcoreapp1.1)) (&& (== net461) (>= netcoreapp1.1)) (&& (== netstandard1.6) (== netcoreapp1.1)) (&& (== netstandard1.6) (>= netcoreapp1.1)) (== netcoreapp1.1)
      Microsoft.NETCore.DotNetAppHost (>= 2.0)
    Microsoft.NETCore.Jit (2.0) - restriction: || (&& (== net461) (== netstandard1.6) (>= netcoreapp1.1)) (&& (== net461) (== netcoreapp1.1)) (&& (== net461) (>= netcoreapp1.1)) (&& (== netstandard1.6) (== netcoreapp1.1)) (&& (== netstandard1.6) (>= netcoreapp1.1)) (== netcoreapp1.1)
    Microsoft.NETCore.Platforms (2.0)
    Microsoft.NETCore.Runtime.CoreCLR (2.0) - restriction: || (&& (== net461) (== netstandard1.6) (>= netcoreapp1.1)) (&& (== net461) (== netcoreapp1.1)) (&& (== net461) (>= netcoreapp1.1)) (&& (== netstandard1.6) (== netcoreapp1.1)) (&& (== netstandard1.6) (>= netcoreapp1.1)) (== netcoreapp1.1)
      Microsoft.NETCore.Jit (>= 2.0)
    Microsoft.NETCore.Targets (2.0) - restriction: || (&& (== net461) (< net35)) (&& (== net461) (< net45)) (&& (== net461) (< net46)) (&& (== net461) (>= dnxcore50)) (&& (== net461) (>= netstandard1.6)) (&& (== net461) (>= netcoreapp1.1)) (== netstandard1.6) (== netcoreapp1.1)
    Microsoft.VisualBasic (10.2) - restriction: || (&& (== net461) (== netstandard1.6) (>= netcoreapp1.1)) (&& (== net461) (== netcoreapp1.1)) (&& (== net461) (>= netcoreapp1.1)) (&& (== netstandard1.6) (== netcoreapp1.1)) (&& (== netstandard1.6) (>= netcoreapp1.1)) (== netcoreapp1.1)
      NETStandard.Library (>= 1.6.1) - restriction: || (&& (== net461) (< net45)) (&& (== net461) (>= dnxcore50)) (== netstandard1.6) (== netcoreapp1.1)
      System.Dynamic.Runtime (>= 4.3) - restriction: || (&& (== net461) (< net45)) (&& (== net461) (>= dnxcore50)) (== netstandard1.6) (== netcoreapp1.1)
      System.Reflection.TypeExtensions (>= 4.3) - restriction: || (&& (== net461) (< net45)) (&& (== net461) (>= dnxcore50)) (== netstandard1.6) (== netcoreapp1.1)
    Microsoft.Win32.Primitives (4.3) - restriction: || (&& (== net461) (>= netstandard1.6)) (&& (== net461) (>= netcoreapp1.1)) (== netstandard1.6) (== netcoreapp1.1)
      Microsoft.NETCore.Platforms (>= 1.1) - restriction: || (&& (== net461) (< net46)) (== netstandard1.6) (== netcoreapp1.1)
      Microsoft.NETCore.Targets (>= 1.1) - restriction: || (&& (== net461) (< net46)) (== netstandard1.6) (== netcoreapp1.1)
      System.Runtime (>= 4.3) - restriction: || (&& (== net461) (< net46)) (== netstandard1.6) (== netcoreapp1.1)
    Microsoft.Win32.Registry (4.4) - restriction: || (== net461) (&& (== netstandard1.6) (>= net46)) (&& (== netstandard1.6) (>= netcoreapp1.1)) (== netcoreapp1.1)
      NETStandard.Library (>= 1.6.1) - restriction: || (&& (== net461) (< net46)) (== netstandard1.6) (== netcoreapp1.1)
      System.Security.AccessControl (>= 4.4) - restriction: || (== net461) (&& (== netstandard1.6) (>= net461)) (&& (== netstandard1.6) (< netstandard1.3) (>= monoandroid)) (&& (== netstandard1.6) (>= netstandard2.0)) (&& (== netstandard1.6) (>= monotouch)) (&& (== netstandard1.6) (>= xamarintvos)) (&& (== netstandard1.6) (>= xamarinwatchos)) (&& (== netstandard1.6) (>= xamarinios)) (&& (== netstandard1.6) (>= xamarinmac)) (&& (== netcoreapp1.1) (>= net461)) (&& (== netcoreapp1.1) (< netstandard1.3) (>= monoandroid)) (&& (== netcoreapp1.1) (>= netstandard2.0)) (&& (== netcoreapp1.1) (>= monotouch)) (&& (== netcoreapp1.1) (>= xamarintvos)) (&& (== netcoreapp1.1) (>= xamarinwatchos)) (&& (== netcoreapp1.1) (>= xamarinios)) (&& (== netcoreapp1.1) (>= xamarinmac))
      System.Security.Principal.Windows (>= 4.4) - restriction: || (== net461) (&& (== netstandard1.6) (>= net461)) (&& (== netstandard1.6) (< netstandard1.3) (>= monoandroid)) (&& (== netstandard1.6) (>= netstandard2.0)) (&& (== netstandard1.6) (>= monotouch)) (&& (== netstandard1.6) (>= xamarintvos)) (&& (== netstandard1.6) (>= xamarinwatchos)) (&& (== netstandard1.6) (>= xamarinios)) (&& (== netstandard1.6) (>= xamarinmac)) (&& (== netcoreapp1.1) (>= net461)) (&& (== netcoreapp1.1) (< netstandard1.3) (>= monoandroid)) (&& (== netcoreapp1.1) (>= netstandard2.0)) (&& (== netcoreapp1.1) (>= monotouch)) (&& (== netcoreapp1.1) (>= xamarintvos)) (&& (== netcoreapp1.1) (>= xamarinwatchos)) (&& (== netcoreapp1.1) (>= xamarinios)) (&& (== netcoreapp1.1) (>= xamarinmac))
    Mono.Cecil (0.10.0-beta6)
      System.Collections (>= 4.0.11) - restriction: || (&& (== net461) (< net35)) (== netstandard1.6) (== netcoreapp1.1)
      System.IO.FileSystem (>= 4.0.1) - restriction: || (&& (== net461) (< net35)) (== netstandard1.6) (== netcoreapp1.1)
      System.IO.FileSystem.Primitives (>= 4.0.1) - restriction: || (&& (== net461) (< net35)) (== netstandard1.6) (== netcoreapp1.1)
      System.Reflection (>= 4.1) - restriction: || (&& (== net461) (< net35)) (== netstandard1.6) (== netcoreapp1.1)
      System.Runtime.Extensions (>= 4.1) - restriction: || (&& (== net461) (< net35)) (== netstandard1.6) (== netcoreapp1.1)
      System.Security.Cryptography.Algorithms (>= 4.2) - restriction: || (&& (== net461) (< net35)) (== netstandard1.6) (== netcoreapp1.1)
      System.Security.Cryptography.Csp (>= 4.0) - restriction: || (&& (== net461) (< net35)) (== netstandard1.6) (== netcoreapp1.1)
      System.Threading (>= 4.0.11) - restriction: || (&& (== net461) (< net35)) (== netstandard1.6) (== netcoreapp1.1)
    NETStandard.Library (2.0)
      Microsoft.NETCore.Platforms (>= 1.1)
      Microsoft.Win32.Primitives (>= 4.3) - restriction: || (&& (== net461) (< net45)) (&& (== net461) (>= uap10.0)) (&& (== net461) (< netstandard1.4)) (&& (== net461) (>= netstandard1.6)) (== netstandard1.6) (== netcoreapp1.1)
      System.AppContext (>= 4.3) - restriction: || (&& (== net461) (< net45)) (&& (== net461) (>= uap10.0)) (&& (== net461) (< netstandard1.4)) (&& (== net461) (>= netstandard1.6)) (== netstandard1.6) (== netcoreapp1.1)
      System.Collections (>= 4.3) - restriction: || (&& (== net461) (< net45)) (&& (== net461) (>= uap10.0)) (&& (== net461) (>= netstandard1.6)) (&& (== net461) (< portable-net45+win8+wpa81)) (== netstandard1.6) (== netcoreapp1.1)
      System.Collections.Concurrent (>= 4.3) - restriction: || (&& (== net461) (< net45)) (&& (== net461) (>= uap10.0)) (&& (== net461) (>= netstandard1.6)) (== netstandard1.6) (== netcoreapp1.1)
      System.Console (>= 4.3) - restriction: || (&& (== net461) (< net45)) (&& (== net461) (>= uap10.0)) (&& (== net461) (< netstandard1.4)) (&& (== net461) (>= netstandard1.6)) (== netstandard1.6) (== netcoreapp1.1)
      System.Diagnostics.Debug (>= 4.3) - restriction: || (&& (== net461) (< net45)) (&& (== net461) (>= uap10.0)) (&& (== net461) (>= netstandard1.6)) (&& (== net461) (< portable-net45+win8+wpa81)) (== netstandard1.6) (== netcoreapp1.1)
      System.Diagnostics.Tools (>= 4.3) - restriction: || (&& (== net461) (< net45)) (&& (== net461) (>= uap10.0)) (&& (== net461) (>= netstandard1.6)) (&& (== net461) (< portable-net45+win8+wpa81)) (== netstandard1.6) (== netcoreapp1.1)
      System.Diagnostics.Tracing (>= 4.3) - restriction: || (&& (== net461) (< net45)) (&& (== net461) (>= uap10.0)) (&& (== net461) (>= netstandard1.6)) (== netstandard1.6) (== netcoreapp1.1)
      System.Globalization (>= 4.3) - restriction: || (&& (== net461) (< net45)) (&& (== net461) (>= uap10.0)) (&& (== net461) (>= netstandard1.6)) (&& (== net461) (< portable-net45+win8+wpa81)) (== netstandard1.6) (== netcoreapp1.1)
      System.Globalization.Calendars (>= 4.3) - restriction: || (&& (== net461) (< net45)) (&& (== net461) (>= uap10.0)) (&& (== net461) (< netstandard1.4)) (&& (== net461) (>= netstandard1.6)) (== netstandard1.6) (== netcoreapp1.1)
      System.IO (>= 4.3) - restriction: || (&& (== net461) (< net45)) (&& (== net461) (>= uap10.0)) (&& (== net461) (>= netstandard1.6)) (&& (== net461) (< portable-net45+win8+wpa81)) (== netstandard1.6) (== netcoreapp1.1)
      System.IO.Compression (>= 4.3) - restriction: || (&& (== net461) (< net45)) (&& (== net461) (>= uap10.0)) (&& (== net461) (< netstandard1.4)) (&& (== net461) (>= netstandard1.6)) (== netstandard1.6) (== netcoreapp1.1)
      System.IO.Compression.ZipFile (>= 4.3) - restriction: || (&& (== net461) (< net45)) (&& (== net461) (>= uap10.0)) (&& (== net461) (< netstandard1.4)) (&& (== net461) (>= netstandard1.6)) (== netstandard1.6) (== netcoreapp1.1)
      System.IO.FileSystem (>= 4.3) - restriction: || (&& (== net461) (< net45)) (&& (== net461) (>= uap10.0)) (&& (== net461) (< netstandard1.4)) (&& (== net461) (>= netstandard1.6)) (== netstandard1.6) (== netcoreapp1.1)
      System.IO.FileSystem.Primitives (>= 4.3) - restriction: || (&& (== net461) (< net45)) (&& (== net461) (>= uap10.0)) (&& (== net461) (< netstandard1.4)) (&& (== net461) (>= netstandard1.6)) (== netstandard1.6) (== netcoreapp1.1)
      System.Linq (>= 4.3) - restriction: || (&& (== net461) (< net45)) (&& (== net461) (>= uap10.0)) (&& (== net461) (>= netstandard1.6)) (&& (== net461) (< portable-net45+win8+wpa81)) (== netstandard1.6) (== netcoreapp1.1)
      System.Linq.Expressions (>= 4.3) - restriction: || (&& (== net461) (< net45)) (&& (== net461) (>= uap10.0)) (&& (== net461) (>= netstandard1.6)) (&& (== net461) (< portable-net45+win8+wpa81)) (== netstandard1.6) (== netcoreapp1.1)
      System.Net.Http (>= 4.3.2) - restriction: || (&& (== net461) (< net45)) (&& (== net461) (>= uap10.0)) (&& (== net461) (< netstandard1.4)) (&& (== net461) (>= netstandard1.6)) (== netstandard1.6) (== netcoreapp1.1)
      System.Net.Primitives (>= 4.3) - restriction: || (&& (== net461) (< net45)) (&& (== net461) (>= uap10.0)) (&& (== net461) (>= netstandard1.6)) (&& (== net461) (< portable-net45+win8+wpa81)) (== netstandard1.6) (== netcoreapp1.1)
      System.Net.Sockets (>= 4.3) - restriction: || (&& (== net461) (< net45)) (&& (== net461) (>= uap10.0)) (&& (== net461) (< netstandard1.4)) (&& (== net461) (>= netstandard1.6)) (== netstandard1.6) (== netcoreapp1.1)
      System.ObjectModel (>= 4.3) - restriction: || (&& (== net461) (< net45)) (&& (== net461) (>= uap10.0)) (&& (== net461) (>= netstandard1.6)) (&& (== net461) (< portable-net45+win8+wpa81)) (== netstandard1.6) (== netcoreapp1.1)
      System.Reflection (>= 4.3) - restriction: || (&& (== net461) (< net45)) (&& (== net461) (>= uap10.0)) (&& (== net461) (>= netstandard1.6)) (&& (== net461) (< portable-net45+win8+wpa81)) (== netstandard1.6) (== netcoreapp1.1)
      System.Reflection.Extensions (>= 4.3) - restriction: || (&& (== net461) (< net45)) (&& (== net461) (>= uap10.0)) (&& (== net461) (>= netstandard1.6)) (&& (== net461) (< portable-net45+win8+wpa81)) (== netstandard1.6) (== netcoreapp1.1)
      System.Reflection.Primitives (>= 4.3) - restriction: || (&& (== net461) (< net45)) (&& (== net461) (>= uap10.0)) (&& (== net461) (>= netstandard1.6)) (&& (== net461) (< portable-net45+win8+wpa81)) (== netstandard1.6) (== netcoreapp1.1)
      System.Resources.ResourceManager (>= 4.3) - restriction: || (&& (== net461) (< net45)) (&& (== net461) (>= uap10.0)) (&& (== net461) (>= netstandard1.6)) (&& (== net461) (< portable-net45+win8+wpa81)) (== netstandard1.6) (== netcoreapp1.1)
      System.Runtime (>= 4.3) - restriction: || (&& (== net461) (< net45)) (&& (== net461) (>= uap10.0)) (&& (== net461) (>= netstandard1.6)) (&& (== net461) (< portable-net45+win8+wpa81)) (== netstandard1.6) (== netcoreapp1.1)
      System.Runtime.Extensions (>= 4.3) - restriction: || (&& (== net461) (< net45)) (&& (== net461) (>= uap10.0)) (&& (== net461) (>= netstandard1.6)) (&& (== net461) (< portable-net45+win8+wpa81)) (== netstandard1.6) (== netcoreapp1.1)
      System.Runtime.Handles (>= 4.3) - restriction: || (&& (== net461) (< net45)) (&& (== net461) (>= uap10.0)) (&& (== net461) (>= netstandard1.6)) (== netstandard1.6) (== netcoreapp1.1)
      System.Runtime.InteropServices (>= 4.3) - restriction: || (&& (== net461) (< net45)) (&& (== net461) (>= uap10.0)) (&& (== net461) (>= netstandard1.6)) (== netstandard1.6) (== netcoreapp1.1)
      System.Runtime.InteropServices.RuntimeInformation (>= 4.3) - restriction: || (&& (== net461) (< net45)) (&& (== net461) (>= uap10.0)) (&& (== net461) (< netstandard1.0)) (&& (== net461) (< netstandard1.3)) (&& (== net461) (< netstandard1.4)) (&& (== net461) (>= netstandard1.6)) (&& (== net461) (< portable-net451+win81+wpa81)) (== netstandard1.6) (== netcoreapp1.1)
      System.Runtime.Numerics (>= 4.3) - restriction: || (&& (== net461) (< net45)) (&& (== net461) (>= uap10.0)) (&& (== net461) (>= netstandard1.6)) (== netstandard1.6) (== netcoreapp1.1)
      System.Security.Cryptography.Algorithms (>= 4.3) - restriction: || (&& (== net461) (< net45)) (&& (== net461) (>= uap10.0)) (&& (== net461) (< netstandard1.4)) (&& (== net461) (>= netstandard1.6)) (== netstandard1.6) (== netcoreapp1.1)
      System.Security.Cryptography.Encoding (>= 4.3) - restriction: || (&& (== net461) (< net45)) (&& (== net461) (>= uap10.0)) (&& (== net461) (< netstandard1.4)) (&& (== net461) (>= netstandard1.6)) (== netstandard1.6) (== netcoreapp1.1)
      System.Security.Cryptography.Primitives (>= 4.3) - restriction: || (&& (== net461) (< net45)) (&& (== net461) (>= uap10.0)) (&& (== net461) (< netstandard1.4)) (&& (== net461) (>= netstandard1.6)) (== netstandard1.6) (== netcoreapp1.1)
      System.Security.Cryptography.X509Certificates (>= 4.3) - restriction: || (&& (== net461) (< net45)) (&& (== net461) (>= uap10.0)) (&& (== net461) (< netstandard1.4)) (&& (== net461) (>= netstandard1.6)) (== netstandard1.6) (== netcoreapp1.1)
      System.Text.Encoding (>= 4.3) - restriction: || (&& (== net461) (< net45)) (&& (== net461) (>= uap10.0)) (&& (== net461) (>= netstandard1.6)) (&& (== net461) (< portable-net45+win8+wpa81)) (== netstandard1.6) (== netcoreapp1.1)
      System.Text.Encoding.Extensions (>= 4.3) - restriction: || (&& (== net461) (< net45)) (&& (== net461) (>= uap10.0)) (&& (== net461) (>= netstandard1.6)) (&& (== net461) (< portable-net45+win8+wpa81)) (== netstandard1.6) (== netcoreapp1.1)
      System.Text.RegularExpressions (>= 4.3) - restriction: || (&& (== net461) (< net45)) (&& (== net461) (>= uap10.0)) (&& (== net461) (>= netstandard1.6)) (&& (== net461) (< portable-net45+win8+wpa81)) (== netstandard1.6) (== netcoreapp1.1)
      System.Threading (>= 4.3) - restriction: || (&& (== net461) (< net45)) (&& (== net461) (>= uap10.0)) (&& (== net461) (>= netstandard1.6)) (&& (== net461) (< portable-net45+win8+wpa81)) (== netstandard1.6) (== netcoreapp1.1)
      System.Threading.Tasks (>= 4.3) - restriction: || (&& (== net461) (< net45)) (&& (== net461) (>= uap10.0)) (&& (== net461) (>= netstandard1.6)) (&& (== net461) (< portable-net45+win8+wpa81)) (== netstandard1.6) (== netcoreapp1.1)
      System.Threading.Timer (>= 4.3) - restriction: || (&& (== net461) (< net45)) (&& (== net461) (>= uap10.0)) (&& (== net461) (>= netstandard1.6)) (== netstandard1.6) (== netcoreapp1.1)
      System.Xml.ReaderWriter (>= 4.3) - restriction: || (&& (== net461) (< net45)) (&& (== net461) (>= uap10.0)) (&& (== net461) (< netstandard1.4)) (&& (== net461) (>= netstandard1.6)) (&& (== net461) (< portable-net45+win8+wpa81)) (== netstandard1.6) (== netcoreapp1.1)
      System.Xml.XDocument (>= 4.3) - restriction: || (&& (== net461) (< net45)) (&& (== net461) (>= uap10.0)) (&& (== net461) (>= netstandard1.6)) (&& (== net461) (< portable-net45+win8+wpa81)) (== netstandard1.6) (== netcoreapp1.1)
    NuGet.CommandLine (4.3)
    runtime.debian.8-x64.runtime.native.System.Security.Cryptography.OpenSsl (4.3.1) - restriction: || (&& (== net461) (>= netstandard1.6)) (&& (== net461) (>= netcoreapp1.1)) (== netstandard1.6) (== netcoreapp1.1)
    runtime.fedora.23-x64.runtime.native.System.Security.Cryptography.OpenSsl (4.3.1) - restriction: || (&& (== net461) (>= netstandard1.6)) (&& (== net461) (>= netcoreapp1.1)) (== netstandard1.6) (== netcoreapp1.1)
    runtime.fedora.24-x64.runtime.native.System.Security.Cryptography.OpenSsl (4.3.1) - restriction: || (&& (== net461) (>= netstandard1.6)) (&& (== net461) (>= netcoreapp1.1)) (== netstandard1.6) (== netcoreapp1.1)
    runtime.native.System (4.3) - restriction: || (&& (== net461) (>= netstandard1.6)) (&& (== net461) (>= netcoreapp1.1)) (== netstandard1.6) (== netcoreapp1.1)
      Microsoft.NETCore.Platforms (>= 1.1)
      Microsoft.NETCore.Targets (>= 1.1)
    runtime.native.System.IO.Compression (4.3) - restriction: || (&& (== net461) (== netstandard1.6)) (&& (== net461) (== netcoreapp1.1)) (&& (== net461) (>= netstandard1.6)) (== netstandard1.6) (&& (== netstandard1.6) (== netcoreapp1.1)) (== netcoreapp1.1)
      Microsoft.NETCore.Platforms (>= 1.1)
      Microsoft.NETCore.Targets (>= 1.1)
    runtime.native.System.Net.Http (4.3) - restriction: || (&& (== net461) (>= netstandard1.6)) (&& (== net461) (>= netcoreapp1.1)) (== netstandard1.6) (== netcoreapp1.1)
      Microsoft.NETCore.Platforms (>= 1.1)
      Microsoft.NETCore.Targets (>= 1.1)
    runtime.native.System.Net.Security (4.3) - restriction: || (&& (== net461) (== netstandard1.6) (>= netcoreapp1.1)) (&& (== net461) (== netcoreapp1.1)) (&& (== net461) (>= netcoreapp1.1)) (&& (== netstandard1.6) (== netcoreapp1.1)) (&& (== netstandard1.6) (>= netcoreapp1.1)) (== netcoreapp1.1)
      Microsoft.NETCore.Platforms (>= 1.1)
      Microsoft.NETCore.Targets (>= 1.1)
    runtime.native.System.Security.Cryptography.Apple (4.3) - restriction: || (&& (== net461) (== netstandard1.6)) (&& (== net461) (== netcoreapp1.1)) (&& (== net461) (>= netstandard1.6)) (== netstandard1.6) (&& (== netstandard1.6) (== netcoreapp1.1)) (== netcoreapp1.1)
      runtime.osx.10.10-x64.runtime.native.System.Security.Cryptography.Apple (>= 4.3)
    runtime.native.System.Security.Cryptography.OpenSsl (4.3.1) - restriction: || (&& (== net461) (>= netstandard1.6)) (&& (== net461) (>= netcoreapp1.1)) (== netstandard1.6) (== netcoreapp1.1)
      runtime.debian.8-x64.runtime.native.System.Security.Cryptography.OpenSsl (>= 4.3.1)
      runtime.fedora.23-x64.runtime.native.System.Security.Cryptography.OpenSsl (>= 4.3.1)
      runtime.fedora.24-x64.runtime.native.System.Security.Cryptography.OpenSsl (>= 4.3.1)
      runtime.opensuse.13.2-x64.runtime.native.System.Security.Cryptography.OpenSsl (>= 4.3.1)
      runtime.opensuse.42.1-x64.runtime.native.System.Security.Cryptography.OpenSsl (>= 4.3.1)
      runtime.osx.10.10-x64.runtime.native.System.Security.Cryptography.OpenSsl (>= 4.3.1)
      runtime.rhel.7-x64.runtime.native.System.Security.Cryptography.OpenSsl (>= 4.3.1)
      runtime.ubuntu.14.04-x64.runtime.native.System.Security.Cryptography.OpenSsl (>= 4.3.1)
      runtime.ubuntu.16.04-x64.runtime.native.System.Security.Cryptography.OpenSsl (>= 4.3.1)
      runtime.ubuntu.16.10-x64.runtime.native.System.Security.Cryptography.OpenSsl (>= 4.3.1)
    runtime.opensuse.13.2-x64.runtime.native.System.Security.Cryptography.OpenSsl (4.3.1) - restriction: || (&& (== net461) (>= netstandard1.6)) (&& (== net461) (>= netcoreapp1.1)) (== netstandard1.6) (== netcoreapp1.1)
    runtime.opensuse.42.1-x64.runtime.native.System.Security.Cryptography.OpenSsl (4.3.1) - restriction: || (&& (== net461) (>= netstandard1.6)) (&& (== net461) (>= netcoreapp1.1)) (== netstandard1.6) (== netcoreapp1.1)
    runtime.osx.10.10-x64.runtime.native.System.Security.Cryptography.Apple (4.3) - restriction: || (&& (== net461) (== netstandard1.6)) (&& (== net461) (== netcoreapp1.1)) (&& (== net461) (>= netstandard1.6)) (== netstandard1.6) (&& (== netstandard1.6) (== netcoreapp1.1)) (== netcoreapp1.1)
    runtime.osx.10.10-x64.runtime.native.System.Security.Cryptography.OpenSsl (4.3.1) - restriction: || (&& (== net461) (>= netstandard1.6)) (&& (== net461) (>= netcoreapp1.1)) (== netstandard1.6) (== netcoreapp1.1)
    runtime.rhel.7-x64.runtime.native.System.Security.Cryptography.OpenSsl (4.3.1) - restriction: || (&& (== net461) (>= netstandard1.6)) (&& (== net461) (>= netcoreapp1.1)) (== netstandard1.6) (== netcoreapp1.1)
    runtime.ubuntu.14.04-x64.runtime.native.System.Security.Cryptography.OpenSsl (4.3.1) - restriction: || (&& (== net461) (>= netstandard1.6)) (&& (== net461) (>= netcoreapp1.1)) (== netstandard1.6) (== netcoreapp1.1)
    runtime.ubuntu.16.04-x64.runtime.native.System.Security.Cryptography.OpenSsl (4.3.1) - restriction: || (&& (== net461) (>= netstandard1.6)) (&& (== net461) (>= netcoreapp1.1)) (== netstandard1.6) (== netcoreapp1.1)
    runtime.ubuntu.16.10-x64.runtime.native.System.Security.Cryptography.OpenSsl (4.3.1) - restriction: || (&& (== net461) (>= netstandard1.6)) (&& (== net461) (>= netcoreapp1.1)) (== netstandard1.6) (== netcoreapp1.1)
    System.AppContext (4.3)
      System.Runtime (>= 4.3) - restriction: || (&& (== net461) (< net46)) (&& (== net461) (>= dnxcore50)) (&& (== net461) (>= netstandard1.6)) (== netstandard1.6) (== netcoreapp1.1)
    System.Buffers (4.4) - restriction: || (&& (== net461) (>= netstandard1.6)) (&& (== net461) (>= netcoreapp1.1)) (== netstandard1.6) (== netcoreapp1.1)
      System.Diagnostics.Debug (>= 4.3)
      System.Diagnostics.Tracing (>= 4.3)
      System.Resources.ResourceManager (>= 4.3)
      System.Runtime (>= 4.3)
      System.Threading (>= 4.3)
    System.Collections (4.3)
      Microsoft.NETCore.Platforms (>= 1.1) - restriction: || (&& (== net461) (< net45)) (&& (== net461) (>= dnxcore50)) (== netstandard1.6) (== netcoreapp1.1)
      Microsoft.NETCore.Targets (>= 1.1) - restriction: || (&& (== net461) (< net45)) (&& (== net461) (>= dnxcore50)) (== netstandard1.6) (== netcoreapp1.1)
      System.Runtime (>= 4.3) - restriction: || (&& (== net461) (< net45)) (&& (== net461) (>= dnxcore50)) (== netstandard1.6) (== netcoreapp1.1)
    System.Collections.Concurrent (4.3)
      System.Collections (>= 4.3) - restriction: || (&& (== net461) (< net45)) (&& (== net461) (>= dnxcore50)) (== netstandard1.6) (== netcoreapp1.1)
      System.Diagnostics.Debug (>= 4.3) - restriction: || (&& (== net461) (< net45)) (&& (== net461) (>= dnxcore50)) (== netstandard1.6) (== netcoreapp1.1)
      System.Diagnostics.Tracing (>= 4.3) - restriction: || (&& (== net461) (< net45)) (&& (== net461) (>= dnxcore50)) (== netstandard1.6) (== netcoreapp1.1)
      System.Globalization (>= 4.3) - restriction: || (&& (== net461) (< net45)) (&& (== net461) (>= dnxcore50)) (== netstandard1.6) (== netcoreapp1.1)
      System.Reflection (>= 4.3) - restriction: || (&& (== net461) (< net45)) (== netstandard1.6) (== netcoreapp1.1)
      System.Resources.ResourceManager (>= 4.3) - restriction: || (&& (== net461) (< net45)) (&& (== net461) (>= dnxcore50)) (== netstandard1.6) (== netcoreapp1.1)
      System.Runtime (>= 4.3) - restriction: || (&& (== net461) (< net45)) (&& (== net461) (>= dnxcore50)) (== netstandard1.6) (== netcoreapp1.1)
      System.Runtime.Extensions (>= 4.3) - restriction: || (&& (== net461) (< net45)) (&& (== net461) (>= dnxcore50)) (== netstandard1.6) (== netcoreapp1.1)
      System.Threading (>= 4.3) - restriction: || (&& (== net461) (< net45)) (&& (== net461) (>= dnxcore50)) (== netstandard1.6) (== netcoreapp1.1)
      System.Threading.Tasks (>= 4.3) - restriction: || (&& (== net461) (< net45)) (&& (== net461) (>= dnxcore50)) (== netstandard1.6) (== netcoreapp1.1)
    System.Collections.Immutable (1.4)
      NETStandard.Library (>= 1.6.1)
    System.ComponentModel (4.3) - restriction: || (&& (== net461) (== netstandard1.6) (>= netcoreapp1.1)) (&& (== net461) (== netcoreapp1.1)) (&& (== net461) (>= netcoreapp1.1)) (&& (== netstandard1.6) (== netcoreapp1.1)) (&& (== netstandard1.6) (>= netcoreapp1.1)) (== netcoreapp1.1)
      System.Runtime (>= 4.3) - restriction: || (&& (== net461) (< net45)) (&& (== net461) (>= dnxcore50)) (== netstandard1.6) (== netcoreapp1.1)
    System.ComponentModel.Annotations (4.4) - restriction: || (&& (== net461) (== netstandard1.6) (>= netcoreapp1.1)) (&& (== net461) (== netcoreapp1.1)) (&& (== net461) (>= netcoreapp1.1)) (&& (== netstandard1.6) (== netcoreapp1.1)) (&& (== netstandard1.6) (>= netcoreapp1.1)) (== netcoreapp1.1)
      NETStandard.Library (>= 1.6.1) - restriction: || (&& (== net461) (< net45)) (&& (== net461) (>= dnxcore50)) (== netstandard1.6) (== netcoreapp1.1)
      System.ComponentModel (>= 4.3) - restriction: || (&& (== net461) (< net45)) (&& (== net461) (>= dnxcore50)) (== netstandard1.6) (== netcoreapp1.1)
    System.Console (4.3)
      Microsoft.NETCore.Platforms (>= 1.1) - restriction: || (&& (== net461) (< net46)) (== netstandard1.6) (== netcoreapp1.1)
      Microsoft.NETCore.Targets (>= 1.1) - restriction: || (&& (== net461) (< net46)) (== netstandard1.6) (== netcoreapp1.1)
      System.IO (>= 4.3) - restriction: || (&& (== net461) (< net46)) (== netstandard1.6) (== netcoreapp1.1)
      System.Runtime (>= 4.3) - restriction: || (&& (== net461) (< net46)) (== netstandard1.6) (== netcoreapp1.1)
      System.Text.Encoding (>= 4.3) - restriction: || (&& (== net461) (< net46)) (== netstandard1.6) (== netcoreapp1.1)
    System.Diagnostics.Debug (4.3)
      Microsoft.NETCore.Platforms (>= 1.1) - restriction: || (&& (== net461) (< net45)) (&& (== net461) (>= dnxcore50)) (== netstandard1.6) (== netcoreapp1.1)
      Microsoft.NETCore.Targets (>= 1.1) - restriction: || (&& (== net461) (< net45)) (&& (== net461) (>= dnxcore50)) (== netstandard1.6) (== netcoreapp1.1)
      System.Runtime (>= 4.3) - restriction: || (&& (== net461) (< net45)) (&& (== net461) (>= dnxcore50)) (== netstandard1.6) (== netcoreapp1.1)
    System.Diagnostics.DiagnosticSource (4.4.1) - restriction: || (&& (== net461) (>= netstandard1.6)) (&& (== net461) (>= netcoreapp1.1)) (== netstandard1.6) (== netcoreapp1.1)
      System.Collections (>= 4.3) - restriction: || (&& (== net461) (< net45)) (== netstandard1.6) (== netcoreapp1.1)
      System.Diagnostics.Debug (>= 4.3) - restriction: || (&& (== net461) (< net45)) (== netstandard1.6) (== netcoreapp1.1)
      System.Diagnostics.Tracing (>= 4.3) - restriction: || (&& (== net461) (< net45)) (== netstandard1.6) (== netcoreapp1.1)
      System.Reflection (>= 4.3) - restriction: || (&& (== net461) (< net45)) (== netstandard1.6) (== netcoreapp1.1)
      System.Runtime (>= 4.3) - restriction: || (&& (== net461) (< net45)) (== netstandard1.6) (== netcoreapp1.1)
      System.Runtime.Extensions (>= 4.3) - restriction: || (&& (== net461) (< net45)) (== netstandard1.6) (== netcoreapp1.1)
      System.Threading (>= 4.3) - restriction: || (&& (== net461) (< net45)) (== netstandard1.6) (== netcoreapp1.1)
    System.Diagnostics.FileVersionInfo (4.3)
      Microsoft.NETCore.Platforms (>= 1.1) - restriction: || (&& (== net461) (< net46)) (&& (== net461) (>= dnxcore50)) (== netstandard1.6) (== netcoreapp1.1)
      System.Globalization (>= 4.3) - restriction: || (&& (== net461) (< net46)) (== netstandard1.6) (== netcoreapp1.1)
      System.IO (>= 4.3) - restriction: || (&& (== net461) (< net46)) (&& (== net461) (>= dnxcore50)) (== netstandard1.6) (== netcoreapp1.1)
      System.IO.FileSystem (>= 4.3) - restriction: || (&& (== net461) (< net46)) (&& (== net461) (>= dnxcore50)) (== netstandard1.6) (== netcoreapp1.1)
      System.IO.FileSystem.Primitives (>= 4.3) - restriction: || (&& (== net461) (< net46)) (&& (== net461) (>= dnxcore50)) (== netstandard1.6) (== netcoreapp1.1)
      System.Reflection.Metadata (>= 1.4.1) - restriction: || (&& (== net461) (< net46)) (&& (== net461) (>= dnxcore50)) (== netstandard1.6) (== netcoreapp1.1)
      System.Runtime (>= 4.3) - restriction: || (&& (== net461) (< net46)) (&& (== net461) (>= dnxcore50)) (== netstandard1.6) (== netcoreapp1.1)
      System.Runtime.Extensions (>= 4.3) - restriction: || (&& (== net461) (< net46)) (&& (== net461) (>= dnxcore50)) (== netstandard1.6) (== netcoreapp1.1)
      System.Runtime.InteropServices (>= 4.3) - restriction: || (&& (== net461) (< net46)) (== netstandard1.6) (== netcoreapp1.1)
    System.Diagnostics.Process (4.3) - restriction: || (&& (== net461) (== netstandard1.6) (>= netcoreapp1.1)) (&& (== net461) (== netcoreapp1.1)) (&& (== net461) (>= netcoreapp1.1)) (&& (== netstandard1.6) (== netcoreapp1.1)) (&& (== netstandard1.6) (>= netcoreapp1.1)) (== netcoreapp1.1)
      Microsoft.NETCore.Platforms (>= 1.1) - restriction: || (&& (== net461) (< net46)) (== netstandard1.6) (== netcoreapp1.1)
      Microsoft.Win32.Primitives (>= 4.3) - restriction: || (&& (== net461) (< net46)) (== netstandard1.6) (== netcoreapp1.1)
      Microsoft.Win32.Registry (>= 4.3) - restriction: || (&& (== net461) (< net46)) (== netstandard1.6) (== netcoreapp1.1)
      runtime.native.System (>= 4.3) - restriction: || (&& (== net461) (< net46)) (== netstandard1.6) (== netcoreapp1.1)
      System.Collections (>= 4.3) - restriction: || (&& (== net461) (< net46)) (== netstandard1.6) (== netcoreapp1.1)
      System.Diagnostics.Debug (>= 4.3) - restriction: || (&& (== net461) (< net46)) (== netstandard1.6) (== netcoreapp1.1)
      System.Globalization (>= 4.3) - restriction: || (&& (== net461) (< net46)) (== netstandard1.6) (== netcoreapp1.1)
      System.IO (>= 4.3) - restriction: || (&& (== net461) (< net46)) (== netstandard1.6) (== netcoreapp1.1)
      System.IO.FileSystem (>= 4.3) - restriction: || (&& (== net461) (< net46)) (== netstandard1.6) (== netcoreapp1.1)
      System.IO.FileSystem.Primitives (>= 4.3) - restriction: || (&& (== net461) (< net46)) (== netstandard1.6) (== netcoreapp1.1)
      System.Resources.ResourceManager (>= 4.3) - restriction: || (&& (== net461) (< net46)) (== netstandard1.6) (== netcoreapp1.1)
      System.Runtime (>= 4.3) - restriction: || (&& (== net461) (< net46)) (== netstandard1.6) (== netcoreapp1.1)
      System.Runtime.Extensions (>= 4.3) - restriction: || (&& (== net461) (< net46)) (== netstandard1.6) (== netcoreapp1.1)
      System.Runtime.Handles (>= 4.3) - restriction: || (&& (== net461) (< net46)) (== netstandard1.6) (== netcoreapp1.1)
      System.Runtime.InteropServices (>= 4.3) - restriction: || (&& (== net461) (< net46)) (== netstandard1.6) (== netcoreapp1.1)
      System.Text.Encoding (>= 4.3) - restriction: || (&& (== net461) (< net46)) (== netstandard1.6) (== netcoreapp1.1)
      System.Text.Encoding.Extensions (>= 4.3) - restriction: || (&& (== net461) (< net46)) (== netstandard1.6) (== netcoreapp1.1)
      System.Threading (>= 4.3) - restriction: || (&& (== net461) (< net46)) (== netstandard1.6) (== netcoreapp1.1)
      System.Threading.Tasks (>= 4.3) - restriction: || (&& (== net461) (< net46)) (== netstandard1.6) (== netcoreapp1.1)
      System.Threading.Thread (>= 4.3) - restriction: || (&& (== net461) (< net46)) (== netstandard1.6) (== netcoreapp1.1)
      System.Threading.ThreadPool (>= 4.3) - restriction: || (&& (== net461) (< net46)) (== netstandard1.6) (== netcoreapp1.1)
    System.Diagnostics.StackTrace (4.3) - restriction: || (== net461) (&& (== netstandard1.6) (>= net46)) (&& (== netstandard1.6) (>= netcoreapp1.1)) (== netcoreapp1.1)
    System.Diagnostics.Tools (4.3)
      Microsoft.NETCore.Platforms (>= 1.1) - restriction: || (&& (== net461) (< net45)) (&& (== net461) (>= dnxcore50)) (== netstandard1.6) (== netcoreapp1.1)
      Microsoft.NETCore.Targets (>= 1.1) - restriction: || (&& (== net461) (< net45)) (&& (== net461) (>= dnxcore50)) (== netstandard1.6) (== netcoreapp1.1)
      System.Runtime (>= 4.3) - restriction: || (&& (== net461) (< net45)) (&& (== net461) (>= dnxcore50)) (== netstandard1.6) (== netcoreapp1.1)
    System.Diagnostics.Tracing (4.3) - restriction: || (&& (== net461) (>= netstandard1.6)) (&& (== net461) (>= netcoreapp1.1)) (== netstandard1.6) (== netcoreapp1.1)
      Microsoft.NETCore.Platforms (>= 1.1) - restriction: || (&& (== net461) (< net45)) (&& (== net461) (>= dnxcore50)) (== netstandard1.6) (== netcoreapp1.1)
      Microsoft.NETCore.Targets (>= 1.1) - restriction: || (&& (== net461) (< net45)) (&& (== net461) (>= dnxcore50)) (== netstandard1.6) (== netcoreapp1.1)
      System.Runtime (>= 4.3) - restriction: || (&& (== net461) (< net45)) (&& (== net461) (>= dnxcore50)) (== netstandard1.6) (== netcoreapp1.1)
    System.Dynamic.Runtime (4.3) - restriction: || (== net461) (&& (== netstandard1.6) (>= net46)) (&& (== netstandard1.6) (>= netcoreapp1.1)) (== netcoreapp1.1)
      System.Collections (>= 4.3) - restriction: || (&& (== net461) (< net45)) (&& (== net461) (>= dnxcore50)) (== netstandard1.6) (== netcoreapp1.1)
      System.Diagnostics.Debug (>= 4.3) - restriction: || (&& (== net461) (< net45)) (&& (== net461) (>= dnxcore50)) (== netstandard1.6) (== netcoreapp1.1)
      System.Linq (>= 4.3) - restriction: || (&& (== net461) (< net45)) (&& (== net461) (>= dnxcore50)) (== netstandard1.6) (== netcoreapp1.1)
      System.Linq.Expressions (>= 4.3) - restriction: || (&& (== net461) (< net45)) (&& (== net461) (>= dnxcore50)) (== netstandard1.6) (== netcoreapp1.1)
      System.ObjectModel (>= 4.3) - restriction: || (&& (== net461) (< net45)) (&& (== net461) (>= dnxcore50)) (== netstandard1.6) (== netcoreapp1.1)
      System.Reflection (>= 4.3) - restriction: || (&& (== net461) (< net45)) (&& (== net461) (>= dnxcore50)) (== netstandard1.6) (== netcoreapp1.1)
      System.Reflection.Emit (>= 4.3) - restriction: || (&& (== net461) (< net45)) (== netstandard1.6) (== netcoreapp1.1)
      System.Reflection.Emit.ILGeneration (>= 4.3) - restriction: || (&& (== net461) (< net45)) (== netstandard1.6) (== netcoreapp1.1)
      System.Reflection.Primitives (>= 4.3) - restriction: || (&& (== net461) (< net45)) (== netstandard1.6) (== netcoreapp1.1)
      System.Reflection.TypeExtensions (>= 4.3) - restriction: || (&& (== net461) (< net45)) (&& (== net461) (>= dnxcore50)) (== netstandard1.6) (== netcoreapp1.1)
      System.Resources.ResourceManager (>= 4.3) - restriction: || (&& (== net461) (< net45)) (&& (== net461) (>= dnxcore50)) (== netstandard1.6) (== netcoreapp1.1)
      System.Runtime (>= 4.3) - restriction: || (&& (== net461) (< net45)) (&& (== net461) (>= dnxcore50)) (== netstandard1.6) (== netcoreapp1.1)
      System.Runtime.Extensions (>= 4.3) - restriction: || (&& (== net461) (< net45)) (&& (== net461) (>= dnxcore50)) (== netstandard1.6) (== netcoreapp1.1)
      System.Threading (>= 4.3) - restriction: || (&& (== net461) (< net45)) (&& (== net461) (>= dnxcore50)) (== netstandard1.6) (== netcoreapp1.1)
    System.Globalization (4.3)
      Microsoft.NETCore.Platforms (>= 1.1) - restriction: || (&& (== net461) (< net45)) (&& (== net461) (>= dnxcore50)) (== netstandard1.6) (== netcoreapp1.1)
      Microsoft.NETCore.Targets (>= 1.1) - restriction: || (&& (== net461) (< net45)) (&& (== net461) (>= dnxcore50)) (== netstandard1.6) (== netcoreapp1.1)
      System.Runtime (>= 4.3) - restriction: || (&& (== net461) (< net45)) (&& (== net461) (>= dnxcore50)) (== netstandard1.6) (== netcoreapp1.1)
    System.Globalization.Calendars (4.3) - restriction: || (&& (== net461) (>= netstandard1.6)) (&& (== net461) (>= netcoreapp1.1)) (== netstandard1.6) (== netcoreapp1.1)
      Microsoft.NETCore.Platforms (>= 1.1) - restriction: || (&& (== net461) (< net46)) (== netstandard1.6) (== netcoreapp1.1)
      Microsoft.NETCore.Targets (>= 1.1) - restriction: || (&& (== net461) (< net46)) (== netstandard1.6) (== netcoreapp1.1)
      System.Globalization (>= 4.3) - restriction: || (&& (== net461) (< net46)) (== netstandard1.6) (== netcoreapp1.1)
      System.Runtime (>= 4.3) - restriction: || (&& (== net461) (< net46)) (== netstandard1.6) (== netcoreapp1.1)
    System.Globalization.Extensions (4.3) - restriction: || (&& (== net461) (>= netstandard1.6)) (&& (== net461) (>= netcoreapp1.1)) (== netstandard1.6) (== netcoreapp1.1)
      Microsoft.NETCore.Platforms (>= 1.1) - restriction: || (&& (== net461) (< net46)) (== netstandard1.6) (== netcoreapp1.1)
      System.Globalization (>= 4.3) - restriction: || (&& (== net461) (< net46)) (== netstandard1.6) (== netcoreapp1.1)
      System.Resources.ResourceManager (>= 4.3) - restriction: || (&& (== net461) (< net46)) (== netstandard1.6) (== netcoreapp1.1)
      System.Runtime (>= 4.3) - restriction: || (&& (== net461) (< net46)) (== netstandard1.6) (== netcoreapp1.1)
      System.Runtime.Extensions (>= 4.3) - restriction: || (&& (== net461) (< net46)) (== netstandard1.6) (== netcoreapp1.1)
      System.Runtime.InteropServices (>= 4.3) - restriction: || (&& (== net461) (< net46)) (== netstandard1.6) (== netcoreapp1.1)
    System.IO (4.3) - restriction: || (&& (== net461) (< net45)) (&& (== net461) (< net451)) (&& (== net461) (< net46)) (&& (== net461) (>= dnxcore50)) (&& (== net461) (>= netcoreapp1.1)) (== netstandard1.6) (== netcoreapp1.1)
      Microsoft.NETCore.Platforms (>= 1.1) - restriction: || (&& (== net461) (< net45)) (&& (== net461) (>= dnxcore50)) (== netstandard1.6) (== netcoreapp1.1)
      Microsoft.NETCore.Targets (>= 1.1) - restriction: || (&& (== net461) (< net45)) (&& (== net461) (>= dnxcore50)) (== netstandard1.6) (== netcoreapp1.1)
      System.Runtime (>= 4.3) - restriction: || (&& (== net461) (< net45)) (&& (== net461) (>= dnxcore50)) (== netstandard1.6) (== netcoreapp1.1)
      System.Text.Encoding (>= 4.3) - restriction: || (&& (== net461) (< net45)) (&& (== net461) (>= dnxcore50)) (== netstandard1.6) (== netcoreapp1.1)
      System.Threading.Tasks (>= 4.3) - restriction: || (&& (== net461) (< net45)) (&& (== net461) (>= dnxcore50)) (== netstandard1.6) (== netcoreapp1.1)
    System.IO.Compression (4.3)
      Microsoft.NETCore.Platforms (>= 1.1) - restriction: || (&& (== net461) (< net45)) (== netstandard1.6) (== netcoreapp1.1)
      runtime.native.System (>= 4.3) - restriction: || (&& (== net461) (< net45)) (== netstandard1.6) (== netcoreapp1.1)
      runtime.native.System.IO.Compression (>= 4.3) - restriction: || (&& (== net461) (< net45)) (&& (== net461) (>= dnxcore50)) (== netstandard1.6) (== netcoreapp1.1)
      System.Buffers (>= 4.3) - restriction: || (&& (== net461) (< net45)) (&& (== net461) (>= dnxcore50)) (== netstandard1.6) (== netcoreapp1.1)
      System.Collections (>= 4.3) - restriction: || (&& (== net461) (< net45)) (&& (== net461) (>= dnxcore50)) (== netstandard1.6) (== netcoreapp1.1)
      System.Diagnostics.Debug (>= 4.3) - restriction: || (&& (== net461) (< net45)) (&& (== net461) (>= dnxcore50)) (== netstandard1.6) (== netcoreapp1.1)
      System.IO (>= 4.3) - restriction: || (&& (== net461) (< net45)) (&& (== net461) (>= dnxcore50)) (== netstandard1.6) (== netcoreapp1.1)
      System.Resources.ResourceManager (>= 4.3) - restriction: || (&& (== net461) (< net45)) (&& (== net461) (>= dnxcore50)) (== netstandard1.6) (== netcoreapp1.1)
      System.Runtime (>= 4.3) - restriction: || (&& (== net461) (< net45)) (&& (== net461) (>= dnxcore50)) (== netstandard1.6) (== netcoreapp1.1)
      System.Runtime.Extensions (>= 4.3) - restriction: || (&& (== net461) (< net45)) (&& (== net461) (>= dnxcore50)) (== netstandard1.6) (== netcoreapp1.1)
      System.Runtime.Handles (>= 4.3) - restriction: || (&& (== net461) (< net45)) (&& (== net461) (>= dnxcore50)) (== netstandard1.6) (== netcoreapp1.1)
      System.Runtime.InteropServices (>= 4.3) - restriction: || (&& (== net461) (< net45)) (&& (== net461) (>= dnxcore50)) (== netstandard1.6) (== netcoreapp1.1)
      System.Text.Encoding (>= 4.3) - restriction: || (&& (== net461) (< net45)) (&& (== net461) (>= dnxcore50)) (== netstandard1.6) (== netcoreapp1.1)
      System.Threading (>= 4.3) - restriction: || (&& (== net461) (< net45)) (&& (== net461) (>= dnxcore50)) (== netstandard1.6) (== netcoreapp1.1)
      System.Threading.Tasks (>= 4.3) - restriction: || (&& (== net461) (< net45)) (&& (== net461) (>= dnxcore50)) (== netstandard1.6) (== netcoreapp1.1)
    System.IO.Compression.ZipFile (4.3) - restriction: || (&& (== net461) (== netstandard1.6)) (&& (== net461) (== netcoreapp1.1)) (&& (== net461) (>= netstandard1.6)) (== netstandard1.6) (&& (== netstandard1.6) (== netcoreapp1.1)) (== netcoreapp1.1)
      System.Buffers (>= 4.3) - restriction: || (&& (== net461) (< net46)) (== netstandard1.6) (== netcoreapp1.1)
      System.IO (>= 4.3) - restriction: || (&& (== net461) (< net46)) (== netstandard1.6) (== netcoreapp1.1)
      System.IO.Compression (>= 4.3) - restriction: || (&& (== net461) (< net46)) (== netstandard1.6) (== netcoreapp1.1)
      System.IO.FileSystem (>= 4.3) - restriction: || (&& (== net461) (< net46)) (== netstandard1.6) (== netcoreapp1.1)
      System.IO.FileSystem.Primitives (>= 4.3) - restriction: || (&& (== net461) (< net46)) (== netstandard1.6) (== netcoreapp1.1)
      System.Resources.ResourceManager (>= 4.3) - restriction: || (&& (== net461) (< net46)) (== netstandard1.6) (== netcoreapp1.1)
      System.Runtime (>= 4.3) - restriction: || (&& (== net461) (< net46)) (== netstandard1.6) (== netcoreapp1.1)
      System.Runtime.Extensions (>= 4.3) - restriction: || (&& (== net461) (< net46)) (== netstandard1.6) (== netcoreapp1.1)
      System.Text.Encoding (>= 4.3) - restriction: || (&& (== net461) (< net46)) (== netstandard1.6) (== netcoreapp1.1)
    System.IO.FileSystem (4.3)
      Microsoft.NETCore.Platforms (>= 1.1) - restriction: || (&& (== net461) (< net46)) (== netstandard1.6) (== netcoreapp1.1)
      Microsoft.NETCore.Targets (>= 1.1) - restriction: || (&& (== net461) (< net46)) (== netstandard1.6) (== netcoreapp1.1)
      System.IO (>= 4.3) - restriction: || (&& (== net461) (< net46)) (== netstandard1.6) (== netcoreapp1.1)
      System.IO.FileSystem.Primitives (>= 4.3)
      System.Runtime (>= 4.3) - restriction: || (&& (== net461) (< net46)) (== netstandard1.6) (== netcoreapp1.1)
      System.Runtime.Handles (>= 4.3) - restriction: || (&& (== net461) (< net46)) (== netstandard1.6) (== netcoreapp1.1)
      System.Text.Encoding (>= 4.3) - restriction: || (&& (== net461) (< net46)) (== netstandard1.6) (== netcoreapp1.1)
      System.Threading.Tasks (>= 4.3) - restriction: || (&& (== net461) (< net46)) (== netstandard1.6) (== netcoreapp1.1)
    System.IO.FileSystem.Primitives (4.3)
      System.Runtime (>= 4.3) - restriction: || (&& (== net461) (< net46)) (== netstandard1.6) (== netcoreapp1.1)
    System.IO.FileSystem.Watcher (4.3) - restriction: || (&& (== net461) (== netstandard1.6) (>= netcoreapp1.1)) (&& (== net461) (== netcoreapp1.1)) (&& (== net461) (>= netcoreapp1.1)) (&& (== netstandard1.6) (== netcoreapp1.1)) (&& (== netstandard1.6) (>= netcoreapp1.1)) (== netcoreapp1.1)
      Microsoft.NETCore.Platforms (>= 1.1) - restriction: || (&& (== net461) (< net46)) (== netstandard1.6) (== netcoreapp1.1)
      Microsoft.Win32.Primitives (>= 4.3) - restriction: || (&& (== net461) (< net46)) (== netstandard1.6) (== netcoreapp1.1)
      runtime.native.System (>= 4.3) - restriction: || (&& (== net461) (< net46)) (== netstandard1.6) (== netcoreapp1.1)
      System.Collections (>= 4.3) - restriction: || (&& (== net461) (< net46)) (== netstandard1.6) (== netcoreapp1.1)
      System.IO.FileSystem (>= 4.3) - restriction: || (&& (== net461) (< net46)) (== netstandard1.6) (== netcoreapp1.1)
      System.IO.FileSystem.Primitives (>= 4.3) - restriction: || (&& (== net461) (< net46)) (== netstandard1.6) (== netcoreapp1.1)
      System.Resources.ResourceManager (>= 4.3) - restriction: || (&& (== net461) (< net46)) (== netstandard1.6) (== netcoreapp1.1)
      System.Runtime (>= 4.3) - restriction: || (&& (== net461) (< net46)) (== netstandard1.6) (== netcoreapp1.1)
      System.Runtime.Extensions (>= 4.3) - restriction: || (&& (== net461) (< net46)) (== netstandard1.6) (== netcoreapp1.1)
      System.Runtime.Handles (>= 4.3) - restriction: || (&& (== net461) (< net46)) (== netstandard1.6) (== netcoreapp1.1)
      System.Runtime.InteropServices (>= 4.3) - restriction: || (&& (== net461) (< net46)) (== netstandard1.6) (== netcoreapp1.1)
      System.Text.Encoding (>= 4.3) - restriction: || (&& (== net461) (< net46)) (== netstandard1.6) (== netcoreapp1.1)
      System.Threading (>= 4.3) - restriction: || (&& (== net461) (< net46)) (== netstandard1.6) (== netcoreapp1.1)
      System.Threading.Overlapped (>= 4.3) - restriction: || (&& (== net461) (< net46)) (== netstandard1.6) (== netcoreapp1.1)
      System.Threading.Tasks (>= 4.3) - restriction: || (&& (== net461) (< net46)) (== netstandard1.6) (== netcoreapp1.1)
      System.Threading.Thread (>= 4.3) - restriction: || (&& (== net461) (< net46)) (== netstandard1.6) (== netcoreapp1.1)
    System.IO.MemoryMappedFiles (4.3) - restriction: || (&& (== net461) (== netstandard1.6) (>= netcoreapp1.1)) (&& (== net461) (== netcoreapp1.1)) (&& (== net461) (>= netcoreapp1.1)) (&& (== netstandard1.6) (== netcoreapp1.1)) (&& (== netstandard1.6) (>= netcoreapp1.1)) (== netcoreapp1.1)
      Microsoft.NETCore.Platforms (>= 1.1) - restriction: || (&& (== net461) (< net46)) (&& (== net461) (>= dnxcore50)) (== netstandard1.6) (== netcoreapp1.1)
      runtime.native.System (>= 4.3) - restriction: || (&& (== net461) (< net46)) (== netstandard1.6) (== netcoreapp1.1)
      System.IO (>= 4.3) - restriction: || (&& (== net461) (< net46)) (&& (== net461) (>= dnxcore50)) (== netstandard1.6) (== netcoreapp1.1)
      System.IO.FileSystem (>= 4.3)
      System.IO.FileSystem.Primitives (>= 4.3)
      System.IO.UnmanagedMemoryStream (>= 4.3)
      System.Resources.ResourceManager (>= 4.3) - restriction: || (&& (== net461) (< net46)) (&& (== net461) (>= dnxcore50)) (== netstandard1.6) (== netcoreapp1.1)
      System.Runtime (>= 4.3) - restriction: || (&& (== net461) (< net46)) (&& (== net461) (>= dnxcore50)) (== netstandard1.6) (== netcoreapp1.1)
      System.Runtime.Extensions (>= 4.3) - restriction: || (&& (== net461) (< net46)) (== netstandard1.6) (== netcoreapp1.1)
      System.Runtime.Handles (>= 4.3) - restriction: || (&& (== net461) (< net46)) (&& (== net461) (>= dnxcore50)) (== netstandard1.6) (== netcoreapp1.1)
      System.Runtime.InteropServices (>= 4.3) - restriction: || (&& (== net461) (< net46)) (&& (== net461) (>= dnxcore50)) (== netstandard1.6) (== netcoreapp1.1)
      System.Threading (>= 4.3) - restriction: || (&& (== net461) (< net46)) (&& (== net461) (>= dnxcore50)) (== netstandard1.6) (== netcoreapp1.1)
      System.Threading.Tasks (>= 4.3) - restriction: || (&& (== net461) (< net46)) (&& (== net461) (>= dnxcore50)) (== netstandard1.6) (== netcoreapp1.1)
    System.IO.UnmanagedMemoryStream (4.3) - restriction: || (&& (== net461) (>= netcoreapp1.1)) (&& (== netstandard1.6) (>= netcoreapp1.1)) (== netcoreapp1.1)
      System.Buffers (>= 4.3) - restriction: || (&& (== net461) (< net46)) (== netstandard1.6) (== netcoreapp1.1)
      System.Diagnostics.Debug (>= 4.3) - restriction: || (&& (== net461) (< net46)) (== netstandard1.6) (== netcoreapp1.1)
      System.IO (>= 4.3) - restriction: || (&& (== net461) (< net46)) (== netstandard1.6) (== netcoreapp1.1)
      System.IO.FileSystem.Primitives (>= 4.3)
      System.Resources.ResourceManager (>= 4.3) - restriction: || (&& (== net461) (< net46)) (== netstandard1.6) (== netcoreapp1.1)
      System.Runtime (>= 4.3) - restriction: || (&& (== net461) (< net46)) (== netstandard1.6) (== netcoreapp1.1)
      System.Runtime.InteropServices (>= 4.3) - restriction: || (&& (== net461) (< net46)) (== netstandard1.6) (== netcoreapp1.1)
      System.Threading (>= 4.3) - restriction: || (&& (== net461) (< net46)) (== netstandard1.6) (== netcoreapp1.1)
      System.Threading.Tasks (>= 4.3) - restriction: || (&& (== net461) (< net46)) (== netstandard1.6) (== netcoreapp1.1)
    System.Linq (4.3)
      System.Collections (>= 4.3) - restriction: || (&& (== net461) (< net45)) (&& (== net461) (>= dnxcore50)) (&& (== net461) (>= netstandard1.6)) (== netstandard1.6) (== netcoreapp1.1)
      System.Diagnostics.Debug (>= 4.3) - restriction: || (&& (== net461) (>= dnxcore50)) (&& (== net461) (>= netstandard1.6)) (== netstandard1.6) (== netcoreapp1.1)
      System.Resources.ResourceManager (>= 4.3) - restriction: || (&& (== net461) (>= dnxcore50)) (&& (== net461) (>= netstandard1.6)) (== netstandard1.6) (== netcoreapp1.1)
      System.Runtime (>= 4.3) - restriction: || (&& (== net461) (< net45)) (&& (== net461) (>= dnxcore50)) (&& (== net461) (>= netstandard1.6)) (== netstandard1.6) (== netcoreapp1.1)
      System.Runtime.Extensions (>= 4.3) - restriction: || (&& (== net461) (>= dnxcore50)) (&& (== net461) (>= netstandard1.6)) (== netstandard1.6) (== netcoreapp1.1)
    System.Linq.Expressions (4.3)
      System.Collections (>= 4.3) - restriction: || (&& (== net461) (>= dnxcore50)) (&& (== net461) (>= netstandard1.6)) (== netstandard1.6) (== netcoreapp1.1)
      System.Diagnostics.Debug (>= 4.3) - restriction: || (&& (== net461) (>= dnxcore50)) (&& (== net461) (>= netstandard1.6)) (== netstandard1.6) (== netcoreapp1.1)
      System.Globalization (>= 4.3) - restriction: || (&& (== net461) (>= dnxcore50)) (&& (== net461) (>= netstandard1.6)) (== netstandard1.6) (== netcoreapp1.1)
      System.IO (>= 4.3) - restriction: || (&& (== net461) (>= dnxcore50)) (&& (== net461) (>= netstandard1.6)) (== netstandard1.6) (== netcoreapp1.1)
      System.Linq (>= 4.3) - restriction: || (&& (== net461) (>= dnxcore50)) (&& (== net461) (>= netstandard1.6)) (== netstandard1.6) (== netcoreapp1.1)
      System.ObjectModel (>= 4.3) - restriction: || (&& (== net461) (>= netstandard1.6)) (== netstandard1.6) (== netcoreapp1.1)
      System.Reflection (>= 4.3) - restriction: || (&& (== net461) (< net45)) (&& (== net461) (>= dnxcore50)) (&& (== net461) (>= netstandard1.6)) (== netstandard1.6) (== netcoreapp1.1)
      System.Reflection.Emit (>= 4.3) - restriction: || (&& (== net461) (>= netstandard1.6)) (== netstandard1.6) (== netcoreapp1.1)
      System.Reflection.Emit.ILGeneration (>= 4.3) - restriction: || (&& (== net461) (>= dnxcore50)) (&& (== net461) (>= netstandard1.6)) (== netstandard1.6) (== netcoreapp1.1)
      System.Reflection.Emit.Lightweight (>= 4.3) - restriction: || (&& (== net461) (>= dnxcore50)) (&& (== net461) (>= netstandard1.6)) (== netstandard1.6) (== netcoreapp1.1)
      System.Reflection.Extensions (>= 4.3) - restriction: || (&& (== net461) (>= dnxcore50)) (&& (== net461) (>= netstandard1.6)) (== netstandard1.6) (== netcoreapp1.1)
      System.Reflection.Primitives (>= 4.3) - restriction: || (&& (== net461) (>= dnxcore50)) (&& (== net461) (>= netstandard1.6)) (== netstandard1.6) (== netcoreapp1.1)
      System.Reflection.TypeExtensions (>= 4.3) - restriction: || (&& (== net461) (>= dnxcore50)) (&& (== net461) (>= netstandard1.6)) (== netstandard1.6) (== netcoreapp1.1)
      System.Resources.ResourceManager (>= 4.3) - restriction: || (&& (== net461) (>= dnxcore50)) (&& (== net461) (>= netstandard1.6)) (== netstandard1.6) (== netcoreapp1.1)
      System.Runtime (>= 4.3) - restriction: || (&& (== net461) (< net45)) (&& (== net461) (>= dnxcore50)) (&& (== net461) (>= netstandard1.6)) (== netstandard1.6) (== netcoreapp1.1)
      System.Runtime.Extensions (>= 4.3) - restriction: || (&& (== net461) (>= dnxcore50)) (&& (== net461) (>= netstandard1.6)) (== netstandard1.6) (== netcoreapp1.1)
      System.Threading (>= 4.3) - restriction: || (&& (== net461) (>= dnxcore50)) (&& (== net461) (>= netstandard1.6)) (== netstandard1.6) (== netcoreapp1.1)
    System.Linq.Parallel (4.3) - restriction: || (&& (== net461) (== netstandard1.6) (>= netcoreapp1.1)) (&& (== net461) (== netcoreapp1.1)) (&& (== net461) (>= netcoreapp1.1)) (&& (== netstandard1.6) (== netcoreapp1.1)) (&& (== netstandard1.6) (>= netcoreapp1.1)) (== netcoreapp1.1)
      System.Collections (>= 4.3) - restriction: || (&& (== net461) (< net45)) (&& (== net461) (>= dnxcore50)) (== netstandard1.6) (== netcoreapp1.1)
      System.Collections.Concurrent (>= 4.3) - restriction: || (&& (== net461) (< net45)) (&& (== net461) (>= dnxcore50)) (== netstandard1.6) (== netcoreapp1.1)
      System.Diagnostics.Debug (>= 4.3) - restriction: || (&& (== net461) (< net45)) (&& (== net461) (>= dnxcore50)) (== netstandard1.6) (== netcoreapp1.1)
      System.Diagnostics.Tracing (>= 4.3) - restriction: || (&& (== net461) (< net45)) (&& (== net461) (>= dnxcore50)) (== netstandard1.6) (== netcoreapp1.1)
      System.Linq (>= 4.3) - restriction: || (&& (== net461) (< net45)) (&& (== net461) (>= dnxcore50)) (== netstandard1.6) (== netcoreapp1.1)
      System.Resources.ResourceManager (>= 4.3) - restriction: || (&& (== net461) (< net45)) (&& (== net461) (>= dnxcore50)) (== netstandard1.6) (== netcoreapp1.1)
      System.Runtime (>= 4.3) - restriction: || (&& (== net461) (< net45)) (&& (== net461) (>= dnxcore50)) (== netstandard1.6) (== netcoreapp1.1)
      System.Runtime.Extensions (>= 4.3) - restriction: || (&& (== net461) (< net45)) (&& (== net461) (>= dnxcore50)) (== netstandard1.6) (== netcoreapp1.1)
      System.Threading (>= 4.3) - restriction: || (&& (== net461) (< net45)) (&& (== net461) (>= dnxcore50)) (== netstandard1.6) (== netcoreapp1.1)
      System.Threading.Tasks (>= 4.3) - restriction: || (&& (== net461) (< net45)) (&& (== net461) (>= dnxcore50)) (== netstandard1.6) (== netcoreapp1.1)
    System.Linq.Queryable (4.3) - restriction: || (&& (== net461) (>= netstandard1.6)) (&& (== net461) (>= netcoreapp1.1)) (== netstandard1.6) (== netcoreapp1.1)
      System.Collections (>= 4.3) - restriction: || (&& (== net461) (< net45)) (&& (== net461) (>= dnxcore50)) (== netstandard1.6) (== netcoreapp1.1)
      System.Diagnostics.Debug (>= 4.3) - restriction: || (&& (== net461) (< net45)) (&& (== net461) (>= dnxcore50)) (== netstandard1.6) (== netcoreapp1.1)
      System.Linq (>= 4.3) - restriction: || (&& (== net461) (< net45)) (&& (== net461) (>= dnxcore50)) (== netstandard1.6) (== netcoreapp1.1)
      System.Linq.Expressions (>= 4.3) - restriction: || (&& (== net461) (< net45)) (&& (== net461) (>= dnxcore50)) (== netstandard1.6) (== netcoreapp1.1)
      System.Reflection (>= 4.3) - restriction: || (&& (== net461) (< net45)) (&& (== net461) (>= dnxcore50)) (== netstandard1.6) (== netcoreapp1.1)
      System.Reflection.Extensions (>= 4.3) - restriction: || (&& (== net461) (< net45)) (&& (== net461) (>= dnxcore50)) (== netstandard1.6) (== netcoreapp1.1)
      System.Resources.ResourceManager (>= 4.3) - restriction: || (&& (== net461) (< net45)) (&& (== net461) (>= dnxcore50)) (== netstandard1.6) (== netcoreapp1.1)
      System.Runtime (>= 4.3) - restriction: || (&& (== net461) (< net45)) (&& (== net461) (>= dnxcore50)) (== netstandard1.6) (== netcoreapp1.1)
    System.Net.Http (4.3.2) - restriction: || (&& (== net461) (>= netstandard1.6)) (&& (== net461) (>= netcoreapp1.1)) (== netstandard1.6) (== netcoreapp1.1)
      Microsoft.NETCore.Platforms (>= 1.1) - restriction: || (&& (== net461) (< net45)) (&& (== net461) (>= dnxcore50)) (&& (== net461) (>= netstandard1.6)) (== netstandard1.6) (== netcoreapp1.1)
      runtime.native.System (>= 4.3) - restriction: || (&& (== net461) (>= netstandard1.6)) (== netstandard1.6) (== netcoreapp1.1)
      runtime.native.System.Net.Http (>= 4.3) - restriction: || (&& (== net461) (>= netstandard1.6)) (== netstandard1.6) (== netcoreapp1.1)
      runtime.native.System.Security.Cryptography.OpenSsl (>= 4.3) - restriction: || (&& (== net461) (>= netstandard1.6)) (== netstandard1.6) (== netcoreapp1.1)
      System.Collections (>= 4.3) - restriction: || (&& (== net461) (< net45)) (&& (== net461) (>= dnxcore50)) (&& (== net461) (>= netstandard1.6)) (== netstandard1.6) (== netcoreapp1.1)
      System.Diagnostics.Debug (>= 4.3) - restriction: || (&& (== net461) (< net45)) (&& (== net461) (>= dnxcore50)) (&& (== net461) (>= netstandard1.6)) (== netstandard1.6) (== netcoreapp1.1)
      System.Diagnostics.DiagnosticSource (>= 4.3) - restriction: || (&& (== net461) (< net45)) (&& (== net461) (>= dnxcore50)) (&& (== net461) (>= netstandard1.6)) (== netstandard1.6) (== netcoreapp1.1)
      System.Diagnostics.Tracing (>= 4.3) - restriction: || (&& (== net461) (< net45)) (&& (== net461) (>= dnxcore50)) (&& (== net461) (>= netstandard1.6)) (== netstandard1.6) (== netcoreapp1.1)
      System.Globalization (>= 4.3) - restriction: || (&& (== net461) (< net45)) (&& (== net461) (>= dnxcore50)) (&& (== net461) (>= netstandard1.6)) (== netstandard1.6) (== netcoreapp1.1)
      System.Globalization.Extensions (>= 4.3) - restriction: || (&& (== net461) (>= netstandard1.6)) (== netstandard1.6) (== netcoreapp1.1)
      System.IO (>= 4.3) - restriction: || (&& (== net461) (< net45)) (&& (== net461) (>= dnxcore50)) (&& (== net461) (>= netstandard1.6)) (== netstandard1.6) (== netcoreapp1.1)
      System.IO.FileSystem (>= 4.3) - restriction: || (&& (== net461) (>= netstandard1.6)) (== netstandard1.6) (== netcoreapp1.1)
      System.Net.Primitives (>= 4.3) - restriction: || (&& (== net461) (< net45)) (&& (== net461) (>= dnxcore50)) (&& (== net461) (>= netstandard1.6)) (== netstandard1.6) (== netcoreapp1.1)
      System.Resources.ResourceManager (>= 4.3) - restriction: || (&& (== net461) (< net45)) (&& (== net461) (>= dnxcore50)) (&& (== net461) (>= netstandard1.6)) (== netstandard1.6) (== netcoreapp1.1)
      System.Runtime (>= 4.3) - restriction: || (&& (== net461) (< net45)) (&& (== net461) (>= dnxcore50)) (&& (== net461) (>= netstandard1.6)) (== netstandard1.6) (== netcoreapp1.1)
      System.Runtime.Extensions (>= 4.3) - restriction: || (&& (== net461) (< net45)) (&& (== net461) (>= dnxcore50)) (&& (== net461) (>= netstandard1.6)) (== netstandard1.6) (== netcoreapp1.1)
      System.Runtime.Handles (>= 4.3) - restriction: || (&& (== net461) (< net45)) (&& (== net461) (>= netstandard1.6)) (== netstandard1.6) (== netcoreapp1.1)
      System.Runtime.InteropServices (>= 4.3) - restriction: || (&& (== net461) (< net45)) (&& (== net461) (>= dnxcore50)) (&& (== net461) (>= netstandard1.6)) (== netstandard1.6) (== netcoreapp1.1)
      System.Security.Cryptography.Algorithms (>= 4.3) - restriction: || (&& (== net461) (>= netstandard1.6)) (== netstandard1.6) (== netcoreapp1.1)
      System.Security.Cryptography.Encoding (>= 4.3) - restriction: || (&& (== net461) (< net45)) (&& (== net461) (>= netstandard1.6)) (== netstandard1.6) (== netcoreapp1.1)
      System.Security.Cryptography.OpenSsl (>= 4.3) - restriction: || (&& (== net461) (>= netstandard1.6)) (== netstandard1.6) (== netcoreapp1.1)
      System.Security.Cryptography.Primitives (>= 4.3) - restriction: || (&& (== net461) (>= netstandard1.6)) (== netstandard1.6) (== netcoreapp1.1)
      System.Security.Cryptography.X509Certificates (>= 4.3)
      System.Text.Encoding (>= 4.3) - restriction: || (&& (== net461) (< net45)) (&& (== net461) (>= dnxcore50)) (&& (== net461) (>= netstandard1.6)) (== netstandard1.6) (== netcoreapp1.1)
      System.Threading (>= 4.3) - restriction: || (&& (== net461) (< net45)) (&& (== net461) (>= dnxcore50)) (&& (== net461) (>= netstandard1.6)) (== netstandard1.6) (== netcoreapp1.1)
      System.Threading.Tasks (>= 4.3) - restriction: || (&& (== net461) (< net45)) (&& (== net461) (>= dnxcore50)) (&& (== net461) (>= netstandard1.6)) (== netstandard1.6) (== netcoreapp1.1)
    System.Net.NameResolution (4.3) - restriction: || (&& (== net461) (== netstandard1.6) (>= netcoreapp1.1)) (&& (== net461) (== netcoreapp1.1)) (&& (== net461) (>= netcoreapp1.1)) (&& (== netstandard1.6) (== netcoreapp1.1)) (&& (== netstandard1.6) (>= netcoreapp1.1)) (== netcoreapp1.1)
      Microsoft.NETCore.Platforms (>= 1.1) - restriction: || (&& (== net461) (< net46)) (&& (== net461) (>= dnxcore50)) (== netstandard1.6) (== netcoreapp1.1)
      runtime.native.System (>= 4.3) - restriction: || (&& (== net461) (< net46)) (== netstandard1.6) (== netcoreapp1.1)
      System.Collections (>= 4.3) - restriction: || (&& (== net461) (< net46)) (&& (== net461) (>= dnxcore50)) (== netstandard1.6) (== netcoreapp1.1)
      System.Diagnostics.Tracing (>= 4.3) - restriction: || (&& (== net461) (< net46)) (&& (== net461) (>= dnxcore50)) (== netstandard1.6) (== netcoreapp1.1)
      System.Globalization (>= 4.3) - restriction: || (&& (== net461) (< net46)) (&& (== net461) (>= dnxcore50)) (== netstandard1.6) (== netcoreapp1.1)
      System.Net.Primitives (>= 4.3) - restriction: || (&& (== net461) (< net46)) (&& (== net461) (>= dnxcore50)) (== netstandard1.6) (== netcoreapp1.1)
      System.Resources.ResourceManager (>= 4.3) - restriction: || (&& (== net461) (< net46)) (&& (== net461) (>= dnxcore50)) (== netstandard1.6) (== netcoreapp1.1)
      System.Runtime (>= 4.3) - restriction: || (&& (== net461) (< net46)) (&& (== net461) (>= dnxcore50)) (== netstandard1.6) (== netcoreapp1.1)
      System.Runtime.Extensions (>= 4.3) - restriction: || (&& (== net461) (< net46)) (&& (== net461) (>= dnxcore50)) (== netstandard1.6) (== netcoreapp1.1)
      System.Runtime.Handles (>= 4.3) - restriction: || (&& (== net461) (< net46)) (&& (== net461) (>= dnxcore50)) (== netstandard1.6) (== netcoreapp1.1)
      System.Runtime.InteropServices (>= 4.3) - restriction: || (&& (== net461) (< net46)) (&& (== net461) (>= dnxcore50)) (== netstandard1.6) (== netcoreapp1.1)
      System.Security.Principal.Windows (>= 4.3) - restriction: || (&& (== net461) (< net46)) (== netstandard1.6) (== netcoreapp1.1)
      System.Threading (>= 4.3) - restriction: || (&& (== net461) (< net46)) (&& (== net461) (>= dnxcore50)) (== netstandard1.6) (== netcoreapp1.1)
      System.Threading.Tasks (>= 4.3) - restriction: || (&& (== net461) (< net46)) (&& (== net461) (>= dnxcore50)) (== netstandard1.6) (== netcoreapp1.1)
    System.Net.Primitives (4.3) - restriction: || (&& (== net461) (>= netstandard1.6)) (&& (== net461) (>= netcoreapp1.1)) (== netstandard1.6) (== netcoreapp1.1)
      Microsoft.NETCore.Platforms (>= 1.1) - restriction: || (&& (== net461) (< net45)) (&& (== net461) (>= dnxcore50)) (&& (== net461) (< netstandard1.1)) (== netstandard1.6) (== netcoreapp1.1)
      Microsoft.NETCore.Targets (>= 1.1) - restriction: || (&& (== net461) (< net45)) (&& (== net461) (>= dnxcore50)) (&& (== net461) (< netstandard1.1)) (== netstandard1.6) (== netcoreapp1.1)
      System.Runtime (>= 4.3) - restriction: || (&& (== net461) (< net45)) (&& (== net461) (>= dnxcore50)) (&& (== net461) (< netstandard1.1)) (== netstandard1.6) (== netcoreapp1.1)
      System.Runtime.Handles (>= 4.3) - restriction: || (&& (== net461) (< net45)) (&& (== net461) (>= dnxcore50)) (== netstandard1.6) (== netcoreapp1.1)
    System.Net.Requests (4.3) - restriction: || (&& (== net461) (>= netstandard1.6)) (&& (== net461) (>= netcoreapp1.1)) (== netstandard1.6) (== netcoreapp1.1)
      Microsoft.NETCore.Platforms (>= 1.1) - restriction: || (&& (== net461) (< net45)) (== netstandard1.6) (== netcoreapp1.1)
      System.Collections (>= 4.3) - restriction: || (&& (== net461) (< net45)) (&& (== net461) (>= dnxcore50)) (== netstandard1.6) (== netcoreapp1.1)
      System.Diagnostics.Debug (>= 4.3) - restriction: || (&& (== net461) (< net45)) (&& (== net461) (>= dnxcore50)) (== netstandard1.6) (== netcoreapp1.1)
      System.Diagnostics.Tracing (>= 4.3) - restriction: || (&& (== net461) (< net45)) (&& (== net461) (>= dnxcore50)) (== netstandard1.6) (== netcoreapp1.1)
      System.Globalization (>= 4.3) - restriction: || (&& (== net461) (< net45)) (&& (== net461) (>= dnxcore50)) (== netstandard1.6) (== netcoreapp1.1)
      System.IO (>= 4.3) - restriction: || (&& (== net461) (< net45)) (&& (== net461) (>= dnxcore50)) (&& (== net461) (< netstandard1.1)) (== netstandard1.6) (== netcoreapp1.1)
      System.Net.Http (>= 4.3) - restriction: || (&& (== net461) (< net45)) (&& (== net461) (>= dnxcore50)) (== netstandard1.6) (== netcoreapp1.1)
      System.Net.Primitives (>= 4.3) - restriction: || (&& (== net461) (< net45)) (&& (== net461) (>= dnxcore50)) (&& (== net461) (< netstandard1.1)) (== netstandard1.6) (== netcoreapp1.1)
      System.Net.WebHeaderCollection (>= 4.3) - restriction: || (&& (== net461) (< net45)) (&& (== net461) (>= dnxcore50)) (== netstandard1.6) (== netcoreapp1.1)
      System.Resources.ResourceManager (>= 4.3) - restriction: || (&& (== net461) (< net45)) (&& (== net461) (>= dnxcore50)) (== netstandard1.6) (== netcoreapp1.1)
      System.Runtime (>= 4.3) - restriction: || (&& (== net461) (< net45)) (&& (== net461) (>= dnxcore50)) (&& (== net461) (< netstandard1.1)) (== netstandard1.6) (== netcoreapp1.1)
      System.Threading (>= 4.3) - restriction: || (&& (== net461) (< net45)) (&& (== net461) (>= dnxcore50)) (== netstandard1.6) (== netcoreapp1.1)
      System.Threading.Tasks (>= 4.3) - restriction: || (&& (== net461) (< net45)) (&& (== net461) (>= dnxcore50)) (== netstandard1.6) (== netcoreapp1.1)
    System.Net.Security (4.3.1) - restriction: || (&& (== net461) (== netstandard1.6) (>= netcoreapp1.1)) (&& (== net461) (== netcoreapp1.1)) (&& (== net461) (>= netcoreapp1.1)) (&& (== netstandard1.6) (== netcoreapp1.1)) (&& (== netstandard1.6) (>= netcoreapp1.1)) (== netcoreapp1.1)
      Microsoft.NETCore.Platforms (>= 1.1) - restriction: || (&& (== net461) (< net46)) (&& (== net461) (>= netstandard1.6)) (== netstandard1.6) (== netcoreapp1.1)
      Microsoft.Win32.Primitives (>= 4.3) - restriction: || (&& (== net461) (< net46)) (&& (== net461) (>= netstandard1.6)) (== netstandard1.6) (== netcoreapp1.1)
      runtime.native.System (>= 4.3) - restriction: || (&& (== net461) (>= netstandard1.6)) (== netstandard1.6) (== netcoreapp1.1)
      runtime.native.System.Net.Security (>= 4.3) - restriction: || (&& (== net461) (>= netstandard1.6)) (== netstandard1.6) (== netcoreapp1.1)
      runtime.native.System.Security.Cryptography.OpenSsl (>= 4.3) - restriction: || (&& (== net461) (>= netstandard1.6)) (== netstandard1.6) (== netcoreapp1.1)
      System.Collections (>= 4.3) - restriction: || (&& (== net461) (< net46)) (&& (== net461) (>= netstandard1.6)) (== netstandard1.6) (== netcoreapp1.1)
      System.Collections.Concurrent (>= 4.3) - restriction: || (&& (== net461) (< net46)) (&& (== net461) (>= netstandard1.6)) (== netstandard1.6) (== netcoreapp1.1)
      System.Diagnostics.Tracing (>= 4.3) - restriction: || (&& (== net461) (< net46)) (&& (== net461) (>= netstandard1.6)) (== netstandard1.6) (== netcoreapp1.1)
      System.Globalization (>= 4.3) - restriction: || (&& (== net461) (< net46)) (&& (== net461) (>= netstandard1.6)) (== netstandard1.6) (== netcoreapp1.1)
      System.Globalization.Extensions (>= 4.3) - restriction: || (&& (== net461) (>= netstandard1.6)) (== netstandard1.6) (== netcoreapp1.1)
      System.IO (>= 4.3) - restriction: || (&& (== net461) (< net46)) (&& (== net461) (>= netstandard1.6)) (== netstandard1.6) (== netcoreapp1.1)
      System.Net.Primitives (>= 4.3) - restriction: || (&& (== net461) (< net46)) (&& (== net461) (>= netstandard1.6)) (== netstandard1.6) (== netcoreapp1.1)
      System.Resources.ResourceManager (>= 4.3) - restriction: || (&& (== net461) (< net46)) (&& (== net461) (>= netstandard1.6)) (== netstandard1.6) (== netcoreapp1.1)
      System.Runtime (>= 4.3) - restriction: || (&& (== net461) (< net46)) (&& (== net461) (>= netstandard1.6)) (== netstandard1.6) (== netcoreapp1.1)
      System.Runtime.Extensions (>= 4.3) - restriction: || (&& (== net461) (< net46)) (&& (== net461) (>= netstandard1.6)) (== netstandard1.6) (== netcoreapp1.1)
      System.Runtime.Handles (>= 4.3) - restriction: || (&& (== net461) (< net46)) (&& (== net461) (>= netstandard1.6)) (== netstandard1.6) (== netcoreapp1.1)
      System.Runtime.InteropServices (>= 4.3) - restriction: || (&& (== net461) (< net46)) (&& (== net461) (>= netstandard1.6)) (== netstandard1.6) (== netcoreapp1.1)
      System.Security.Claims (>= 4.3) - restriction: || (&& (== net461) (< net46)) (&& (== net461) (>= netstandard1.6)) (== netstandard1.6) (== netcoreapp1.1)
      System.Security.Cryptography.Algorithms (>= 4.3) - restriction: || (&& (== net461) (>= netstandard1.6)) (== netstandard1.6) (== netcoreapp1.1)
      System.Security.Cryptography.Encoding (>= 4.3) - restriction: || (&& (== net461) (< net46)) (&& (== net461) (>= netstandard1.6)) (== netstandard1.6) (== netcoreapp1.1)
      System.Security.Cryptography.OpenSsl (>= 4.3) - restriction: || (&& (== net461) (>= netstandard1.6)) (== netstandard1.6) (== netcoreapp1.1)
      System.Security.Cryptography.Primitives (>= 4.3) - restriction: || (&& (== net461) (< net46)) (&& (== net461) (>= netstandard1.6)) (== netstandard1.6) (== netcoreapp1.1)
      System.Security.Cryptography.X509Certificates (>= 4.3)
      System.Security.Principal (>= 4.3) - restriction: || (&& (== net461) (< net46)) (&& (== net461) (>= netstandard1.6)) (== netstandard1.6) (== netcoreapp1.1)
      System.Text.Encoding (>= 4.3) - restriction: || (&& (== net461) (>= netstandard1.6)) (== netstandard1.6) (== netcoreapp1.1)
      System.Threading (>= 4.3) - restriction: || (&& (== net461) (< net46)) (&& (== net461) (>= netstandard1.6)) (== netstandard1.6) (== netcoreapp1.1)
      System.Threading.Tasks (>= 4.3) - restriction: || (&& (== net461) (< net46)) (&& (== net461) (>= netstandard1.6)) (== netstandard1.6) (== netcoreapp1.1)
      System.Threading.ThreadPool (>= 4.3) - restriction: || (&& (== net461) (< net46)) (&& (== net461) (>= netstandard1.6)) (== netstandard1.6) (== netcoreapp1.1)
    System.Net.Sockets (4.3) - restriction: || (&& (== net461) (== netstandard1.6)) (&& (== net461) (== netcoreapp1.1)) (&& (== net461) (>= netstandard1.6)) (== netstandard1.6) (&& (== netstandard1.6) (== netcoreapp1.1)) (== netcoreapp1.1)
      Microsoft.NETCore.Platforms (>= 1.1) - restriction: || (&& (== net461) (< net46)) (== netstandard1.6) (== netcoreapp1.1)
      Microsoft.NETCore.Targets (>= 1.1) - restriction: || (&& (== net461) (< net46)) (== netstandard1.6) (== netcoreapp1.1)
      System.IO (>= 4.3) - restriction: || (&& (== net461) (< net46)) (== netstandard1.6) (== netcoreapp1.1)
      System.Net.Primitives (>= 4.3) - restriction: || (&& (== net461) (< net46)) (== netstandard1.6) (== netcoreapp1.1)
      System.Runtime (>= 4.3) - restriction: || (&& (== net461) (< net46)) (== netstandard1.6) (== netcoreapp1.1)
      System.Threading.Tasks (>= 4.3) - restriction: || (&& (== net461) (< net46)) (== netstandard1.6) (== netcoreapp1.1)
    System.Net.WebHeaderCollection (4.3) - restriction: || (&& (== net461) (>= netstandard1.6)) (&& (== net461) (>= netcoreapp1.1)) (== netstandard1.6) (== netcoreapp1.1)
      System.Collections (>= 4.3) - restriction: || (&& (== net461) (< net46)) (== netstandard1.6) (== netcoreapp1.1)
      System.Resources.ResourceManager (>= 4.3) - restriction: || (&& (== net461) (< net46)) (== netstandard1.6) (== netcoreapp1.1)
      System.Runtime (>= 4.3) - restriction: || (&& (== net461) (< net46)) (== netstandard1.6) (== netcoreapp1.1)
      System.Runtime.Extensions (>= 4.3) - restriction: || (&& (== net461) (< net46)) (== netstandard1.6) (== netcoreapp1.1)
    System.Numerics.Vectors (4.4) - restriction: || (&& (== net461) (== netstandard1.6) (>= netcoreapp1.1)) (&& (== net461) (== netcoreapp1.1)) (&& (== net461) (>= netcoreapp1.1)) (&& (== netstandard1.6) (== netcoreapp1.1)) (&& (== netstandard1.6) (>= netcoreapp1.1)) (== netcoreapp1.1)
      NETStandard.Library (>= 1.6.1) - restriction: || (&& (== net461) (< net46)) (== netstandard1.6) (== netcoreapp1.1)
    System.ObjectModel (4.3) - restriction: || (&& (== net461) (>= netstandard1.6)) (&& (== net461) (>= netcoreapp1.1)) (== netstandard1.6) (== netcoreapp1.1)
      System.Collections (>= 4.3) - restriction: || (&& (== net461) (< net45)) (&& (== net461) (>= dnxcore50)) (== netstandard1.6) (== netcoreapp1.1)
      System.Diagnostics.Debug (>= 4.3) - restriction: || (&& (== net461) (< net45)) (&& (== net461) (>= dnxcore50)) (== netstandard1.6) (== netcoreapp1.1)
      System.Resources.ResourceManager (>= 4.3) - restriction: || (&& (== net461) (< net45)) (&& (== net461) (>= dnxcore50)) (== netstandard1.6) (== netcoreapp1.1)
      System.Runtime (>= 4.3) - restriction: || (&& (== net461) (< net45)) (&& (== net461) (>= dnxcore50)) (== netstandard1.6) (== netcoreapp1.1)
      System.Threading (>= 4.3) - restriction: || (&& (== net461) (< net45)) (&& (== net461) (>= dnxcore50)) (== netstandard1.6) (== netcoreapp1.1)
    System.Reflection (4.3)
      Microsoft.NETCore.Platforms (>= 1.1) - restriction: || (&& (== net461) (< net45)) (&& (== net461) (>= dnxcore50)) (== netstandard1.6) (== netcoreapp1.1)
      Microsoft.NETCore.Targets (>= 1.1) - restriction: || (&& (== net461) (< net45)) (&& (== net461) (>= dnxcore50)) (== netstandard1.6) (== netcoreapp1.1)
      System.IO (>= 4.3) - restriction: || (&& (== net461) (< net45)) (&& (== net461) (>= dnxcore50)) (== netstandard1.6) (== netcoreapp1.1)
      System.Reflection.Primitives (>= 4.3) - restriction: || (&& (== net461) (< net45)) (&& (== net461) (>= dnxcore50)) (== netstandard1.6) (== netcoreapp1.1)
      System.Runtime (>= 4.3) - restriction: || (&& (== net461) (< net45)) (&& (== net461) (>= dnxcore50)) (== netstandard1.6) (== netcoreapp1.1)
    System.Reflection.DispatchProxy (4.4) - restriction: || (&& (== net461) (== netstandard1.6) (>= netcoreapp1.1)) (&& (== net461) (== netcoreapp1.1)) (&& (== net461) (>= netcoreapp1.1)) (&& (== netstandard1.6) (== netcoreapp1.1)) (&& (== netstandard1.6) (>= netcoreapp1.1)) (== netcoreapp1.1)
      NETStandard.Library (>= 1.6.1) - restriction: || (&& (== net461) (< net46)) (&& (== net461) (>= dnxcore50)) (== netstandard1.6) (== netcoreapp1.1)
      System.Reflection.Emit (>= 4.3) - restriction: || (&& (== net461) (< net46)) (== netstandard1.6) (== netcoreapp1.1)
      System.Reflection.Emit.ILGeneration (>= 4.3) - restriction: || (&& (== net461) (< net46)) (== netstandard1.6) (== netcoreapp1.1)
    System.Reflection.Emit (4.3) - restriction: || (&& (== net461) (>= netstandard1.6)) (&& (== net461) (>= netcoreapp1.1)) (== netstandard1.6) (== netcoreapp1.1)
      System.IO (>= 4.3) - restriction: || (&& (== net461) (< net45)) (== netstandard1.6) (== netcoreapp1.1)
      System.Reflection (>= 4.3) - restriction: || (&& (== net461) (< net45)) (== netstandard1.6) (== netcoreapp1.1)
      System.Reflection.Emit.ILGeneration (>= 4.3) - restriction: || (&& (== net461) (< net45)) (== netstandard1.6) (== netcoreapp1.1)
      System.Reflection.Primitives (>= 4.3) - restriction: || (&& (== net461) (< net45)) (== netstandard1.6) (== netcoreapp1.1)
      System.Runtime (>= 4.3) - restriction: || (&& (== net461) (< net45)) (== netstandard1.6) (== netcoreapp1.1)
    System.Reflection.Emit.ILGeneration (4.3) - restriction: || (&& (== net461) (>= netstandard1.6)) (&& (== net461) (>= netcoreapp1.1)) (== netstandard1.6) (== netcoreapp1.1)
      System.Reflection (>= 4.3) - restriction: || (&& (== net461) (< net45)) (== netstandard1.6) (== netcoreapp1.1)
      System.Reflection.Primitives (>= 4.3) - restriction: || (&& (== net461) (< net45)) (== netstandard1.6) (== netcoreapp1.1)
      System.Runtime (>= 4.3) - restriction: || (&& (== net461) (< net45)) (== netstandard1.6) (== netcoreapp1.1)
    System.Reflection.Emit.Lightweight (4.3) - restriction: || (&& (== net461) (>= netstandard1.6)) (&& (== net461) (>= netcoreapp1.1)) (== netstandard1.6) (== netcoreapp1.1)
      System.Reflection (>= 4.3) - restriction: || (&& (== net461) (< net45)) (== netstandard1.6) (== netcoreapp1.1)
      System.Reflection.Emit.ILGeneration (>= 4.3) - restriction: || (&& (== net461) (< net45)) (== netstandard1.6) (== netcoreapp1.1)
      System.Reflection.Primitives (>= 4.3) - restriction: || (&& (== net461) (< net45)) (== netstandard1.6) (== netcoreapp1.1)
      System.Runtime (>= 4.3) - restriction: || (&& (== net461) (< net45)) (== netstandard1.6) (== netcoreapp1.1)
    System.Reflection.Extensions (4.3) - restriction: || (&& (== net461) (>= netstandard1.6)) (&& (== net461) (>= netcoreapp1.1)) (== netstandard1.6) (== netcoreapp1.1)
      Microsoft.NETCore.Platforms (>= 1.1) - restriction: || (&& (== net461) (< net45)) (&& (== net461) (>= dnxcore50)) (== netstandard1.6) (== netcoreapp1.1)
      Microsoft.NETCore.Targets (>= 1.1) - restriction: || (&& (== net461) (< net45)) (&& (== net461) (>= dnxcore50)) (== netstandard1.6) (== netcoreapp1.1)
      System.Reflection (>= 4.3) - restriction: || (&& (== net461) (< net45)) (&& (== net461) (>= dnxcore50)) (== netstandard1.6) (== netcoreapp1.1)
      System.Runtime (>= 4.3) - restriction: || (&& (== net461) (< net45)) (&& (== net461) (>= dnxcore50)) (== netstandard1.6) (== netcoreapp1.1)
    System.Reflection.Metadata (1.5)
      NETStandard.Library (>= 1.6.1)
      System.Collections.Immutable (>= 1.4)
    System.Reflection.Primitives (4.3) - restriction: || (&& (== net461) (< net35)) (&& (== net461) (< net45)) (&& (== net461) (>= dnxcore50)) (&& (== net461) (>= netstandard1.6)) (&& (== net461) (>= netcoreapp1.1)) (== netstandard1.6) (== netcoreapp1.1)
      Microsoft.NETCore.Platforms (>= 1.1) - restriction: || (&& (== net461) (< net45)) (&& (== net461) (>= dnxcore50)) (== netstandard1.6) (== netcoreapp1.1)
      Microsoft.NETCore.Targets (>= 1.1) - restriction: || (&& (== net461) (< net45)) (&& (== net461) (>= dnxcore50)) (== netstandard1.6) (== netcoreapp1.1)
      System.Runtime (>= 4.3) - restriction: || (&& (== net461) (< net45)) (&& (== net461) (>= dnxcore50)) (== netstandard1.6) (== netcoreapp1.1)
    System.Reflection.TypeExtensions (4.4) - restriction: || (&& (== net461) (>= netstandard1.6)) (&& (== net461) (>= netcoreapp1.1)) (== netstandard1.6) (== netcoreapp1.1)
      System.Reflection (>= 4.3) - restriction: || (&& (== net461) (< net46)) (&& (== net461) (>= dnxcore50)) (== netstandard1.6) (== netcoreapp1.1)
      System.Resources.ResourceManager (>= 4.3) - restriction: || (&& (== net461) (< net46)) (&& (== net461) (>= dnxcore50)) (== netstandard1.6) (== netcoreapp1.1)
      System.Runtime (>= 4.3) - restriction: || (&& (== net461) (< net46)) (&& (== net461) (>= dnxcore50)) (== netstandard1.6) (== netcoreapp1.1)
    System.Resources.Reader (4.3) - restriction: || (&& (== net461) (== netstandard1.6) (>= netcoreapp1.1)) (&& (== net461) (== netcoreapp1.1)) (&& (== net461) (>= netcoreapp1.1)) (&& (== netstandard1.6) (== netcoreapp1.1)) (&& (== netstandard1.6) (>= netcoreapp1.1)) (== netcoreapp1.1)
      System.IO (>= 4.3) - restriction: || (&& (== net461) (< net45)) (== netstandard1.6) (== netcoreapp1.1)
      System.Resources.ResourceManager (>= 4.3) - restriction: || (&& (== net461) (< net45)) (== netstandard1.6) (== netcoreapp1.1)
      System.Runtime (>= 4.3) - restriction: || (&& (== net461) (< net45)) (== netstandard1.6) (== netcoreapp1.1)
      System.Text.Encoding (>= 4.3) - restriction: || (&& (== net461) (< net45)) (== netstandard1.6) (== netcoreapp1.1)
      System.Threading (>= 4.3) - restriction: || (&& (== net461) (< net45)) (== netstandard1.6) (== netcoreapp1.1)
    System.Resources.ResourceManager (4.3)
      Microsoft.NETCore.Platforms (>= 1.1) - restriction: || (&& (== net461) (< net45)) (&& (== net461) (>= dnxcore50)) (== netstandard1.6) (== netcoreapp1.1)
      Microsoft.NETCore.Targets (>= 1.1) - restriction: || (&& (== net461) (< net45)) (&& (== net461) (>= dnxcore50)) (== netstandard1.6) (== netcoreapp1.1)
      System.Globalization (>= 4.3) - restriction: || (&& (== net461) (< net45)) (&& (== net461) (>= dnxcore50)) (== netstandard1.6) (== netcoreapp1.1)
      System.Reflection (>= 4.3) - restriction: || (&& (== net461) (< net45)) (&& (== net461) (>= dnxcore50)) (== netstandard1.6) (== netcoreapp1.1)
      System.Runtime (>= 4.3) - restriction: || (&& (== net461) (< net45)) (&& (== net461) (>= dnxcore50)) (== netstandard1.6) (== netcoreapp1.1)
    System.Runtime (4.3)
      Microsoft.NETCore.Platforms (>= 1.1) - restriction: || (&& (== net461) (< net45)) (&& (== net461) (>= dnxcore50)) (== netstandard1.6) (== netcoreapp1.1)
      Microsoft.NETCore.Targets (>= 1.1) - restriction: || (&& (== net461) (< net45)) (&& (== net461) (>= dnxcore50)) (== netstandard1.6) (== netcoreapp1.1)
    System.Runtime.Extensions (4.3)
      Microsoft.NETCore.Platforms (>= 1.1) - restriction: || (&& (== net461) (< net45)) (&& (== net461) (>= dnxcore50)) (== netstandard1.6) (== netcoreapp1.1)
      Microsoft.NETCore.Targets (>= 1.1) - restriction: || (&& (== net461) (< net45)) (&& (== net461) (>= dnxcore50)) (== netstandard1.6) (== netcoreapp1.1)
      System.Runtime (>= 4.3) - restriction: || (&& (== net461) (< net45)) (&& (== net461) (>= dnxcore50)) (== netstandard1.6) (== netcoreapp1.1)
    System.Runtime.Handles (4.3) - restriction: || (&& (== net461) (< net35)) (&& (== net461) (< net45)) (&& (== net461) (< net46)) (&& (== net461) (>= dnxcore50)) (&& (== net461) (>= netstandard1.6)) (&& (== net461) (>= netcoreapp1.1)) (== netstandard1.6) (== netcoreapp1.1)
      Microsoft.NETCore.Platforms (>= 1.1) - restriction: || (&& (== net461) (< net46)) (== netstandard1.6) (== netcoreapp1.1)
      Microsoft.NETCore.Targets (>= 1.1) - restriction: || (&& (== net461) (< net46)) (== netstandard1.6) (== netcoreapp1.1)
      System.Runtime (>= 4.3) - restriction: || (&& (== net461) (< net46)) (== netstandard1.6) (== netcoreapp1.1)
    System.Runtime.InteropServices (4.3)
      Microsoft.NETCore.Platforms (>= 1.1) - restriction: || (&& (== net461) (< net45)) (&& (== net461) (>= dnxcore50)) (&& (== net461) (>= netcoreapp1.1)) (== netstandard1.6) (== netcoreapp1.1)
      Microsoft.NETCore.Targets (>= 1.1) - restriction: || (&& (== net461) (< net45)) (&& (== net461) (>= dnxcore50)) (&& (== net461) (>= netcoreapp1.1)) (== netstandard1.6) (== netcoreapp1.1)
      System.Reflection (>= 4.3) - restriction: || (&& (== net461) (< net45)) (&& (== net461) (>= dnxcore50)) (&& (== net461) (>= netcoreapp1.1)) (== netstandard1.6) (== netcoreapp1.1)
      System.Reflection.Primitives (>= 4.3) - restriction: || (&& (== net461) (< net45)) (&& (== net461) (>= dnxcore50)) (&& (== net461) (>= netcoreapp1.1)) (== netstandard1.6) (== netcoreapp1.1)
      System.Runtime (>= 4.3) - restriction: || (&& (== net461) (< net45)) (&& (== net461) (>= net462)) (&& (== net461) (>= dnxcore50)) (&& (== net461) (>= netcoreapp1.1)) (== netstandard1.6) (== netcoreapp1.1)
      System.Runtime.Handles (>= 4.3) - restriction: || (&& (== net461) (< net45)) (&& (== net461) (>= dnxcore50)) (&& (== net461) (>= netcoreapp1.1)) (== netstandard1.6) (== netcoreapp1.1)
    System.Runtime.InteropServices.RuntimeInformation (4.3) - restriction: || (&& (== net461) (< net45)) (&& (== net461) (< net451)) (&& (== net461) (>= netstandard1.6)) (== netstandard1.6) (== netcoreapp1.1)
      runtime.native.System (>= 4.3) - restriction: || (&& (== net461) (< net45)) (== netstandard1.6) (== netcoreapp1.1)
      System.Reflection (>= 4.3) - restriction: || (&& (== net461) (< net45)) (&& (== net461) (>= dnxcore50)) (== netstandard1.6) (== netcoreapp1.1)
      System.Reflection.Extensions (>= 4.3) - restriction: || (&& (== net461) (< net45)) (&& (== net461) (>= dnxcore50)) (== netstandard1.6) (== netcoreapp1.1)
      System.Resources.ResourceManager (>= 4.3) - restriction: || (&& (== net461) (< net45)) (&& (== net461) (>= dnxcore50)) (== netstandard1.6) (== netcoreapp1.1)
      System.Runtime (>= 4.3) - restriction: || (&& (== net461) (< net45)) (&& (== net461) (>= dnxcore50)) (== netstandard1.6) (== netcoreapp1.1)
      System.Runtime.InteropServices (>= 4.3) - restriction: || (&& (== net461) (< net45)) (== netstandard1.6) (== netcoreapp1.1)
      System.Threading (>= 4.3) - restriction: || (&& (== net461) (< net45)) (&& (== net461) (>= dnxcore50)) (== netstandard1.6) (== netcoreapp1.1)
    System.Runtime.Loader (4.3) - restriction: || (&& (== net461) (== netstandard1.6) (>= netcoreapp1.1)) (&& (== net461) (== netcoreapp1.1)) (&& (== net461) (>= netcoreapp1.1)) (&& (== netstandard1.6) (== netcoreapp1.1)) (&& (== netstandard1.6) (>= netcoreapp1.1)) (== netcoreapp1.1)
      System.IO (>= 4.3) - restriction: || (&& (== net461) (>= netstandard1.5)) (== netstandard1.6) (== netcoreapp1.1)
      System.Reflection (>= 4.3) - restriction: || (&& (== net461) (>= netstandard1.5)) (== netstandard1.6) (== netcoreapp1.1)
      System.Runtime (>= 4.3) - restriction: || (&& (== net461) (>= netstandard1.5)) (== netstandard1.6) (== netcoreapp1.1)
    System.Runtime.Numerics (4.3)
      System.Globalization (>= 4.3) - restriction: || (&& (== net461) (< net45)) (&& (== net461) (>= dnxcore50)) (== netstandard1.6) (== netcoreapp1.1)
      System.Resources.ResourceManager (>= 4.3) - restriction: || (&& (== net461) (< net45)) (&& (== net461) (>= dnxcore50)) (== netstandard1.6) (== netcoreapp1.1)
      System.Runtime (>= 4.3) - restriction: || (&& (== net461) (< net45)) (&& (== net461) (>= dnxcore50)) (== netstandard1.6) (== netcoreapp1.1)
      System.Runtime.Extensions (>= 4.3) - restriction: || (&& (== net461) (< net45)) (&& (== net461) (>= dnxcore50)) (== netstandard1.6) (== netcoreapp1.1)
    System.Runtime.Serialization.Primitives (4.3) - restriction: || (&& (== net461) (== netstandard1.6) (>= netcoreapp1.1)) (&& (== net461) (== netcoreapp1.1)) (&& (== net461) (>= netcoreapp1.1)) (&& (== netstandard1.6) (== netcoreapp1.1)) (&& (== netstandard1.6) (>= netcoreapp1.1)) (== netcoreapp1.1)
      System.Resources.ResourceManager (>= 4.3) - restriction: || (&& (== net461) (< net45)) (&& (== net461) (>= dnxcore50)) (== netstandard1.6) (== netcoreapp1.1)
      System.Runtime (>= 4.3) - restriction: || (&& (== net461) (< net45)) (&& (== net461) (>= dnxcore50)) (== netstandard1.6) (== netcoreapp1.1)
    System.Security.AccessControl (4.4) - restriction: || (== net461) (&& (== net461) (== netstandard1.6)) (&& (== net461) (== netcoreapp1.1)) (&& (== netstandard1.6) (== netcoreapp1.1) (>= net461)) (&& (== netstandard1.6) (== netcoreapp1.1) (< netstandard1.3) (>= monoandroid)) (&& (== netstandard1.6) (== netcoreapp1.1) (>= netstandard2.0)) (&& (== netstandard1.6) (== netcoreapp1.1) (>= monotouch)) (&& (== netstandard1.6) (== netcoreapp1.1) (>= xamarintvos)) (&& (== netstandard1.6) (== netcoreapp1.1) (>= xamarinwatchos)) (&& (== netstandard1.6) (== netcoreapp1.1) (>= xamarinios)) (&& (== netstandard1.6) (== netcoreapp1.1) (>= xamarinmac)) (&& (== netstandard1.6) (>= net46) (< netstandard1.3) (>= monoandroid)) (&& (== netstandard1.6) (>= net46) (>= netstandard2.0)) (&& (== netstandard1.6) (>= net46) (>= monotouch)) (&& (== netstandard1.6) (>= net46) (>= xamarintvos)) (&& (== netstandard1.6) (>= net46) (>= xamarinwatchos)) (&& (== netstandard1.6) (>= net46) (>= xamarinios)) (&& (== netstandard1.6) (>= net46) (>= xamarinmac)) (&& (== netstandard1.6) (>= net461)) (&& (== netstandard1.6) (< netstandard1.3) (>= netcoreapp1.1) (>= monoandroid)) (&& (== netstandard1.6) (>= netstandard2.0) (>= netcoreapp1.1)) (&& (== netstandard1.6) (>= netcoreapp1.1) (>= monotouch)) (&& (== netstandard1.6) (>= netcoreapp1.1) (>= xamarintvos)) (&& (== netstandard1.6) (>= netcoreapp1.1) (>= xamarinwatchos)) (&& (== netstandard1.6) (>= netcoreapp1.1) (>= xamarinios)) (&& (== netstandard1.6) (>= netcoreapp1.1) (>= xamarinmac)) (&& (== netcoreapp1.1) (>= net461)) (&& (== netcoreapp1.1) (< netstandard1.3) (>= monoandroid)) (&& (== netcoreapp1.1) (>= netstandard2.0)) (&& (== netcoreapp1.1) (>= monotouch)) (&& (== netcoreapp1.1) (>= xamarintvos)) (&& (== netcoreapp1.1) (>= xamarinwatchos)) (&& (== netcoreapp1.1) (>= xamarinios)) (&& (== netcoreapp1.1) (>= xamarinmac))
      System.Security.Principal.Windows (>= 4.4)
    System.Security.Claims (4.3) - restriction: || (&& (== net461) (== netstandard1.6) (>= netcoreapp1.1)) (&& (== net461) (== netcoreapp1.1)) (&& (== net461) (>= netcoreapp1.1)) (&& (== netstandard1.6) (== netcoreapp1.1)) (&& (== netstandard1.6) (>= netcoreapp1.1)) (== netcoreapp1.1)
      System.Collections (>= 4.3) - restriction: || (&& (== net461) (< net46)) (== netstandard1.6) (== netcoreapp1.1)
      System.Globalization (>= 4.3) - restriction: || (&& (== net461) (< net46)) (== netstandard1.6) (== netcoreapp1.1)
      System.IO (>= 4.3) - restriction: || (&& (== net461) (< net46)) (== netstandard1.6) (== netcoreapp1.1)
      System.Resources.ResourceManager (>= 4.3) - restriction: || (&& (== net461) (< net46)) (== netstandard1.6) (== netcoreapp1.1)
      System.Runtime (>= 4.3) - restriction: || (&& (== net461) (< net46)) (== netstandard1.6) (== netcoreapp1.1)
      System.Runtime.Extensions (>= 4.3) - restriction: || (&& (== net461) (< net46)) (== netstandard1.6) (== netcoreapp1.1)
      System.Security.Principal (>= 4.3) - restriction: || (&& (== net461) (< net46)) (== netstandard1.6) (== netcoreapp1.1)
    System.Security.Cryptography.Algorithms (4.3)
      Microsoft.NETCore.Platforms (>= 1.1) - restriction: || (&& (== net461) (>= dnxcore50)) (&& (== net461) (>= netstandard1.6)) (== netstandard1.6) (== netcoreapp1.1)
      runtime.native.System.Security.Cryptography.Apple (>= 4.3) - restriction: || (&& (== net461) (>= netstandard1.6)) (== netstandard1.6) (== netcoreapp1.1)
      runtime.native.System.Security.Cryptography.OpenSsl (>= 4.3) - restriction: || (&& (== net461) (>= netstandard1.6)) (== netstandard1.6) (== netcoreapp1.1)
      System.Collections (>= 4.3) - restriction: || (&& (== net461) (>= netstandard1.6)) (== netstandard1.6) (== netcoreapp1.1)
      System.IO (>= 4.3) - restriction: || (&& (== net461) (< net46)) (&& (== net461) (>= net463)) (&& (== net461) (>= dnxcore50)) (&& (== net461) (>= netstandard1.6)) (== netstandard1.6) (== netcoreapp1.1)
      System.Resources.ResourceManager (>= 4.3) - restriction: || (&& (== net461) (>= dnxcore50)) (&& (== net461) (>= netstandard1.6)) (== netstandard1.6) (== netcoreapp1.1)
      System.Runtime (>= 4.3) - restriction: || (&& (== net461) (< net46)) (&& (== net461) (>= net463)) (&& (== net461) (>= dnxcore50)) (&& (== net461) (>= netstandard1.6)) (== netstandard1.6) (== netcoreapp1.1)
      System.Runtime.Extensions (>= 4.3) - restriction: || (&& (== net461) (>= dnxcore50)) (&& (== net461) (>= netstandard1.6)) (== netstandard1.6) (== netcoreapp1.1)
      System.Runtime.Handles (>= 4.3) - restriction: || (&& (== net461) (>= dnxcore50)) (&& (== net461) (>= netstandard1.6)) (== netstandard1.6) (== netcoreapp1.1)
      System.Runtime.InteropServices (>= 4.3) - restriction: || (&& (== net461) (>= dnxcore50)) (&& (== net461) (>= netstandard1.6)) (== netstandard1.6) (== netcoreapp1.1)
      System.Runtime.Numerics (>= 4.3) - restriction: || (&& (== net461) (>= netstandard1.6)) (== netstandard1.6) (== netcoreapp1.1)
      System.Security.Cryptography.Encoding (>= 4.3) - restriction: || (&& (== net461) (>= net463)) (&& (== net461) (>= dnxcore50)) (&& (== net461) (>= netstandard1.6)) (== netstandard1.6) (== netcoreapp1.1)
      System.Security.Cryptography.Primitives (>= 4.3)
      System.Text.Encoding (>= 4.3) - restriction: || (&& (== net461) (>= dnxcore50)) (&& (== net461) (>= netstandard1.6)) (== netstandard1.6) (== netcoreapp1.1)
    System.Security.Cryptography.Cng (4.4) - restriction: || (&& (== net461) (>= netstandard1.6)) (&& (== net461) (>= netcoreapp1.1)) (== netstandard1.6) (== netcoreapp1.1)
      System.IO (>= 4.3) - restriction: || (&& (== net461) (< net46)) (&& (== net461) (>= netstandard1.6)) (== netstandard1.6) (== netcoreapp1.1)
      System.Resources.ResourceManager (>= 4.3) - restriction: || (&& (== net461) (< net46)) (&& (== net461) (>= netstandard1.6)) (== netstandard1.6) (== netcoreapp1.1)
      System.Runtime (>= 4.3) - restriction: || (&& (== net461) (< net46)) (&& (== net461) (>= netstandard1.6)) (== netstandard1.6) (== netcoreapp1.1)
      System.Runtime.Extensions (>= 4.3) - restriction: || (&& (== net461) (< net46)) (&& (== net461) (>= netstandard1.6)) (== netstandard1.6) (== netcoreapp1.1)
      System.Runtime.Handles (>= 4.3) - restriction: || (&& (== net461) (< net46)) (&& (== net461) (>= netstandard1.6)) (== netstandard1.6) (== netcoreapp1.1)
      System.Runtime.InteropServices (>= 4.3) - restriction: || (&& (== net461) (< net46)) (&& (== net461) (>= netstandard1.6)) (== netstandard1.6) (== netcoreapp1.1)
      System.Security.Cryptography.Algorithms (>= 4.3) - restriction: || (&& (== net461) (< net46)) (&& (== net461) (< netstandard1.4)) (&& (== net461) (>= netstandard1.6)) (== netstandard1.6) (== netcoreapp1.1)
      System.Security.Cryptography.Encoding (>= 4.3) - restriction: || (&& (== net461) (< net46)) (&& (== net461) (>= netstandard1.6)) (== netstandard1.6) (== netcoreapp1.1)
      System.Security.Cryptography.Primitives (>= 4.3) - restriction: || (&& (== net461) (< net46)) (&& (== net461) (< netstandard1.4)) (&& (== net461) (>= netstandard1.6)) (== netstandard1.6) (== netcoreapp1.1)
      System.Text.Encoding (>= 4.3) - restriction: || (&& (== net461) (< net46)) (&& (== net461) (>= netstandard1.6)) (== netstandard1.6) (== netcoreapp1.1)
    System.Security.Cryptography.Csp (4.3) - restriction: || (&& (== net461) (< net35)) (&& (== net461) (>= netstandard1.6)) (&& (== net461) (>= netcoreapp1.1)) (== netstandard1.6) (== netcoreapp1.1)
      Microsoft.NETCore.Platforms (>= 1.1) - restriction: || (&& (== net461) (< net46)) (== netstandard1.6) (== netcoreapp1.1)
      System.IO (>= 4.3) - restriction: || (&& (== net461) (< net46)) (== netstandard1.6) (== netcoreapp1.1)
      System.Reflection (>= 4.3) - restriction: || (&& (== net461) (< net46)) (== netstandard1.6) (== netcoreapp1.1)
      System.Resources.ResourceManager (>= 4.3) - restriction: || (&& (== net461) (< net46)) (== netstandard1.6) (== netcoreapp1.1)
      System.Runtime (>= 4.3) - restriction: || (&& (== net461) (< net46)) (== netstandard1.6) (== netcoreapp1.1)
      System.Runtime.Extensions (>= 4.3) - restriction: || (&& (== net461) (< net46)) (== netstandard1.6) (== netcoreapp1.1)
      System.Runtime.Handles (>= 4.3) - restriction: || (&& (== net461) (< net46)) (== netstandard1.6) (== netcoreapp1.1)
      System.Runtime.InteropServices (>= 4.3) - restriction: || (&& (== net461) (< net46)) (== netstandard1.6) (== netcoreapp1.1)
      System.Security.Cryptography.Algorithms (>= 4.3)
      System.Security.Cryptography.Encoding (>= 4.3) - restriction: || (&& (== net461) (< net46)) (== netstandard1.6) (== netcoreapp1.1)
      System.Security.Cryptography.Primitives (>= 4.3)
      System.Text.Encoding (>= 4.3) - restriction: || (&& (== net461) (< net46)) (== netstandard1.6) (== netcoreapp1.1)
      System.Threading (>= 4.3) - restriction: || (&& (== net461) (< net46)) (== netstandard1.6) (== netcoreapp1.1)
    System.Security.Cryptography.Encoding (4.3)
      Microsoft.NETCore.Platforms (>= 1.1) - restriction: || (&& (== net461) (< net46)) (== netstandard1.6) (== netcoreapp1.1)
      runtime.native.System.Security.Cryptography.OpenSsl (>= 4.3) - restriction: || (&& (== net461) (< net46)) (== netstandard1.6) (== netcoreapp1.1)
      System.Collections (>= 4.3) - restriction: || (&& (== net461) (< net46)) (== netstandard1.6) (== netcoreapp1.1)
      System.Collections.Concurrent (>= 4.3) - restriction: || (&& (== net461) (< net46)) (== netstandard1.6) (== netcoreapp1.1)
      System.Linq (>= 4.3) - restriction: || (&& (== net461) (< net46)) (== netstandard1.6) (== netcoreapp1.1)
      System.Resources.ResourceManager (>= 4.3) - restriction: || (&& (== net461) (< net46)) (== netstandard1.6) (== netcoreapp1.1)
      System.Runtime (>= 4.3) - restriction: || (&& (== net461) (< net46)) (== netstandard1.6) (== netcoreapp1.1)
      System.Runtime.Extensions (>= 4.3) - restriction: || (&& (== net461) (< net46)) (== netstandard1.6) (== netcoreapp1.1)
      System.Runtime.Handles (>= 4.3) - restriction: || (&& (== net461) (< net46)) (== netstandard1.6) (== netcoreapp1.1)
      System.Runtime.InteropServices (>= 4.3) - restriction: || (&& (== net461) (< net46)) (== netstandard1.6) (== netcoreapp1.1)
      System.Security.Cryptography.Primitives (>= 4.3) - restriction: || (&& (== net461) (< net46)) (== netstandard1.6) (== netcoreapp1.1)
      System.Text.Encoding (>= 4.3) - restriction: || (&& (== net461) (< net46)) (== netstandard1.6) (== netcoreapp1.1)
    System.Security.Cryptography.OpenSsl (4.4) - restriction: || (&& (== net461) (>= netstandard1.6)) (&& (== net461) (>= netcoreapp1.1)) (== netstandard1.6) (== netcoreapp1.1)
      System.Collections (>= 4.3) - restriction: || (&& (== net461) (>= netstandard1.6)) (== netstandard1.6) (== netcoreapp1.1)
      System.IO (>= 4.3) - restriction: || (&& (== net461) (>= netstandard1.6)) (== netstandard1.6) (== netcoreapp1.1)
      System.Resources.ResourceManager (>= 4.3) - restriction: || (&& (== net461) (>= netstandard1.6)) (== netstandard1.6) (== netcoreapp1.1)
      System.Runtime (>= 4.3) - restriction: || (&& (== net461) (>= netstandard1.6)) (== netstandard1.6) (== netcoreapp1.1)
      System.Runtime.Extensions (>= 4.3) - restriction: || (&& (== net461) (>= netstandard1.6)) (== netstandard1.6) (== netcoreapp1.1)
      System.Runtime.Handles (>= 4.3) - restriction: || (&& (== net461) (>= netstandard1.6)) (== netstandard1.6) (== netcoreapp1.1)
      System.Runtime.InteropServices (>= 4.3) - restriction: || (&& (== net461) (>= netstandard1.6)) (== netstandard1.6) (== netcoreapp1.1)
      System.Runtime.Numerics (>= 4.3) - restriction: || (&& (== net461) (>= netstandard1.6)) (== netstandard1.6) (== netcoreapp1.1)
      System.Security.Cryptography.Algorithms (>= 4.3) - restriction: || (&& (== net461) (>= netstandard1.6)) (== netstandard1.6) (== netcoreapp1.1)
      System.Security.Cryptography.Encoding (>= 4.3) - restriction: || (&& (== net461) (>= netstandard1.6)) (== netstandard1.6) (== netcoreapp1.1)
      System.Security.Cryptography.Primitives (>= 4.3) - restriction: || (&& (== net461) (>= netstandard1.6)) (== netstandard1.6) (== netcoreapp1.1)
      System.Text.Encoding (>= 4.3) - restriction: || (&& (== net461) (>= netstandard1.6)) (== netstandard1.6) (== netcoreapp1.1)
    System.Security.Cryptography.Primitives (4.3)
      System.Diagnostics.Debug (>= 4.3) - restriction: || (&& (== net461) (< net46)) (== netstandard1.6) (== netcoreapp1.1)
      System.Globalization (>= 4.3) - restriction: || (&& (== net461) (< net46)) (== netstandard1.6) (== netcoreapp1.1)
      System.IO (>= 4.3) - restriction: || (&& (== net461) (< net46)) (== netstandard1.6) (== netcoreapp1.1)
      System.Resources.ResourceManager (>= 4.3) - restriction: || (&& (== net461) (< net46)) (== netstandard1.6) (== netcoreapp1.1)
      System.Runtime (>= 4.3) - restriction: || (&& (== net461) (< net46)) (== netstandard1.6) (== netcoreapp1.1)
      System.Threading (>= 4.3) - restriction: || (&& (== net461) (< net46)) (== netstandard1.6) (== netcoreapp1.1)
      System.Threading.Tasks (>= 4.3) - restriction: || (&& (== net461) (< net46)) (== netstandard1.6) (== netcoreapp1.1)
    System.Security.Cryptography.X509Certificates (4.3)
      Microsoft.NETCore.Platforms (>= 1.1) - restriction: || (&& (== net461) (>= dnxcore50)) (&& (== net461) (>= netstandard1.6)) (== netstandard1.6) (== netcoreapp1.1)
      runtime.native.System (>= 4.3) - restriction: || (&& (== net461) (>= netstandard1.6)) (== netstandard1.6) (== netcoreapp1.1)
      runtime.native.System.Net.Http (>= 4.3) - restriction: || (&& (== net461) (>= netstandard1.6)) (== netstandard1.6) (== netcoreapp1.1)
      runtime.native.System.Security.Cryptography.OpenSsl (>= 4.3) - restriction: || (&& (== net461) (>= netstandard1.6)) (== netstandard1.6) (== netcoreapp1.1)
      System.Collections (>= 4.3) - restriction: || (&& (== net461) (>= dnxcore50)) (&& (== net461) (>= netstandard1.6)) (== netstandard1.6) (== netcoreapp1.1)
      System.Diagnostics.Debug (>= 4.3) - restriction: || (&& (== net461) (>= netstandard1.6)) (== netstandard1.6) (== netcoreapp1.1)
      System.Globalization (>= 4.3) - restriction: || (&& (== net461) (>= dnxcore50)) (&& (== net461) (>= netstandard1.6)) (== netstandard1.6) (== netcoreapp1.1)
      System.Globalization.Calendars (>= 4.3) - restriction: || (&& (== net461) (>= dnxcore50)) (&& (== net461) (>= netstandard1.6)) (== netstandard1.6) (== netcoreapp1.1)
      System.IO (>= 4.3) - restriction: || (&& (== net461) (>= dnxcore50)) (&& (== net461) (>= netstandard1.6)) (== netstandard1.6) (== netcoreapp1.1)
      System.IO.FileSystem (>= 4.3) - restriction: || (&& (== net461) (>= dnxcore50)) (&& (== net461) (>= netstandard1.6)) (== netstandard1.6) (== netcoreapp1.1)
      System.IO.FileSystem.Primitives (>= 4.3) - restriction: || (&& (== net461) (>= netstandard1.6)) (== netstandard1.6) (== netcoreapp1.1)
      System.Resources.ResourceManager (>= 4.3) - restriction: || (&& (== net461) (>= dnxcore50)) (&& (== net461) (>= netstandard1.6)) (== netstandard1.6) (== netcoreapp1.1)
      System.Runtime (>= 4.3) - restriction: || (&& (== net461) (< net46)) (&& (== net461) (>= dnxcore50)) (&& (== net461) (>= netstandard1.6)) (== netstandard1.6) (== netcoreapp1.1)
      System.Runtime.Extensions (>= 4.3) - restriction: || (&& (== net461) (>= dnxcore50)) (&& (== net461) (>= netstandard1.6)) (== netstandard1.6) (== netcoreapp1.1)
      System.Runtime.Handles (>= 4.3) - restriction: || (&& (== net461) (< net46)) (&& (== net461) (>= dnxcore50)) (&& (== net461) (>= netstandard1.6)) (== netstandard1.6) (== netcoreapp1.1)
      System.Runtime.InteropServices (>= 4.3) - restriction: || (&& (== net461) (>= dnxcore50)) (&& (== net461) (>= netstandard1.6)) (== netstandard1.6) (== netcoreapp1.1)
      System.Runtime.Numerics (>= 4.3) - restriction: || (&& (== net461) (>= dnxcore50)) (&& (== net461) (>= netstandard1.6)) (== netstandard1.6) (== netcoreapp1.1)
      System.Security.Cryptography.Algorithms (>= 4.3)
      System.Security.Cryptography.Cng (>= 4.3) - restriction: || (&& (== net461) (>= dnxcore50)) (&& (== net461) (>= netstandard1.6)) (== netstandard1.6) (== netcoreapp1.1)
      System.Security.Cryptography.Csp (>= 4.3) - restriction: || (&& (== net461) (>= netstandard1.6)) (== netstandard1.6) (== netcoreapp1.1)
      System.Security.Cryptography.Encoding (>= 4.3)
      System.Security.Cryptography.OpenSsl (>= 4.3) - restriction: || (&& (== net461) (>= netstandard1.6)) (== netstandard1.6) (== netcoreapp1.1)
      System.Security.Cryptography.Primitives (>= 4.3) - restriction: || (&& (== net461) (>= dnxcore50)) (&& (== net461) (>= netstandard1.6)) (== netstandard1.6) (== netcoreapp1.1)
      System.Text.Encoding (>= 4.3) - restriction: || (&& (== net461) (>= dnxcore50)) (&& (== net461) (>= netstandard1.6)) (== netstandard1.6) (== netcoreapp1.1)
      System.Threading (>= 4.3) - restriction: || (&& (== net461) (>= dnxcore50)) (&& (== net461) (>= netstandard1.6)) (== netstandard1.6) (== netcoreapp1.1)
    System.Security.Principal (4.3) - restriction: || (&& (== net461) (>= netcoreapp1.1)) (&& (== netstandard1.6) (>= netcoreapp1.1)) (== netcoreapp1.1)
      System.Runtime (>= 4.3) - restriction: || (&& (== net461) (< net45)) (&& (== net461) (>= dnxcore50)) (== netstandard1.6) (== netcoreapp1.1)
    System.Security.Principal.Windows (4.4) - restriction: || (== net461) (&& (== netstandard1.6) (>= net46) (< netstandard1.3) (>= monoandroid)) (&& (== netstandard1.6) (>= net46) (>= netstandard2.0)) (&& (== netstandard1.6) (>= net46) (>= monotouch)) (&& (== netstandard1.6) (>= net46) (>= xamarintvos)) (&& (== netstandard1.6) (>= net46) (>= xamarinwatchos)) (&& (== netstandard1.6) (>= net46) (>= xamarinios)) (&& (== netstandard1.6) (>= net46) (>= xamarinmac)) (&& (== netstandard1.6) (>= net461)) (&& (== netstandard1.6) (>= netcoreapp1.1)) (== netcoreapp1.1)
    System.Text.Encoding (4.3)
      Microsoft.NETCore.Platforms (>= 1.1) - restriction: || (&& (== net461) (< net45)) (&& (== net461) (>= dnxcore50)) (== netstandard1.6) (== netcoreapp1.1)
      Microsoft.NETCore.Targets (>= 1.1) - restriction: || (&& (== net461) (< net45)) (&& (== net461) (>= dnxcore50)) (== netstandard1.6) (== netcoreapp1.1)
      System.Runtime (>= 4.3) - restriction: || (&& (== net461) (< net45)) (&& (== net461) (>= dnxcore50)) (== netstandard1.6) (== netcoreapp1.1)
    System.Text.Encoding.CodePages (4.4) - restriction: || (== net461) (&& (== netstandard1.6) (>= net46)) (&& (== netstandard1.6) (>= netcoreapp1.1)) (== netcoreapp1.1)
    System.Text.Encoding.Extensions (4.3)
      Microsoft.NETCore.Platforms (>= 1.1) - restriction: || (&& (== net461) (< net45)) (&& (== net461) (>= dnxcore50)) (== netstandard1.6) (== netcoreapp1.1)
      Microsoft.NETCore.Targets (>= 1.1) - restriction: || (&& (== net461) (< net45)) (&& (== net461) (>= dnxcore50)) (== netstandard1.6) (== netcoreapp1.1)
      System.Runtime (>= 4.3) - restriction: || (&& (== net461) (< net45)) (&& (== net461) (>= dnxcore50)) (== netstandard1.6) (== netcoreapp1.1)
      System.Text.Encoding (>= 4.3) - restriction: || (&& (== net461) (< net45)) (&& (== net461) (>= dnxcore50)) (== netstandard1.6) (== netcoreapp1.1)
    System.Text.RegularExpressions (4.3) - restriction: || (&& (== net461) (>= netstandard1.6)) (== netstandard1.6) (== netcoreapp1.1)
      System.Collections (>= 4.3) - restriction: || (&& (== net461) (>= dnxcore50)) (&& (== net461) (>= netstandard1.6)) (== netstandard1.6) (&& (== netcoreapp1.1) (>= dnxcore50))
      System.Globalization (>= 4.3) - restriction: || (&& (== net461) (>= dnxcore50)) (&& (== net461) (>= netstandard1.6)) (== netstandard1.6) (&& (== netcoreapp1.1) (>= dnxcore50))
      System.Resources.ResourceManager (>= 4.3) - restriction: || (&& (== net461) (>= dnxcore50)) (&& (== net461) (>= netstandard1.6)) (== netstandard1.6) (&& (== netcoreapp1.1) (>= dnxcore50))
      System.Runtime (>= 4.3) - restriction: || (&& (== net461) (< net45)) (&& (== net461) (>= dnxcore50)) (&& (== net461) (>= netstandard1.6)) (&& (== net461) (>= netcoreapp1.1)) (== netstandard1.6) (== netcoreapp1.1)
      System.Runtime.Extensions (>= 4.3) - restriction: || (&& (== net461) (>= dnxcore50)) (&& (== net461) (>= netstandard1.6)) (== netstandard1.6) (&& (== netcoreapp1.1) (>= dnxcore50))
      System.Threading (>= 4.3) - restriction: || (&& (== net461) (>= dnxcore50)) (&& (== net461) (>= netstandard1.6)) (== netstandard1.6) (&& (== netcoreapp1.1) (>= dnxcore50))
    System.Threading (4.3)
      System.Runtime (>= 4.3) - restriction: || (&& (== net461) (< net45)) (&& (== net461) (>= dnxcore50)) (== netstandard1.6) (== netcoreapp1.1)
      System.Threading.Tasks (>= 4.3) - restriction: || (&& (== net461) (< net45)) (&& (== net461) (>= dnxcore50)) (== netstandard1.6) (== netcoreapp1.1)
    System.Threading.Overlapped (4.3) - restriction: || (&& (== net461) (== netstandard1.6) (>= netcoreapp1.1)) (&& (== net461) (== netcoreapp1.1)) (&& (== net461) (>= netcoreapp1.1)) (&& (== netstandard1.6) (== netcoreapp1.1)) (&& (== netstandard1.6) (>= netcoreapp1.1)) (== netcoreapp1.1)
      Microsoft.NETCore.Platforms (>= 1.1) - restriction: || (&& (== net461) (< net46)) (&& (== net461) (>= dnxcore50)) (== netstandard1.6) (== netcoreapp1.1)
      System.Resources.ResourceManager (>= 4.3) - restriction: || (&& (== net461) (< net46)) (&& (== net461) (>= dnxcore50)) (== netstandard1.6) (== netcoreapp1.1)
      System.Runtime (>= 4.3) - restriction: || (&& (== net461) (< net46)) (&& (== net461) (>= dnxcore50)) (== netstandard1.6) (== netcoreapp1.1)
      System.Runtime.Handles (>= 4.3) - restriction: || (&& (== net461) (< net46)) (&& (== net461) (>= dnxcore50)) (== netstandard1.6) (== netcoreapp1.1)
    System.Threading.Tasks (4.3)
    System.Threading.Tasks.Dataflow (4.8) - restriction: || (&& (== net461) (== netstandard1.6) (>= netcoreapp1.1)) (&& (== net461) (== netcoreapp1.1)) (&& (== net461) (>= netcoreapp1.1)) (&& (== netstandard1.6) (== netcoreapp1.1)) (&& (== netstandard1.6) (>= netcoreapp1.1)) (== netcoreapp1.1)
      NETStandard.Library (>= 1.6.1)
      System.Dynamic.Runtime (>= 4.3)
    System.Threading.Tasks.Extensions (4.4)
      System.Collections (>= 4.3)
      System.Runtime (>= 4.3)
      System.Threading.Tasks (>= 4.3)
    System.Threading.Tasks.Parallel (4.3)
      System.Collections.Concurrent (>= 4.3) - restriction: || (&& (== net461) (< net45)) (&& (== net461) (>= dnxcore50)) (== netstandard1.6) (== netcoreapp1.1)
      System.Diagnostics.Debug (>= 4.3) - restriction: || (&& (== net461) (< net45)) (&& (== net461) (>= dnxcore50)) (== netstandard1.6) (== netcoreapp1.1)
      System.Diagnostics.Tracing (>= 4.3) - restriction: || (&& (== net461) (< net45)) (&& (== net461) (>= dnxcore50)) (== netstandard1.6) (== netcoreapp1.1)
      System.Resources.ResourceManager (>= 4.3) - restriction: || (&& (== net461) (< net45)) (&& (== net461) (>= dnxcore50)) (== netstandard1.6) (== netcoreapp1.1)
      System.Runtime (>= 4.3) - restriction: || (&& (== net461) (< net45)) (&& (== net461) (>= dnxcore50)) (== netstandard1.6) (== netcoreapp1.1)
      System.Runtime.Extensions (>= 4.3) - restriction: || (&& (== net461) (< net45)) (&& (== net461) (>= dnxcore50)) (== netstandard1.6) (== netcoreapp1.1)
      System.Threading (>= 4.3) - restriction: || (&& (== net461) (< net45)) (&& (== net461) (>= dnxcore50)) (== netstandard1.6) (== netcoreapp1.1)
      System.Threading.Tasks (>= 4.3) - restriction: || (&& (== net461) (< net45)) (&& (== net461) (>= dnxcore50)) (== netstandard1.6) (== netcoreapp1.1)
    System.Threading.Thread (4.3)
      System.Runtime (>= 4.3) - restriction: || (&& (== net461) (< net46)) (== netstandard1.6) (== netcoreapp1.1)
    System.Threading.ThreadPool (4.3) - restriction: || (&& (== net461) (>= netstandard1.6)) (&& (== net461) (>= netcoreapp1.1)) (== netstandard1.6) (== netcoreapp1.1)
      System.Runtime (>= 4.3) - restriction: || (&& (== net461) (< net46)) (== netstandard1.6) (== netcoreapp1.1)
      System.Runtime.Handles (>= 4.3) - restriction: || (&& (== net461) (< net46)) (== netstandard1.6) (== netcoreapp1.1)
    System.Threading.Timer (4.3) - restriction: || (&& (== net461) (>= netstandard1.6)) (== netstandard1.6) (== netcoreapp1.1)
      Microsoft.NETCore.Platforms (>= 1.1) - restriction: || (&& (== net461) (< net451)) (&& (== net461) (>= dnxcore50)) (== netstandard1.6) (== netcoreapp1.1)
      Microsoft.NETCore.Targets (>= 1.1) - restriction: || (&& (== net461) (< net451)) (&& (== net461) (>= dnxcore50)) (== netstandard1.6) (== netcoreapp1.1)
      System.Runtime (>= 4.3) - restriction: || (&& (== net461) (< net451)) (&& (== net461) (>= dnxcore50)) (== netstandard1.6) (== netcoreapp1.1)
    System.ValueTuple (4.4) - restriction: || (== net461) (&& (== netstandard1.6) (>= net46)) (&& (== netstandard1.6) (>= netcoreapp1.1)) (== netcoreapp1.1)
      NETStandard.Library (>= 1.6.1) - restriction: || (== netstandard1.6) (== netcoreapp1.1)
    System.Xml.ReaderWriter (4.3)
      System.Collections (>= 4.3) - restriction: || (&& (== net461) (< net45)) (&& (== net461) (>= dnxcore50)) (== netstandard1.6) (== netcoreapp1.1)
      System.Diagnostics.Debug (>= 4.3) - restriction: || (&& (== net461) (< net45)) (&& (== net461) (>= dnxcore50)) (== netstandard1.6) (== netcoreapp1.1)
      System.Globalization (>= 4.3) - restriction: || (&& (== net461) (< net45)) (&& (== net461) (>= dnxcore50)) (== netstandard1.6) (== netcoreapp1.1)
      System.IO (>= 4.3) - restriction: || (&& (== net461) (< net45)) (&& (== net461) (>= dnxcore50)) (== netstandard1.6) (== netcoreapp1.1)
      System.IO.FileSystem (>= 4.3) - restriction: || (&& (== net461) (< net45)) (&& (== net461) (>= dnxcore50)) (== netstandard1.6) (== netcoreapp1.1)
      System.IO.FileSystem.Primitives (>= 4.3) - restriction: || (&& (== net461) (< net45)) (&& (== net461) (>= dnxcore50)) (== netstandard1.6) (== netcoreapp1.1)
      System.Resources.ResourceManager (>= 4.3) - restriction: || (&& (== net461) (< net45)) (&& (== net461) (>= dnxcore50)) (== netstandard1.6) (== netcoreapp1.1)
      System.Runtime (>= 4.3) - restriction: || (&& (== net461) (< net45)) (&& (== net461) (>= dnxcore50)) (== netstandard1.6) (== netcoreapp1.1)
      System.Runtime.Extensions (>= 4.3) - restriction: || (&& (== net461) (< net45)) (&& (== net461) (>= dnxcore50)) (== netstandard1.6) (== netcoreapp1.1)
      System.Runtime.InteropServices (>= 4.3) - restriction: || (&& (== net461) (< net45)) (&& (== net461) (>= dnxcore50)) (== netstandard1.6) (== netcoreapp1.1)
      System.Text.Encoding (>= 4.3) - restriction: || (&& (== net461) (< net45)) (&& (== net461) (>= dnxcore50)) (== netstandard1.6) (== netcoreapp1.1)
      System.Text.Encoding.Extensions (>= 4.3) - restriction: || (&& (== net461) (< net45)) (&& (== net461) (>= dnxcore50)) (== netstandard1.6) (== netcoreapp1.1)
      System.Text.RegularExpressions (>= 4.3) - restriction: || (&& (== net461) (< net45)) (&& (== net461) (>= dnxcore50)) (== netstandard1.6) (== netcoreapp1.1)
      System.Threading.Tasks (>= 4.3) - restriction: || (&& (== net461) (< net45)) (&& (== net461) (>= dnxcore50)) (== netstandard1.6) (== netcoreapp1.1)
      System.Threading.Tasks.Extensions (>= 4.3) - restriction: || (&& (== net461) (< net45)) (&& (== net461) (>= dnxcore50)) (== netstandard1.6) (== netcoreapp1.1)
    System.Xml.XDocument (4.3)
      System.Collections (>= 4.3) - restriction: || (&& (== net461) (< net45)) (&& (== net461) (>= dnxcore50)) (== netstandard1.6) (== netcoreapp1.1)
      System.Diagnostics.Debug (>= 4.3) - restriction: || (&& (== net461) (< net45)) (&& (== net461) (>= dnxcore50)) (== netstandard1.6) (== netcoreapp1.1)
      System.Diagnostics.Tools (>= 4.3) - restriction: || (&& (== net461) (< net45)) (&& (== net461) (>= dnxcore50)) (== netstandard1.6) (== netcoreapp1.1)
      System.Globalization (>= 4.3) - restriction: || (&& (== net461) (< net45)) (&& (== net461) (>= dnxcore50)) (== netstandard1.6) (== netcoreapp1.1)
      System.IO (>= 4.3) - restriction: || (&& (== net461) (< net45)) (&& (== net461) (>= dnxcore50)) (== netstandard1.6) (== netcoreapp1.1)
      System.Reflection (>= 4.3) - restriction: || (&& (== net461) (< net45)) (&& (== net461) (>= dnxcore50)) (== netstandard1.6) (== netcoreapp1.1)
      System.Resources.ResourceManager (>= 4.3) - restriction: || (&& (== net461) (< net45)) (&& (== net461) (>= dnxcore50)) (== netstandard1.6) (== netcoreapp1.1)
      System.Runtime (>= 4.3) - restriction: || (&& (== net461) (< net45)) (&& (== net461) (>= dnxcore50)) (== netstandard1.6) (== netcoreapp1.1)
      System.Runtime.Extensions (>= 4.3) - restriction: || (&& (== net461) (< net45)) (&& (== net461) (>= dnxcore50)) (== netstandard1.6) (== netcoreapp1.1)
      System.Text.Encoding (>= 4.3) - restriction: || (&& (== net461) (< net45)) (&& (== net461) (>= dnxcore50)) (== netstandard1.6) (== netcoreapp1.1)
      System.Threading (>= 4.3) - restriction: || (&& (== net461) (< net45)) (&& (== net461) (>= dnxcore50)) (== netstandard1.6) (== netcoreapp1.1)
      System.Xml.ReaderWriter (>= 4.3) - restriction: || (&& (== net461) (< net45)) (&& (== net461) (>= dnxcore50)) (== netstandard1.6) (== netcoreapp1.1)
    System.Xml.XmlDocument (4.3) - restriction: || (== net461) (&& (== netstandard1.6) (>= net46)) (&& (== netstandard1.6) (>= netcoreapp1.1)) (== netcoreapp1.1)
      System.Collections (>= 4.3) - restriction: || (&& (== net461) (< net46)) (== netstandard1.6) (== netcoreapp1.1)
      System.Diagnostics.Debug (>= 4.3) - restriction: || (&& (== net461) (< net46)) (== netstandard1.6) (== netcoreapp1.1)
      System.Globalization (>= 4.3) - restriction: || (&& (== net461) (< net46)) (== netstandard1.6) (== netcoreapp1.1)
      System.IO (>= 4.3) - restriction: || (&& (== net461) (< net46)) (== netstandard1.6) (== netcoreapp1.1)
      System.Resources.ResourceManager (>= 4.3) - restriction: || (&& (== net461) (< net46)) (== netstandard1.6) (== netcoreapp1.1)
      System.Runtime (>= 4.3) - restriction: || (&& (== net461) (< net46)) (== netstandard1.6) (== netcoreapp1.1)
      System.Runtime.Extensions (>= 4.3) - restriction: || (&& (== net461) (< net46)) (== netstandard1.6) (== netcoreapp1.1)
      System.Text.Encoding (>= 4.3) - restriction: || (&& (== net461) (< net46)) (== netstandard1.6) (== netcoreapp1.1)
      System.Threading (>= 4.3) - restriction: || (&& (== net461) (< net46)) (== netstandard1.6) (== netcoreapp1.1)
      System.Xml.ReaderWriter (>= 4.3) - restriction: || (&& (== net461) (< net46)) (== netstandard1.6) (== netcoreapp1.1)
    System.Xml.XPath (4.3) - restriction: || (== net461) (&& (== netstandard1.6) (>= net46)) (&& (== netstandard1.6) (>= netcoreapp1.1)) (== netcoreapp1.1)
      System.Collections (>= 4.3) - restriction: || (&& (== net461) (< net46)) (== netstandard1.6) (== netcoreapp1.1)
      System.Diagnostics.Debug (>= 4.3) - restriction: || (&& (== net461) (< net46)) (== netstandard1.6) (== netcoreapp1.1)
      System.Globalization (>= 4.3) - restriction: || (&& (== net461) (< net46)) (== netstandard1.6) (== netcoreapp1.1)
      System.IO (>= 4.3) - restriction: || (&& (== net461) (< net46)) (== netstandard1.6) (== netcoreapp1.1)
      System.Resources.ResourceManager (>= 4.3) - restriction: || (&& (== net461) (< net46)) (== netstandard1.6) (== netcoreapp1.1)
      System.Runtime (>= 4.3) - restriction: || (&& (== net461) (< net46)) (== netstandard1.6) (== netcoreapp1.1)
      System.Runtime.Extensions (>= 4.3) - restriction: || (&& (== net461) (< net46)) (== netstandard1.6) (== netcoreapp1.1)
      System.Threading (>= 4.3) - restriction: || (&& (== net461) (< net46)) (== netstandard1.6) (== netcoreapp1.1)
      System.Xml.ReaderWriter (>= 4.3) - restriction: || (&& (== net461) (< net46)) (== netstandard1.6) (== netcoreapp1.1)
    System.Xml.XPath.XDocument (4.3) - restriction: || (== net461) (&& (== netstandard1.6) (>= net46)) (&& (== netstandard1.6) (>= netcoreapp1.1)) (== netcoreapp1.1)
      System.Xml.XPath (>= 4.3)
    System.Xml.XPath.XmlDocument (4.3) - restriction: || (&& (== net461) (== netstandard1.6) (>= netcoreapp1.1)) (&& (== net461) (== netcoreapp1.1)) (&& (== net461) (>= netcoreapp1.1)) (&& (== netstandard1.6) (== netcoreapp1.1)) (&& (== netstandard1.6) (>= netcoreapp1.1)) (== netcoreapp1.1)
      System.Collections (>= 4.3) - restriction: || (&& (== net461) (< net46)) (== netstandard1.6) (== netcoreapp1.1)
      System.Globalization (>= 4.3) - restriction: || (&& (== net461) (< net46)) (== netstandard1.6) (== netcoreapp1.1)
      System.IO (>= 4.3) - restriction: || (&& (== net461) (< net46)) (== netstandard1.6) (== netcoreapp1.1)
      System.Resources.ResourceManager (>= 4.3) - restriction: || (&& (== net461) (< net46)) (== netstandard1.6) (== netcoreapp1.1)
      System.Runtime (>= 4.3) - restriction: || (&& (== net461) (< net46)) (== netstandard1.6) (== netcoreapp1.1)
      System.Runtime.Extensions (>= 4.3) - restriction: || (&& (== net461) (< net46)) (== netstandard1.6) (== netcoreapp1.1)
      System.Threading (>= 4.3) - restriction: || (&& (== net461) (< net46)) (== netstandard1.6) (== netcoreapp1.1)
      System.Xml.ReaderWriter (>= 4.3) - restriction: || (&& (== net461) (< net46)) (== netstandard1.6) (== netcoreapp1.1)
      System.Xml.XmlDocument (>= 4.3)
      System.Xml.XPath (>= 4.3)
GITHUB
  remote: logary/logary
    src/Logary.Facade/Facade.fs (49e45d9b8535d0a837954e0ebd95ee0ca2ee2b1c)