REDIRECTS: ON
RESTRICTION: || (== net461) (== netstandard16)
NUGET
  remote: https://api.nuget.org/v3/index.json
    Argu (3.7)
      FSharp.Core (>= 4.0.1.7-alpha)
      NETStandard.Library (>= 1.6)
      System.Xml.XDocument (>= 4.0.11)
    BenchmarkDotNet (0.10.6)
      BenchmarkDotNet.Core (>= 0.10.6) - restriction: || (== net461) (&& (== netstandard16) (>= net46)) (&& (== netstandard16) (>= netcore11))
      BenchmarkDotNet.Toolchains.Roslyn (>= 0.10.6) - restriction: || (== net461) (&& (== netstandard16) (>= net46))
    BenchmarkDotNet.Core (0.10.6)
      Microsoft.DotNet.InternalAbstractions (>= 1.0) - restriction: || (== net461) (&& (== netstandard16) (>= net46)) (&& (== netstandard16) (>= netcore11))
      Microsoft.DotNet.PlatformAbstractions (>= 1.1.1) - restriction: || (== net461) (&& (== netstandard16) (>= net46)) (&& (== netstandard16) (>= netcore11))
      System.Threading.Tasks.Extensions (>= 4.3) - restriction: || (== net461) (&& (== netstandard16) (>= net46))
      System.ValueTuple (>= 4.3) - restriction: || (== net461) (&& (== netstandard16) (>= net46)) (&& (== netstandard16) (>= netcore11))
    BenchmarkDotNet.Toolchains.Roslyn (0.10.6)
      BenchmarkDotNet.Core (>= 0.10.6) - restriction: || (== net461) (&& (== netstandard16) (>= net46))
      Microsoft.CodeAnalysis.CSharp (>= 2.0) - restriction: || (== net461) (&& (== netstandard16) (>= net46))
      System.Threading.Tasks (>= 4.3) - restriction: || (== net461) (&& (== netstandard16) (>= net46))
    FsCheck (2.9)
      FSharp.Core (>= 4.1.17)
      NETStandard.Library (>= 1.6.1)
    FSharp.Core (4.1.17)
      System.Collections (>= 4.0.11)
      System.Console (>= 4.0)
      System.Diagnostics.Debug (>= 4.0.11)
      System.Diagnostics.Tools (>= 4.0.1)
      System.Globalization (>= 4.0.11)
      System.IO (>= 4.1)
      System.Linq (>= 4.1)
      System.Linq.Expressions (>= 4.1)
      System.Linq.Queryable (>= 4.0.1)
      System.Net.Requests (>= 4.0.11)
      System.Reflection (>= 4.1)
      System.Reflection.Extensions (>= 4.0.1)
      System.Resources.ResourceManager (>= 4.0.1)
      System.Runtime (>= 4.1)
      System.Runtime.Extensions (>= 4.1)
      System.Runtime.Numerics (>= 4.0.1)
      System.Text.RegularExpressions (>= 4.1)
      System.Threading (>= 4.0.11)
      System.Threading.Tasks (>= 4.0.11)
      System.Threading.Tasks.Parallel (>= 4.0.1)
      System.Threading.Thread (>= 4.0)
      System.Threading.ThreadPool (>= 4.0.10)
      System.Threading.Timer (>= 4.0.1)
    Microsoft.CodeAnalysis.Analyzers (1.1) - restriction: || (== net461) (&& (== net461) (== netstandard16)) (&& (== netstandard16) (>= net46))
    Microsoft.CodeAnalysis.Common (2.1) - restriction: || (== net461) (&& (== net461) (== netstandard16)) (&& (== netstandard16) (>= net46))
      Microsoft.CodeAnalysis.Analyzers (>= 1.1)
      System.AppContext (>= 4.3)
      System.Collections (>= 4.3)
      System.Collections.Concurrent (>= 4.3)
      System.Collections.Immutable (>= 1.3.1)
      System.Console (>= 4.3)
      System.Diagnostics.Debug (>= 4.3)
      System.Diagnostics.FileVersionInfo (>= 4.3)
      System.Diagnostics.StackTrace (>= 4.3)
      System.Diagnostics.Tools (>= 4.3)
      System.Dynamic.Runtime (>= 4.3)
      System.Globalization (>= 4.3)
      System.IO.Compression (>= 4.3)
      System.IO.FileSystem (>= 4.3)
      System.IO.FileSystem.Primitives (>= 4.3)
      System.Linq (>= 4.3)
      System.Linq.Expressions (>= 4.3)
      System.Reflection (>= 4.3)
      System.Reflection.Metadata (>= 1.4.2)
      System.Resources.ResourceManager (>= 4.3)
      System.Runtime (>= 4.3)
      System.Runtime.Extensions (>= 4.3)
      System.Runtime.InteropServices (>= 4.3)
      System.Runtime.Numerics (>= 4.3)
      System.Security.Cryptography.Algorithms (>= 4.3)
      System.Security.Cryptography.Encoding (>= 4.3)
      System.Security.Cryptography.X509Certificates (>= 4.3)
      System.Text.Encoding (>= 4.3)
      System.Text.Encoding.CodePages (>= 4.3)
      System.Text.Encoding.Extensions (>= 4.3)
      System.Threading (>= 4.3)
      System.Threading.Tasks (>= 4.3)
      System.Threading.Tasks.Parallel (>= 4.3)
      System.Threading.Thread (>= 4.3)
      System.ValueTuple (>= 4.3)
      System.Xml.ReaderWriter (>= 4.3)
      System.Xml.XDocument (>= 4.3)
      System.Xml.XmlDocument (>= 4.3)
      System.Xml.XPath.XDocument (>= 4.3)
    Microsoft.CodeAnalysis.CSharp (2.1) - restriction: || (== net461) (&& (== net461) (== netstandard16)) (&& (== netstandard16) (>= net46))
      Microsoft.CodeAnalysis.Common (2.1)
    Microsoft.DotNet.InternalAbstractions (1.0) - restriction: || (== net461) (&& (== net461) (== netstandard16)) (&& (== netstandard16) (>= net46)) (&& (== netstandard16) (>= netcore11))
    Microsoft.DotNet.PlatformAbstractions (1.1.2) - restriction: || (== net461) (&& (== net461) (== netstandard16)) (&& (== netstandard16) (>= net46)) (&& (== netstandard16) (>= netcore11))
    Microsoft.NETCore.Platforms (1.1)
    Microsoft.NETCore.Targets (1.1) - restriction: || (&& (== net461) (< net35)) (&& (== net461) (< net45)) (&& (== net461) (< net451)) (&& (== net461) (< net46)) (&& (== net461) (>= dnxcore50)) (&& (== net461) (< netstandard11)) (&& (== net461) (>= netcore11)) (== netstandard16)
    Microsoft.Win32.Primitives (4.3)
      Microsoft.NETCore.Platforms (>= 1.1) - restriction: || (&& (== net461) (< net46)) (== netstandard16)
      Microsoft.NETCore.Targets (>= 1.1) - restriction: || (&& (== net461) (< net46)) (== netstandard16)
      System.Runtime (>= 4.3) - restriction: || (&& (== net461) (< net46)) (== netstandard16)
    Mono.Cecil (0.10.0-beta6)
      System.Collections (>= 4.0.11) - restriction: || (&& (== net461) (< net35)) (== netstandard16)
      System.IO.FileSystem (>= 4.0.1) - restriction: || (&& (== net461) (< net35)) (== netstandard16)
      System.IO.FileSystem.Primitives (>= 4.0.1) - restriction: || (&& (== net461) (< net35)) (== netstandard16)
      System.Reflection (>= 4.1) - restriction: || (&& (== net461) (< net35)) (== netstandard16)
      System.Runtime.Extensions (>= 4.1) - restriction: || (&& (== net461) (< net35)) (== netstandard16)
      System.Security.Cryptography.Algorithms (>= 4.2) - restriction: || (&& (== net461) (< net35)) (== netstandard16)
      System.Security.Cryptography.Csp (>= 4.0) - restriction: || (&& (== net461) (< net35)) (== netstandard16)
      System.Threading (>= 4.0.11) - restriction: || (&& (== net461) (< net35)) (== netstandard16)
    NETStandard.Library (1.6.1)
      Microsoft.NETCore.Platforms (>= 1.1)
      Microsoft.Win32.Primitives (>= 4.3)
      System.AppContext (>= 4.3)
      System.Collections (>= 4.3)
      System.Collections.Concurrent (>= 4.3)
      System.Console (>= 4.3)
      System.Diagnostics.Debug (>= 4.3)
      System.Diagnostics.Tools (>= 4.3)
      System.Diagnostics.Tracing (>= 4.3)
      System.Globalization (>= 4.3)
      System.Globalization.Calendars (>= 4.3)
      System.IO (>= 4.3)
      System.IO.Compression (>= 4.3)
      System.IO.Compression.ZipFile (>= 4.3)
      System.IO.FileSystem (>= 4.3)
      System.IO.FileSystem.Primitives (>= 4.3)
      System.Linq (>= 4.3)
      System.Linq.Expressions (>= 4.3)
      System.Net.Http (>= 4.3)
      System.Net.Primitives (>= 4.3)
      System.Net.Sockets (>= 4.3)
      System.ObjectModel (>= 4.3)
      System.Reflection (>= 4.3)
      System.Reflection.Extensions (>= 4.3)
      System.Reflection.Primitives (>= 4.3)
      System.Resources.ResourceManager (>= 4.3)
      System.Runtime (>= 4.3)
      System.Runtime.Extensions (>= 4.3)
      System.Runtime.Handles (>= 4.3)
      System.Runtime.InteropServices (>= 4.3)
      System.Runtime.InteropServices.RuntimeInformation (>= 4.3)
      System.Runtime.Numerics (>= 4.3)
      System.Security.Cryptography.Algorithms (>= 4.3)
      System.Security.Cryptography.Encoding (>= 4.3)
      System.Security.Cryptography.Primitives (>= 4.3)
      System.Security.Cryptography.X509Certificates (>= 4.3)
      System.Text.Encoding (>= 4.3)
      System.Text.Encoding.Extensions (>= 4.3)
      System.Text.RegularExpressions (>= 4.3)
      System.Threading (>= 4.3)
      System.Threading.Tasks (>= 4.3)
      System.Threading.Timer (>= 4.3)
      System.Xml.ReaderWriter (>= 4.3)
      System.Xml.XDocument (>= 4.3)
    NuGet.CommandLine (4.1)
    runtime.debian.8-x64.runtime.native.System.Security.Cryptography.OpenSsl (4.3.1) - restriction: || (&& (== net461) (== netstandard16)) (&& (== net461) (< net35)) (== netstandard16)
    runtime.fedora.23-x64.runtime.native.System.Security.Cryptography.OpenSsl (4.3.1) - restriction: || (&& (== net461) (== netstandard16)) (&& (== net461) (< net35)) (== netstandard16)
    runtime.fedora.24-x64.runtime.native.System.Security.Cryptography.OpenSsl (4.3.1) - restriction: || (&& (== net461) (== netstandard16)) (&& (== net461) (< net35)) (== netstandard16)
    runtime.native.System (4.3) - restriction: || (&& (== net461) (< net45)) (&& (== net461) (< net46)) (== netstandard16)
      Microsoft.NETCore.Platforms (>= 1.1)
      Microsoft.NETCore.Targets (>= 1.1)
    runtime.native.System.IO.Compression (4.3) - restriction: || (&& (== net461) (== netstandard16)) (&& (== net461) (< net45)) (&& (== net461) (>= dnxcore50)) (== netstandard16)
      Microsoft.NETCore.Platforms (>= 1.1)
      Microsoft.NETCore.Targets (>= 1.1)
    runtime.native.System.Net.Http (4.3) - restriction: || (&& (== net461) (< net45)) (&& (== net461) (< net46)) (== netstandard16)
      Microsoft.NETCore.Platforms (>= 1.1)
      Microsoft.NETCore.Targets (>= 1.1)
    runtime.native.System.Security.Cryptography.Apple (4.3) - restriction: || (&& (== net461) (== netstandard16)) (&& (== net461) (< net35)) (== netstandard16)
      runtime.osx.10.10-x64.runtime.native.System.Security.Cryptography.Apple (>= 4.3)
    runtime.native.System.Security.Cryptography.OpenSsl (4.3.1) - restriction: || (&& (== net461) (< net35)) (&& (== net461) (< net45)) (&& (== net461) (< net46)) (== netstandard16)
      runtime.debian.8-x64.runtime.native.System.Security.Cryptography.OpenSsl (>= 4.3.1)
      runtime.fedora.23-x64.runtime.native.System.Security.Cryptography.OpenSsl (>= 4.3.1)
      runtime.fedora.24-x64.runtime.native.System.Security.Cryptography.OpenSsl (>= 4.3.1)
      runtime.opensuse.13.2-x64.runtime.native.System.Security.Cryptography.OpenSsl (>= 4.3.1)
      runtime.opensuse.42.1-x64.runtime.native.System.Security.Cryptography.OpenSsl (>= 4.3.1)
      runtime.osx.10.10-x64.runtime.native.System.Security.Cryptography.OpenSsl (>= 4.3.1)
      runtime.rhel.7-x64.runtime.native.System.Security.Cryptography.OpenSsl (>= 4.3.1)
      runtime.ubuntu.14.04-x64.runtime.native.System.Security.Cryptography.OpenSsl (>= 4.3.1)
      runtime.ubuntu.16.04-x64.runtime.native.System.Security.Cryptography.OpenSsl (>= 4.3.1)
      runtime.ubuntu.16.10-x64.runtime.native.System.Security.Cryptography.OpenSsl (>= 4.3.1)
    runtime.opensuse.13.2-x64.runtime.native.System.Security.Cryptography.OpenSsl (4.3.1) - restriction: || (&& (== net461) (== netstandard16)) (&& (== net461) (< net35)) (== netstandard16)
    runtime.opensuse.42.1-x64.runtime.native.System.Security.Cryptography.OpenSsl (4.3.1) - restriction: || (&& (== net461) (== netstandard16)) (&& (== net461) (< net35)) (== netstandard16)
    runtime.osx.10.10-x64.runtime.native.System.Security.Cryptography.Apple (4.3) - restriction: || (&& (== net461) (== netstandard16)) (&& (== net461) (< net35)) (== netstandard16)
    runtime.osx.10.10-x64.runtime.native.System.Security.Cryptography.OpenSsl (4.3.1) - restriction: || (&& (== net461) (== netstandard16)) (&& (== net461) (< net35)) (== netstandard16)
    runtime.rhel.7-x64.runtime.native.System.Security.Cryptography.OpenSsl (4.3.1) - restriction: || (&& (== net461) (== netstandard16)) (&& (== net461) (< net35)) (== netstandard16)
    runtime.ubuntu.14.04-x64.runtime.native.System.Security.Cryptography.OpenSsl (4.3.1) - restriction: || (&& (== net461) (== netstandard16)) (&& (== net461) (< net35)) (== netstandard16)
    runtime.ubuntu.16.04-x64.runtime.native.System.Security.Cryptography.OpenSsl (4.3.1) - restriction: || (&& (== net461) (== netstandard16)) (&& (== net461) (< net35)) (== netstandard16)
    runtime.ubuntu.16.10-x64.runtime.native.System.Security.Cryptography.OpenSsl (4.3.1) - restriction: || (&& (== net461) (== netstandard16)) (&& (== net461) (< net35)) (== netstandard16)
    System.AppContext (4.3)
      System.Runtime (>= 4.3) - restriction: || (&& (== net461) (< net46)) (&& (== net461) (>= dnxcore50)) (== netstandard16)
    System.Buffers (4.3) - restriction: || (&& (== net461) (< net45)) (&& (== net461) (< net46)) (&& (== net461) (>= dnxcore50)) (== netstandard16)
      System.Diagnostics.Debug (>= 4.3) - restriction: || (&& (== net461) (< net45)) (== netstandard16)
      System.Diagnostics.Tracing (>= 4.3) - restriction: || (&& (== net461) (< net45)) (== netstandard16)
      System.Resources.ResourceManager (>= 4.3) - restriction: || (&& (== net461) (< net45)) (== netstandard16)
      System.Runtime (>= 4.3) - restriction: || (&& (== net461) (< net45)) (== netstandard16)
      System.Threading (>= 4.3) - restriction: || (&& (== net461) (< net45)) (== netstandard16)
    System.Collections (4.3)
      Microsoft.NETCore.Platforms (>= 1.1) - restriction: || (&& (== net461) (< net45)) (&& (== net461) (>= dnxcore50)) (== netstandard16)
      Microsoft.NETCore.Targets (>= 1.1) - restriction: || (&& (== net461) (< net45)) (&& (== net461) (>= dnxcore50)) (== netstandard16)
      System.Runtime (>= 4.3) - restriction: || (&& (== net461) (< net45)) (&& (== net461) (>= dnxcore50)) (== netstandard16)
    System.Collections.Concurrent (4.3)
      System.Collections (>= 4.3) - restriction: || (&& (== net461) (< net45)) (&& (== net461) (>= dnxcore50)) (== netstandard16)
      System.Diagnostics.Debug (>= 4.3) - restriction: || (&& (== net461) (< net45)) (&& (== net461) (>= dnxcore50)) (== netstandard16)
      System.Diagnostics.Tracing (>= 4.3) - restriction: || (&& (== net461) (< net45)) (&& (== net461) (>= dnxcore50)) (== netstandard16)
      System.Globalization (>= 4.3) - restriction: || (&& (== net461) (< net45)) (&& (== net461) (>= dnxcore50)) (== netstandard16)
      System.Reflection (>= 4.3) - restriction: || (&& (== net461) (< net45)) (== netstandard16)
      System.Resources.ResourceManager (>= 4.3) - restriction: || (&& (== net461) (< net45)) (&& (== net461) (>= dnxcore50)) (== netstandard16)
      System.Runtime (>= 4.3) - restriction: || (&& (== net461) (< net45)) (&& (== net461) (>= dnxcore50)) (== netstandard16)
      System.Runtime.Extensions (>= 4.3) - restriction: || (&& (== net461) (< net45)) (&& (== net461) (>= dnxcore50)) (== netstandard16)
      System.Threading (>= 4.3) - restriction: || (&& (== net461) (< net45)) (&& (== net461) (>= dnxcore50)) (== netstandard16)
      System.Threading.Tasks (>= 4.3) - restriction: || (&& (== net461) (< net45)) (&& (== net461) (>= dnxcore50)) (== netstandard16)
    System.Collections.Immutable (1.3.1) - restriction: || (== net461) (&& (== netstandard16) (>= net46))
    System.Console (4.3)
      Microsoft.NETCore.Platforms (>= 1.1) - restriction: || (&& (== net461) (< net46)) (== netstandard16)
      Microsoft.NETCore.Targets (>= 1.1) - restriction: || (&& (== net461) (< net46)) (== netstandard16)
      System.IO (>= 4.3) - restriction: || (&& (== net461) (< net46)) (== netstandard16)
      System.Runtime (>= 4.3) - restriction: || (&& (== net461) (< net46)) (== netstandard16)
      System.Text.Encoding (>= 4.3) - restriction: || (&& (== net461) (< net46)) (== netstandard16)
    System.Diagnostics.Debug (4.3)
      Microsoft.NETCore.Platforms (>= 1.1) - restriction: || (&& (== net461) (< net45)) (&& (== net461) (>= dnxcore50)) (== netstandard16)
      Microsoft.NETCore.Targets (>= 1.1) - restriction: || (&& (== net461) (< net45)) (&& (== net461) (>= dnxcore50)) (== netstandard16)
      System.Runtime (>= 4.3) - restriction: || (&& (== net461) (< net45)) (&& (== net461) (>= dnxcore50)) (== netstandard16)
    System.Diagnostics.DiagnosticSource (4.3.1) - restriction: || (&& (== net461) (== netstandard16)) (&& (== net461) (< net45)) (&& (== net461) (>= dnxcore50)) (== netstandard16)
      System.Collections (>= 4.3) - restriction: || (&& (== net461) (< net45)) (== netstandard16)
      System.Diagnostics.Tracing (>= 4.3) - restriction: || (&& (== net461) (< net45)) (== netstandard16)
      System.Reflection (>= 4.3) - restriction: || (&& (== net461) (< net45)) (== netstandard16)
      System.Runtime (>= 4.3) - restriction: || (&& (== net461) (< net45)) (== netstandard16)
      System.Threading (>= 4.3) - restriction: || (&& (== net461) (< net45)) (== netstandard16)
    System.Diagnostics.FileVersionInfo (4.3) - restriction: || (== net461) (&& (== net461) (== netstandard16)) (&& (== netstandard16) (>= net46))
    System.Diagnostics.StackTrace (4.3) - restriction: || (== net461) (&& (== net461) (== netstandard16)) (&& (== netstandard16) (>= net46))
    System.Diagnostics.Tools (4.3)
      Microsoft.NETCore.Platforms (>= 1.1) - restriction: || (&& (== net461) (< net45)) (&& (== net461) (>= dnxcore50)) (== netstandard16)
      Microsoft.NETCore.Targets (>= 1.1) - restriction: || (&& (== net461) (< net45)) (&& (== net461) (>= dnxcore50)) (== netstandard16)
      System.Runtime (>= 4.3) - restriction: || (&& (== net461) (< net45)) (&& (== net461) (>= dnxcore50)) (== netstandard16)
    System.Diagnostics.Tracing (4.3)
      Microsoft.NETCore.Platforms (>= 1.1) - restriction: || (&& (== net461) (< net45)) (&& (== net461) (>= dnxcore50)) (== netstandard16)
      Microsoft.NETCore.Targets (>= 1.1) - restriction: || (&& (== net461) (< net45)) (&& (== net461) (>= dnxcore50)) (== netstandard16)
      System.Runtime (>= 4.3) - restriction: || (&& (== net461) (< net45)) (&& (== net461) (>= dnxcore50)) (== netstandard16)
    System.Dynamic.Runtime (4.3) - restriction: || (== net461) (&& (== net461) (== netstandard16)) (&& (== netstandard16) (>= net46))
    System.Globalization (4.3)
      Microsoft.NETCore.Platforms (>= 1.1) - restriction: || (&& (== net461) (< net45)) (&& (== net461) (>= dnxcore50)) (== netstandard16)
      Microsoft.NETCore.Targets (>= 1.1) - restriction: || (&& (== net461) (< net45)) (&& (== net461) (>= dnxcore50)) (== netstandard16)
      System.Runtime (>= 4.3) - restriction: || (&& (== net461) (< net45)) (&& (== net461) (>= dnxcore50)) (== netstandard16)
    System.Globalization.Calendars (4.3)
      Microsoft.NETCore.Platforms (>= 1.1) - restriction: || (&& (== net461) (< net46)) (== netstandard16)
      Microsoft.NETCore.Targets (>= 1.1) - restriction: || (&& (== net461) (< net46)) (== netstandard16)
      System.Globalization (>= 4.3) - restriction: || (&& (== net461) (< net46)) (== netstandard16)
      System.Runtime (>= 4.3) - restriction: || (&& (== net461) (< net46)) (== netstandard16)
    System.Globalization.Extensions (4.3) - restriction: || (&& (== net461) (== netstandard16)) (&& (== net461) (< net45)) (== netstandard16)
      Microsoft.NETCore.Platforms (>= 1.1) - restriction: || (&& (== net461) (< net46)) (== netstandard16)
      System.Globalization (>= 4.3) - restriction: || (&& (== net461) (< net46)) (== netstandard16)
      System.Resources.ResourceManager (>= 4.3) - restriction: || (&& (== net461) (< net46)) (== netstandard16)
      System.Runtime (>= 4.3) - restriction: || (&& (== net461) (< net46)) (== netstandard16)
      System.Runtime.Extensions (>= 4.3) - restriction: || (&& (== net461) (< net46)) (== netstandard16)
      System.Runtime.InteropServices (>= 4.3) - restriction: || (&& (== net461) (< net46)) (== netstandard16)
    System.IO (4.3)
      Microsoft.NETCore.Platforms (>= 1.1) - restriction: || (&& (== net461) (< net45)) (&& (== net461) (>= dnxcore50)) (== netstandard16)
      Microsoft.NETCore.Targets (>= 1.1) - restriction: || (&& (== net461) (< net45)) (&& (== net461) (>= dnxcore50)) (== netstandard16)
      System.Runtime (>= 4.3) - restriction: || (&& (== net461) (< net45)) (&& (== net461) (>= dnxcore50)) (== netstandard16)
      System.Text.Encoding (>= 4.3) - restriction: || (&& (== net461) (< net45)) (&& (== net461) (>= dnxcore50)) (== netstandard16)
      System.Threading.Tasks (>= 4.3) - restriction: || (&& (== net461) (< net45)) (&& (== net461) (>= dnxcore50)) (== netstandard16)
    System.IO.Compression (4.3)
      Microsoft.NETCore.Platforms (>= 1.1) - restriction: || (&& (== net461) (< net45)) (== netstandard16)
      runtime.native.System (>= 4.3) - restriction: || (&& (== net461) (< net45)) (== netstandard16)
      runtime.native.System.IO.Compression (>= 4.3) - restriction: || (&& (== net461) (< net45)) (&& (== net461) (>= dnxcore50)) (== netstandard16)
      System.Buffers (>= 4.3) - restriction: || (&& (== net461) (< net45)) (&& (== net461) (>= dnxcore50)) (== netstandard16)
      System.Collections (>= 4.3) - restriction: || (&& (== net461) (< net45)) (&& (== net461) (>= dnxcore50)) (== netstandard16)
      System.Diagnostics.Debug (>= 4.3) - restriction: || (&& (== net461) (< net45)) (&& (== net461) (>= dnxcore50)) (== netstandard16)
      System.IO (>= 4.3) - restriction: || (&& (== net461) (< net45)) (&& (== net461) (>= dnxcore50)) (== netstandard16)
      System.Resources.ResourceManager (>= 4.3) - restriction: || (&& (== net461) (< net45)) (&& (== net461) (>= dnxcore50)) (== netstandard16)
      System.Runtime (>= 4.3) - restriction: || (&& (== net461) (< net45)) (&& (== net461) (>= dnxcore50)) (== netstandard16)
      System.Runtime.Extensions (>= 4.3) - restriction: || (&& (== net461) (< net45)) (&& (== net461) (>= dnxcore50)) (== netstandard16)
      System.Runtime.Handles (>= 4.3) - restriction: || (&& (== net461) (< net45)) (&& (== net461) (>= dnxcore50)) (== netstandard16)
      System.Runtime.InteropServices (>= 4.3) - restriction: || (&& (== net461) (< net45)) (&& (== net461) (>= dnxcore50)) (== netstandard16)
      System.Text.Encoding (>= 4.3) - restriction: || (&& (== net461) (< net45)) (&& (== net461) (>= dnxcore50)) (== netstandard16)
      System.Threading (>= 4.3) - restriction: || (&& (== net461) (< net45)) (&& (== net461) (>= dnxcore50)) (== netstandard16)
      System.Threading.Tasks (>= 4.3) - restriction: || (&& (== net461) (< net45)) (&& (== net461) (>= dnxcore50)) (== netstandard16)
    System.IO.Compression.ZipFile (4.3)
      System.Buffers (>= 4.3) - restriction: || (&& (== net461) (< net46)) (== netstandard16)
      System.IO (>= 4.3) - restriction: || (&& (== net461) (< net46)) (== netstandard16)
      System.IO.Compression (>= 4.3) - restriction: || (&& (== net461) (< net46)) (== netstandard16)
      System.IO.FileSystem (>= 4.3) - restriction: || (&& (== net461) (< net46)) (== netstandard16)
      System.IO.FileSystem.Primitives (>= 4.3) - restriction: || (&& (== net461) (< net46)) (== netstandard16)
      System.Resources.ResourceManager (>= 4.3) - restriction: || (&& (== net461) (< net46)) (== netstandard16)
      System.Runtime (>= 4.3) - restriction: || (&& (== net461) (< net46)) (== netstandard16)
      System.Runtime.Extensions (>= 4.3) - restriction: || (&& (== net461) (< net46)) (== netstandard16)
      System.Text.Encoding (>= 4.3) - restriction: || (&& (== net461) (< net46)) (== netstandard16)
    System.IO.FileSystem (4.3)
      Microsoft.NETCore.Platforms (>= 1.1) - restriction: || (&& (== net461) (< net46)) (== netstandard16)
      Microsoft.NETCore.Targets (>= 1.1) - restriction: || (&& (== net461) (< net46)) (== netstandard16)
      System.IO (>= 4.3) - restriction: || (&& (== net461) (< net46)) (== netstandard16)
      System.IO.FileSystem.Primitives (>= 4.3)
      System.Runtime (>= 4.3) - restriction: || (&& (== net461) (< net46)) (== netstandard16)
      System.Runtime.Handles (>= 4.3) - restriction: || (&& (== net461) (< net46)) (== netstandard16)
      System.Text.Encoding (>= 4.3) - restriction: || (&& (== net461) (< net46)) (== netstandard16)
      System.Threading.Tasks (>= 4.3) - restriction: || (&& (== net461) (< net46)) (== netstandard16)
    System.IO.FileSystem.Primitives (4.3)
      System.Runtime (>= 4.3) - restriction: || (&& (== net461) (< net46)) (== netstandard16)
    System.Linq (4.3)
      System.Collections (>= 4.3) - restriction: || (&& (== net461) (< net45)) (&& (== net461) (>= dnxcore50)) (== netstandard16)
      System.Diagnostics.Debug (>= 4.3) - restriction: || (&& (== net461) (< net45)) (&& (== net461) (>= dnxcore50)) (== netstandard16)
      System.Resources.ResourceManager (>= 4.3) - restriction: || (&& (== net461) (< net45)) (&& (== net461) (>= dnxcore50)) (== netstandard16)
      System.Runtime (>= 4.3) - restriction: || (&& (== net461) (< net45)) (&& (== net461) (>= dnxcore50)) (== netstandard16)
      System.Runtime.Extensions (>= 4.3) - restriction: || (&& (== net461) (< net45)) (&& (== net461) (>= dnxcore50)) (== netstandard16)
    System.Linq.Expressions (4.3)
      System.Collections (>= 4.3) - restriction: || (&& (== net461) (< net45)) (&& (== net461) (>= dnxcore50)) (== netstandard16)
      System.Diagnostics.Debug (>= 4.3) - restriction: || (&& (== net461) (< net45)) (&& (== net461) (>= dnxcore50)) (== netstandard16)
      System.Globalization (>= 4.3) - restriction: || (&& (== net461) (< net45)) (&& (== net461) (>= dnxcore50)) (== netstandard16)
      System.IO (>= 4.3) - restriction: || (&& (== net461) (< net45)) (&& (== net461) (>= dnxcore50)) (== netstandard16)
      System.Linq (>= 4.3) - restriction: || (&& (== net461) (< net45)) (&& (== net461) (>= dnxcore50)) (== netstandard16)
      System.ObjectModel (>= 4.3) - restriction: || (&& (== net461) (< net45)) (== netstandard16)
      System.Reflection (>= 4.3) - restriction: || (&& (== net461) (< net45)) (&& (== net461) (>= dnxcore50)) (== netstandard16)
      System.Reflection.Emit (>= 4.3) - restriction: || (&& (== net461) (< net45)) (== netstandard16)
      System.Reflection.Emit.ILGeneration (>= 4.3) - restriction: || (&& (== net461) (< net45)) (&& (== net461) (>= dnxcore50)) (== netstandard16)
      System.Reflection.Emit.Lightweight (>= 4.3) - restriction: || (&& (== net461) (< net45)) (&& (== net461) (>= dnxcore50)) (== netstandard16)
      System.Reflection.Extensions (>= 4.3) - restriction: || (&& (== net461) (< net45)) (&& (== net461) (>= dnxcore50)) (== netstandard16)
      System.Reflection.Primitives (>= 4.3) - restriction: || (&& (== net461) (< net45)) (&& (== net461) (>= dnxcore50)) (== netstandard16)
      System.Reflection.TypeExtensions (>= 4.3) - restriction: || (&& (== net461) (< net45)) (&& (== net461) (>= dnxcore50)) (== netstandard16)
      System.Resources.ResourceManager (>= 4.3) - restriction: || (&& (== net461) (< net45)) (&& (== net461) (>= dnxcore50)) (== netstandard16)
      System.Runtime (>= 4.3) - restriction: || (&& (== net461) (< net45)) (&& (== net461) (>= dnxcore50)) (== netstandard16)
      System.Runtime.Extensions (>= 4.3) - restriction: || (&& (== net461) (< net45)) (&& (== net461) (>= dnxcore50)) (== netstandard16)
      System.Threading (>= 4.3) - restriction: || (&& (== net461) (< net45)) (&& (== net461) (>= dnxcore50)) (== netstandard16)
    System.Linq.Queryable (4.3)
      System.Collections (>= 4.3) - restriction: || (&& (== net461) (< net45)) (&& (== net461) (>= dnxcore50)) (== netstandard16)
      System.Diagnostics.Debug (>= 4.3) - restriction: || (&& (== net461) (< net45)) (&& (== net461) (>= dnxcore50)) (== netstandard16)
      System.Linq (>= 4.3) - restriction: || (&& (== net461) (< net45)) (&& (== net461) (>= dnxcore50)) (== netstandard16)
      System.Linq.Expressions (>= 4.3) - restriction: || (&& (== net461) (< net45)) (&& (== net461) (>= dnxcore50)) (== netstandard16)
      System.Reflection (>= 4.3) - restriction: || (&& (== net461) (< net45)) (&& (== net461) (>= dnxcore50)) (== netstandard16)
      System.Reflection.Extensions (>= 4.3) - restriction: || (&& (== net461) (< net45)) (&& (== net461) (>= dnxcore50)) (== netstandard16)
      System.Resources.ResourceManager (>= 4.3) - restriction: || (&& (== net461) (< net45)) (&& (== net461) (>= dnxcore50)) (== netstandard16)
      System.Runtime (>= 4.3) - restriction: || (&& (== net461) (< net45)) (&& (== net461) (>= dnxcore50)) (== netstandard16)
    System.Net.Http (4.3.2)
      Microsoft.NETCore.Platforms (>= 1.1) - restriction: || (&& (== net461) (< net45)) (&& (== net461) (>= dnxcore50)) (== netstandard16)
      runtime.native.System (>= 4.3) - restriction: || (&& (== net461) (< net45)) (== netstandard16)
      runtime.native.System.Net.Http (>= 4.3) - restriction: || (&& (== net461) (< net45)) (== netstandard16)
      runtime.native.System.Security.Cryptography.OpenSsl (>= 4.3) - restriction: || (&& (== net461) (< net45)) (== netstandard16)
      System.Collections (>= 4.3) - restriction: || (&& (== net461) (< net45)) (&& (== net461) (>= dnxcore50)) (== netstandard16)
      System.Diagnostics.Debug (>= 4.3) - restriction: || (&& (== net461) (< net45)) (&& (== net461) (>= dnxcore50)) (== netstandard16)
      System.Diagnostics.DiagnosticSource (>= 4.3) - restriction: || (&& (== net461) (< net45)) (&& (== net461) (>= dnxcore50)) (== netstandard16)
      System.Diagnostics.Tracing (>= 4.3) - restriction: || (&& (== net461) (< net45)) (&& (== net461) (>= dnxcore50)) (== netstandard16)
      System.Globalization (>= 4.3) - restriction: || (&& (== net461) (< net45)) (&& (== net461) (>= dnxcore50)) (== netstandard16)
      System.Globalization.Extensions (>= 4.3) - restriction: || (&& (== net461) (< net45)) (== netstandard16)
      System.IO (>= 4.3) - restriction: || (&& (== net461) (< net45)) (&& (== net461) (>= dnxcore50)) (== netstandard16)
      System.IO.FileSystem (>= 4.3) - restriction: || (&& (== net461) (< net45)) (== netstandard16)
      System.Net.Primitives (>= 4.3) - restriction: || (&& (== net461) (< net45)) (&& (== net461) (>= dnxcore50)) (== netstandard16)
      System.Resources.ResourceManager (>= 4.3) - restriction: || (&& (== net461) (< net45)) (&& (== net461) (>= dnxcore50)) (== netstandard16)
      System.Runtime (>= 4.3) - restriction: || (&& (== net461) (< net45)) (&& (== net461) (>= dnxcore50)) (== netstandard16)
      System.Runtime.Extensions (>= 4.3) - restriction: || (&& (== net461) (< net45)) (&& (== net461) (>= dnxcore50)) (== netstandard16)
      System.Runtime.Handles (>= 4.3) - restriction: || (&& (== net461) (< net45)) (== netstandard16)
      System.Runtime.InteropServices (>= 4.3) - restriction: || (&& (== net461) (< net45)) (&& (== net461) (>= dnxcore50)) (== netstandard16)
      System.Security.Cryptography.Algorithms (>= 4.3) - restriction: || (&& (== net461) (< net45)) (== netstandard16)
      System.Security.Cryptography.Encoding (>= 4.3) - restriction: || (&& (== net461) (< net45)) (== netstandard16)
      System.Security.Cryptography.OpenSsl (>= 4.3) - restriction: || (&& (== net461) (< net45)) (== netstandard16)
      System.Security.Cryptography.Primitives (>= 4.3) - restriction: || (&& (== net461) (< net45)) (== netstandard16)
      System.Security.Cryptography.X509Certificates (>= 4.3)
      System.Text.Encoding (>= 4.3) - restriction: || (&& (== net461) (< net45)) (&& (== net461) (>= dnxcore50)) (== netstandard16)
      System.Threading (>= 4.3) - restriction: || (&& (== net461) (< net45)) (&& (== net461) (>= dnxcore50)) (== netstandard16)
      System.Threading.Tasks (>= 4.3) - restriction: || (&& (== net461) (< net45)) (&& (== net461) (>= dnxcore50)) (== netstandard16)
    System.Net.Primitives (4.3)
      Microsoft.NETCore.Platforms (>= 1.1) - restriction: || (&& (== net461) (< net45)) (&& (== net461) (>= dnxcore50)) (&& (== net461) (< netstandard11)) (== netstandard16)
      Microsoft.NETCore.Targets (>= 1.1) - restriction: || (&& (== net461) (< net45)) (&& (== net461) (>= dnxcore50)) (&& (== net461) (< netstandard11)) (== netstandard16)
      System.Runtime (>= 4.3) - restriction: || (&& (== net461) (< net45)) (&& (== net461) (>= dnxcore50)) (&& (== net461) (< netstandard11)) (== netstandard16)
      System.Runtime.Handles (>= 4.3) - restriction: || (&& (== net461) (< net45)) (&& (== net461) (>= dnxcore50)) (== netstandard16)
    System.Net.Requests (4.3)
      Microsoft.NETCore.Platforms (>= 1.1) - restriction: || (&& (== net461) (< net45)) (== netstandard16)
      System.Collections (>= 4.3) - restriction: || (&& (== net461) (< net45)) (&& (== net461) (>= dnxcore50)) (== netstandard16)
      System.Diagnostics.Debug (>= 4.3) - restriction: || (&& (== net461) (< net45)) (&& (== net461) (>= dnxcore50)) (== netstandard16)
      System.Diagnostics.Tracing (>= 4.3) - restriction: || (&& (== net461) (< net45)) (&& (== net461) (>= dnxcore50)) (== netstandard16)
      System.Globalization (>= 4.3) - restriction: || (&& (== net461) (< net45)) (&& (== net461) (>= dnxcore50)) (== netstandard16)
      System.IO (>= 4.3) - restriction: || (&& (== net461) (< net45)) (&& (== net461) (>= dnxcore50)) (&& (== net461) (< netstandard11)) (== netstandard16)
      System.Net.Http (>= 4.3) - restriction: || (&& (== net461) (< net45)) (&& (== net461) (>= dnxcore50)) (== netstandard16)
      System.Net.Primitives (>= 4.3) - restriction: || (&& (== net461) (< net45)) (&& (== net461) (>= dnxcore50)) (&& (== net461) (< netstandard11)) (== netstandard16)
      System.Net.WebHeaderCollection (>= 4.3) - restriction: || (&& (== net461) (< net45)) (&& (== net461) (>= dnxcore50)) (== netstandard16)
      System.Resources.ResourceManager (>= 4.3) - restriction: || (&& (== net461) (< net45)) (&& (== net461) (>= dnxcore50)) (== netstandard16)
      System.Runtime (>= 4.3) - restriction: || (&& (== net461) (< net45)) (&& (== net461) (>= dnxcore50)) (&& (== net461) (< netstandard11)) (== netstandard16)
      System.Threading (>= 4.3) - restriction: || (&& (== net461) (< net45)) (&& (== net461) (>= dnxcore50)) (== netstandard16)
      System.Threading.Tasks (>= 4.3) - restriction: || (&& (== net461) (< net45)) (&& (== net461) (>= dnxcore50)) (== netstandard16)
    System.Net.Sockets (4.3)
      Microsoft.NETCore.Platforms (>= 1.1) - restriction: || (&& (== net461) (< net46)) (== netstandard16)
      Microsoft.NETCore.Targets (>= 1.1) - restriction: || (&& (== net461) (< net46)) (== netstandard16)
      System.IO (>= 4.3) - restriction: || (&& (== net461) (< net46)) (== netstandard16)
      System.Net.Primitives (>= 4.3) - restriction: || (&& (== net461) (< net46)) (== netstandard16)
      System.Runtime (>= 4.3) - restriction: || (&& (== net461) (< net46)) (== netstandard16)
      System.Threading.Tasks (>= 4.3) - restriction: || (&& (== net461) (< net46)) (== netstandard16)
    System.Net.WebHeaderCollection (4.3) - restriction: || (&& (== net461) (== netstandard16)) (&& (== net461) (< net45)) (&& (== net461) (>= dnxcore50)) (== netstandard16)
      System.Collections (>= 4.3) - restriction: || (&& (== net461) (< net46)) (== netstandard16)
      System.Resources.ResourceManager (>= 4.3) - restriction: || (&& (== net461) (< net46)) (== netstandard16)
      System.Runtime (>= 4.3) - restriction: || (&& (== net461) (< net46)) (== netstandard16)
      System.Runtime.Extensions (>= 4.3) - restriction: || (&& (== net461) (< net46)) (== netstandard16)
    System.ObjectModel (4.3)
      System.Collections (>= 4.3) - restriction: || (&& (== net461) (< net45)) (&& (== net461) (>= dnxcore50)) (== netstandard16)
      System.Diagnostics.Debug (>= 4.3) - restriction: || (&& (== net461) (< net45)) (&& (== net461) (>= dnxcore50)) (== netstandard16)
      System.Resources.ResourceManager (>= 4.3) - restriction: || (&& (== net461) (< net45)) (&& (== net461) (>= dnxcore50)) (== netstandard16)
      System.Runtime (>= 4.3) - restriction: || (&& (== net461) (< net45)) (&& (== net461) (>= dnxcore50)) (== netstandard16)
      System.Threading (>= 4.3) - restriction: || (&& (== net461) (< net45)) (&& (== net461) (>= dnxcore50)) (== netstandard16)
    System.Reflection (4.3)
      Microsoft.NETCore.Platforms (>= 1.1) - restriction: || (&& (== net461) (< net45)) (&& (== net461) (>= dnxcore50)) (== netstandard16)
      Microsoft.NETCore.Targets (>= 1.1) - restriction: || (&& (== net461) (< net45)) (&& (== net461) (>= dnxcore50)) (== netstandard16)
      System.IO (>= 4.3) - restriction: || (&& (== net461) (< net45)) (&& (== net461) (>= dnxcore50)) (== netstandard16)
      System.Reflection.Primitives (>= 4.3) - restriction: || (&& (== net461) (< net45)) (&& (== net461) (>= dnxcore50)) (== netstandard16)
      System.Runtime (>= 4.3) - restriction: || (&& (== net461) (< net45)) (&& (== net461) (>= dnxcore50)) (== netstandard16)
    System.Reflection.Emit (4.3) - restriction: || (&& (== net461) (== netstandard16)) (&& (== net461) (< net45)) (== netstandard16)
      System.IO (>= 4.3) - restriction: || (&& (== net461) (< net45)) (== netstandard16)
      System.Reflection (>= 4.3) - restriction: || (&& (== net461) (< net45)) (== netstandard16)
      System.Reflection.Emit.ILGeneration (>= 4.3) - restriction: || (&& (== net461) (< net45)) (== netstandard16)
      System.Reflection.Primitives (>= 4.3) - restriction: || (&& (== net461) (< net45)) (== netstandard16)
      System.Runtime (>= 4.3) - restriction: || (&& (== net461) (< net45)) (== netstandard16)
    System.Reflection.Emit.ILGeneration (4.3) - restriction: || (&& (== net461) (< net45)) (&& (== net461) (>= dnxcore50)) (== netstandard16)
      System.Reflection (>= 4.3) - restriction: || (&& (== net461) (< net45)) (== netstandard16)
      System.Reflection.Primitives (>= 4.3) - restriction: || (&& (== net461) (< net45)) (== netstandard16)
      System.Runtime (>= 4.3) - restriction: || (&& (== net461) (< net45)) (== netstandard16)
    System.Reflection.Emit.Lightweight (4.3) - restriction: || (&& (== net461) (== netstandard16)) (&& (== net461) (< net45)) (&& (== net461) (>= dnxcore50)) (== netstandard16)
      System.Reflection (>= 4.3) - restriction: || (&& (== net461) (< net45)) (== netstandard16)
      System.Reflection.Emit.ILGeneration (>= 4.3) - restriction: || (&& (== net461) (< net45)) (== netstandard16)
      System.Reflection.Primitives (>= 4.3) - restriction: || (&& (== net461) (< net45)) (== netstandard16)
      System.Runtime (>= 4.3) - restriction: || (&& (== net461) (< net45)) (== netstandard16)
    System.Reflection.Extensions (4.3)
      Microsoft.NETCore.Platforms (>= 1.1) - restriction: || (&& (== net461) (< net45)) (&& (== net461) (>= dnxcore50)) (== netstandard16)
      Microsoft.NETCore.Targets (>= 1.1) - restriction: || (&& (== net461) (< net45)) (&& (== net461) (>= dnxcore50)) (== netstandard16)
      System.Reflection (>= 4.3) - restriction: || (&& (== net461) (< net45)) (&& (== net461) (>= dnxcore50)) (== netstandard16)
      System.Runtime (>= 4.3) - restriction: || (&& (== net461) (< net45)) (&& (== net461) (>= dnxcore50)) (== netstandard16)
    System.Reflection.Metadata (1.4.2) - restriction: || (== net461) (&& (== net461) (== netstandard16)) (&& (== netstandard16) (>= net46))
      System.Collections.Immutable (>= 1.3.1)
    System.Reflection.Primitives (4.3)
      Microsoft.NETCore.Platforms (>= 1.1) - restriction: || (&& (== net461) (< net45)) (&& (== net461) (>= dnxcore50)) (== netstandard16)
      Microsoft.NETCore.Targets (>= 1.1) - restriction: || (&& (== net461) (< net45)) (&& (== net461) (>= dnxcore50)) (== netstandard16)
      System.Runtime (>= 4.3) - restriction: || (&& (== net461) (< net45)) (&& (== net461) (>= dnxcore50)) (== netstandard16)
    System.Reflection.TypeExtensions (4.3) - restriction: || (&& (== net461) (== netstandard16)) (&& (== net461) (< net45)) (&& (== net461) (>= dnxcore50)) (== netstandard16)
      System.Reflection (>= 4.3) - restriction: || (&& (== net461) (< net46)) (&& (== net461) (>= net462)) (&& (== net461) (>= dnxcore50)) (== netstandard16)
      System.Runtime (>= 4.3) - restriction: || (&& (== net461) (< net46)) (&& (== net461) (>= dnxcore50)) (== netstandard16)
    System.Resources.ResourceManager (4.3)
      Microsoft.NETCore.Platforms (>= 1.1) - restriction: || (&& (== net461) (< net45)) (&& (== net461) (>= dnxcore50)) (== netstandard16)
      Microsoft.NETCore.Targets (>= 1.1) - restriction: || (&& (== net461) (< net45)) (&& (== net461) (>= dnxcore50)) (== netstandard16)
      System.Globalization (>= 4.3) - restriction: || (&& (== net461) (< net45)) (&& (== net461) (>= dnxcore50)) (== netstandard16)
      System.Reflection (>= 4.3) - restriction: || (&& (== net461) (< net45)) (&& (== net461) (>= dnxcore50)) (== netstandard16)
      System.Runtime (>= 4.3) - restriction: || (&& (== net461) (< net45)) (&& (== net461) (>= dnxcore50)) (== netstandard16)
    System.Runtime (4.3)
      Microsoft.NETCore.Platforms (>= 1.1) - restriction: || (&& (== net461) (< net45)) (&& (== net461) (>= dnxcore50)) (== netstandard16)
      Microsoft.NETCore.Targets (>= 1.1) - restriction: || (&& (== net461) (< net45)) (&& (== net461) (>= dnxcore50)) (== netstandard16)
    System.Runtime.Extensions (4.3)
      Microsoft.NETCore.Platforms (>= 1.1) - restriction: || (&& (== net461) (< net45)) (&& (== net461) (>= dnxcore50)) (== netstandard16)
      Microsoft.NETCore.Targets (>= 1.1) - restriction: || (&& (== net461) (< net45)) (&& (== net461) (>= dnxcore50)) (== netstandard16)
      System.Runtime (>= 4.3) - restriction: || (&& (== net461) (< net45)) (&& (== net461) (>= dnxcore50)) (== netstandard16)
    System.Runtime.Handles (4.3)
      Microsoft.NETCore.Platforms (>= 1.1) - restriction: || (&& (== net461) (< net46)) (== netstandard16)
      Microsoft.NETCore.Targets (>= 1.1) - restriction: || (&& (== net461) (< net46)) (== netstandard16)
      System.Runtime (>= 4.3) - restriction: || (&& (== net461) (< net46)) (== netstandard16)
    System.Runtime.InteropServices (4.3)
      Microsoft.NETCore.Platforms (>= 1.1) - restriction: || (&& (== net461) (< net45)) (&& (== net461) (>= dnxcore50)) (&& (== net461) (>= netcore11)) (== netstandard16)
      Microsoft.NETCore.Targets (>= 1.1) - restriction: || (&& (== net461) (< net45)) (&& (== net461) (>= dnxcore50)) (&& (== net461) (>= netcore11)) (== netstandard16)
      System.Reflection (>= 4.3) - restriction: || (&& (== net461) (< net45)) (&& (== net461) (>= dnxcore50)) (&& (== net461) (>= netcore11)) (== netstandard16)
      System.Reflection.Primitives (>= 4.3) - restriction: || (&& (== net461) (< net45)) (&& (== net461) (>= dnxcore50)) (&& (== net461) (>= netcore11)) (== netstandard16)
      System.Runtime (>= 4.3) - restriction: || (&& (== net461) (< net45)) (&& (== net461) (>= net462)) (&& (== net461) (>= dnxcore50)) (&& (== net461) (>= netcore11)) (== netstandard16)
      System.Runtime.Handles (>= 4.3) - restriction: || (&& (== net461) (< net45)) (&& (== net461) (>= dnxcore50)) (&& (== net461) (>= netcore11)) (== netstandard16)
    System.Runtime.InteropServices.RuntimeInformation (4.3)
      runtime.native.System (>= 4.3) - restriction: || (&& (== net461) (< net45)) (== netstandard16)
      System.Reflection (>= 4.3) - restriction: || (&& (== net461) (< net45)) (&& (== net461) (>= dnxcore50)) (== netstandard16)
      System.Reflection.Extensions (>= 4.3) - restriction: || (&& (== net461) (< net45)) (&& (== net461) (>= dnxcore50)) (== netstandard16)
      System.Resources.ResourceManager (>= 4.3) - restriction: || (&& (== net461) (< net45)) (&& (== net461) (>= dnxcore50)) (== netstandard16)
      System.Runtime (>= 4.3) - restriction: || (&& (== net461) (< net45)) (&& (== net461) (>= dnxcore50)) (== netstandard16)
      System.Runtime.InteropServices (>= 4.3) - restriction: || (&& (== net461) (< net45)) (== netstandard16)
      System.Threading (>= 4.3) - restriction: || (&& (== net461) (< net45)) (&& (== net461) (>= dnxcore50)) (== netstandard16)
    System.Runtime.Numerics (4.3)
      System.Globalization (>= 4.3) - restriction: || (&& (== net461) (< net45)) (&& (== net461) (>= dnxcore50)) (== netstandard16)
      System.Resources.ResourceManager (>= 4.3) - restriction: || (&& (== net461) (< net45)) (&& (== net461) (>= dnxcore50)) (== netstandard16)
      System.Runtime (>= 4.3) - restriction: || (&& (== net461) (< net45)) (&& (== net461) (>= dnxcore50)) (== netstandard16)
      System.Runtime.Extensions (>= 4.3) - restriction: || (&& (== net461) (< net45)) (&& (== net461) (>= dnxcore50)) (== netstandard16)
    System.Security.Cryptography.Algorithms (4.3)
      Microsoft.NETCore.Platforms (>= 1.1) - restriction: || (&& (== net461) (< net46)) (&& (== net461) (>= dnxcore50)) (== netstandard16)
      runtime.native.System.Security.Cryptography.Apple (>= 4.3) - restriction: || (&& (== net461) (< net46)) (== netstandard16)
      runtime.native.System.Security.Cryptography.OpenSsl (>= 4.3) - restriction: || (&& (== net461) (< net46)) (== netstandard16)
      System.Collections (>= 4.3) - restriction: || (&& (== net461) (< net46)) (== netstandard16)
      System.IO (>= 4.3) - restriction: || (&& (== net461) (< net46)) (&& (== net461) (>= net463)) (&& (== net461) (>= dnxcore50)) (== netstandard16)
      System.Resources.ResourceManager (>= 4.3) - restriction: || (&& (== net461) (< net46)) (&& (== net461) (>= dnxcore50)) (== netstandard16)
      System.Runtime (>= 4.3) - restriction: || (&& (== net461) (< net46)) (&& (== net461) (>= net463)) (&& (== net461) (>= dnxcore50)) (== netstandard16)
      System.Runtime.Extensions (>= 4.3) - restriction: || (&& (== net461) (< net46)) (&& (== net461) (>= dnxcore50)) (== netstandard16)
      System.Runtime.Handles (>= 4.3) - restriction: || (&& (== net461) (< net46)) (&& (== net461) (>= dnxcore50)) (== netstandard16)
      System.Runtime.InteropServices (>= 4.3) - restriction: || (&& (== net461) (< net46)) (&& (== net461) (>= dnxcore50)) (== netstandard16)
      System.Runtime.Numerics (>= 4.3) - restriction: || (&& (== net461) (< net46)) (== netstandard16)
      System.Security.Cryptography.Encoding (>= 4.3) - restriction: || (&& (== net461) (< net46)) (&& (== net461) (>= net463)) (&& (== net461) (>= dnxcore50)) (== netstandard16)
      System.Security.Cryptography.Primitives (>= 4.3)
      System.Text.Encoding (>= 4.3) - restriction: || (&& (== net461) (< net46)) (&& (== net461) (>= dnxcore50)) (== netstandard16)
    System.Security.Cryptography.Cng (4.3) - restriction: || (&& (== net461) (== netstandard16)) (&& (== net461) (< net46)) (&& (== net461) (>= dnxcore50)) (== netstandard16)
      Microsoft.NETCore.Platforms (>= 1.1) - restriction: || (&& (== net461) (< net46)) (== netstandard16)
      System.IO (>= 4.3) - restriction: || (&& (== net461) (< net46)) (== netstandard16)
      System.Resources.ResourceManager (>= 4.3) - restriction: || (&& (== net461) (< net46)) (== netstandard16)
      System.Runtime (>= 4.3) - restriction: || (&& (== net461) (< net46)) (== netstandard16)
      System.Runtime.Extensions (>= 4.3) - restriction: || (&& (== net461) (< net46)) (== netstandard16)
      System.Runtime.Handles (>= 4.3) - restriction: || (&& (== net461) (< net46)) (== netstandard16)
      System.Runtime.InteropServices (>= 4.3) - restriction: || (&& (== net461) (< net46)) (== netstandard16)
      System.Security.Cryptography.Algorithms (>= 4.3)
      System.Security.Cryptography.Encoding (>= 4.3) - restriction: || (&& (== net461) (< net46)) (== netstandard16)
      System.Security.Cryptography.Primitives (>= 4.3)
      System.Text.Encoding (>= 4.3) - restriction: || (&& (== net461) (< net46)) (== netstandard16)
    System.Security.Cryptography.Csp (4.3) - restriction: || (&& (== net461) (< net35)) (&& (== net461) (< net46)) (== netstandard16)
      Microsoft.NETCore.Platforms (>= 1.1) - restriction: || (&& (== net461) (< net46)) (== netstandard16)
      System.IO (>= 4.3) - restriction: || (&& (== net461) (< net46)) (== netstandard16)
      System.Reflection (>= 4.3) - restriction: || (&& (== net461) (< net46)) (== netstandard16)
      System.Resources.ResourceManager (>= 4.3) - restriction: || (&& (== net461) (< net46)) (== netstandard16)
      System.Runtime (>= 4.3) - restriction: || (&& (== net461) (< net46)) (== netstandard16)
      System.Runtime.Extensions (>= 4.3) - restriction: || (&& (== net461) (< net46)) (== netstandard16)
      System.Runtime.Handles (>= 4.3) - restriction: || (&& (== net461) (< net46)) (== netstandard16)
      System.Runtime.InteropServices (>= 4.3) - restriction: || (&& (== net461) (< net46)) (== netstandard16)
      System.Security.Cryptography.Algorithms (>= 4.3)
      System.Security.Cryptography.Encoding (>= 4.3) - restriction: || (&& (== net461) (< net46)) (== netstandard16)
      System.Security.Cryptography.Primitives (>= 4.3)
      System.Text.Encoding (>= 4.3) - restriction: || (&& (== net461) (< net46)) (== netstandard16)
      System.Threading (>= 4.3) - restriction: || (&& (== net461) (< net46)) (== netstandard16)
    System.Security.Cryptography.Encoding (4.3)
      Microsoft.NETCore.Platforms (>= 1.1) - restriction: || (&& (== net461) (< net46)) (== netstandard16)
      runtime.native.System.Security.Cryptography.OpenSsl (>= 4.3) - restriction: || (&& (== net461) (< net46)) (== netstandard16)
      System.Collections (>= 4.3) - restriction: || (&& (== net461) (< net46)) (== netstandard16)
      System.Collections.Concurrent (>= 4.3) - restriction: || (&& (== net461) (< net46)) (== netstandard16)
      System.Linq (>= 4.3) - restriction: || (&& (== net461) (< net46)) (== netstandard16)
      System.Resources.ResourceManager (>= 4.3) - restriction: || (&& (== net461) (< net46)) (== netstandard16)
      System.Runtime (>= 4.3) - restriction: || (&& (== net461) (< net46)) (== netstandard16)
      System.Runtime.Extensions (>= 4.3) - restriction: || (&& (== net461) (< net46)) (== netstandard16)
      System.Runtime.Handles (>= 4.3) - restriction: || (&& (== net461) (< net46)) (== netstandard16)
      System.Runtime.InteropServices (>= 4.3) - restriction: || (&& (== net461) (< net46)) (== netstandard16)
      System.Security.Cryptography.Primitives (>= 4.3) - restriction: || (&& (== net461) (< net46)) (== netstandard16)
      System.Text.Encoding (>= 4.3) - restriction: || (&& (== net461) (< net46)) (== netstandard16)
    System.Security.Cryptography.OpenSsl (4.3) - restriction: || (&& (== net461) (< net45)) (&& (== net461) (< net46)) (== netstandard16)
      runtime.native.System.Security.Cryptography.OpenSsl (>= 4.3)
      System.Collections (>= 4.3)
      System.IO (>= 4.3)
      System.Resources.ResourceManager (>= 4.3)
      System.Runtime (>= 4.3)
      System.Runtime.Extensions (>= 4.3)
      System.Runtime.Handles (>= 4.3)
      System.Runtime.InteropServices (>= 4.3)
      System.Runtime.Numerics (>= 4.3)
      System.Security.Cryptography.Algorithms (>= 4.3)
      System.Security.Cryptography.Encoding (>= 4.3)
      System.Security.Cryptography.Primitives (>= 4.3)
      System.Text.Encoding (>= 4.3)
    System.Security.Cryptography.Primitives (4.3)
      System.Diagnostics.Debug (>= 4.3) - restriction: || (&& (== net461) (< net46)) (== netstandard16)
      System.Globalization (>= 4.3) - restriction: || (&& (== net461) (< net46)) (== netstandard16)
      System.IO (>= 4.3) - restriction: || (&& (== net461) (< net46)) (== netstandard16)
      System.Resources.ResourceManager (>= 4.3) - restriction: || (&& (== net461) (< net46)) (== netstandard16)
      System.Runtime (>= 4.3) - restriction: || (&& (== net461) (< net46)) (== netstandard16)
      System.Threading (>= 4.3) - restriction: || (&& (== net461) (< net46)) (== netstandard16)
      System.Threading.Tasks (>= 4.3) - restriction: || (&& (== net461) (< net46)) (== netstandard16)
    System.Security.Cryptography.X509Certificates (4.3)
      Microsoft.NETCore.Platforms (>= 1.1) - restriction: || (&& (== net461) (< net46)) (&& (== net461) (>= dnxcore50)) (== netstandard16)
      runtime.native.System (>= 4.3) - restriction: || (&& (== net461) (< net46)) (== netstandard16)
      runtime.native.System.Net.Http (>= 4.3) - restriction: || (&& (== net461) (< net46)) (== netstandard16)
      runtime.native.System.Security.Cryptography.OpenSsl (>= 4.3) - restriction: || (&& (== net461) (< net46)) (== netstandard16)
      System.Collections (>= 4.3) - restriction: || (&& (== net461) (< net46)) (&& (== net461) (>= dnxcore50)) (== netstandard16)
      System.Diagnostics.Debug (>= 4.3) - restriction: || (&& (== net461) (< net46)) (== netstandard16)
      System.Globalization (>= 4.3) - restriction: || (&& (== net461) (< net46)) (&& (== net461) (>= dnxcore50)) (== netstandard16)
      System.Globalization.Calendars (>= 4.3) - restriction: || (&& (== net461) (< net46)) (&& (== net461) (>= dnxcore50)) (== netstandard16)
      System.IO (>= 4.3) - restriction: || (&& (== net461) (< net46)) (&& (== net461) (>= dnxcore50)) (== netstandard16)
      System.IO.FileSystem (>= 4.3) - restriction: || (&& (== net461) (< net46)) (&& (== net461) (>= dnxcore50)) (== netstandard16)
      System.IO.FileSystem.Primitives (>= 4.3) - restriction: || (&& (== net461) (< net46)) (== netstandard16)
      System.Resources.ResourceManager (>= 4.3) - restriction: || (&& (== net461) (< net46)) (&& (== net461) (>= dnxcore50)) (== netstandard16)
      System.Runtime (>= 4.3) - restriction: || (&& (== net461) (< net46)) (&& (== net461) (>= dnxcore50)) (== netstandard16)
      System.Runtime.Extensions (>= 4.3) - restriction: || (&& (== net461) (< net46)) (&& (== net461) (>= dnxcore50)) (== netstandard16)
      System.Runtime.Handles (>= 4.3) - restriction: || (&& (== net461) (< net46)) (&& (== net461) (>= dnxcore50)) (== netstandard16)
      System.Runtime.InteropServices (>= 4.3) - restriction: || (&& (== net461) (< net46)) (&& (== net461) (>= dnxcore50)) (== netstandard16)
      System.Runtime.Numerics (>= 4.3) - restriction: || (&& (== net461) (< net46)) (&& (== net461) (>= dnxcore50)) (== netstandard16)
      System.Security.Cryptography.Algorithms (>= 4.3)
      System.Security.Cryptography.Cng (>= 4.3) - restriction: || (&& (== net461) (< net46)) (&& (== net461) (>= dnxcore50)) (== netstandard16)
      System.Security.Cryptography.Csp (>= 4.3) - restriction: || (&& (== net461) (< net46)) (== netstandard16)
      System.Security.Cryptography.Encoding (>= 4.3)
      System.Security.Cryptography.OpenSsl (>= 4.3) - restriction: || (&& (== net461) (< net46)) (== netstandard16)
      System.Security.Cryptography.Primitives (>= 4.3) - restriction: || (&& (== net461) (< net46)) (&& (== net461) (>= dnxcore50)) (== netstandard16)
      System.Text.Encoding (>= 4.3) - restriction: || (&& (== net461) (< net46)) (&& (== net461) (>= dnxcore50)) (== netstandard16)
      System.Threading (>= 4.3) - restriction: || (&& (== net461) (< net46)) (&& (== net461) (>= dnxcore50)) (== netstandard16)
    System.Text.Encoding (4.3)
      Microsoft.NETCore.Platforms (>= 1.1) - restriction: || (&& (== net461) (< net45)) (&& (== net461) (>= dnxcore50)) (== netstandard16)
      Microsoft.NETCore.Targets (>= 1.1) - restriction: || (&& (== net461) (< net45)) (&& (== net461) (>= dnxcore50)) (== netstandard16)
      System.Runtime (>= 4.3) - restriction: || (&& (== net461) (< net45)) (&& (== net461) (>= dnxcore50)) (== netstandard16)
    System.Text.Encoding.CodePages (4.3) - restriction: || (== net461) (&& (== net461) (== netstandard16)) (&& (== netstandard16) (>= net46))
    System.Text.Encoding.Extensions (4.3)
      Microsoft.NETCore.Platforms (>= 1.1) - restriction: || (&& (== net461) (< net45)) (&& (== net461) (>= dnxcore50)) (== netstandard16)
      Microsoft.NETCore.Targets (>= 1.1) - restriction: || (&& (== net461) (< net45)) (&& (== net461) (>= dnxcore50)) (== netstandard16)
      System.Runtime (>= 4.3) - restriction: || (&& (== net461) (< net45)) (&& (== net461) (>= dnxcore50)) (== netstandard16)
      System.Text.Encoding (>= 4.3) - restriction: || (&& (== net461) (< net45)) (&& (== net461) (>= dnxcore50)) (== netstandard16)
    System.Text.RegularExpressions (4.3)
      System.Collections (>= 4.3) - restriction: || (&& (== net461) (< net45)) (&& (== net461) (>= dnxcore50)) (== netstandard16)
      System.Globalization (>= 4.3) - restriction: || (&& (== net461) (< net45)) (&& (== net461) (>= dnxcore50)) (== netstandard16)
      System.Resources.ResourceManager (>= 4.3) - restriction: || (&& (== net461) (< net45)) (&& (== net461) (>= dnxcore50)) (== netstandard16)
      System.Runtime (>= 4.3) - restriction: || (&& (== net461) (< net45)) (&& (== net461) (>= dnxcore50)) (&& (== net461) (>= netcore11)) (== netstandard16)
      System.Runtime.Extensions (>= 4.3) - restriction: || (&& (== net461) (< net45)) (&& (== net461) (>= dnxcore50)) (== netstandard16)
      System.Threading (>= 4.3) - restriction: || (&& (== net461) (< net45)) (&& (== net461) (>= dnxcore50)) (== netstandard16)
    System.Threading (4.3)
      System.Runtime (>= 4.3) - restriction: || (&& (== net461) (< net45)) (&& (== net461) (>= dnxcore50)) (== netstandard16)
      System.Threading.Tasks (>= 4.3) - restriction: || (&& (== net461) (< net45)) (&& (== net461) (>= dnxcore50)) (== netstandard16)
    System.Threading.Tasks (4.3)
    System.Threading.Tasks.Extensions (4.3)
    System.Threading.Tasks.Parallel (4.3)
      System.Collections.Concurrent (>= 4.3) - restriction: || (&& (== net461) (< net45)) (&& (== net461) (>= dnxcore50)) (== netstandard16)
      System.Diagnostics.Debug (>= 4.3) - restriction: || (&& (== net461) (< net45)) (&& (== net461) (>= dnxcore50)) (== netstandard16)
      System.Diagnostics.Tracing (>= 4.3) - restriction: || (&& (== net461) (< net45)) (&& (== net461) (>= dnxcore50)) (== netstandard16)
      System.Resources.ResourceManager (>= 4.3) - restriction: || (&& (== net461) (< net45)) (&& (== net461) (>= dnxcore50)) (== netstandard16)
      System.Runtime (>= 4.3) - restriction: || (&& (== net461) (< net45)) (&& (== net461) (>= dnxcore50)) (== netstandard16)
      System.Runtime.Extensions (>= 4.3) - restriction: || (&& (== net461) (< net45)) (&& (== net461) (>= dnxcore50)) (== netstandard16)
      System.Threading (>= 4.3) - restriction: || (&& (== net461) (< net45)) (&& (== net461) (>= dnxcore50)) (== netstandard16)
      System.Threading.Tasks (>= 4.3) - restriction: || (&& (== net461) (< net45)) (&& (== net461) (>= dnxcore50)) (== netstandard16)
    System.Threading.Thread (4.3)
      System.Runtime (>= 4.3) - restriction: || (&& (== net461) (< net46)) (== netstandard16)
    System.Threading.ThreadPool (4.3)
      System.Runtime (>= 4.3) - restriction: || (&& (== net461) (< net46)) (== netstandard16)
      System.Runtime.Handles (>= 4.3) - restriction: || (&& (== net461) (< net46)) (== netstandard16)
    System.Threading.Timer (4.3)
      Microsoft.NETCore.Platforms (>= 1.1) - restriction: || (&& (== net461) (< net451)) (&& (== net461) (>= dnxcore50)) (== netstandard16)
      Microsoft.NETCore.Targets (>= 1.1) - restriction: || (&& (== net461) (< net451)) (&& (== net461) (>= dnxcore50)) (== netstandard16)
      System.Runtime (>= 4.3) - restriction: || (&& (== net461) (< net451)) (&& (== net461) (>= dnxcore50)) (== netstandard16)
    System.ValueTuple (4.3.1) - restriction: || (== net461) (&& (== net461) (== netstandard16)) (&& (== netstandard16) (>= net46)) (&& (== netstandard16) (>= netcore11))
    System.Xml.ReaderWriter (4.3)
      System.Collections (>= 4.3) - restriction: || (&& (== net461) (< net45)) (&& (== net461) (>= dnxcore50)) (== netstandard16)
      System.Diagnostics.Debug (>= 4.3) - restriction: || (&& (== net461) (< net45)) (&& (== net461) (>= dnxcore50)) (== netstandard16)
      System.Globalization (>= 4.3) - restriction: || (&& (== net461) (< net45)) (&& (== net461) (>= dnxcore50)) (== netstandard16)
      System.IO (>= 4.3) - restriction: || (&& (== net461) (< net45)) (&& (== net461) (>= dnxcore50)) (== netstandard16)
      System.IO.FileSystem (>= 4.3) - restriction: || (&& (== net461) (< net45)) (&& (== net461) (>= dnxcore50)) (== netstandard16)
      System.IO.FileSystem.Primitives (>= 4.3) - restriction: || (&& (== net461) (< net45)) (&& (== net461) (>= dnxcore50)) (== netstandard16)
      System.Resources.ResourceManager (>= 4.3) - restriction: || (&& (== net461) (< net45)) (&& (== net461) (>= dnxcore50)) (== netstandard16)
      System.Runtime (>= 4.3) - restriction: || (&& (== net461) (< net45)) (&& (== net461) (>= dnxcore50)) (== netstandard16)
      System.Runtime.Extensions (>= 4.3) - restriction: || (&& (== net461) (< net45)) (&& (== net461) (>= dnxcore50)) (== netstandard16)
      System.Runtime.InteropServices (>= 4.3) - restriction: || (&& (== net461) (< net45)) (&& (== net461) (>= dnxcore50)) (== netstandard16)
      System.Text.Encoding (>= 4.3) - restriction: || (&& (== net461) (< net45)) (&& (== net461) (>= dnxcore50)) (== netstandard16)
      System.Text.Encoding.Extensions (>= 4.3) - restriction: || (&& (== net461) (< net45)) (&& (== net461) (>= dnxcore50)) (== netstandard16)
      System.Text.RegularExpressions (>= 4.3) - restriction: || (&& (== net461) (< net45)) (&& (== net461) (>= dnxcore50)) (== netstandard16)
      System.Threading.Tasks (>= 4.3) - restriction: || (&& (== net461) (< net45)) (&& (== net461) (>= dnxcore50)) (== netstandard16)
      System.Threading.Tasks.Extensions (>= 4.3) - restriction: || (&& (== net461) (< net45)) (&& (== net461) (>= dnxcore50)) (== netstandard16)
    System.Xml.XDocument (4.3)
      System.Collections (>= 4.3) - restriction: || (&& (== net461) (< net45)) (&& (== net461) (>= dnxcore50)) (== netstandard16)
      System.Diagnostics.Debug (>= 4.3) - restriction: || (&& (== net461) (< net45)) (&& (== net461) (>= dnxcore50)) (== netstandard16)
      System.Diagnostics.Tools (>= 4.3) - restriction: || (&& (== net461) (< net45)) (&& (== net461) (>= dnxcore50)) (== netstandard16)
      System.Globalization (>= 4.3) - restriction: || (&& (== net461) (< net45)) (&& (== net461) (>= dnxcore50)) (== netstandard16)
      System.IO (>= 4.3) - restriction: || (&& (== net461) (< net45)) (&& (== net461) (>= dnxcore50)) (== netstandard16)
      System.Reflection (>= 4.3) - restriction: || (&& (== net461) (< net45)) (&& (== net461) (>= dnxcore50)) (== netstandard16)
      System.Resources.ResourceManager (>= 4.3) - restriction: || (&& (== net461) (< net45)) (&& (== net461) (>= dnxcore50)) (== netstandard16)
      System.Runtime (>= 4.3) - restriction: || (&& (== net461) (< net45)) (&& (== net461) (>= dnxcore50)) (== netstandard16)
      System.Runtime.Extensions (>= 4.3) - restriction: || (&& (== net461) (< net45)) (&& (== net461) (>= dnxcore50)) (== netstandard16)
      System.Text.Encoding (>= 4.3) - restriction: || (&& (== net461) (< net45)) (&& (== net461) (>= dnxcore50)) (== netstandard16)
      System.Threading (>= 4.3) - restriction: || (&& (== net461) (< net45)) (&& (== net461) (>= dnxcore50)) (== netstandard16)
      System.Xml.ReaderWriter (>= 4.3) - restriction: || (&& (== net461) (< net45)) (&& (== net461) (>= dnxcore50)) (== netstandard16)
    System.Xml.XmlDocument (4.3) - restriction: || (== net461) (&& (== net461) (== netstandard16)) (&& (== netstandard16) (>= net46))
    System.Xml.XPath (4.3) - restriction: || (== net461) (&& (== net461) (== netstandard16)) (&& (== netstandard16) (>= net46))
    System.Xml.XPath.XDocument (4.3) - restriction: || (== net461) (&& (== net461) (== netstandard16)) (&& (== netstandard16) (>= net46))
      System.Xml.XPath (>= 4.3)
GITHUB
  remote: logary/logary
    src/Logary.Facade/Facade.fs (f1d5a7bd317381f014d50ed693e507505b207616)
GROUP build
NUGET
  remote: https://api.nuget.org/v3/index.json
    FAKE (4.61.3)
