REDIRECTS: ON
RESTRICTION: || (== net461) (== netstandard16) (== netcore11)
NUGET
  remote: https://api.nuget.org/v3/index.json
    Argu (3.7)
      FSharp.Core (>= 4.0.1.7-alpha)
      NETStandard.Library (>= 1.6)
      System.Xml.XDocument (>= 4.0.11)
    BenchmarkDotNet (0.10.6)
      BenchmarkDotNet.Core (>= 0.10.6) - restriction: || (== net461) (&& (== net461) (== netstandard16)) (&& (== net461) (== netcore11)) (&& (== netstandard16) (== netcore11)) (&& (== netstandard16) (>= net46)) (&& (== netstandard16) (>= netcore11)) (== netcore11)
      BenchmarkDotNet.Toolchains.Roslyn (>= 0.10.6) - restriction: || (== net461) (&& (== net461) (== netstandard16)) (&& (== net461) (== netcore11)) (&& (== netstandard16) (== netcore11) (>= net46)) (&& (== netstandard16) (>= net46)) (&& (== netcore11) (>= net46))
      Microsoft.NETCore.App (>= 1.1.2) - restriction: || (&& (== net461) (== netstandard16) (>= netcore11)) (&& (== net461) (== netcore11)) (&& (== net461) (>= netcore11)) (&& (== netstandard16) (== netcore11)) (&& (== netstandard16) (>= netcore11)) (== netcore11)
    BenchmarkDotNet.Core (0.10.6) - restriction: || (== net461) (&& (== netstandard16) (>= net46)) (&& (== netstandard16) (>= netcore11)) (== netcore11)
      Microsoft.DotNet.InternalAbstractions (>= 1.0) - restriction: || (== net461) (&& (== net461) (== netstandard16)) (&& (== net461) (== netcore11)) (&& (== netstandard16) (== netcore11)) (&& (== netstandard16) (>= net46)) (&& (== netstandard16) (>= netcore11)) (== netcore11)
      Microsoft.DotNet.PlatformAbstractions (>= 1.1.1) - restriction: || (== net461) (&& (== net461) (== netstandard16)) (&& (== net461) (== netcore11)) (&& (== netstandard16) (== netcore11)) (&& (== netstandard16) (>= net46)) (&& (== netstandard16) (>= netcore11)) (== netcore11)
      Microsoft.NETCore.App (>= 1.1.2) - restriction: || (&& (== net461) (== netstandard16) (>= netcore11)) (&& (== net461) (== netcore11)) (&& (== net461) (>= netcore11)) (&& (== netstandard16) (== netcore11)) (&& (== netstandard16) (>= netcore11)) (== netcore11)
      System.Reflection.Emit.Lightweight (>= 4.3) - restriction: || (&& (== net461) (== netstandard16) (>= netcore11)) (&& (== net461) (== netcore11)) (&& (== net461) (>= netcore11)) (&& (== netstandard16) (== netcore11)) (&& (== netstandard16) (>= netcore11)) (== netcore11)
      System.Runtime.Serialization.Primitives (>= 4.3) - restriction: || (&& (== net461) (== netstandard16) (>= netcore11)) (&& (== net461) (== netcore11)) (&& (== net461) (>= netcore11)) (&& (== netstandard16) (== netcore11)) (&& (== netstandard16) (>= netcore11)) (== netcore11)
      System.Threading.Tasks.Extensions (>= 4.3) - restriction: || (== net461) (&& (== net461) (== netstandard16)) (&& (== net461) (== netcore11)) (&& (== netstandard16) (== netcore11) (>= net46)) (&& (== netstandard16) (>= net46)) (&& (== netcore11) (>= net46))
      System.ValueTuple (>= 4.3) - restriction: || (== net461) (&& (== net461) (== netstandard16)) (&& (== net461) (== netcore11)) (&& (== netstandard16) (== netcore11)) (&& (== netstandard16) (>= net46)) (&& (== netstandard16) (>= netcore11)) (== netcore11)
      System.Xml.XPath.XmlDocument (>= 4.3) - restriction: || (&& (== net461) (== netstandard16) (>= netcore11)) (&& (== net461) (== netcore11)) (&& (== net461) (>= netcore11)) (&& (== netstandard16) (== netcore11)) (&& (== netstandard16) (>= netcore11)) (== netcore11)
    BenchmarkDotNet.Toolchains.Roslyn (0.10.6) - restriction: || (== net461) (&& (== netstandard16) (>= net46)) (&& (== netcore11) (>= net46))
      BenchmarkDotNet.Core (>= 0.10.6) - restriction: || (== net461) (&& (== net461) (== netstandard16)) (&& (== net461) (== netcore11)) (&& (== netstandard16) (== netcore11) (>= net46)) (&& (== netstandard16) (>= net46)) (&& (== netcore11) (>= net46))
      Microsoft.CodeAnalysis.CSharp (>= 2.0) - restriction: || (== net461) (&& (== net461) (== netstandard16)) (&& (== net461) (== netcore11)) (&& (== netstandard16) (== netcore11) (>= net46)) (&& (== netstandard16) (>= net46)) (&& (== netcore11) (>= net46))
      System.Threading.Tasks (>= 4.3) - restriction: || (== net461) (&& (== net461) (== netstandard16)) (&& (== net461) (== netcore11)) (&& (== netstandard16) (== netcore11) (>= net46)) (&& (== netstandard16) (>= net46)) (&& (== netcore11) (>= net46))
    FsCheck (2.9)
      FSharp.Core (>= 4.1.17)
      NETStandard.Library (>= 1.6.1)
    FSharp.Core (4.1.17)
      System.Collections (>= 4.0.11)
      System.Console (>= 4.0)
      System.Diagnostics.Debug (>= 4.0.11)
      System.Diagnostics.Tools (>= 4.0.1)
      System.Globalization (>= 4.0.11)
      System.IO (>= 4.1)
      System.Linq (>= 4.1)
      System.Linq.Expressions (>= 4.1)
      System.Linq.Queryable (>= 4.0.1)
      System.Net.Requests (>= 4.0.11)
      System.Reflection (>= 4.1)
      System.Reflection.Extensions (>= 4.0.1)
      System.Resources.ResourceManager (>= 4.0.1)
      System.Runtime (>= 4.1)
      System.Runtime.Extensions (>= 4.1)
      System.Runtime.Numerics (>= 4.0.1)
      System.Text.RegularExpressions (>= 4.1)
      System.Threading (>= 4.0.11)
      System.Threading.Tasks (>= 4.0.11)
      System.Threading.Tasks.Parallel (>= 4.0.1)
      System.Threading.Thread (>= 4.0)
      System.Threading.ThreadPool (>= 4.0.10)
      System.Threading.Timer (>= 4.0.1)
    Libuv (1.9.2) - restriction: || (&& (== net461) (>= netcore11)) (&& (== netstandard16) (>= netcore11)) (== netcore11)
      Microsoft.NETCore.Platforms (>= 1.0.1)
    Microsoft.CodeAnalysis.Analyzers (1.1) - restriction: || (== net461) (&& (== netstandard16) (>= net46)) (&& (== netstandard16) (>= netcore11)) (== netcore11)
    Microsoft.CodeAnalysis.Common (2.1) - restriction: || (== net461) (&& (== netstandard16) (>= net46)) (&& (== netstandard16) (>= netcore11)) (== netcore11)
      Microsoft.CodeAnalysis.Analyzers (>= 1.1)
      System.AppContext (>= 4.3)
      System.Collections (>= 4.3)
      System.Collections.Concurrent (>= 4.3)
      System.Collections.Immutable (>= 1.3.1)
      System.Console (>= 4.3)
      System.Diagnostics.Debug (>= 4.3)
      System.Diagnostics.FileVersionInfo (>= 4.3)
      System.Diagnostics.StackTrace (>= 4.3)
      System.Diagnostics.Tools (>= 4.3)
      System.Dynamic.Runtime (>= 4.3)
      System.Globalization (>= 4.3)
      System.IO.Compression (>= 4.3)
      System.IO.FileSystem (>= 4.3)
      System.IO.FileSystem.Primitives (>= 4.3)
      System.Linq (>= 4.3)
      System.Linq.Expressions (>= 4.3)
      System.Reflection (>= 4.3)
      System.Reflection.Metadata (>= 1.4.2)
      System.Resources.ResourceManager (>= 4.3)
      System.Runtime (>= 4.3)
      System.Runtime.Extensions (>= 4.3)
      System.Runtime.InteropServices (>= 4.3)
      System.Runtime.Numerics (>= 4.3)
      System.Security.Cryptography.Algorithms (>= 4.3)
      System.Security.Cryptography.Encoding (>= 4.3)
      System.Security.Cryptography.X509Certificates (>= 4.3)
      System.Text.Encoding (>= 4.3)
      System.Text.Encoding.CodePages (>= 4.3)
      System.Text.Encoding.Extensions (>= 4.3)
      System.Threading (>= 4.3)
      System.Threading.Tasks (>= 4.3)
      System.Threading.Tasks.Parallel (>= 4.3)
      System.Threading.Thread (>= 4.3)
      System.ValueTuple (>= 4.3)
      System.Xml.ReaderWriter (>= 4.3)
      System.Xml.XDocument (>= 4.3)
      System.Xml.XmlDocument (>= 4.3)
      System.Xml.XPath.XDocument (>= 4.3)
    Microsoft.CodeAnalysis.CSharp (2.1) - restriction: || (== net461) (&& (== netstandard16) (>= net46)) (&& (== netstandard16) (>= netcore11)) (== netcore11)
      Microsoft.CodeAnalysis.Common (2.1)
    Microsoft.CodeAnalysis.VisualBasic (2.1) - restriction: || (&& (== net461) (>= netcore11)) (&& (== netstandard16) (>= netcore11)) (== netcore11)
      Microsoft.CodeAnalysis.Common (>= 2.1)
    Microsoft.CSharp (4.3) - restriction: || (&& (== net461) (>= netcore11)) (&& (== netstandard16) (>= netcore11)) (== netcore11)
      System.Collections (>= 4.3) - restriction: || (&& (== net461) (== netstandard16)) (&& (== net461) (== netcore11)) (&& (== net461) (< net45)) (&& (== net461) (>= dnxcore50)) (== netstandard16) (&& (== netstandard16) (== netcore11)) (== netcore11)
      System.Diagnostics.Debug (>= 4.3) - restriction: || (&& (== net461) (== netstandard16)) (&& (== net461) (== netcore11)) (&& (== net461) (< net45)) (&& (== net461) (>= dnxcore50)) (== netstandard16) (&& (== netstandard16) (== netcore11)) (== netcore11)
      System.Dynamic.Runtime (>= 4.3) - restriction: || (&& (== net461) (== netstandard16)) (&& (== net461) (== netcore11)) (&& (== net461) (< net45)) (&& (== net461) (>= dnxcore50)) (== netstandard16) (&& (== netstandard16) (== netcore11)) (== netcore11)
      System.Globalization (>= 4.3) - restriction: || (&& (== net461) (== netstandard16)) (&& (== net461) (== netcore11)) (&& (== net461) (< net45)) (&& (== net461) (>= dnxcore50)) (== netstandard16) (&& (== netstandard16) (== netcore11)) (== netcore11)
      System.Linq (>= 4.3) - restriction: || (&& (== net461) (== netstandard16)) (&& (== net461) (== netcore11)) (&& (== net461) (< net45)) (&& (== net461) (>= dnxcore50)) (== netstandard16) (&& (== netstandard16) (== netcore11)) (== netcore11)
      System.Linq.Expressions (>= 4.3) - restriction: || (&& (== net461) (== netstandard16)) (&& (== net461) (== netcore11)) (&& (== net461) (< net45)) (&& (== net461) (>= dnxcore50)) (== netstandard16) (&& (== netstandard16) (== netcore11)) (== netcore11)
      System.ObjectModel (>= 4.3) - restriction: || (&& (== net461) (== netstandard16)) (&& (== net461) (== netcore11)) (&& (== net461) (< net45)) (&& (== net461) (>= dnxcore50)) (== netstandard16) (&& (== netstandard16) (== netcore11)) (== netcore11)
      System.Reflection (>= 4.3) - restriction: || (&& (== net461) (== netstandard16)) (&& (== net461) (== netcore11)) (&& (== net461) (< net45)) (&& (== net461) (>= dnxcore50)) (== netstandard16) (&& (== netstandard16) (== netcore11)) (== netcore11)
      System.Reflection.Extensions (>= 4.3) - restriction: || (&& (== net461) (== netstandard16)) (&& (== net461) (== netcore11)) (&& (== net461) (< net45)) (&& (== net461) (>= dnxcore50)) (== netstandard16) (&& (== netstandard16) (== netcore11)) (== netcore11)
      System.Reflection.Primitives (>= 4.3) - restriction: || (&& (== net461) (== netstandard16)) (&& (== net461) (== netcore11)) (&& (== net461) (< net45)) (&& (== net461) (>= dnxcore50)) (== netstandard16) (&& (== netstandard16) (== netcore11)) (== netcore11)
      System.Reflection.TypeExtensions (>= 4.3) - restriction: || (&& (== net461) (== netstandard16)) (&& (== net461) (== netcore11)) (&& (== net461) (< net45)) (&& (== net461) (>= dnxcore50)) (== netstandard16) (&& (== netstandard16) (== netcore11)) (== netcore11)
      System.Resources.ResourceManager (>= 4.3) - restriction: || (&& (== net461) (== netstandard16)) (&& (== net461) (== netcore11)) (&& (== net461) (< net45)) (&& (== net461) (>= dnxcore50)) (== netstandard16) (&& (== netstandard16) (== netcore11)) (== netcore11)
      System.Runtime (>= 4.3) - restriction: || (&& (== net461) (== netstandard16)) (&& (== net461) (== netcore11)) (&& (== net461) (< net45)) (&& (== net461) (>= dnxcore50)) (== netstandard16) (&& (== netstandard16) (== netcore11)) (== netcore11)
      System.Runtime.Extensions (>= 4.3) - restriction: || (&& (== net461) (== netstandard16)) (&& (== net461) (== netcore11)) (&& (== net461) (< net45)) (&& (== net461) (>= dnxcore50)) (== netstandard16) (&& (== netstandard16) (== netcore11)) (== netcore11)
      System.Runtime.InteropServices (>= 4.3) - restriction: || (&& (== net461) (== netstandard16)) (&& (== net461) (== netcore11)) (&& (== net461) (< net45)) (&& (== net461) (>= dnxcore50)) (== netstandard16) (&& (== netstandard16) (== netcore11)) (== netcore11)
      System.Threading (>= 4.3) - restriction: || (&& (== net461) (== netstandard16)) (&& (== net461) (== netcore11)) (&& (== net461) (< net45)) (&& (== net461) (>= dnxcore50)) (== netstandard16) (&& (== netstandard16) (== netcore11)) (== netcore11)
    Microsoft.DiaSymReader.Native (1.5) - restriction: || (&& (== net461) (>= netcore11)) (&& (== netstandard16) (>= netcore11)) (== netcore11)
    Microsoft.DotNet.InternalAbstractions (1.0) - restriction: || (== net461) (&& (== netstandard16) (>= net46)) (&& (== netstandard16) (>= netcore11)) (== netcore11)
      System.AppContext (>= 4.1) - restriction: || (&& (== net461) (== netstandard16)) (&& (== net461) (== netcore11)) (&& (== net461) (< net451)) (== netstandard16) (&& (== netstandard16) (== netcore11)) (== netcore11)
      System.Collections (>= 4.0.11) - restriction: || (&& (== net461) (== netstandard16)) (&& (== net461) (== netcore11)) (&& (== net461) (< net451)) (== netstandard16) (&& (== netstandard16) (== netcore11)) (== netcore11)
      System.IO (>= 4.1) - restriction: || (&& (== net461) (== netstandard16)) (&& (== net461) (== netcore11)) (&& (== net461) (< net451)) (== netstandard16) (&& (== netstandard16) (== netcore11)) (== netcore11)
      System.IO.FileSystem (>= 4.0.1) - restriction: || (&& (== net461) (== netstandard16)) (&& (== net461) (== netcore11)) (&& (== net461) (< net451)) (== netstandard16) (&& (== netstandard16) (== netcore11)) (== netcore11)
      System.Reflection.TypeExtensions (>= 4.1) - restriction: || (&& (== net461) (== netstandard16)) (&& (== net461) (== netcore11)) (&& (== net461) (< net451)) (== netstandard16) (&& (== netstandard16) (== netcore11)) (== netcore11)
      System.Runtime.Extensions (>= 4.1) - restriction: || (&& (== net461) (== netstandard16)) (&& (== net461) (== netcore11)) (&& (== net461) (< net451)) (== netstandard16) (&& (== netstandard16) (== netcore11)) (== netcore11)
      System.Runtime.InteropServices (>= 4.1) - restriction: || (&& (== net461) (== netstandard16)) (&& (== net461) (== netcore11)) (&& (== net461) (< net451)) (== netstandard16) (&& (== netstandard16) (== netcore11)) (== netcore11)
      System.Runtime.InteropServices.RuntimeInformation (>= 4.0) - restriction: || (&& (== net461) (== netstandard16)) (&& (== net461) (== netcore11)) (&& (== net461) (< net451)) (== netstandard16) (&& (== netstandard16) (== netcore11)) (== netcore11)
    Microsoft.DotNet.PlatformAbstractions (1.1.2) - restriction: || (== net461) (&& (== netstandard16) (>= net46)) (&& (== netstandard16) (>= netcore11)) (== netcore11)
      System.AppContext (>= 4.1) - restriction: || (&& (== net461) (== netstandard16)) (&& (== net461) (== netcore11)) (&& (== net461) (< net451)) (== netstandard16) (&& (== netstandard16) (== netcore11)) (== netcore11)
      System.Collections (>= 4.0.11) - restriction: || (&& (== net461) (== netstandard16)) (&& (== net461) (== netcore11)) (&& (== net461) (< net451)) (== netstandard16) (&& (== netstandard16) (== netcore11)) (== netcore11)
      System.IO (>= 4.1) - restriction: || (&& (== net461) (== netstandard16)) (&& (== net461) (== netcore11)) (&& (== net461) (< net451)) (== netstandard16) (&& (== netstandard16) (== netcore11)) (== netcore11)
      System.IO.FileSystem (>= 4.0.1) - restriction: || (&& (== net461) (== netstandard16)) (&& (== net461) (== netcore11)) (&& (== net461) (< net451)) (== netstandard16) (&& (== netstandard16) (== netcore11)) (== netcore11)
      System.Reflection.TypeExtensions (>= 4.1) - restriction: || (&& (== net461) (== netstandard16)) (&& (== net461) (== netcore11)) (&& (== net461) (< net451)) (== netstandard16) (&& (== netstandard16) (== netcore11)) (== netcore11)
      System.Runtime.Extensions (>= 4.1) - restriction: || (&& (== net461) (== netstandard16)) (&& (== net461) (== netcore11)) (&& (== net461) (< net451)) (== netstandard16) (&& (== netstandard16) (== netcore11)) (== netcore11)
      System.Runtime.InteropServices (>= 4.1) - restriction: || (&& (== net461) (== netstandard16)) (&& (== net461) (== netcore11)) (&& (== net461) (< net451)) (== netstandard16) (&& (== netstandard16) (== netcore11)) (== netcore11)
      System.Runtime.InteropServices.RuntimeInformation (>= 4.0) - restriction: || (&& (== net461) (== netstandard16)) (&& (== net461) (== netcore11)) (&& (== net461) (< net451)) (== netstandard16) (&& (== netstandard16) (== netcore11)) (== netcore11)
    Microsoft.NETCore.App (1.1.2) - restriction: || (&& (== net461) (>= netcore11)) (&& (== netstandard16) (>= netcore11)) (== netcore11)
      Libuv (>= 1.9.1) - restriction: || (&& (== net461) (== netstandard16) (>= netcore10)) (&& (== net461) (== netcore11)) (&& (== net461) (>= netcore10)) (&& (== netstandard16) (== netcore11)) (&& (== netstandard16) (>= netcore10)) (== netcore11)
      Microsoft.CodeAnalysis.CSharp (>= 1.3) - restriction: || (&& (== net461) (== netstandard16) (>= netcore10)) (&& (== net461) (== netcore11)) (&& (== net461) (>= netcore10)) (&& (== netstandard16) (== netcore11)) (&& (== netstandard16) (>= netcore10)) (== netcore11)
      Microsoft.CodeAnalysis.VisualBasic (>= 1.3) - restriction: || (&& (== net461) (== netstandard16) (>= netcore10)) (&& (== net461) (== netcore11)) (&& (== net461) (>= netcore10)) (&& (== netstandard16) (== netcore11)) (&& (== netstandard16) (>= netcore10)) (== netcore11)
      Microsoft.CSharp (>= 4.3) - restriction: || (&& (== net461) (== netstandard16) (>= netcore11)) (&& (== net461) (== netcore11)) (&& (== net461) (>= netcore11)) (&& (== netstandard16) (== netcore11)) (&& (== netstandard16) (>= netcore11)) (== netcore11)
      Microsoft.DiaSymReader.Native (>= 1.4.1) - restriction: || (&& (== net461) (== netstandard16) (>= netcore11)) (&& (== net461) (== netcore11)) (&& (== net461) (>= netcore11)) (&& (== netstandard16) (== netcore11)) (&& (== netstandard16) (>= netcore11)) (== netcore11)
      Microsoft.NETCore.DotNetHostPolicy (>= 1.1.2) - restriction: || (&& (== net461) (== netstandard16) (>= netcore11)) (&& (== net461) (== netcore11)) (&& (== net461) (>= netcore11)) (&& (== netstandard16) (== netcore11)) (&& (== netstandard16) (>= netcore11)) (== netcore11)
      Microsoft.NETCore.Runtime.CoreCLR (>= 1.1.2) - restriction: || (&& (== net461) (== netstandard16) (>= netcore11)) (&& (== net461) (== netcore11)) (&& (== net461) (>= netcore11)) (&& (== netstandard16) (== netcore11)) (&& (== netstandard16) (>= netcore11)) (== netcore11)
      Microsoft.VisualBasic (>= 10.1) - restriction: || (&& (== net461) (== netstandard16) (>= netcore11)) (&& (== net461) (== netcore11)) (&& (== net461) (>= netcore11)) (&& (== netstandard16) (== netcore11)) (&& (== netstandard16) (>= netcore11)) (== netcore11)
      NETStandard.Library (>= 1.6.1) - restriction: || (&& (== net461) (== netstandard16) (>= netcore11)) (&& (== net461) (== netcore11)) (&& (== net461) (>= netcore11)) (&& (== netstandard16) (== netcore11)) (&& (== netstandard16) (>= netcore11)) (== netcore11)
      runtime.native.System.Security.Cryptography.OpenSsl (>= 4.3.1) - restriction: || (&& (== net461) (== netstandard16) (>= netcore11)) (&& (== net461) (== netcore11)) (&& (== net461) (>= netcore11)) (&& (== netstandard16) (== netcore11)) (&& (== netstandard16) (>= netcore11)) (== netcore11)
      System.Buffers (>= 4.3) - restriction: || (&& (== net461) (== netstandard16) (>= netcore11)) (&& (== net461) (== netcore11)) (&& (== net461) (>= netcore11)) (&& (== netstandard16) (== netcore11)) (&& (== netstandard16) (>= netcore11)) (== netcore11)
      System.Collections.Immutable (>= 1.3) - restriction: || (&& (== net461) (== netstandard16) (>= netcore11)) (&& (== net461) (== netcore11)) (&& (== net461) (>= netcore11)) (&& (== netstandard16) (== netcore11)) (&& (== netstandard16) (>= netcore11)) (== netcore11)
      System.ComponentModel (>= 4.3) - restriction: || (&& (== net461) (== netstandard16) (>= netcore11)) (&& (== net461) (== netcore11)) (&& (== net461) (>= netcore11)) (&& (== netstandard16) (== netcore11)) (&& (== netstandard16) (>= netcore11)) (== netcore11)
      System.ComponentModel.Annotations (>= 4.3) - restriction: || (&& (== net461) (== netstandard16) (>= netcore11)) (&& (== net461) (== netcore11)) (&& (== net461) (>= netcore11)) (&& (== netstandard16) (== netcore11)) (&& (== netstandard16) (>= netcore11)) (== netcore11)
      System.Diagnostics.DiagnosticSource (>= 4.3.1) - restriction: || (&& (== net461) (== netstandard16) (>= netcore11)) (&& (== net461) (== netcore11)) (&& (== net461) (>= netcore11)) (&& (== netstandard16) (== netcore11)) (&& (== netstandard16) (>= netcore11)) (== netcore11)
      System.Diagnostics.Process (>= 4.3) - restriction: || (&& (== net461) (== netstandard16) (>= netcore11)) (&& (== net461) (== netcore11)) (&& (== net461) (>= netcore11)) (&& (== netstandard16) (== netcore11)) (&& (== netstandard16) (>= netcore11)) (== netcore11)
      System.Dynamic.Runtime (>= 4.3) - restriction: || (&& (== net461) (== netstandard16) (>= netcore11)) (&& (== net461) (== netcore11)) (&& (== net461) (>= netcore11)) (&& (== netstandard16) (== netcore11)) (&& (== netstandard16) (>= netcore11)) (== netcore11)
      System.Globalization.Extensions (>= 4.3) - restriction: || (&& (== net461) (== netstandard16) (>= netcore11)) (&& (== net461) (== netcore11)) (&& (== net461) (>= netcore11)) (&& (== netstandard16) (== netcore11)) (&& (== netstandard16) (>= netcore11)) (== netcore11)
      System.IO.FileSystem.Watcher (>= 4.3) - restriction: || (&& (== net461) (== netstandard16) (>= netcore11)) (&& (== net461) (== netcore11)) (&& (== net461) (>= netcore11)) (&& (== netstandard16) (== netcore11)) (&& (== netstandard16) (>= netcore11)) (== netcore11)
      System.IO.MemoryMappedFiles (>= 4.3) - restriction: || (&& (== net461) (== netstandard16) (>= netcore11)) (&& (== net461) (== netcore11)) (&& (== net461) (>= netcore11)) (&& (== netstandard16) (== netcore11)) (&& (== netstandard16) (>= netcore11)) (== netcore11)
      System.IO.UnmanagedMemoryStream (>= 4.3) - restriction: || (&& (== net461) (== netstandard16) (>= netcore11)) (&& (== net461) (== netcore11)) (&& (== net461) (>= netcore11)) (&& (== netstandard16) (== netcore11)) (&& (== netstandard16) (>= netcore11)) (== netcore11)
      System.Linq.Expressions (>= 4.3) - restriction: || (&& (== net461) (== netstandard16) (>= netcore11)) (&& (== net461) (== netcore11)) (&& (== net461) (>= netcore11)) (&& (== netstandard16) (== netcore11)) (&& (== netstandard16) (>= netcore11)) (== netcore11)
      System.Linq.Parallel (>= 4.3) - restriction: || (&& (== net461) (== netstandard16) (>= netcore11)) (&& (== net461) (== netcore11)) (&& (== net461) (>= netcore11)) (&& (== netstandard16) (== netcore11)) (&& (== netstandard16) (>= netcore11)) (== netcore11)
      System.Linq.Queryable (>= 4.3) - restriction: || (&& (== net461) (== netstandard16) (>= netcore11)) (&& (== net461) (== netcore11)) (&& (== net461) (>= netcore11)) (&& (== netstandard16) (== netcore11)) (&& (== netstandard16) (>= netcore11)) (== netcore11)
      System.Net.Http (>= 4.3.2) - restriction: || (&& (== net461) (== netstandard16) (>= netcore11)) (&& (== net461) (== netcore11)) (&& (== net461) (>= netcore11)) (&& (== netstandard16) (== netcore11)) (&& (== netstandard16) (>= netcore11)) (== netcore11)
      System.Net.NameResolution (>= 4.3) - restriction: || (&& (== net461) (== netstandard16) (>= netcore11)) (&& (== net461) (== netcore11)) (&& (== net461) (>= netcore11)) (&& (== netstandard16) (== netcore11)) (&& (== netstandard16) (>= netcore11)) (== netcore11)
      System.Net.Requests (>= 4.3) - restriction: || (&& (== net461) (== netstandard16) (>= netcore11)) (&& (== net461) (== netcore11)) (&& (== net461) (>= netcore11)) (&& (== netstandard16) (== netcore11)) (&& (== netstandard16) (>= netcore11)) (== netcore11)
      System.Net.Security (>= 4.3.1) - restriction: || (&& (== net461) (== netstandard16) (>= netcore11)) (&& (== net461) (== netcore11)) (&& (== net461) (>= netcore11)) (&& (== netstandard16) (== netcore11)) (&& (== netstandard16) (>= netcore11)) (== netcore11)
      System.Net.WebHeaderCollection (>= 4.3) - restriction: || (&& (== net461) (== netstandard16) (>= netcore11)) (&& (== net461) (== netcore11)) (&& (== net461) (>= netcore11)) (&& (== netstandard16) (== netcore11)) (&& (== netstandard16) (>= netcore11)) (== netcore11)
      System.Numerics.Vectors (>= 4.3) - restriction: || (&& (== net461) (== netstandard16) (>= netcore11)) (&& (== net461) (== netcore11)) (&& (== net461) (>= netcore11)) (&& (== netstandard16) (== netcore11)) (&& (== netstandard16) (>= netcore11)) (== netcore11)
      System.Reflection.DispatchProxy (>= 4.3) - restriction: || (&& (== net461) (== netstandard16) (>= netcore11)) (&& (== net461) (== netcore11)) (&& (== net461) (>= netcore11)) (&& (== netstandard16) (== netcore11)) (&& (== netstandard16) (>= netcore11)) (== netcore11)
      System.Reflection.Metadata (>= 1.4.1) - restriction: || (&& (== net461) (== netstandard16) (>= netcore11)) (&& (== net461) (== netcore11)) (&& (== net461) (>= netcore11)) (&& (== netstandard16) (== netcore11)) (&& (== netstandard16) (>= netcore11)) (== netcore11)
      System.Reflection.TypeExtensions (>= 4.3) - restriction: || (&& (== net461) (== netstandard16) (>= netcore11)) (&& (== net461) (== netcore11)) (&& (== net461) (>= netcore11)) (&& (== netstandard16) (== netcore11)) (&& (== netstandard16) (>= netcore11)) (== netcore11)
      System.Resources.Reader (>= 4.3) - restriction: || (&& (== net461) (== netstandard16) (>= netcore11)) (&& (== net461) (== netcore11)) (&& (== net461) (>= netcore11)) (&& (== netstandard16) (== netcore11)) (&& (== netstandard16) (>= netcore11)) (== netcore11)
      System.Runtime.Loader (>= 4.3) - restriction: || (&& (== net461) (== netstandard16) (>= netcore11)) (&& (== net461) (== netcore11)) (&& (== net461) (>= netcore11)) (&& (== netstandard16) (== netcore11)) (&& (== netstandard16) (>= netcore11)) (== netcore11)
      System.Security.Cryptography.Algorithms (>= 4.3) - restriction: || (&& (== net461) (== netstandard16) (>= netcore11)) (&& (== net461) (== netcore11)) (&& (== net461) (>= netcore11)) (&& (== netstandard16) (== netcore11)) (&& (== netstandard16) (>= netcore11)) (== netcore11)
      System.Security.Cryptography.Encoding (>= 4.3) - restriction: || (&& (== net461) (== netstandard16) (>= netcore11)) (&& (== net461) (== netcore11)) (&& (== net461) (>= netcore11)) (&& (== netstandard16) (== netcore11)) (&& (== netstandard16) (>= netcore11)) (== netcore11)
      System.Security.Cryptography.Primitives (>= 4.3) - restriction: || (&& (== net461) (== netstandard16) (>= netcore11)) (&& (== net461) (== netcore11)) (&& (== net461) (>= netcore11)) (&& (== netstandard16) (== netcore11)) (&& (== netstandard16) (>= netcore11)) (== netcore11)
      System.Security.Cryptography.X509Certificates (>= 4.3) - restriction: || (&& (== net461) (== netstandard16) (>= netcore11)) (&& (== net461) (== netcore11)) (&& (== net461) (>= netcore11)) (&& (== netstandard16) (== netcore11)) (&& (== netstandard16) (>= netcore11)) (== netcore11)
      System.Threading.Tasks.Dataflow (>= 4.7) - restriction: || (&& (== net461) (== netstandard16) (>= netcore11)) (&& (== net461) (== netcore11)) (&& (== net461) (>= netcore11)) (&& (== netstandard16) (== netcore11)) (&& (== netstandard16) (>= netcore11)) (== netcore11)
      System.Threading.Tasks.Extensions (>= 4.3) - restriction: || (&& (== net461) (== netstandard16) (>= netcore11)) (&& (== net461) (== netcore11)) (&& (== net461) (>= netcore11)) (&& (== netstandard16) (== netcore11)) (&& (== netstandard16) (>= netcore11)) (== netcore11)
      System.Threading.Tasks.Parallel (>= 4.3) - restriction: || (&& (== net461) (== netstandard16) (>= netcore11)) (&& (== net461) (== netcore11)) (&& (== net461) (>= netcore11)) (&& (== netstandard16) (== netcore11)) (&& (== netstandard16) (>= netcore11)) (== netcore11)
      System.Threading.Thread (>= 4.3) - restriction: || (&& (== net461) (== netstandard16) (>= netcore11)) (&& (== net461) (== netcore11)) (&& (== net461) (>= netcore11)) (&& (== netstandard16) (== netcore11)) (&& (== netstandard16) (>= netcore11)) (== netcore11)
      System.Threading.ThreadPool (>= 4.3) - restriction: || (&& (== net461) (== netstandard16) (>= netcore11)) (&& (== net461) (== netcore11)) (&& (== net461) (>= netcore11)) (&& (== netstandard16) (== netcore11)) (&& (== netstandard16) (>= netcore11)) (== netcore11)
    Microsoft.NETCore.DotNetHost (1.1) - restriction: || (&& (== net461) (>= netcore11)) (&& (== netstandard16) (>= netcore11)) (== netcore11)
    Microsoft.NETCore.DotNetHostPolicy (1.1.2) - restriction: || (&& (== net461) (>= netcore11)) (&& (== netstandard16) (>= netcore11)) (== netcore11)
      Microsoft.NETCore.DotNetHostResolver (>= 1.1)
    Microsoft.NETCore.DotNetHostResolver (1.1) - restriction: || (&& (== net461) (>= netcore11)) (&& (== netstandard16) (>= netcore11)) (== netcore11)
      Microsoft.NETCore.DotNetHost (>= 1.1)
    Microsoft.NETCore.Jit (1.1.2) - restriction: || (&& (== net461) (>= netcore11)) (&& (== netstandard16) (>= netcore11)) (== netcore11)
    Microsoft.NETCore.Platforms (1.1)
    Microsoft.NETCore.Runtime.CoreCLR (1.1.2) - restriction: || (&& (== net461) (>= netcore11)) (&& (== netstandard16) (>= netcore11)) (== netcore11)
      Microsoft.NETCore.Jit (>= 1.1.2)
      Microsoft.NETCore.Windows.ApiSets (>= 1.0.1)
    Microsoft.NETCore.Targets (1.1) - restriction: || (&& (== net461) (< net35)) (&& (== net461) (< net45)) (&& (== net461) (< net451)) (&& (== net461) (< net46)) (&& (== net461) (>= dnxcore50)) (&& (== net461) (< netstandard11)) (&& (== net461) (>= netcore11)) (== netstandard16) (== netcore11)
    Microsoft.NETCore.Windows.ApiSets (1.0.1) - restriction: || (&& (== net461) (>= netcore11)) (&& (== netstandard16) (>= netcore11)) (== netcore11)
    Microsoft.VisualBasic (10.1) - restriction: || (&& (== net461) (>= netcore11)) (&& (== netstandard16) (>= netcore11)) (== netcore11)
      System.Collections (>= 4.3) - restriction: || (&& (== net461) (== netstandard16)) (&& (== net461) (== netcore11)) (&& (== net461) (< net45)) (&& (== net461) (>= dnxcore50)) (== netstandard16) (&& (== netstandard16) (== netcore11)) (== netcore11)
      System.Diagnostics.Debug (>= 4.3) - restriction: || (&& (== net461) (== netstandard16)) (&& (== net461) (== netcore11)) (&& (== net461) (< net45)) (&& (== net461) (>= dnxcore50)) (== netstandard16) (&& (== netstandard16) (== netcore11)) (== netcore11)
      System.Dynamic.Runtime (>= 4.3) - restriction: || (&& (== net461) (== netstandard16)) (&& (== net461) (== netcore11)) (&& (== net461) (< net45)) (&& (== net461) (>= dnxcore50)) (== netstandard16) (&& (== netstandard16) (== netcore11)) (== netcore11)
      System.Globalization (>= 4.3) - restriction: || (&& (== net461) (== netstandard16)) (&& (== net461) (== netcore11)) (&& (== net461) (< net45)) (&& (== net461) (>= dnxcore50)) (== netstandard16) (&& (== netstandard16) (== netcore11)) (== netcore11)
      System.Linq (>= 4.3) - restriction: || (&& (== net461) (== netstandard16)) (&& (== net461) (== netcore11)) (&& (== net461) (< net45)) (&& (== net461) (>= dnxcore50)) (== netstandard16) (&& (== netstandard16) (== netcore11)) (== netcore11)
      System.Linq.Expressions (>= 4.3) - restriction: || (&& (== net461) (== netstandard16)) (&& (== net461) (== netcore11)) (&& (== net461) (< net45)) (&& (== net461) (>= dnxcore50)) (== netstandard16) (&& (== netstandard16) (== netcore11)) (== netcore11)
      System.ObjectModel (>= 4.3) - restriction: || (&& (== net461) (== netstandard16)) (&& (== net461) (== netcore11)) (&& (== net461) (< net45)) (&& (== net461) (>= dnxcore50)) (== netstandard16) (&& (== netstandard16) (== netcore11)) (== netcore11)
      System.Reflection (>= 4.3) - restriction: || (&& (== net461) (== netstandard16)) (&& (== net461) (== netcore11)) (&& (== net461) (< net45)) (&& (== net461) (>= dnxcore50)) (== netstandard16) (&& (== netstandard16) (== netcore11)) (== netcore11)
      System.Reflection.Extensions (>= 4.3) - restriction: || (&& (== net461) (== netstandard16)) (&& (== net461) (== netcore11)) (&& (== net461) (< net45)) (&& (== net461) (>= dnxcore50)) (== netstandard16) (&& (== netstandard16) (== netcore11)) (== netcore11)
      System.Reflection.Primitives (>= 4.3) - restriction: || (&& (== net461) (== netstandard16)) (&& (== net461) (== netcore11)) (&& (== net461) (< net45)) (&& (== net461) (>= dnxcore50)) (== netstandard16) (&& (== netstandard16) (== netcore11)) (== netcore11)
      System.Reflection.TypeExtensions (>= 4.3) - restriction: || (&& (== net461) (== netstandard16)) (&& (== net461) (== netcore11)) (&& (== net461) (< net45)) (&& (== net461) (>= dnxcore50)) (== netstandard16) (&& (== netstandard16) (== netcore11)) (== netcore11)
      System.Resources.ResourceManager (>= 4.3) - restriction: || (&& (== net461) (== netstandard16)) (&& (== net461) (== netcore11)) (&& (== net461) (< net45)) (&& (== net461) (>= dnxcore50)) (== netstandard16) (&& (== netstandard16) (== netcore11)) (== netcore11)
      System.Runtime (>= 4.3) - restriction: || (&& (== net461) (== netstandard16)) (&& (== net461) (== netcore11)) (&& (== net461) (< net45)) (&& (== net461) (>= dnxcore50)) (== netstandard16) (&& (== netstandard16) (== netcore11)) (== netcore11)
      System.Runtime.Extensions (>= 4.3) - restriction: || (&& (== net461) (== netstandard16)) (&& (== net461) (== netcore11)) (&& (== net461) (< net45)) (&& (== net461) (>= dnxcore50)) (== netstandard16) (&& (== netstandard16) (== netcore11)) (== netcore11)
      System.Runtime.InteropServices (>= 4.3) - restriction: || (&& (== net461) (== netstandard16)) (&& (== net461) (== netcore11)) (&& (== net461) (< net45)) (&& (== net461) (>= dnxcore50)) (== netstandard16) (&& (== netstandard16) (== netcore11)) (== netcore11)
      System.Threading (>= 4.3) - restriction: || (&& (== net461) (== netstandard16)) (&& (== net461) (== netcore11)) (&& (== net461) (< net45)) (&& (== net461) (>= dnxcore50)) (== netstandard16) (&& (== netstandard16) (== netcore11)) (== netcore11)
    Microsoft.Win32.Primitives (4.3)
      Microsoft.NETCore.Platforms (>= 1.1) - restriction: || (&& (== net461) (== netstandard16)) (&& (== net461) (== netcore11)) (&& (== net461) (< net46)) (== netstandard16) (&& (== netstandard16) (== netcore11)) (== netcore11)
      Microsoft.NETCore.Targets (>= 1.1) - restriction: || (&& (== net461) (== netstandard16)) (&& (== net461) (== netcore11)) (&& (== net461) (< net46)) (== netstandard16) (&& (== netstandard16) (== netcore11)) (== netcore11)
      System.Runtime (>= 4.3) - restriction: || (&& (== net461) (== netstandard16)) (&& (== net461) (== netcore11)) (&& (== net461) (< net46)) (== netstandard16) (&& (== netstandard16) (== netcore11)) (== netcore11)
    Microsoft.Win32.Registry (4.3) - restriction: || (&& (== net461) (>= netcore11)) (&& (== netstandard16) (>= netcore11)) (== netcore11)
      Microsoft.NETCore.Platforms (>= 1.1) - restriction: || (&& (== net461) (== netstandard16)) (&& (== net461) (== netcore11)) (&& (== net461) (< net46)) (== netstandard16) (&& (== netstandard16) (== netcore11)) (== netcore11)
      System.Collections (>= 4.3) - restriction: || (&& (== net461) (== netstandard16)) (&& (== net461) (== netcore11)) (&& (== net461) (< net46)) (== netstandard16) (&& (== netstandard16) (== netcore11)) (== netcore11)
      System.Globalization (>= 4.3) - restriction: || (&& (== net461) (== netstandard16)) (&& (== net461) (== netcore11)) (&& (== net461) (< net46)) (== netstandard16) (&& (== netstandard16) (== netcore11)) (== netcore11)
      System.Resources.ResourceManager (>= 4.3) - restriction: || (&& (== net461) (== netstandard16)) (&& (== net461) (== netcore11)) (&& (== net461) (< net46)) (== netstandard16) (&& (== netstandard16) (== netcore11)) (== netcore11)
      System.Runtime (>= 4.3) - restriction: || (&& (== net461) (== netstandard16)) (&& (== net461) (== netcore11)) (&& (== net461) (< net46)) (== netstandard16) (&& (== netstandard16) (== netcore11)) (== netcore11)
      System.Runtime.Extensions (>= 4.3) - restriction: || (&& (== net461) (== netstandard16)) (&& (== net461) (== netcore11)) (&& (== net461) (< net46)) (== netstandard16) (&& (== netstandard16) (== netcore11)) (== netcore11)
      System.Runtime.Handles (>= 4.3) - restriction: || (&& (== net461) (== netstandard16)) (&& (== net461) (== netcore11)) (&& (== net461) (< net46)) (== netstandard16) (&& (== netstandard16) (== netcore11)) (== netcore11)
      System.Runtime.InteropServices (>= 4.3) - restriction: || (&& (== net461) (== netstandard16)) (&& (== net461) (== netcore11)) (&& (== net461) (< net46)) (== netstandard16) (&& (== netstandard16) (== netcore11)) (== netcore11)
    Mono.Cecil (0.10.0-beta6)
      System.Collections (>= 4.0.11) - restriction: || (&& (== net461) (== netstandard16)) (&& (== net461) (== netcore11)) (&& (== net461) (< net35)) (== netstandard16) (&& (== netstandard16) (== netcore11)) (== netcore11)
      System.IO.FileSystem (>= 4.0.1) - restriction: || (&& (== net461) (== netstandard16)) (&& (== net461) (== netcore11)) (&& (== net461) (< net35)) (== netstandard16) (&& (== netstandard16) (== netcore11)) (== netcore11)
      System.IO.FileSystem.Primitives (>= 4.0.1) - restriction: || (&& (== net461) (== netstandard16)) (&& (== net461) (== netcore11)) (&& (== net461) (< net35)) (== netstandard16) (&& (== netstandard16) (== netcore11)) (== netcore11)
      System.Reflection (>= 4.1) - restriction: || (&& (== net461) (== netstandard16)) (&& (== net461) (== netcore11)) (&& (== net461) (< net35)) (== netstandard16) (&& (== netstandard16) (== netcore11)) (== netcore11)
      System.Runtime.Extensions (>= 4.1) - restriction: || (&& (== net461) (== netstandard16)) (&& (== net461) (== netcore11)) (&& (== net461) (< net35)) (== netstandard16) (&& (== netstandard16) (== netcore11)) (== netcore11)
      System.Security.Cryptography.Algorithms (>= 4.2) - restriction: || (&& (== net461) (== netstandard16)) (&& (== net461) (== netcore11)) (&& (== net461) (< net35)) (== netstandard16) (&& (== netstandard16) (== netcore11)) (== netcore11)
      System.Security.Cryptography.Csp (>= 4.0) - restriction: || (&& (== net461) (== netstandard16)) (&& (== net461) (== netcore11)) (&& (== net461) (< net35)) (== netstandard16) (&& (== netstandard16) (== netcore11)) (== netcore11)
      System.Threading (>= 4.0.11) - restriction: || (&& (== net461) (== netstandard16)) (&& (== net461) (== netcore11)) (&& (== net461) (< net35)) (== netstandard16) (&& (== netstandard16) (== netcore11)) (== netcore11)
    NETStandard.Library (1.6.1)
      Microsoft.NETCore.Platforms (>= 1.1)
      Microsoft.Win32.Primitives (>= 4.3)
      System.AppContext (>= 4.3)
      System.Collections (>= 4.3)
      System.Collections.Concurrent (>= 4.3)
      System.Console (>= 4.3)
      System.Diagnostics.Debug (>= 4.3)
      System.Diagnostics.Tools (>= 4.3)
      System.Diagnostics.Tracing (>= 4.3)
      System.Globalization (>= 4.3)
      System.Globalization.Calendars (>= 4.3)
      System.IO (>= 4.3)
      System.IO.Compression (>= 4.3)
      System.IO.Compression.ZipFile (>= 4.3)
      System.IO.FileSystem (>= 4.3)
      System.IO.FileSystem.Primitives (>= 4.3)
      System.Linq (>= 4.3)
      System.Linq.Expressions (>= 4.3)
      System.Net.Http (>= 4.3)
      System.Net.Primitives (>= 4.3)
      System.Net.Sockets (>= 4.3)
      System.ObjectModel (>= 4.3)
      System.Reflection (>= 4.3)
      System.Reflection.Extensions (>= 4.3)
      System.Reflection.Primitives (>= 4.3)
      System.Resources.ResourceManager (>= 4.3)
      System.Runtime (>= 4.3)
      System.Runtime.Extensions (>= 4.3)
      System.Runtime.Handles (>= 4.3)
      System.Runtime.InteropServices (>= 4.3)
      System.Runtime.InteropServices.RuntimeInformation (>= 4.3)
      System.Runtime.Numerics (>= 4.3)
      System.Security.Cryptography.Algorithms (>= 4.3)
      System.Security.Cryptography.Encoding (>= 4.3)
      System.Security.Cryptography.Primitives (>= 4.3)
      System.Security.Cryptography.X509Certificates (>= 4.3)
      System.Text.Encoding (>= 4.3)
      System.Text.Encoding.Extensions (>= 4.3)
      System.Text.RegularExpressions (>= 4.3)
      System.Threading (>= 4.3)
      System.Threading.Tasks (>= 4.3)
      System.Threading.Timer (>= 4.3)
      System.Xml.ReaderWriter (>= 4.3)
      System.Xml.XDocument (>= 4.3)
    NuGet.CommandLine (4.1)
    runtime.debian.8-x64.runtime.native.System.Security.Cryptography.OpenSsl (4.3.1) - restriction: || (&& (== net461) (< net35)) (&& (== net461) (>= netcore11)) (== netstandard16) (== netcore11)
    runtime.fedora.23-x64.runtime.native.System.Security.Cryptography.OpenSsl (4.3.1) - restriction: || (&& (== net461) (< net35)) (&& (== net461) (>= netcore11)) (== netstandard16) (== netcore11)
    runtime.fedora.24-x64.runtime.native.System.Security.Cryptography.OpenSsl (4.3.1) - restriction: || (&& (== net461) (< net35)) (&& (== net461) (>= netcore11)) (== netstandard16) (== netcore11)
    runtime.native.System (4.3) - restriction: || (&& (== net461) (< net45)) (&& (== net461) (< net46)) (&& (== net461) (>= netcore11)) (== netstandard16) (== netcore11)
      Microsoft.NETCore.Platforms (>= 1.1)
      Microsoft.NETCore.Targets (>= 1.1)
    runtime.native.System.IO.Compression (4.3) - restriction: || (&& (== net461) (< net45)) (&& (== net461) (>= dnxcore50)) (== netstandard16) (== netcore11)
      Microsoft.NETCore.Platforms (>= 1.1)
      Microsoft.NETCore.Targets (>= 1.1)
    runtime.native.System.Net.Http (4.3) - restriction: || (&& (== net461) (< net45)) (&& (== net461) (< net46)) (&& (== net461) (>= netcore11)) (== netstandard16) (== netcore11)
      Microsoft.NETCore.Platforms (>= 1.1)
      Microsoft.NETCore.Targets (>= 1.1)
    runtime.native.System.Net.Security (4.3) - restriction: || (&& (== net461) (>= netcore11)) (&& (== netstandard16) (>= netcore11)) (== netcore11)
      Microsoft.NETCore.Platforms (>= 1.1)
      Microsoft.NETCore.Targets (>= 1.1)
    runtime.native.System.Security.Cryptography.Apple (4.3) - restriction: || (&& (== net461) (< net35)) (== netstandard16) (== netcore11)
      runtime.osx.10.10-x64.runtime.native.System.Security.Cryptography.Apple (>= 4.3)
    runtime.native.System.Security.Cryptography.OpenSsl (4.3.1) - restriction: || (&& (== net461) (< net35)) (&& (== net461) (< net45)) (&& (== net461) (< net46)) (&& (== net461) (>= netcore11)) (== netstandard16) (== netcore11)
      runtime.debian.8-x64.runtime.native.System.Security.Cryptography.OpenSsl (>= 4.3.1)
      runtime.fedora.23-x64.runtime.native.System.Security.Cryptography.OpenSsl (>= 4.3.1)
      runtime.fedora.24-x64.runtime.native.System.Security.Cryptography.OpenSsl (>= 4.3.1)
      runtime.opensuse.13.2-x64.runtime.native.System.Security.Cryptography.OpenSsl (>= 4.3.1)
      runtime.opensuse.42.1-x64.runtime.native.System.Security.Cryptography.OpenSsl (>= 4.3.1)
      runtime.osx.10.10-x64.runtime.native.System.Security.Cryptography.OpenSsl (>= 4.3.1)
      runtime.rhel.7-x64.runtime.native.System.Security.Cryptography.OpenSsl (>= 4.3.1)
      runtime.ubuntu.14.04-x64.runtime.native.System.Security.Cryptography.OpenSsl (>= 4.3.1)
      runtime.ubuntu.16.04-x64.runtime.native.System.Security.Cryptography.OpenSsl (>= 4.3.1)
      runtime.ubuntu.16.10-x64.runtime.native.System.Security.Cryptography.OpenSsl (>= 4.3.1)
    runtime.opensuse.13.2-x64.runtime.native.System.Security.Cryptography.OpenSsl (4.3.1) - restriction: || (&& (== net461) (< net35)) (&& (== net461) (>= netcore11)) (== netstandard16) (== netcore11)
    runtime.opensuse.42.1-x64.runtime.native.System.Security.Cryptography.OpenSsl (4.3.1) - restriction: || (&& (== net461) (< net35)) (&& (== net461) (>= netcore11)) (== netstandard16) (== netcore11)
    runtime.osx.10.10-x64.runtime.native.System.Security.Cryptography.Apple (4.3) - restriction: || (&& (== net461) (< net35)) (== netstandard16) (== netcore11)
    runtime.osx.10.10-x64.runtime.native.System.Security.Cryptography.OpenSsl (4.3.1) - restriction: || (&& (== net461) (< net35)) (&& (== net461) (>= netcore11)) (== netstandard16) (== netcore11)
    runtime.rhel.7-x64.runtime.native.System.Security.Cryptography.OpenSsl (4.3.1) - restriction: || (&& (== net461) (< net35)) (&& (== net461) (>= netcore11)) (== netstandard16) (== netcore11)
    runtime.ubuntu.14.04-x64.runtime.native.System.Security.Cryptography.OpenSsl (4.3.1) - restriction: || (&& (== net461) (< net35)) (&& (== net461) (>= netcore11)) (== netstandard16) (== netcore11)
    runtime.ubuntu.16.04-x64.runtime.native.System.Security.Cryptography.OpenSsl (4.3.1) - restriction: || (&& (== net461) (< net35)) (&& (== net461) (>= netcore11)) (== netstandard16) (== netcore11)
    runtime.ubuntu.16.10-x64.runtime.native.System.Security.Cryptography.OpenSsl (4.3.1) - restriction: || (&& (== net461) (< net35)) (&& (== net461) (>= netcore11)) (== netstandard16) (== netcore11)
    System.AppContext (4.3)
      System.Runtime (>= 4.3) - restriction: || (&& (== net461) (== netstandard16)) (&& (== net461) (== netcore11)) (&& (== net461) (< net46)) (&& (== net461) (>= dnxcore50)) (== netstandard16) (&& (== netstandard16) (== netcore11)) (== netcore11)
    System.Buffers (4.3) - restriction: || (&& (== net461) (< net45)) (&& (== net461) (< net46)) (&& (== net461) (>= dnxcore50)) (&& (== net461) (>= netcore11)) (== netstandard16) (== netcore11)
      System.Diagnostics.Debug (>= 4.3) - restriction: || (&& (== net461) (== netstandard16)) (&& (== net461) (== netcore11)) (&& (== net461) (< net45)) (== netstandard16) (&& (== netstandard16) (== netcore11)) (== netcore11)
      System.Diagnostics.Tracing (>= 4.3) - restriction: || (&& (== net461) (== netstandard16)) (&& (== net461) (== netcore11)) (&& (== net461) (< net45)) (== netstandard16) (&& (== netstandard16) (== netcore11)) (== netcore11)
      System.Resources.ResourceManager (>= 4.3) - restriction: || (&& (== net461) (== netstandard16)) (&& (== net461) (== netcore11)) (&& (== net461) (< net45)) (== netstandard16) (&& (== netstandard16) (== netcore11)) (== netcore11)
      System.Runtime (>= 4.3) - restriction: || (&& (== net461) (== netstandard16)) (&& (== net461) (== netcore11)) (&& (== net461) (< net45)) (== netstandard16) (&& (== netstandard16) (== netcore11)) (== netcore11)
      System.Threading (>= 4.3) - restriction: || (&& (== net461) (== netstandard16)) (&& (== net461) (== netcore11)) (&& (== net461) (< net45)) (== netstandard16) (&& (== netstandard16) (== netcore11)) (== netcore11)
    System.Collections (4.3)
      Microsoft.NETCore.Platforms (>= 1.1) - restriction: || (&& (== net461) (== netstandard16)) (&& (== net461) (== netcore11)) (&& (== net461) (< net45)) (&& (== net461) (>= dnxcore50)) (== netstandard16) (&& (== netstandard16) (== netcore11)) (== netcore11)
      Microsoft.NETCore.Targets (>= 1.1) - restriction: || (&& (== net461) (== netstandard16)) (&& (== net461) (== netcore11)) (&& (== net461) (< net45)) (&& (== net461) (>= dnxcore50)) (== netstandard16) (&& (== netstandard16) (== netcore11)) (== netcore11)
      System.Runtime (>= 4.3) - restriction: || (&& (== net461) (== netstandard16)) (&& (== net461) (== netcore11)) (&& (== net461) (< net45)) (&& (== net461) (>= dnxcore50)) (== netstandard16) (&& (== netstandard16) (== netcore11)) (== netcore11)
    System.Collections.Concurrent (4.3)
      System.Collections (>= 4.3) - restriction: || (&& (== net461) (== netstandard16)) (&& (== net461) (== netcore11)) (&& (== net461) (< net45)) (&& (== net461) (>= dnxcore50)) (== netstandard16) (&& (== netstandard16) (== netcore11)) (== netcore11)
      System.Diagnostics.Debug (>= 4.3) - restriction: || (&& (== net461) (== netstandard16)) (&& (== net461) (== netcore11)) (&& (== net461) (< net45)) (&& (== net461) (>= dnxcore50)) (== netstandard16) (&& (== netstandard16) (== netcore11)) (== netcore11)
      System.Diagnostics.Tracing (>= 4.3) - restriction: || (&& (== net461) (== netstandard16)) (&& (== net461) (== netcore11)) (&& (== net461) (< net45)) (&& (== net461) (>= dnxcore50)) (== netstandard16) (&& (== netstandard16) (== netcore11)) (== netcore11)
      System.Globalization (>= 4.3) - restriction: || (&& (== net461) (== netstandard16)) (&& (== net461) (== netcore11)) (&& (== net461) (< net45)) (&& (== net461) (>= dnxcore50)) (== netstandard16) (&& (== netstandard16) (== netcore11)) (== netcore11)
      System.Reflection (>= 4.3) - restriction: || (&& (== net461) (== netstandard16)) (&& (== net461) (== netcore11)) (&& (== net461) (< net45)) (== netstandard16) (&& (== netstandard16) (== netcore11)) (== netcore11)
      System.Resources.ResourceManager (>= 4.3) - restriction: || (&& (== net461) (== netstandard16)) (&& (== net461) (== netcore11)) (&& (== net461) (< net45)) (&& (== net461) (>= dnxcore50)) (== netstandard16) (&& (== netstandard16) (== netcore11)) (== netcore11)
      System.Runtime (>= 4.3) - restriction: || (&& (== net461) (== netstandard16)) (&& (== net461) (== netcore11)) (&& (== net461) (< net45)) (&& (== net461) (>= dnxcore50)) (== netstandard16) (&& (== netstandard16) (== netcore11)) (== netcore11)
      System.Runtime.Extensions (>= 4.3) - restriction: || (&& (== net461) (== netstandard16)) (&& (== net461) (== netcore11)) (&& (== net461) (< net45)) (&& (== net461) (>= dnxcore50)) (== netstandard16) (&& (== netstandard16) (== netcore11)) (== netcore11)
      System.Threading (>= 4.3) - restriction: || (&& (== net461) (== netstandard16)) (&& (== net461) (== netcore11)) (&& (== net461) (< net45)) (&& (== net461) (>= dnxcore50)) (== netstandard16) (&& (== netstandard16) (== netcore11)) (== netcore11)
      System.Threading.Tasks (>= 4.3) - restriction: || (&& (== net461) (== netstandard16)) (&& (== net461) (== netcore11)) (&& (== net461) (< net45)) (&& (== net461) (>= dnxcore50)) (== netstandard16) (&& (== netstandard16) (== netcore11)) (== netcore11)
    System.Collections.Immutable (1.3.1)
      System.Collections (>= 4.3) - restriction: || (&& (== net461) (== netstandard16)) (&& (== net461) (== netcore11)) (&& (== net461) (< net45)) (== netstandard16) (&& (== netstandard16) (== netcore11)) (== netcore11)
      System.Diagnostics.Debug (>= 4.3) - restriction: || (&& (== net461) (== netstandard16)) (&& (== net461) (== netcore11)) (&& (== net461) (< net45)) (== netstandard16) (&& (== netstandard16) (== netcore11)) (== netcore11)
      System.Globalization (>= 4.3) - restriction: || (&& (== net461) (== netstandard16)) (&& (== net461) (== netcore11)) (&& (== net461) (< net45)) (== netstandard16) (&& (== netstandard16) (== netcore11)) (== netcore11)
      System.Linq (>= 4.3) - restriction: || (&& (== net461) (== netstandard16)) (&& (== net461) (== netcore11)) (&& (== net461) (< net45)) (== netstandard16) (&& (== netstandard16) (== netcore11)) (== netcore11)
      System.Resources.ResourceManager (>= 4.3) - restriction: || (&& (== net461) (== netstandard16)) (&& (== net461) (== netcore11)) (&& (== net461) (< net45)) (== netstandard16) (&& (== netstandard16) (== netcore11)) (== netcore11)
      System.Runtime (>= 4.3) - restriction: || (&& (== net461) (== netstandard16)) (&& (== net461) (== netcore11)) (&& (== net461) (< net45)) (== netstandard16) (&& (== netstandard16) (== netcore11)) (== netcore11)
      System.Runtime.Extensions (>= 4.3) - restriction: || (&& (== net461) (== netstandard16)) (&& (== net461) (== netcore11)) (&& (== net461) (< net45)) (== netstandard16) (&& (== netstandard16) (== netcore11)) (== netcore11)
      System.Threading (>= 4.3) - restriction: || (&& (== net461) (== netstandard16)) (&& (== net461) (== netcore11)) (&& (== net461) (< net45)) (== netstandard16) (&& (== netstandard16) (== netcore11)) (== netcore11)
    System.ComponentModel (4.3) - restriction: || (&& (== net461) (>= netcore11)) (&& (== netstandard16) (>= netcore11)) (== netcore11)
      System.Runtime (>= 4.3) - restriction: || (&& (== net461) (== netstandard16)) (&& (== net461) (== netcore11)) (&& (== net461) (< net45)) (&& (== net461) (>= dnxcore50)) (== netstandard16) (&& (== netstandard16) (== netcore11)) (== netcore11)
    System.ComponentModel.Annotations (4.3) - restriction: || (&& (== net461) (>= netcore11)) (&& (== netstandard16) (>= netcore11)) (== netcore11)
      System.Collections (>= 4.3) - restriction: || (&& (== net461) (== netstandard16)) (&& (== net461) (== netcore11)) (&& (== net461) (< net45)) (&& (== net461) (>= dnxcore50)) (== netstandard16) (&& (== netstandard16) (== netcore11)) (== netcore11)
      System.ComponentModel (>= 4.3) - restriction: || (&& (== net461) (== netstandard16)) (&& (== net461) (== netcore11)) (&& (== net461) (< net45)) (&& (== net461) (>= dnxcore50)) (== netstandard16) (&& (== netstandard16) (== netcore11)) (== netcore11)
      System.Globalization (>= 4.3) - restriction: || (&& (== net461) (== netstandard16)) (&& (== net461) (== netcore11)) (&& (== net461) (< net45)) (&& (== net461) (>= dnxcore50)) (== netstandard16) (&& (== netstandard16) (== netcore11)) (== netcore11)
      System.Linq (>= 4.3) - restriction: || (&& (== net461) (== netstandard16)) (&& (== net461) (== netcore11)) (&& (== net461) (< net45)) (&& (== net461) (>= dnxcore50)) (== netstandard16) (&& (== netstandard16) (== netcore11)) (== netcore11)
      System.Reflection (>= 4.3) - restriction: || (&& (== net461) (== netstandard16)) (&& (== net461) (== netcore11)) (&& (== net461) (< net45)) (&& (== net461) (>= dnxcore50)) (== netstandard16) (&& (== netstandard16) (== netcore11)) (== netcore11)
      System.Reflection.Extensions (>= 4.3) - restriction: || (&& (== net461) (== netstandard16)) (&& (== net461) (== netcore11)) (&& (== net461) (< net45)) (&& (== net461) (>= dnxcore50)) (== netstandard16) (&& (== netstandard16) (== netcore11)) (== netcore11)
      System.Resources.ResourceManager (>= 4.3) - restriction: || (&& (== net461) (== netstandard16)) (&& (== net461) (== netcore11)) (&& (== net461) (< net45)) (&& (== net461) (>= dnxcore50)) (== netstandard16) (&& (== netstandard16) (== netcore11)) (== netcore11)
      System.Runtime (>= 4.3) - restriction: || (&& (== net461) (== netstandard16)) (&& (== net461) (== netcore11)) (&& (== net461) (< net45)) (&& (== net461) (>= dnxcore50)) (== netstandard16) (&& (== netstandard16) (== netcore11)) (== netcore11)
      System.Runtime.Extensions (>= 4.3) - restriction: || (&& (== net461) (== netstandard16)) (&& (== net461) (== netcore11)) (&& (== net461) (< net45)) (&& (== net461) (>= dnxcore50)) (== netstandard16) (&& (== netstandard16) (== netcore11)) (== netcore11)
      System.Text.RegularExpressions (>= 4.3) - restriction: || (&& (== net461) (== netstandard16)) (&& (== net461) (== netcore11)) (&& (== net461) (< net45)) (&& (== net461) (>= dnxcore50)) (== netstandard16) (&& (== netstandard16) (== netcore11)) (== netcore11)
      System.Threading (>= 4.3) - restriction: || (&& (== net461) (== netstandard16)) (&& (== net461) (== netcore11)) (&& (== net461) (< net45)) (&& (== net461) (>= dnxcore50)) (== netstandard16) (&& (== netstandard16) (== netcore11)) (== netcore11)
    System.Console (4.3)
      Microsoft.NETCore.Platforms (>= 1.1) - restriction: || (&& (== net461) (== netstandard16)) (&& (== net461) (== netcore11)) (&& (== net461) (< net46)) (== netstandard16) (&& (== netstandard16) (== netcore11)) (== netcore11)
      Microsoft.NETCore.Targets (>= 1.1) - restriction: || (&& (== net461) (== netstandard16)) (&& (== net461) (== netcore11)) (&& (== net461) (< net46)) (== netstandard16) (&& (== netstandard16) (== netcore11)) (== netcore11)
      System.IO (>= 4.3) - restriction: || (&& (== net461) (== netstandard16)) (&& (== net461) (== netcore11)) (&& (== net461) (< net46)) (== netstandard16) (&& (== netstandard16) (== netcore11)) (== netcore11)
      System.Runtime (>= 4.3) - restriction: || (&& (== net461) (== netstandard16)) (&& (== net461) (== netcore11)) (&& (== net461) (< net46)) (== netstandard16) (&& (== netstandard16) (== netcore11)) (== netcore11)
      System.Text.Encoding (>= 4.3) - restriction: || (&& (== net461) (== netstandard16)) (&& (== net461) (== netcore11)) (&& (== net461) (< net46)) (== netstandard16) (&& (== netstandard16) (== netcore11)) (== netcore11)
    System.Diagnostics.Debug (4.3)
      Microsoft.NETCore.Platforms (>= 1.1) - restriction: || (&& (== net461) (== netstandard16)) (&& (== net461) (== netcore11)) (&& (== net461) (< net45)) (&& (== net461) (>= dnxcore50)) (== netstandard16) (&& (== netstandard16) (== netcore11)) (== netcore11)
      Microsoft.NETCore.Targets (>= 1.1) - restriction: || (&& (== net461) (== netstandard16)) (&& (== net461) (== netcore11)) (&& (== net461) (< net45)) (&& (== net461) (>= dnxcore50)) (== netstandard16) (&& (== netstandard16) (== netcore11)) (== netcore11)
      System.Runtime (>= 4.3) - restriction: || (&& (== net461) (== netstandard16)) (&& (== net461) (== netcore11)) (&& (== net461) (< net45)) (&& (== net461) (>= dnxcore50)) (== netstandard16) (&& (== netstandard16) (== netcore11)) (== netcore11)
    System.Diagnostics.DiagnosticSource (4.3.1) - restriction: || (&& (== net461) (< net45)) (&& (== net461) (>= dnxcore50)) (&& (== net461) (>= netcore11)) (== netstandard16) (== netcore11)
      System.Collections (>= 4.3) - restriction: || (&& (== net461) (== netstandard16)) (&& (== net461) (== netcore11)) (&& (== net461) (< net45)) (== netstandard16) (&& (== netstandard16) (== netcore11)) (== netcore11)
      System.Diagnostics.Tracing (>= 4.3) - restriction: || (&& (== net461) (== netstandard16)) (&& (== net461) (== netcore11)) (&& (== net461) (< net45)) (== netstandard16) (&& (== netstandard16) (== netcore11)) (== netcore11)
      System.Reflection (>= 4.3) - restriction: || (&& (== net461) (== netstandard16)) (&& (== net461) (== netcore11)) (&& (== net461) (< net45)) (== netstandard16) (&& (== netstandard16) (== netcore11)) (== netcore11)
      System.Runtime (>= 4.3) - restriction: || (&& (== net461) (== netstandard16)) (&& (== net461) (== netcore11)) (&& (== net461) (< net45)) (== netstandard16) (&& (== netstandard16) (== netcore11)) (== netcore11)
      System.Threading (>= 4.3) - restriction: || (&& (== net461) (== netstandard16)) (&& (== net461) (== netcore11)) (&& (== net461) (< net45)) (== netstandard16) (&& (== netstandard16) (== netcore11)) (== netcore11)
    System.Diagnostics.FileVersionInfo (4.3)
      Microsoft.NETCore.Platforms (>= 1.1) - restriction: || (&& (== net461) (== netstandard16)) (&& (== net461) (== netcore11)) (&& (== net461) (< net46)) (&& (== net461) (>= dnxcore50)) (== netstandard16) (&& (== netstandard16) (== netcore11)) (== netcore11)
      System.Globalization (>= 4.3) - restriction: || (&& (== net461) (== netstandard16)) (&& (== net461) (== netcore11)) (&& (== net461) (< net46)) (== netstandard16) (&& (== netstandard16) (== netcore11)) (== netcore11)
      System.IO (>= 4.3) - restriction: || (&& (== net461) (== netstandard16)) (&& (== net461) (== netcore11)) (&& (== net461) (< net46)) (&& (== net461) (>= dnxcore50)) (== netstandard16) (&& (== netstandard16) (== netcore11)) (== netcore11)
      System.IO.FileSystem (>= 4.3) - restriction: || (&& (== net461) (== netstandard16)) (&& (== net461) (== netcore11)) (&& (== net461) (< net46)) (&& (== net461) (>= dnxcore50)) (== netstandard16) (&& (== netstandard16) (== netcore11)) (== netcore11)
      System.IO.FileSystem.Primitives (>= 4.3) - restriction: || (&& (== net461) (== netstandard16)) (&& (== net461) (== netcore11)) (&& (== net461) (< net46)) (&& (== net461) (>= dnxcore50)) (== netstandard16) (&& (== netstandard16) (== netcore11)) (== netcore11)
      System.Reflection.Metadata (>= 1.4.1) - restriction: || (&& (== net461) (== netstandard16)) (&& (== net461) (== netcore11)) (&& (== net461) (< net46)) (&& (== net461) (>= dnxcore50)) (== netstandard16) (&& (== netstandard16) (== netcore11)) (== netcore11)
      System.Runtime (>= 4.3) - restriction: || (&& (== net461) (== netstandard16)) (&& (== net461) (== netcore11)) (&& (== net461) (< net46)) (&& (== net461) (>= dnxcore50)) (== netstandard16) (&& (== netstandard16) (== netcore11)) (== netcore11)
      System.Runtime.Extensions (>= 4.3) - restriction: || (&& (== net461) (== netstandard16)) (&& (== net461) (== netcore11)) (&& (== net461) (< net46)) (&& (== net461) (>= dnxcore50)) (== netstandard16) (&& (== netstandard16) (== netcore11)) (== netcore11)
      System.Runtime.InteropServices (>= 4.3) - restriction: || (&& (== net461) (== netstandard16)) (&& (== net461) (== netcore11)) (&& (== net461) (< net46)) (== netstandard16) (&& (== netstandard16) (== netcore11)) (== netcore11)
    System.Diagnostics.Process (4.3) - restriction: || (&& (== net461) (>= netcore11)) (&& (== netstandard16) (>= netcore11)) (== netcore11)
      Microsoft.NETCore.Platforms (>= 1.1) - restriction: || (&& (== net461) (== netstandard16)) (&& (== net461) (== netcore11)) (&& (== net461) (< net46)) (== netstandard16) (&& (== netstandard16) (== netcore11)) (== netcore11)
      Microsoft.Win32.Primitives (>= 4.3) - restriction: || (&& (== net461) (== netstandard16)) (&& (== net461) (== netcore11)) (&& (== net461) (< net46)) (== netstandard16) (&& (== netstandard16) (== netcore11)) (== netcore11)
      Microsoft.Win32.Registry (>= 4.3) - restriction: || (&& (== net461) (== netstandard16)) (&& (== net461) (== netcore11)) (&& (== net461) (< net46)) (== netstandard16) (&& (== netstandard16) (== netcore11)) (== netcore11)
      runtime.native.System (>= 4.3) - restriction: || (&& (== net461) (== netstandard16)) (&& (== net461) (== netcore11)) (&& (== net461) (< net46)) (== netstandard16) (&& (== netstandard16) (== netcore11)) (== netcore11)
      System.Collections (>= 4.3) - restriction: || (&& (== net461) (== netstandard16)) (&& (== net461) (== netcore11)) (&& (== net461) (< net46)) (== netstandard16) (&& (== netstandard16) (== netcore11)) (== netcore11)
      System.Diagnostics.Debug (>= 4.3) - restriction: || (&& (== net461) (== netstandard16)) (&& (== net461) (== netcore11)) (&& (== net461) (< net46)) (== netstandard16) (&& (== netstandard16) (== netcore11)) (== netcore11)
      System.Globalization (>= 4.3) - restriction: || (&& (== net461) (== netstandard16)) (&& (== net461) (== netcore11)) (&& (== net461) (< net46)) (== netstandard16) (&& (== netstandard16) (== netcore11)) (== netcore11)
      System.IO (>= 4.3) - restriction: || (&& (== net461) (== netstandard16)) (&& (== net461) (== netcore11)) (&& (== net461) (< net46)) (== netstandard16) (&& (== netstandard16) (== netcore11)) (== netcore11)
      System.IO.FileSystem (>= 4.3) - restriction: || (&& (== net461) (== netstandard16)) (&& (== net461) (== netcore11)) (&& (== net461) (< net46)) (== netstandard16) (&& (== netstandard16) (== netcore11)) (== netcore11)
      System.IO.FileSystem.Primitives (>= 4.3) - restriction: || (&& (== net461) (== netstandard16)) (&& (== net461) (== netcore11)) (&& (== net461) (< net46)) (== netstandard16) (&& (== netstandard16) (== netcore11)) (== netcore11)
      System.Resources.ResourceManager (>= 4.3) - restriction: || (&& (== net461) (== netstandard16)) (&& (== net461) (== netcore11)) (&& (== net461) (< net46)) (== netstandard16) (&& (== netstandard16) (== netcore11)) (== netcore11)
      System.Runtime (>= 4.3) - restriction: || (&& (== net461) (== netstandard16)) (&& (== net461) (== netcore11)) (&& (== net461) (< net46)) (== netstandard16) (&& (== netstandard16) (== netcore11)) (== netcore11)
      System.Runtime.Extensions (>= 4.3) - restriction: || (&& (== net461) (== netstandard16)) (&& (== net461) (== netcore11)) (&& (== net461) (< net46)) (== netstandard16) (&& (== netstandard16) (== netcore11)) (== netcore11)
      System.Runtime.Handles (>= 4.3) - restriction: || (&& (== net461) (== netstandard16)) (&& (== net461) (== netcore11)) (&& (== net461) (< net46)) (== netstandard16) (&& (== netstandard16) (== netcore11)) (== netcore11)
      System.Runtime.InteropServices (>= 4.3) - restriction: || (&& (== net461) (== netstandard16)) (&& (== net461) (== netcore11)) (&& (== net461) (< net46)) (== netstandard16) (&& (== netstandard16) (== netcore11)) (== netcore11)
      System.Text.Encoding (>= 4.3) - restriction: || (&& (== net461) (== netstandard16)) (&& (== net461) (== netcore11)) (&& (== net461) (< net46)) (== netstandard16) (&& (== netstandard16) (== netcore11)) (== netcore11)
      System.Text.Encoding.Extensions (>= 4.3) - restriction: || (&& (== net461) (== netstandard16)) (&& (== net461) (== netcore11)) (&& (== net461) (< net46)) (== netstandard16) (&& (== netstandard16) (== netcore11)) (== netcore11)
      System.Threading (>= 4.3) - restriction: || (&& (== net461) (== netstandard16)) (&& (== net461) (== netcore11)) (&& (== net461) (< net46)) (== netstandard16) (&& (== netstandard16) (== netcore11)) (== netcore11)
      System.Threading.Tasks (>= 4.3) - restriction: || (&& (== net461) (== netstandard16)) (&& (== net461) (== netcore11)) (&& (== net461) (< net46)) (== netstandard16) (&& (== netstandard16) (== netcore11)) (== netcore11)
      System.Threading.Thread (>= 4.3) - restriction: || (&& (== net461) (== netstandard16)) (&& (== net461) (== netcore11)) (&& (== net461) (< net46)) (== netstandard16) (&& (== netstandard16) (== netcore11)) (== netcore11)
      System.Threading.ThreadPool (>= 4.3) - restriction: || (&& (== net461) (== netstandard16)) (&& (== net461) (== netcore11)) (&& (== net461) (< net46)) (== netstandard16) (&& (== netstandard16) (== netcore11)) (== netcore11)
    System.Diagnostics.StackTrace (4.3) - restriction: || (== net461) (&& (== netstandard16) (>= net46)) (&& (== netstandard16) (>= netcore11)) (== netcore11)
    System.Diagnostics.Tools (4.3)
      Microsoft.NETCore.Platforms (>= 1.1) - restriction: || (&& (== net461) (== netstandard16)) (&& (== net461) (== netcore11)) (&& (== net461) (< net45)) (&& (== net461) (>= dnxcore50)) (== netstandard16) (&& (== netstandard16) (== netcore11)) (== netcore11)
      Microsoft.NETCore.Targets (>= 1.1) - restriction: || (&& (== net461) (== netstandard16)) (&& (== net461) (== netcore11)) (&& (== net461) (< net45)) (&& (== net461) (>= dnxcore50)) (== netstandard16) (&& (== netstandard16) (== netcore11)) (== netcore11)
      System.Runtime (>= 4.3) - restriction: || (&& (== net461) (== netstandard16)) (&& (== net461) (== netcore11)) (&& (== net461) (< net45)) (&& (== net461) (>= dnxcore50)) (== netstandard16) (&& (== netstandard16) (== netcore11)) (== netcore11)
    System.Diagnostics.Tracing (4.3)
      Microsoft.NETCore.Platforms (>= 1.1) - restriction: || (&& (== net461) (== netstandard16)) (&& (== net461) (== netcore11)) (&& (== net461) (< net45)) (&& (== net461) (>= dnxcore50)) (== netstandard16) (&& (== netstandard16) (== netcore11)) (== netcore11)
      Microsoft.NETCore.Targets (>= 1.1) - restriction: || (&& (== net461) (== netstandard16)) (&& (== net461) (== netcore11)) (&& (== net461) (< net45)) (&& (== net461) (>= dnxcore50)) (== netstandard16) (&& (== netstandard16) (== netcore11)) (== netcore11)
      System.Runtime (>= 4.3) - restriction: || (&& (== net461) (== netstandard16)) (&& (== net461) (== netcore11)) (&& (== net461) (< net45)) (&& (== net461) (>= dnxcore50)) (== netstandard16) (&& (== netstandard16) (== netcore11)) (== netcore11)
    System.Dynamic.Runtime (4.3) - restriction: || (== net461) (&& (== netstandard16) (>= net46)) (&& (== netstandard16) (>= netcore11)) (== netcore11)
      System.Collections (>= 4.3) - restriction: || (&& (== net461) (== netstandard16)) (&& (== net461) (== netcore11)) (&& (== net461) (< net45)) (&& (== net461) (>= dnxcore50)) (== netstandard16) (&& (== netstandard16) (== netcore11)) (== netcore11)
      System.Diagnostics.Debug (>= 4.3) - restriction: || (&& (== net461) (== netstandard16)) (&& (== net461) (== netcore11)) (&& (== net461) (< net45)) (&& (== net461) (>= dnxcore50)) (== netstandard16) (&& (== netstandard16) (== netcore11)) (== netcore11)
      System.Linq (>= 4.3) - restriction: || (&& (== net461) (== netstandard16)) (&& (== net461) (== netcore11)) (&& (== net461) (< net45)) (&& (== net461) (>= dnxcore50)) (== netstandard16) (&& (== netstandard16) (== netcore11)) (== netcore11)
      System.Linq.Expressions (>= 4.3) - restriction: || (&& (== net461) (== netstandard16)) (&& (== net461) (== netcore11)) (&& (== net461) (< net45)) (&& (== net461) (>= dnxcore50)) (== netstandard16) (&& (== netstandard16) (== netcore11)) (== netcore11)
      System.ObjectModel (>= 4.3) - restriction: || (&& (== net461) (== netstandard16)) (&& (== net461) (== netcore11)) (&& (== net461) (< net45)) (&& (== net461) (>= dnxcore50)) (== netstandard16) (&& (== netstandard16) (== netcore11)) (== netcore11)
      System.Reflection (>= 4.3) - restriction: || (&& (== net461) (== netstandard16)) (&& (== net461) (== netcore11)) (&& (== net461) (< net45)) (&& (== net461) (>= dnxcore50)) (== netstandard16) (&& (== netstandard16) (== netcore11)) (== netcore11)
      System.Reflection.Emit (>= 4.3) - restriction: || (&& (== net461) (== netstandard16)) (&& (== net461) (== netcore11)) (&& (== net461) (< net45)) (== netstandard16) (&& (== netstandard16) (== netcore11)) (== netcore11)
      System.Reflection.Emit.ILGeneration (>= 4.3) - restriction: || (&& (== net461) (== netstandard16)) (&& (== net461) (== netcore11)) (&& (== net461) (< net45)) (== netstandard16) (&& (== netstandard16) (== netcore11)) (== netcore11)
      System.Reflection.Primitives (>= 4.3) - restriction: || (&& (== net461) (== netstandard16)) (&& (== net461) (== netcore11)) (&& (== net461) (< net45)) (== netstandard16) (&& (== netstandard16) (== netcore11)) (== netcore11)
      System.Reflection.TypeExtensions (>= 4.3) - restriction: || (&& (== net461) (== netstandard16)) (&& (== net461) (== netcore11)) (&& (== net461) (< net45)) (&& (== net461) (>= dnxcore50)) (== netstandard16) (&& (== netstandard16) (== netcore11)) (== netcore11)
      System.Resources.ResourceManager (>= 4.3) - restriction: || (&& (== net461) (== netstandard16)) (&& (== net461) (== netcore11)) (&& (== net461) (< net45)) (&& (== net461) (>= dnxcore50)) (== netstandard16) (&& (== netstandard16) (== netcore11)) (== netcore11)
      System.Runtime (>= 4.3) - restriction: || (&& (== net461) (== netstandard16)) (&& (== net461) (== netcore11)) (&& (== net461) (< net45)) (&& (== net461) (>= dnxcore50)) (== netstandard16) (&& (== netstandard16) (== netcore11)) (== netcore11)
      System.Runtime.Extensions (>= 4.3) - restriction: || (&& (== net461) (== netstandard16)) (&& (== net461) (== netcore11)) (&& (== net461) (< net45)) (&& (== net461) (>= dnxcore50)) (== netstandard16) (&& (== netstandard16) (== netcore11)) (== netcore11)
      System.Threading (>= 4.3) - restriction: || (&& (== net461) (== netstandard16)) (&& (== net461) (== netcore11)) (&& (== net461) (< net45)) (&& (== net461) (>= dnxcore50)) (== netstandard16) (&& (== netstandard16) (== netcore11)) (== netcore11)
    System.Globalization (4.3)
      Microsoft.NETCore.Platforms (>= 1.1) - restriction: || (&& (== net461) (== netstandard16)) (&& (== net461) (== netcore11)) (&& (== net461) (< net45)) (&& (== net461) (>= dnxcore50)) (== netstandard16) (&& (== netstandard16) (== netcore11)) (== netcore11)
      Microsoft.NETCore.Targets (>= 1.1) - restriction: || (&& (== net461) (== netstandard16)) (&& (== net461) (== netcore11)) (&& (== net461) (< net45)) (&& (== net461) (>= dnxcore50)) (== netstandard16) (&& (== netstandard16) (== netcore11)) (== netcore11)
      System.Runtime (>= 4.3) - restriction: || (&& (== net461) (== netstandard16)) (&& (== net461) (== netcore11)) (&& (== net461) (< net45)) (&& (== net461) (>= dnxcore50)) (== netstandard16) (&& (== netstandard16) (== netcore11)) (== netcore11)
    System.Globalization.Calendars (4.3)
      Microsoft.NETCore.Platforms (>= 1.1) - restriction: || (&& (== net461) (== netstandard16)) (&& (== net461) (== netcore11)) (&& (== net461) (< net46)) (== netstandard16) (&& (== netstandard16) (== netcore11)) (== netcore11)
      Microsoft.NETCore.Targets (>= 1.1) - restriction: || (&& (== net461) (== netstandard16)) (&& (== net461) (== netcore11)) (&& (== net461) (< net46)) (== netstandard16) (&& (== netstandard16) (== netcore11)) (== netcore11)
      System.Globalization (>= 4.3) - restriction: || (&& (== net461) (== netstandard16)) (&& (== net461) (== netcore11)) (&& (== net461) (< net46)) (== netstandard16) (&& (== netstandard16) (== netcore11)) (== netcore11)
      System.Runtime (>= 4.3) - restriction: || (&& (== net461) (== netstandard16)) (&& (== net461) (== netcore11)) (&& (== net461) (< net46)) (== netstandard16) (&& (== netstandard16) (== netcore11)) (== netcore11)
    System.Globalization.Extensions (4.3) - restriction: || (&& (== net461) (< net45)) (&& (== net461) (>= netcore11)) (== netstandard16) (== netcore11)
      Microsoft.NETCore.Platforms (>= 1.1) - restriction: || (&& (== net461) (== netstandard16)) (&& (== net461) (== netcore11)) (&& (== net461) (< net46)) (== netstandard16) (&& (== netstandard16) (== netcore11)) (== netcore11)
      System.Globalization (>= 4.3) - restriction: || (&& (== net461) (== netstandard16)) (&& (== net461) (== netcore11)) (&& (== net461) (< net46)) (== netstandard16) (&& (== netstandard16) (== netcore11)) (== netcore11)
      System.Resources.ResourceManager (>= 4.3) - restriction: || (&& (== net461) (== netstandard16)) (&& (== net461) (== netcore11)) (&& (== net461) (< net46)) (== netstandard16) (&& (== netstandard16) (== netcore11)) (== netcore11)
      System.Runtime (>= 4.3) - restriction: || (&& (== net461) (== netstandard16)) (&& (== net461) (== netcore11)) (&& (== net461) (< net46)) (== netstandard16) (&& (== netstandard16) (== netcore11)) (== netcore11)
      System.Runtime.Extensions (>= 4.3) - restriction: || (&& (== net461) (== netstandard16)) (&& (== net461) (== netcore11)) (&& (== net461) (< net46)) (== netstandard16) (&& (== netstandard16) (== netcore11)) (== netcore11)
      System.Runtime.InteropServices (>= 4.3) - restriction: || (&& (== net461) (== netstandard16)) (&& (== net461) (== netcore11)) (&& (== net461) (< net46)) (== netstandard16) (&& (== netstandard16) (== netcore11)) (== netcore11)
    System.IO (4.3)
      Microsoft.NETCore.Platforms (>= 1.1) - restriction: || (&& (== net461) (== netstandard16)) (&& (== net461) (== netcore11)) (&& (== net461) (< net45)) (&& (== net461) (>= dnxcore50)) (== netstandard16) (&& (== netstandard16) (== netcore11)) (== netcore11)
      Microsoft.NETCore.Targets (>= 1.1) - restriction: || (&& (== net461) (== netstandard16)) (&& (== net461) (== netcore11)) (&& (== net461) (< net45)) (&& (== net461) (>= dnxcore50)) (== netstandard16) (&& (== netstandard16) (== netcore11)) (== netcore11)
      System.Runtime (>= 4.3) - restriction: || (&& (== net461) (== netstandard16)) (&& (== net461) (== netcore11)) (&& (== net461) (< net45)) (&& (== net461) (>= dnxcore50)) (== netstandard16) (&& (== netstandard16) (== netcore11)) (== netcore11)
      System.Text.Encoding (>= 4.3) - restriction: || (&& (== net461) (== netstandard16)) (&& (== net461) (== netcore11)) (&& (== net461) (< net45)) (&& (== net461) (>= dnxcore50)) (== netstandard16) (&& (== netstandard16) (== netcore11)) (== netcore11)
      System.Threading.Tasks (>= 4.3) - restriction: || (&& (== net461) (== netstandard16)) (&& (== net461) (== netcore11)) (&& (== net461) (< net45)) (&& (== net461) (>= dnxcore50)) (== netstandard16) (&& (== netstandard16) (== netcore11)) (== netcore11)
    System.IO.Compression (4.3)
      Microsoft.NETCore.Platforms (>= 1.1) - restriction: || (&& (== net461) (== netstandard16)) (&& (== net461) (== netcore11)) (&& (== net461) (< net45)) (== netstandard16) (&& (== netstandard16) (== netcore11)) (== netcore11)
      runtime.native.System (>= 4.3) - restriction: || (&& (== net461) (== netstandard16)) (&& (== net461) (== netcore11)) (&& (== net461) (< net45)) (== netstandard16) (&& (== netstandard16) (== netcore11)) (== netcore11)
      runtime.native.System.IO.Compression (>= 4.3) - restriction: || (&& (== net461) (== netstandard16)) (&& (== net461) (== netcore11)) (&& (== net461) (< net45)) (&& (== net461) (>= dnxcore50)) (== netstandard16) (&& (== netstandard16) (== netcore11)) (== netcore11)
      System.Buffers (>= 4.3) - restriction: || (&& (== net461) (== netstandard16)) (&& (== net461) (== netcore11)) (&& (== net461) (< net45)) (&& (== net461) (>= dnxcore50)) (== netstandard16) (&& (== netstandard16) (== netcore11)) (== netcore11)
      System.Collections (>= 4.3) - restriction: || (&& (== net461) (== netstandard16)) (&& (== net461) (== netcore11)) (&& (== net461) (< net45)) (&& (== net461) (>= dnxcore50)) (== netstandard16) (&& (== netstandard16) (== netcore11)) (== netcore11)
      System.Diagnostics.Debug (>= 4.3) - restriction: || (&& (== net461) (== netstandard16)) (&& (== net461) (== netcore11)) (&& (== net461) (< net45)) (&& (== net461) (>= dnxcore50)) (== netstandard16) (&& (== netstandard16) (== netcore11)) (== netcore11)
      System.IO (>= 4.3) - restriction: || (&& (== net461) (== netstandard16)) (&& (== net461) (== netcore11)) (&& (== net461) (< net45)) (&& (== net461) (>= dnxcore50)) (== netstandard16) (&& (== netstandard16) (== netcore11)) (== netcore11)
      System.Resources.ResourceManager (>= 4.3) - restriction: || (&& (== net461) (== netstandard16)) (&& (== net461) (== netcore11)) (&& (== net461) (< net45)) (&& (== net461) (>= dnxcore50)) (== netstandard16) (&& (== netstandard16) (== netcore11)) (== netcore11)
      System.Runtime (>= 4.3) - restriction: || (&& (== net461) (== netstandard16)) (&& (== net461) (== netcore11)) (&& (== net461) (< net45)) (&& (== net461) (>= dnxcore50)) (== netstandard16) (&& (== netstandard16) (== netcore11)) (== netcore11)
      System.Runtime.Extensions (>= 4.3) - restriction: || (&& (== net461) (== netstandard16)) (&& (== net461) (== netcore11)) (&& (== net461) (< net45)) (&& (== net461) (>= dnxcore50)) (== netstandard16) (&& (== netstandard16) (== netcore11)) (== netcore11)
      System.Runtime.Handles (>= 4.3) - restriction: || (&& (== net461) (== netstandard16)) (&& (== net461) (== netcore11)) (&& (== net461) (< net45)) (&& (== net461) (>= dnxcore50)) (== netstandard16) (&& (== netstandard16) (== netcore11)) (== netcore11)
      System.Runtime.InteropServices (>= 4.3) - restriction: || (&& (== net461) (== netstandard16)) (&& (== net461) (== netcore11)) (&& (== net461) (< net45)) (&& (== net461) (>= dnxcore50)) (== netstandard16) (&& (== netstandard16) (== netcore11)) (== netcore11)
      System.Text.Encoding (>= 4.3) - restriction: || (&& (== net461) (== netstandard16)) (&& (== net461) (== netcore11)) (&& (== net461) (< net45)) (&& (== net461) (>= dnxcore50)) (== netstandard16) (&& (== netstandard16) (== netcore11)) (== netcore11)
      System.Threading (>= 4.3) - restriction: || (&& (== net461) (== netstandard16)) (&& (== net461) (== netcore11)) (&& (== net461) (< net45)) (&& (== net461) (>= dnxcore50)) (== netstandard16) (&& (== netstandard16) (== netcore11)) (== netcore11)
      System.Threading.Tasks (>= 4.3) - restriction: || (&& (== net461) (== netstandard16)) (&& (== net461) (== netcore11)) (&& (== net461) (< net45)) (&& (== net461) (>= dnxcore50)) (== netstandard16) (&& (== netstandard16) (== netcore11)) (== netcore11)
    System.IO.Compression.ZipFile (4.3)
      System.Buffers (>= 4.3) - restriction: || (&& (== net461) (== netstandard16)) (&& (== net461) (== netcore11)) (&& (== net461) (< net46)) (== netstandard16) (&& (== netstandard16) (== netcore11)) (== netcore11)
      System.IO (>= 4.3) - restriction: || (&& (== net461) (== netstandard16)) (&& (== net461) (== netcore11)) (&& (== net461) (< net46)) (== netstandard16) (&& (== netstandard16) (== netcore11)) (== netcore11)
      System.IO.Compression (>= 4.3) - restriction: || (&& (== net461) (== netstandard16)) (&& (== net461) (== netcore11)) (&& (== net461) (< net46)) (== netstandard16) (&& (== netstandard16) (== netcore11)) (== netcore11)
      System.IO.FileSystem (>= 4.3) - restriction: || (&& (== net461) (== netstandard16)) (&& (== net461) (== netcore11)) (&& (== net461) (< net46)) (== netstandard16) (&& (== netstandard16) (== netcore11)) (== netcore11)
      System.IO.FileSystem.Primitives (>= 4.3) - restriction: || (&& (== net461) (== netstandard16)) (&& (== net461) (== netcore11)) (&& (== net461) (< net46)) (== netstandard16) (&& (== netstandard16) (== netcore11)) (== netcore11)
      System.Resources.ResourceManager (>= 4.3) - restriction: || (&& (== net461) (== netstandard16)) (&& (== net461) (== netcore11)) (&& (== net461) (< net46)) (== netstandard16) (&& (== netstandard16) (== netcore11)) (== netcore11)
      System.Runtime (>= 4.3) - restriction: || (&& (== net461) (== netstandard16)) (&& (== net461) (== netcore11)) (&& (== net461) (< net46)) (== netstandard16) (&& (== netstandard16) (== netcore11)) (== netcore11)
      System.Runtime.Extensions (>= 4.3) - restriction: || (&& (== net461) (== netstandard16)) (&& (== net461) (== netcore11)) (&& (== net461) (< net46)) (== netstandard16) (&& (== netstandard16) (== netcore11)) (== netcore11)
      System.Text.Encoding (>= 4.3) - restriction: || (&& (== net461) (== netstandard16)) (&& (== net461) (== netcore11)) (&& (== net461) (< net46)) (== netstandard16) (&& (== netstandard16) (== netcore11)) (== netcore11)
    System.IO.FileSystem (4.3)
      Microsoft.NETCore.Platforms (>= 1.1) - restriction: || (&& (== net461) (== netstandard16)) (&& (== net461) (== netcore11)) (&& (== net461) (< net46)) (== netstandard16) (&& (== netstandard16) (== netcore11)) (== netcore11)
      Microsoft.NETCore.Targets (>= 1.1) - restriction: || (&& (== net461) (== netstandard16)) (&& (== net461) (== netcore11)) (&& (== net461) (< net46)) (== netstandard16) (&& (== netstandard16) (== netcore11)) (== netcore11)
      System.IO (>= 4.3) - restriction: || (&& (== net461) (== netstandard16)) (&& (== net461) (== netcore11)) (&& (== net461) (< net46)) (== netstandard16) (&& (== netstandard16) (== netcore11)) (== netcore11)
      System.IO.FileSystem.Primitives (>= 4.3)
      System.Runtime (>= 4.3) - restriction: || (&& (== net461) (== netstandard16)) (&& (== net461) (== netcore11)) (&& (== net461) (< net46)) (== netstandard16) (&& (== netstandard16) (== netcore11)) (== netcore11)
      System.Runtime.Handles (>= 4.3) - restriction: || (&& (== net461) (== netstandard16)) (&& (== net461) (== netcore11)) (&& (== net461) (< net46)) (== netstandard16) (&& (== netstandard16) (== netcore11)) (== netcore11)
      System.Text.Encoding (>= 4.3) - restriction: || (&& (== net461) (== netstandard16)) (&& (== net461) (== netcore11)) (&& (== net461) (< net46)) (== netstandard16) (&& (== netstandard16) (== netcore11)) (== netcore11)
      System.Threading.Tasks (>= 4.3) - restriction: || (&& (== net461) (== netstandard16)) (&& (== net461) (== netcore11)) (&& (== net461) (< net46)) (== netstandard16) (&& (== netstandard16) (== netcore11)) (== netcore11)
    System.IO.FileSystem.Primitives (4.3)
      System.Runtime (>= 4.3) - restriction: || (&& (== net461) (== netstandard16)) (&& (== net461) (== netcore11)) (&& (== net461) (< net46)) (== netstandard16) (&& (== netstandard16) (== netcore11)) (== netcore11)
    System.IO.FileSystem.Watcher (4.3) - restriction: || (&& (== net461) (>= netcore11)) (&& (== netstandard16) (>= netcore11)) (== netcore11)
      Microsoft.NETCore.Platforms (>= 1.1) - restriction: || (&& (== net461) (== netstandard16)) (&& (== net461) (== netcore11)) (&& (== net461) (< net46)) (== netstandard16) (&& (== netstandard16) (== netcore11)) (== netcore11)
      Microsoft.Win32.Primitives (>= 4.3) - restriction: || (&& (== net461) (== netstandard16)) (&& (== net461) (== netcore11)) (&& (== net461) (< net46)) (== netstandard16) (&& (== netstandard16) (== netcore11)) (== netcore11)
      runtime.native.System (>= 4.3) - restriction: || (&& (== net461) (== netstandard16)) (&& (== net461) (== netcore11)) (&& (== net461) (< net46)) (== netstandard16) (&& (== netstandard16) (== netcore11)) (== netcore11)
      System.Collections (>= 4.3) - restriction: || (&& (== net461) (== netstandard16)) (&& (== net461) (== netcore11)) (&& (== net461) (< net46)) (== netstandard16) (&& (== netstandard16) (== netcore11)) (== netcore11)
      System.IO.FileSystem (>= 4.3) - restriction: || (&& (== net461) (== netstandard16)) (&& (== net461) (== netcore11)) (&& (== net461) (< net46)) (== netstandard16) (&& (== netstandard16) (== netcore11)) (== netcore11)
      System.IO.FileSystem.Primitives (>= 4.3) - restriction: || (&& (== net461) (== netstandard16)) (&& (== net461) (== netcore11)) (&& (== net461) (< net46)) (== netstandard16) (&& (== netstandard16) (== netcore11)) (== netcore11)
      System.Resources.ResourceManager (>= 4.3) - restriction: || (&& (== net461) (== netstandard16)) (&& (== net461) (== netcore11)) (&& (== net461) (< net46)) (== netstandard16) (&& (== netstandard16) (== netcore11)) (== netcore11)
      System.Runtime (>= 4.3) - restriction: || (&& (== net461) (== netstandard16)) (&& (== net461) (== netcore11)) (&& (== net461) (< net46)) (== netstandard16) (&& (== netstandard16) (== netcore11)) (== netcore11)
      System.Runtime.Extensions (>= 4.3) - restriction: || (&& (== net461) (== netstandard16)) (&& (== net461) (== netcore11)) (&& (== net461) (< net46)) (== netstandard16) (&& (== netstandard16) (== netcore11)) (== netcore11)
      System.Runtime.Handles (>= 4.3) - restriction: || (&& (== net461) (== netstandard16)) (&& (== net461) (== netcore11)) (&& (== net461) (< net46)) (== netstandard16) (&& (== netstandard16) (== netcore11)) (== netcore11)
      System.Runtime.InteropServices (>= 4.3) - restriction: || (&& (== net461) (== netstandard16)) (&& (== net461) (== netcore11)) (&& (== net461) (< net46)) (== netstandard16) (&& (== netstandard16) (== netcore11)) (== netcore11)
      System.Text.Encoding (>= 4.3) - restriction: || (&& (== net461) (== netstandard16)) (&& (== net461) (== netcore11)) (&& (== net461) (< net46)) (== netstandard16) (&& (== netstandard16) (== netcore11)) (== netcore11)
      System.Threading (>= 4.3) - restriction: || (&& (== net461) (== netstandard16)) (&& (== net461) (== netcore11)) (&& (== net461) (< net46)) (== netstandard16) (&& (== netstandard16) (== netcore11)) (== netcore11)
      System.Threading.Overlapped (>= 4.3) - restriction: || (&& (== net461) (== netstandard16)) (&& (== net461) (== netcore11)) (&& (== net461) (< net46)) (== netstandard16) (&& (== netstandard16) (== netcore11)) (== netcore11)
      System.Threading.Tasks (>= 4.3) - restriction: || (&& (== net461) (== netstandard16)) (&& (== net461) (== netcore11)) (&& (== net461) (< net46)) (== netstandard16) (&& (== netstandard16) (== netcore11)) (== netcore11)
      System.Threading.Thread (>= 4.3) - restriction: || (&& (== net461) (== netstandard16)) (&& (== net461) (== netcore11)) (&& (== net461) (< net46)) (== netstandard16) (&& (== netstandard16) (== netcore11)) (== netcore11)
    System.IO.MemoryMappedFiles (4.3) - restriction: || (&& (== net461) (>= netcore11)) (&& (== netstandard16) (>= netcore11)) (== netcore11)
      Microsoft.NETCore.Platforms (>= 1.1) - restriction: || (&& (== net461) (== netstandard16)) (&& (== net461) (== netcore11)) (&& (== net461) (< net46)) (&& (== net461) (>= dnxcore50)) (== netstandard16) (&& (== netstandard16) (== netcore11)) (== netcore11)
      runtime.native.System (>= 4.3) - restriction: || (&& (== net461) (== netstandard16)) (&& (== net461) (== netcore11)) (&& (== net461) (< net46)) (== netstandard16) (&& (== netstandard16) (== netcore11)) (== netcore11)
      System.IO (>= 4.3) - restriction: || (&& (== net461) (== netstandard16)) (&& (== net461) (== netcore11)) (&& (== net461) (< net46)) (&& (== net461) (>= dnxcore50)) (== netstandard16) (&& (== netstandard16) (== netcore11)) (== netcore11)
      System.IO.FileSystem (>= 4.3)
      System.IO.FileSystem.Primitives (>= 4.3)
      System.IO.UnmanagedMemoryStream (>= 4.3)
      System.Resources.ResourceManager (>= 4.3) - restriction: || (&& (== net461) (== netstandard16)) (&& (== net461) (== netcore11)) (&& (== net461) (< net46)) (&& (== net461) (>= dnxcore50)) (== netstandard16) (&& (== netstandard16) (== netcore11)) (== netcore11)
      System.Runtime (>= 4.3) - restriction: || (&& (== net461) (== netstandard16)) (&& (== net461) (== netcore11)) (&& (== net461) (< net46)) (&& (== net461) (>= dnxcore50)) (== netstandard16) (&& (== netstandard16) (== netcore11)) (== netcore11)
      System.Runtime.Extensions (>= 4.3) - restriction: || (&& (== net461) (== netstandard16)) (&& (== net461) (== netcore11)) (&& (== net461) (< net46)) (== netstandard16) (&& (== netstandard16) (== netcore11)) (== netcore11)
      System.Runtime.Handles (>= 4.3) - restriction: || (&& (== net461) (== netstandard16)) (&& (== net461) (== netcore11)) (&& (== net461) (< net46)) (&& (== net461) (>= dnxcore50)) (== netstandard16) (&& (== netstandard16) (== netcore11)) (== netcore11)
      System.Runtime.InteropServices (>= 4.3) - restriction: || (&& (== net461) (== netstandard16)) (&& (== net461) (== netcore11)) (&& (== net461) (< net46)) (&& (== net461) (>= dnxcore50)) (== netstandard16) (&& (== netstandard16) (== netcore11)) (== netcore11)
      System.Threading (>= 4.3) - restriction: || (&& (== net461) (== netstandard16)) (&& (== net461) (== netcore11)) (&& (== net461) (< net46)) (&& (== net461) (>= dnxcore50)) (== netstandard16) (&& (== netstandard16) (== netcore11)) (== netcore11)
      System.Threading.Tasks (>= 4.3) - restriction: || (&& (== net461) (== netstandard16)) (&& (== net461) (== netcore11)) (&& (== net461) (< net46)) (&& (== net461) (>= dnxcore50)) (== netstandard16) (&& (== netstandard16) (== netcore11)) (== netcore11)
    System.IO.UnmanagedMemoryStream (4.3) - restriction: || (&& (== net461) (>= netcore11)) (&& (== netstandard16) (>= netcore11)) (== netcore11)
      System.Buffers (>= 4.3) - restriction: || (&& (== net461) (== netstandard16)) (&& (== net461) (== netcore11)) (&& (== net461) (< net46)) (== netstandard16) (&& (== netstandard16) (== netcore11)) (== netcore11)
      System.Diagnostics.Debug (>= 4.3) - restriction: || (&& (== net461) (== netstandard16)) (&& (== net461) (== netcore11)) (&& (== net461) (< net46)) (== netstandard16) (&& (== netstandard16) (== netcore11)) (== netcore11)
      System.IO (>= 4.3) - restriction: || (&& (== net461) (== netstandard16)) (&& (== net461) (== netcore11)) (&& (== net461) (< net46)) (== netstandard16) (&& (== netstandard16) (== netcore11)) (== netcore11)
      System.IO.FileSystem.Primitives (>= 4.3)
      System.Resources.ResourceManager (>= 4.3) - restriction: || (&& (== net461) (== netstandard16)) (&& (== net461) (== netcore11)) (&& (== net461) (< net46)) (== netstandard16) (&& (== netstandard16) (== netcore11)) (== netcore11)
      System.Runtime (>= 4.3) - restriction: || (&& (== net461) (== netstandard16)) (&& (== net461) (== netcore11)) (&& (== net461) (< net46)) (== netstandard16) (&& (== netstandard16) (== netcore11)) (== netcore11)
      System.Runtime.InteropServices (>= 4.3) - restriction: || (&& (== net461) (== netstandard16)) (&& (== net461) (== netcore11)) (&& (== net461) (< net46)) (== netstandard16) (&& (== netstandard16) (== netcore11)) (== netcore11)
      System.Threading (>= 4.3) - restriction: || (&& (== net461) (== netstandard16)) (&& (== net461) (== netcore11)) (&& (== net461) (< net46)) (== netstandard16) (&& (== netstandard16) (== netcore11)) (== netcore11)
      System.Threading.Tasks (>= 4.3) - restriction: || (&& (== net461) (== netstandard16)) (&& (== net461) (== netcore11)) (&& (== net461) (< net46)) (== netstandard16) (&& (== netstandard16) (== netcore11)) (== netcore11)
    System.Linq (4.3)
      System.Collections (>= 4.3) - restriction: || (&& (== net461) (== netstandard16)) (&& (== net461) (== netcore11)) (&& (== net461) (< net45)) (&& (== net461) (>= dnxcore50)) (== netstandard16) (&& (== netstandard16) (== netcore11)) (== netcore11)
      System.Diagnostics.Debug (>= 4.3) - restriction: || (&& (== net461) (== netstandard16)) (&& (== net461) (== netcore11)) (&& (== net461) (< net45)) (&& (== net461) (>= dnxcore50)) (== netstandard16) (&& (== netstandard16) (== netcore11)) (== netcore11)
      System.Resources.ResourceManager (>= 4.3) - restriction: || (&& (== net461) (== netstandard16)) (&& (== net461) (== netcore11)) (&& (== net461) (< net45)) (&& (== net461) (>= dnxcore50)) (== netstandard16) (&& (== netstandard16) (== netcore11)) (== netcore11)
      System.Runtime (>= 4.3) - restriction: || (&& (== net461) (== netstandard16)) (&& (== net461) (== netcore11)) (&& (== net461) (< net45)) (&& (== net461) (>= dnxcore50)) (== netstandard16) (&& (== netstandard16) (== netcore11)) (== netcore11)
      System.Runtime.Extensions (>= 4.3) - restriction: || (&& (== net461) (== netstandard16)) (&& (== net461) (== netcore11)) (&& (== net461) (< net45)) (&& (== net461) (>= dnxcore50)) (== netstandard16) (&& (== netstandard16) (== netcore11)) (== netcore11)
    System.Linq.Expressions (4.3)
      System.Collections (>= 4.3) - restriction: || (&& (== net461) (== netstandard16)) (&& (== net461) (== netcore11)) (&& (== net461) (< net45)) (&& (== net461) (>= dnxcore50)) (== netstandard16) (&& (== netstandard16) (== netcore11)) (== netcore11)
      System.Diagnostics.Debug (>= 4.3) - restriction: || (&& (== net461) (== netstandard16)) (&& (== net461) (== netcore11)) (&& (== net461) (< net45)) (&& (== net461) (>= dnxcore50)) (== netstandard16) (&& (== netstandard16) (== netcore11)) (== netcore11)
      System.Globalization (>= 4.3) - restriction: || (&& (== net461) (== netstandard16)) (&& (== net461) (== netcore11)) (&& (== net461) (< net45)) (&& (== net461) (>= dnxcore50)) (== netstandard16) (&& (== netstandard16) (== netcore11)) (== netcore11)
      System.IO (>= 4.3) - restriction: || (&& (== net461) (== netstandard16)) (&& (== net461) (== netcore11)) (&& (== net461) (< net45)) (&& (== net461) (>= dnxcore50)) (== netstandard16) (&& (== netstandard16) (== netcore11)) (== netcore11)
      System.Linq (>= 4.3) - restriction: || (&& (== net461) (== netstandard16)) (&& (== net461) (== netcore11)) (&& (== net461) (< net45)) (&& (== net461) (>= dnxcore50)) (== netstandard16) (&& (== netstandard16) (== netcore11)) (== netcore11)
      System.ObjectModel (>= 4.3) - restriction: || (&& (== net461) (== netstandard16)) (&& (== net461) (== netcore11)) (&& (== net461) (< net45)) (== netstandard16) (&& (== netstandard16) (== netcore11)) (== netcore11)
      System.Reflection (>= 4.3) - restriction: || (&& (== net461) (== netstandard16)) (&& (== net461) (== netcore11)) (&& (== net461) (< net45)) (&& (== net461) (>= dnxcore50)) (== netstandard16) (&& (== netstandard16) (== netcore11)) (== netcore11)
      System.Reflection.Emit (>= 4.3) - restriction: || (&& (== net461) (== netstandard16)) (&& (== net461) (== netcore11)) (&& (== net461) (< net45)) (== netstandard16) (&& (== netstandard16) (== netcore11)) (== netcore11)
      System.Reflection.Emit.ILGeneration (>= 4.3) - restriction: || (&& (== net461) (== netstandard16)) (&& (== net461) (== netcore11)) (&& (== net461) (< net45)) (&& (== net461) (>= dnxcore50)) (== netstandard16) (&& (== netstandard16) (== netcore11)) (== netcore11)
      System.Reflection.Emit.Lightweight (>= 4.3) - restriction: || (&& (== net461) (== netstandard16)) (&& (== net461) (== netcore11)) (&& (== net461) (< net45)) (&& (== net461) (>= dnxcore50)) (== netstandard16) (&& (== netstandard16) (== netcore11)) (== netcore11)
      System.Reflection.Extensions (>= 4.3) - restriction: || (&& (== net461) (== netstandard16)) (&& (== net461) (== netcore11)) (&& (== net461) (< net45)) (&& (== net461) (>= dnxcore50)) (== netstandard16) (&& (== netstandard16) (== netcore11)) (== netcore11)
      System.Reflection.Primitives (>= 4.3) - restriction: || (&& (== net461) (== netstandard16)) (&& (== net461) (== netcore11)) (&& (== net461) (< net45)) (&& (== net461) (>= dnxcore50)) (== netstandard16) (&& (== netstandard16) (== netcore11)) (== netcore11)
      System.Reflection.TypeExtensions (>= 4.3) - restriction: || (&& (== net461) (== netstandard16)) (&& (== net461) (== netcore11)) (&& (== net461) (< net45)) (&& (== net461) (>= dnxcore50)) (== netstandard16) (&& (== netstandard16) (== netcore11)) (== netcore11)
      System.Resources.ResourceManager (>= 4.3) - restriction: || (&& (== net461) (== netstandard16)) (&& (== net461) (== netcore11)) (&& (== net461) (< net45)) (&& (== net461) (>= dnxcore50)) (== netstandard16) (&& (== netstandard16) (== netcore11)) (== netcore11)
      System.Runtime (>= 4.3) - restriction: || (&& (== net461) (== netstandard16)) (&& (== net461) (== netcore11)) (&& (== net461) (< net45)) (&& (== net461) (>= dnxcore50)) (== netstandard16) (&& (== netstandard16) (== netcore11)) (== netcore11)
      System.Runtime.Extensions (>= 4.3) - restriction: || (&& (== net461) (== netstandard16)) (&& (== net461) (== netcore11)) (&& (== net461) (< net45)) (&& (== net461) (>= dnxcore50)) (== netstandard16) (&& (== netstandard16) (== netcore11)) (== netcore11)
      System.Threading (>= 4.3) - restriction: || (&& (== net461) (== netstandard16)) (&& (== net461) (== netcore11)) (&& (== net461) (< net45)) (&& (== net461) (>= dnxcore50)) (== netstandard16) (&& (== netstandard16) (== netcore11)) (== netcore11)
    System.Linq.Parallel (4.3) - restriction: || (&& (== net461) (>= netcore11)) (&& (== netstandard16) (>= netcore11)) (== netcore11)
      System.Collections (>= 4.3) - restriction: || (&& (== net461) (== netstandard16)) (&& (== net461) (== netcore11)) (&& (== net461) (< net45)) (&& (== net461) (>= dnxcore50)) (== netstandard16) (&& (== netstandard16) (== netcore11)) (== netcore11)
      System.Collections.Concurrent (>= 4.3) - restriction: || (&& (== net461) (== netstandard16)) (&& (== net461) (== netcore11)) (&& (== net461) (< net45)) (&& (== net461) (>= dnxcore50)) (== netstandard16) (&& (== netstandard16) (== netcore11)) (== netcore11)
      System.Diagnostics.Debug (>= 4.3) - restriction: || (&& (== net461) (== netstandard16)) (&& (== net461) (== netcore11)) (&& (== net461) (< net45)) (&& (== net461) (>= dnxcore50)) (== netstandard16) (&& (== netstandard16) (== netcore11)) (== netcore11)
      System.Diagnostics.Tracing (>= 4.3) - restriction: || (&& (== net461) (== netstandard16)) (&& (== net461) (== netcore11)) (&& (== net461) (< net45)) (&& (== net461) (>= dnxcore50)) (== netstandard16) (&& (== netstandard16) (== netcore11)) (== netcore11)
      System.Linq (>= 4.3) - restriction: || (&& (== net461) (== netstandard16)) (&& (== net461) (== netcore11)) (&& (== net461) (< net45)) (&& (== net461) (>= dnxcore50)) (== netstandard16) (&& (== netstandard16) (== netcore11)) (== netcore11)
      System.Resources.ResourceManager (>= 4.3) - restriction: || (&& (== net461) (== netstandard16)) (&& (== net461) (== netcore11)) (&& (== net461) (< net45)) (&& (== net461) (>= dnxcore50)) (== netstandard16) (&& (== netstandard16) (== netcore11)) (== netcore11)
      System.Runtime (>= 4.3) - restriction: || (&& (== net461) (== netstandard16)) (&& (== net461) (== netcore11)) (&& (== net461) (< net45)) (&& (== net461) (>= dnxcore50)) (== netstandard16) (&& (== netstandard16) (== netcore11)) (== netcore11)
      System.Runtime.Extensions (>= 4.3) - restriction: || (&& (== net461) (== netstandard16)) (&& (== net461) (== netcore11)) (&& (== net461) (< net45)) (&& (== net461) (>= dnxcore50)) (== netstandard16) (&& (== netstandard16) (== netcore11)) (== netcore11)
      System.Threading (>= 4.3) - restriction: || (&& (== net461) (== netstandard16)) (&& (== net461) (== netcore11)) (&& (== net461) (< net45)) (&& (== net461) (>= dnxcore50)) (== netstandard16) (&& (== netstandard16) (== netcore11)) (== netcore11)
      System.Threading.Tasks (>= 4.3) - restriction: || (&& (== net461) (== netstandard16)) (&& (== net461) (== netcore11)) (&& (== net461) (< net45)) (&& (== net461) (>= dnxcore50)) (== netstandard16) (&& (== netstandard16) (== netcore11)) (== netcore11)
    System.Linq.Queryable (4.3)
      System.Collections (>= 4.3) - restriction: || (&& (== net461) (== netstandard16)) (&& (== net461) (== netcore11)) (&& (== net461) (< net45)) (&& (== net461) (>= dnxcore50)) (== netstandard16) (&& (== netstandard16) (== netcore11)) (== netcore11)
      System.Diagnostics.Debug (>= 4.3) - restriction: || (&& (== net461) (== netstandard16)) (&& (== net461) (== netcore11)) (&& (== net461) (< net45)) (&& (== net461) (>= dnxcore50)) (== netstandard16) (&& (== netstandard16) (== netcore11)) (== netcore11)
      System.Linq (>= 4.3) - restriction: || (&& (== net461) (== netstandard16)) (&& (== net461) (== netcore11)) (&& (== net461) (< net45)) (&& (== net461) (>= dnxcore50)) (== netstandard16) (&& (== netstandard16) (== netcore11)) (== netcore11)
      System.Linq.Expressions (>= 4.3) - restriction: || (&& (== net461) (== netstandard16)) (&& (== net461) (== netcore11)) (&& (== net461) (< net45)) (&& (== net461) (>= dnxcore50)) (== netstandard16) (&& (== netstandard16) (== netcore11)) (== netcore11)
      System.Reflection (>= 4.3) - restriction: || (&& (== net461) (== netstandard16)) (&& (== net461) (== netcore11)) (&& (== net461) (< net45)) (&& (== net461) (>= dnxcore50)) (== netstandard16) (&& (== netstandard16) (== netcore11)) (== netcore11)
      System.Reflection.Extensions (>= 4.3) - restriction: || (&& (== net461) (== netstandard16)) (&& (== net461) (== netcore11)) (&& (== net461) (< net45)) (&& (== net461) (>= dnxcore50)) (== netstandard16) (&& (== netstandard16) (== netcore11)) (== netcore11)
      System.Resources.ResourceManager (>= 4.3) - restriction: || (&& (== net461) (== netstandard16)) (&& (== net461) (== netcore11)) (&& (== net461) (< net45)) (&& (== net461) (>= dnxcore50)) (== netstandard16) (&& (== netstandard16) (== netcore11)) (== netcore11)
      System.Runtime (>= 4.3) - restriction: || (&& (== net461) (== netstandard16)) (&& (== net461) (== netcore11)) (&& (== net461) (< net45)) (&& (== net461) (>= dnxcore50)) (== netstandard16) (&& (== netstandard16) (== netcore11)) (== netcore11)
    System.Net.Http (4.3.2)
      Microsoft.NETCore.Platforms (>= 1.1) - restriction: || (&& (== net461) (== netstandard16)) (&& (== net461) (== netcore11)) (&& (== net461) (< net45)) (&& (== net461) (>= dnxcore50)) (== netstandard16) (&& (== netstandard16) (== netcore11)) (== netcore11)
      runtime.native.System (>= 4.3) - restriction: || (&& (== net461) (== netstandard16)) (&& (== net461) (== netcore11)) (&& (== net461) (< net45)) (== netstandard16) (&& (== netstandard16) (== netcore11)) (== netcore11)
      runtime.native.System.Net.Http (>= 4.3) - restriction: || (&& (== net461) (== netstandard16)) (&& (== net461) (== netcore11)) (&& (== net461) (< net45)) (== netstandard16) (&& (== netstandard16) (== netcore11)) (== netcore11)
      runtime.native.System.Security.Cryptography.OpenSsl (>= 4.3) - restriction: || (&& (== net461) (== netstandard16)) (&& (== net461) (== netcore11)) (&& (== net461) (< net45)) (== netstandard16) (&& (== netstandard16) (== netcore11)) (== netcore11)
      System.Collections (>= 4.3) - restriction: || (&& (== net461) (== netstandard16)) (&& (== net461) (== netcore11)) (&& (== net461) (< net45)) (&& (== net461) (>= dnxcore50)) (== netstandard16) (&& (== netstandard16) (== netcore11)) (== netcore11)
      System.Diagnostics.Debug (>= 4.3) - restriction: || (&& (== net461) (== netstandard16)) (&& (== net461) (== netcore11)) (&& (== net461) (< net45)) (&& (== net461) (>= dnxcore50)) (== netstandard16) (&& (== netstandard16) (== netcore11)) (== netcore11)
      System.Diagnostics.DiagnosticSource (>= 4.3) - restriction: || (&& (== net461) (== netstandard16)) (&& (== net461) (== netcore11)) (&& (== net461) (< net45)) (&& (== net461) (>= dnxcore50)) (== netstandard16) (&& (== netstandard16) (== netcore11)) (== netcore11)
      System.Diagnostics.Tracing (>= 4.3) - restriction: || (&& (== net461) (== netstandard16)) (&& (== net461) (== netcore11)) (&& (== net461) (< net45)) (&& (== net461) (>= dnxcore50)) (== netstandard16) (&& (== netstandard16) (== netcore11)) (== netcore11)
      System.Globalization (>= 4.3) - restriction: || (&& (== net461) (== netstandard16)) (&& (== net461) (== netcore11)) (&& (== net461) (< net45)) (&& (== net461) (>= dnxcore50)) (== netstandard16) (&& (== netstandard16) (== netcore11)) (== netcore11)
      System.Globalization.Extensions (>= 4.3) - restriction: || (&& (== net461) (== netstandard16)) (&& (== net461) (== netcore11)) (&& (== net461) (< net45)) (== netstandard16) (&& (== netstandard16) (== netcore11)) (== netcore11)
      System.IO (>= 4.3) - restriction: || (&& (== net461) (== netstandard16)) (&& (== net461) (== netcore11)) (&& (== net461) (< net45)) (&& (== net461) (>= dnxcore50)) (== netstandard16) (&& (== netstandard16) (== netcore11)) (== netcore11)
      System.IO.FileSystem (>= 4.3) - restriction: || (&& (== net461) (== netstandard16)) (&& (== net461) (== netcore11)) (&& (== net461) (< net45)) (== netstandard16) (&& (== netstandard16) (== netcore11)) (== netcore11)
      System.Net.Primitives (>= 4.3) - restriction: || (&& (== net461) (== netstandard16)) (&& (== net461) (== netcore11)) (&& (== net461) (< net45)) (&& (== net461) (>= dnxcore50)) (== netstandard16) (&& (== netstandard16) (== netcore11)) (== netcore11)
      System.Resources.ResourceManager (>= 4.3) - restriction: || (&& (== net461) (== netstandard16)) (&& (== net461) (== netcore11)) (&& (== net461) (< net45)) (&& (== net461) (>= dnxcore50)) (== netstandard16) (&& (== netstandard16) (== netcore11)) (== netcore11)
      System.Runtime (>= 4.3) - restriction: || (&& (== net461) (== netstandard16)) (&& (== net461) (== netcore11)) (&& (== net461) (< net45)) (&& (== net461) (>= dnxcore50)) (== netstandard16) (&& (== netstandard16) (== netcore11)) (== netcore11)
      System.Runtime.Extensions (>= 4.3) - restriction: || (&& (== net461) (== netstandard16)) (&& (== net461) (== netcore11)) (&& (== net461) (< net45)) (&& (== net461) (>= dnxcore50)) (== netstandard16) (&& (== netstandard16) (== netcore11)) (== netcore11)
      System.Runtime.Handles (>= 4.3) - restriction: || (&& (== net461) (== netstandard16)) (&& (== net461) (== netcore11)) (&& (== net461) (< net45)) (== netstandard16) (&& (== netstandard16) (== netcore11)) (== netcore11)
      System.Runtime.InteropServices (>= 4.3) - restriction: || (&& (== net461) (== netstandard16)) (&& (== net461) (== netcore11)) (&& (== net461) (< net45)) (&& (== net461) (>= dnxcore50)) (== netstandard16) (&& (== netstandard16) (== netcore11)) (== netcore11)
      System.Security.Cryptography.Algorithms (>= 4.3) - restriction: || (&& (== net461) (== netstandard16)) (&& (== net461) (== netcore11)) (&& (== net461) (< net45)) (== netstandard16) (&& (== netstandard16) (== netcore11)) (== netcore11)
      System.Security.Cryptography.Encoding (>= 4.3) - restriction: || (&& (== net461) (== netstandard16)) (&& (== net461) (== netcore11)) (&& (== net461) (< net45)) (== netstandard16) (&& (== netstandard16) (== netcore11)) (== netcore11)
      System.Security.Cryptography.OpenSsl (>= 4.3) - restriction: || (&& (== net461) (== netstandard16)) (&& (== net461) (== netcore11)) (&& (== net461) (< net45)) (== netstandard16) (&& (== netstandard16) (== netcore11)) (== netcore11)
      System.Security.Cryptography.Primitives (>= 4.3) - restriction: || (&& (== net461) (== netstandard16)) (&& (== net461) (== netcore11)) (&& (== net461) (< net45)) (== netstandard16) (&& (== netstandard16) (== netcore11)) (== netcore11)
      System.Security.Cryptography.X509Certificates (>= 4.3)
      System.Text.Encoding (>= 4.3) - restriction: || (&& (== net461) (== netstandard16)) (&& (== net461) (== netcore11)) (&& (== net461) (< net45)) (&& (== net461) (>= dnxcore50)) (== netstandard16) (&& (== netstandard16) (== netcore11)) (== netcore11)
      System.Threading (>= 4.3) - restriction: || (&& (== net461) (== netstandard16)) (&& (== net461) (== netcore11)) (&& (== net461) (< net45)) (&& (== net461) (>= dnxcore50)) (== netstandard16) (&& (== netstandard16) (== netcore11)) (== netcore11)
      System.Threading.Tasks (>= 4.3) - restriction: || (&& (== net461) (== netstandard16)) (&& (== net461) (== netcore11)) (&& (== net461) (< net45)) (&& (== net461) (>= dnxcore50)) (== netstandard16) (&& (== netstandard16) (== netcore11)) (== netcore11)
    System.Net.NameResolution (4.3) - restriction: || (&& (== net461) (>= netcore11)) (&& (== netstandard16) (>= netcore11)) (== netcore11)
      Microsoft.NETCore.Platforms (>= 1.1) - restriction: || (&& (== net461) (== netstandard16)) (&& (== net461) (== netcore11)) (&& (== net461) (< net46)) (&& (== net461) (>= dnxcore50)) (== netstandard16) (&& (== netstandard16) (== netcore11)) (== netcore11)
      runtime.native.System (>= 4.3) - restriction: || (&& (== net461) (== netstandard16)) (&& (== net461) (== netcore11)) (&& (== net461) (< net46)) (== netstandard16) (&& (== netstandard16) (== netcore11)) (== netcore11)
      System.Collections (>= 4.3) - restriction: || (&& (== net461) (== netstandard16)) (&& (== net461) (== netcore11)) (&& (== net461) (< net46)) (&& (== net461) (>= dnxcore50)) (== netstandard16) (&& (== netstandard16) (== netcore11)) (== netcore11)
      System.Diagnostics.Tracing (>= 4.3) - restriction: || (&& (== net461) (== netstandard16)) (&& (== net461) (== netcore11)) (&& (== net461) (< net46)) (&& (== net461) (>= dnxcore50)) (== netstandard16) (&& (== netstandard16) (== netcore11)) (== netcore11)
      System.Globalization (>= 4.3) - restriction: || (&& (== net461) (== netstandard16)) (&& (== net461) (== netcore11)) (&& (== net461) (< net46)) (&& (== net461) (>= dnxcore50)) (== netstandard16) (&& (== netstandard16) (== netcore11)) (== netcore11)
      System.Net.Primitives (>= 4.3) - restriction: || (&& (== net461) (== netstandard16)) (&& (== net461) (== netcore11)) (&& (== net461) (< net46)) (&& (== net461) (>= dnxcore50)) (== netstandard16) (&& (== netstandard16) (== netcore11)) (== netcore11)
      System.Resources.ResourceManager (>= 4.3) - restriction: || (&& (== net461) (== netstandard16)) (&& (== net461) (== netcore11)) (&& (== net461) (< net46)) (&& (== net461) (>= dnxcore50)) (== netstandard16) (&& (== netstandard16) (== netcore11)) (== netcore11)
      System.Runtime (>= 4.3) - restriction: || (&& (== net461) (== netstandard16)) (&& (== net461) (== netcore11)) (&& (== net461) (< net46)) (&& (== net461) (>= dnxcore50)) (== netstandard16) (&& (== netstandard16) (== netcore11)) (== netcore11)
      System.Runtime.Extensions (>= 4.3) - restriction: || (&& (== net461) (== netstandard16)) (&& (== net461) (== netcore11)) (&& (== net461) (< net46)) (&& (== net461) (>= dnxcore50)) (== netstandard16) (&& (== netstandard16) (== netcore11)) (== netcore11)
      System.Runtime.Handles (>= 4.3) - restriction: || (&& (== net461) (== netstandard16)) (&& (== net461) (== netcore11)) (&& (== net461) (< net46)) (&& (== net461) (>= dnxcore50)) (== netstandard16) (&& (== netstandard16) (== netcore11)) (== netcore11)
      System.Runtime.InteropServices (>= 4.3) - restriction: || (&& (== net461) (== netstandard16)) (&& (== net461) (== netcore11)) (&& (== net461) (< net46)) (&& (== net461) (>= dnxcore50)) (== netstandard16) (&& (== netstandard16) (== netcore11)) (== netcore11)
      System.Security.Principal.Windows (>= 4.3) - restriction: || (&& (== net461) (== netstandard16)) (&& (== net461) (== netcore11)) (&& (== net461) (< net46)) (== netstandard16) (&& (== netstandard16) (== netcore11)) (== netcore11)
      System.Threading (>= 4.3) - restriction: || (&& (== net461) (== netstandard16)) (&& (== net461) (== netcore11)) (&& (== net461) (< net46)) (&& (== net461) (>= dnxcore50)) (== netstandard16) (&& (== netstandard16) (== netcore11)) (== netcore11)
      System.Threading.Tasks (>= 4.3) - restriction: || (&& (== net461) (== netstandard16)) (&& (== net461) (== netcore11)) (&& (== net461) (< net46)) (&& (== net461) (>= dnxcore50)) (== netstandard16) (&& (== netstandard16) (== netcore11)) (== netcore11)
    System.Net.Primitives (4.3)
      Microsoft.NETCore.Platforms (>= 1.1) - restriction: || (&& (== net461) (== netstandard16)) (&& (== net461) (== netcore11)) (&& (== net461) (< net45)) (&& (== net461) (>= dnxcore50)) (&& (== net461) (< netstandard11)) (== netstandard16) (&& (== netstandard16) (== netcore11)) (== netcore11)
      Microsoft.NETCore.Targets (>= 1.1) - restriction: || (&& (== net461) (== netstandard16)) (&& (== net461) (== netcore11)) (&& (== net461) (< net45)) (&& (== net461) (>= dnxcore50)) (&& (== net461) (< netstandard11)) (== netstandard16) (&& (== netstandard16) (== netcore11)) (== netcore11)
      System.Runtime (>= 4.3) - restriction: || (&& (== net461) (== netstandard16)) (&& (== net461) (== netcore11)) (&& (== net461) (< net45)) (&& (== net461) (>= dnxcore50)) (&& (== net461) (< netstandard11)) (== netstandard16) (&& (== netstandard16) (== netcore11)) (== netcore11)
      System.Runtime.Handles (>= 4.3) - restriction: || (&& (== net461) (== netstandard16)) (&& (== net461) (== netcore11)) (&& (== net461) (< net45)) (&& (== net461) (>= dnxcore50)) (== netstandard16) (&& (== netstandard16) (== netcore11)) (== netcore11)
    System.Net.Requests (4.3)
      Microsoft.NETCore.Platforms (>= 1.1) - restriction: || (&& (== net461) (== netstandard16)) (&& (== net461) (== netcore11)) (&& (== net461) (< net45)) (== netstandard16) (&& (== netstandard16) (== netcore11)) (== netcore11)
      System.Collections (>= 4.3) - restriction: || (&& (== net461) (== netstandard16)) (&& (== net461) (== netcore11)) (&& (== net461) (< net45)) (&& (== net461) (>= dnxcore50)) (== netstandard16) (&& (== netstandard16) (== netcore11)) (== netcore11)
      System.Diagnostics.Debug (>= 4.3) - restriction: || (&& (== net461) (== netstandard16)) (&& (== net461) (== netcore11)) (&& (== net461) (< net45)) (&& (== net461) (>= dnxcore50)) (== netstandard16) (&& (== netstandard16) (== netcore11)) (== netcore11)
      System.Diagnostics.Tracing (>= 4.3) - restriction: || (&& (== net461) (== netstandard16)) (&& (== net461) (== netcore11)) (&& (== net461) (< net45)) (&& (== net461) (>= dnxcore50)) (== netstandard16) (&& (== netstandard16) (== netcore11)) (== netcore11)
      System.Globalization (>= 4.3) - restriction: || (&& (== net461) (== netstandard16)) (&& (== net461) (== netcore11)) (&& (== net461) (< net45)) (&& (== net461) (>= dnxcore50)) (== netstandard16) (&& (== netstandard16) (== netcore11)) (== netcore11)
      System.IO (>= 4.3) - restriction: || (&& (== net461) (== netstandard16)) (&& (== net461) (== netcore11)) (&& (== net461) (< net45)) (&& (== net461) (>= dnxcore50)) (&& (== net461) (< netstandard11)) (== netstandard16) (&& (== netstandard16) (== netcore11)) (== netcore11)
      System.Net.Http (>= 4.3) - restriction: || (&& (== net461) (== netstandard16)) (&& (== net461) (== netcore11)) (&& (== net461) (< net45)) (&& (== net461) (>= dnxcore50)) (== netstandard16) (&& (== netstandard16) (== netcore11)) (== netcore11)
      System.Net.Primitives (>= 4.3) - restriction: || (&& (== net461) (== netstandard16)) (&& (== net461) (== netcore11)) (&& (== net461) (< net45)) (&& (== net461) (>= dnxcore50)) (&& (== net461) (< netstandard11)) (== netstandard16) (&& (== netstandard16) (== netcore11)) (== netcore11)
      System.Net.WebHeaderCollection (>= 4.3) - restriction: || (&& (== net461) (== netstandard16)) (&& (== net461) (== netcore11)) (&& (== net461) (< net45)) (&& (== net461) (>= dnxcore50)) (== netstandard16) (&& (== netstandard16) (== netcore11)) (== netcore11)
      System.Resources.ResourceManager (>= 4.3) - restriction: || (&& (== net461) (== netstandard16)) (&& (== net461) (== netcore11)) (&& (== net461) (< net45)) (&& (== net461) (>= dnxcore50)) (== netstandard16) (&& (== netstandard16) (== netcore11)) (== netcore11)
      System.Runtime (>= 4.3) - restriction: || (&& (== net461) (== netstandard16)) (&& (== net461) (== netcore11)) (&& (== net461) (< net45)) (&& (== net461) (>= dnxcore50)) (&& (== net461) (< netstandard11)) (== netstandard16) (&& (== netstandard16) (== netcore11)) (== netcore11)
      System.Threading (>= 4.3) - restriction: || (&& (== net461) (== netstandard16)) (&& (== net461) (== netcore11)) (&& (== net461) (< net45)) (&& (== net461) (>= dnxcore50)) (== netstandard16) (&& (== netstandard16) (== netcore11)) (== netcore11)
      System.Threading.Tasks (>= 4.3) - restriction: || (&& (== net461) (== netstandard16)) (&& (== net461) (== netcore11)) (&& (== net461) (< net45)) (&& (== net461) (>= dnxcore50)) (== netstandard16) (&& (== netstandard16) (== netcore11)) (== netcore11)
    System.Net.Security (4.3.1) - restriction: || (&& (== net461) (>= netcore11)) (&& (== netstandard16) (>= netcore11)) (== netcore11)
      Microsoft.NETCore.Platforms (>= 1.1) - restriction: || (&& (== net461) (== netstandard16)) (&& (== net461) (== netcore11)) (&& (== net461) (< net46)) (== netstandard16) (&& (== netstandard16) (== netcore11)) (== netcore11)
      Microsoft.Win32.Primitives (>= 4.3) - restriction: || (&& (== net461) (== netstandard16)) (&& (== net461) (== netcore11)) (&& (== net461) (< net46)) (== netstandard16) (&& (== netstandard16) (== netcore11)) (== netcore11)
      runtime.native.System (>= 4.3) - restriction: || (&& (== net461) (== netstandard16)) (&& (== net461) (== netcore11)) (&& (== net461) (< net46)) (== netstandard16) (&& (== netstandard16) (== netcore11)) (== netcore11)
      runtime.native.System.Net.Security (>= 4.3) - restriction: || (&& (== net461) (== netstandard16)) (&& (== net461) (== netcore11)) (&& (== net461) (< net46)) (== netstandard16) (&& (== netstandard16) (== netcore11)) (== netcore11)
      runtime.native.System.Security.Cryptography.OpenSsl (>= 4.3) - restriction: || (&& (== net461) (== netstandard16)) (&& (== net461) (== netcore11)) (&& (== net461) (< net46)) (== netstandard16) (&& (== netstandard16) (== netcore11)) (== netcore11)
      System.Collections (>= 4.3) - restriction: || (&& (== net461) (== netstandard16)) (&& (== net461) (== netcore11)) (&& (== net461) (< net46)) (== netstandard16) (&& (== netstandard16) (== netcore11)) (== netcore11)
      System.Collections.Concurrent (>= 4.3) - restriction: || (&& (== net461) (== netstandard16)) (&& (== net461) (== netcore11)) (&& (== net461) (< net46)) (== netstandard16) (&& (== netstandard16) (== netcore11)) (== netcore11)
      System.Diagnostics.Tracing (>= 4.3) - restriction: || (&& (== net461) (== netstandard16)) (&& (== net461) (== netcore11)) (&& (== net461) (< net46)) (== netstandard16) (&& (== netstandard16) (== netcore11)) (== netcore11)
      System.Globalization (>= 4.3) - restriction: || (&& (== net461) (== netstandard16)) (&& (== net461) (== netcore11)) (&& (== net461) (< net46)) (== netstandard16) (&& (== netstandard16) (== netcore11)) (== netcore11)
      System.Globalization.Extensions (>= 4.3) - restriction: || (&& (== net461) (== netstandard16)) (&& (== net461) (== netcore11)) (&& (== net461) (< net46)) (== netstandard16) (&& (== netstandard16) (== netcore11)) (== netcore11)
      System.IO (>= 4.3) - restriction: || (&& (== net461) (== netstandard16)) (&& (== net461) (== netcore11)) (&& (== net461) (< net46)) (== netstandard16) (&& (== netstandard16) (== netcore11)) (== netcore11)
      System.Net.Primitives (>= 4.3) - restriction: || (&& (== net461) (== netstandard16)) (&& (== net461) (== netcore11)) (&& (== net461) (< net46)) (== netstandard16) (&& (== netstandard16) (== netcore11)) (== netcore11)
      System.Resources.ResourceManager (>= 4.3) - restriction: || (&& (== net461) (== netstandard16)) (&& (== net461) (== netcore11)) (&& (== net461) (< net46)) (== netstandard16) (&& (== netstandard16) (== netcore11)) (== netcore11)
      System.Runtime (>= 4.3) - restriction: || (&& (== net461) (== netstandard16)) (&& (== net461) (== netcore11)) (&& (== net461) (< net46)) (== netstandard16) (&& (== netstandard16) (== netcore11)) (== netcore11)
      System.Runtime.Extensions (>= 4.3) - restriction: || (&& (== net461) (== netstandard16)) (&& (== net461) (== netcore11)) (&& (== net461) (< net46)) (== netstandard16) (&& (== netstandard16) (== netcore11)) (== netcore11)
      System.Runtime.Handles (>= 4.3) - restriction: || (&& (== net461) (== netstandard16)) (&& (== net461) (== netcore11)) (&& (== net461) (< net46)) (== netstandard16) (&& (== netstandard16) (== netcore11)) (== netcore11)
      System.Runtime.InteropServices (>= 4.3) - restriction: || (&& (== net461) (== netstandard16)) (&& (== net461) (== netcore11)) (&& (== net461) (< net46)) (== netstandard16) (&& (== netstandard16) (== netcore11)) (== netcore11)
      System.Security.Claims (>= 4.3) - restriction: || (&& (== net461) (== netstandard16)) (&& (== net461) (== netcore11)) (&& (== net461) (< net46)) (== netstandard16) (&& (== netstandard16) (== netcore11)) (== netcore11)
      System.Security.Cryptography.Algorithms (>= 4.3) - restriction: || (&& (== net461) (== netstandard16)) (&& (== net461) (== netcore11)) (&& (== net461) (< net46)) (== netstandard16) (&& (== netstandard16) (== netcore11)) (== netcore11)
      System.Security.Cryptography.Encoding (>= 4.3) - restriction: || (&& (== net461) (== netstandard16)) (&& (== net461) (== netcore11)) (&& (== net461) (< net46)) (== netstandard16) (&& (== netstandard16) (== netcore11)) (== netcore11)
      System.Security.Cryptography.OpenSsl (>= 4.3) - restriction: || (&& (== net461) (== netstandard16)) (&& (== net461) (== netcore11)) (&& (== net461) (< net46)) (== netstandard16) (&& (== netstandard16) (== netcore11)) (== netcore11)
      System.Security.Cryptography.Primitives (>= 4.3) - restriction: || (&& (== net461) (== netstandard16)) (&& (== net461) (== netcore11)) (&& (== net461) (< net46)) (== netstandard16) (&& (== netstandard16) (== netcore11)) (== netcore11)
      System.Security.Cryptography.X509Certificates (>= 4.3)
      System.Security.Principal (>= 4.3) - restriction: || (&& (== net461) (== netstandard16)) (&& (== net461) (== netcore11)) (&& (== net461) (< net46)) (== netstandard16) (&& (== netstandard16) (== netcore11)) (== netcore11)
      System.Text.Encoding (>= 4.3) - restriction: || (&& (== net461) (== netstandard16)) (&& (== net461) (== netcore11)) (&& (== net461) (< net46)) (== netstandard16) (&& (== netstandard16) (== netcore11)) (== netcore11)
      System.Threading (>= 4.3) - restriction: || (&& (== net461) (== netstandard16)) (&& (== net461) (== netcore11)) (&& (== net461) (< net46)) (== netstandard16) (&& (== netstandard16) (== netcore11)) (== netcore11)
      System.Threading.Tasks (>= 4.3) - restriction: || (&& (== net461) (== netstandard16)) (&& (== net461) (== netcore11)) (&& (== net461) (< net46)) (== netstandard16) (&& (== netstandard16) (== netcore11)) (== netcore11)
      System.Threading.ThreadPool (>= 4.3) - restriction: || (&& (== net461) (== netstandard16)) (&& (== net461) (== netcore11)) (&& (== net461) (< net46)) (== netstandard16) (&& (== netstandard16) (== netcore11)) (== netcore11)
    System.Net.Sockets (4.3)
      Microsoft.NETCore.Platforms (>= 1.1) - restriction: || (&& (== net461) (== netstandard16)) (&& (== net461) (== netcore11)) (&& (== net461) (< net46)) (== netstandard16) (&& (== netstandard16) (== netcore11)) (== netcore11)
      Microsoft.NETCore.Targets (>= 1.1) - restriction: || (&& (== net461) (== netstandard16)) (&& (== net461) (== netcore11)) (&& (== net461) (< net46)) (== netstandard16) (&& (== netstandard16) (== netcore11)) (== netcore11)
      System.IO (>= 4.3) - restriction: || (&& (== net461) (== netstandard16)) (&& (== net461) (== netcore11)) (&& (== net461) (< net46)) (== netstandard16) (&& (== netstandard16) (== netcore11)) (== netcore11)
      System.Net.Primitives (>= 4.3) - restriction: || (&& (== net461) (== netstandard16)) (&& (== net461) (== netcore11)) (&& (== net461) (< net46)) (== netstandard16) (&& (== netstandard16) (== netcore11)) (== netcore11)
      System.Runtime (>= 4.3) - restriction: || (&& (== net461) (== netstandard16)) (&& (== net461) (== netcore11)) (&& (== net461) (< net46)) (== netstandard16) (&& (== netstandard16) (== netcore11)) (== netcore11)
      System.Threading.Tasks (>= 4.3) - restriction: || (&& (== net461) (== netstandard16)) (&& (== net461) (== netcore11)) (&& (== net461) (< net46)) (== netstandard16) (&& (== netstandard16) (== netcore11)) (== netcore11)
    System.Net.WebHeaderCollection (4.3) - restriction: || (&& (== net461) (< net45)) (&& (== net461) (>= dnxcore50)) (&& (== net461) (>= netcore11)) (== netstandard16) (== netcore11)
      System.Collections (>= 4.3) - restriction: || (&& (== net461) (== netstandard16)) (&& (== net461) (== netcore11)) (&& (== net461) (< net46)) (== netstandard16) (&& (== netstandard16) (== netcore11)) (== netcore11)
      System.Resources.ResourceManager (>= 4.3) - restriction: || (&& (== net461) (== netstandard16)) (&& (== net461) (== netcore11)) (&& (== net461) (< net46)) (== netstandard16) (&& (== netstandard16) (== netcore11)) (== netcore11)
      System.Runtime (>= 4.3) - restriction: || (&& (== net461) (== netstandard16)) (&& (== net461) (== netcore11)) (&& (== net461) (< net46)) (== netstandard16) (&& (== netstandard16) (== netcore11)) (== netcore11)
      System.Runtime.Extensions (>= 4.3) - restriction: || (&& (== net461) (== netstandard16)) (&& (== net461) (== netcore11)) (&& (== net461) (< net46)) (== netstandard16) (&& (== netstandard16) (== netcore11)) (== netcore11)
    System.Numerics.Vectors (4.3) - restriction: || (&& (== net461) (>= netcore11)) (&& (== netstandard16) (>= netcore11)) (== netcore11)
      System.Globalization (>= 4.3) - restriction: || (&& (== net461) (== netstandard16)) (&& (== net461) (== netcore11)) (&& (== net461) (< net45)) (== netstandard16) (&& (== netstandard16) (== netcore11)) (== netcore11)
      System.Resources.ResourceManager (>= 4.3) - restriction: || (&& (== net461) (== netstandard16)) (&& (== net461) (== netcore11)) (&& (== net461) (< net45)) (== netstandard16) (&& (== netstandard16) (== netcore11)) (== netcore11)
      System.Runtime (>= 4.3) - restriction: || (&& (== net461) (== netstandard16)) (&& (== net461) (== netcore11)) (&& (== net461) (< net45)) (== netstandard16) (&& (== netstandard16) (== netcore11)) (== netcore11)
      System.Runtime.Extensions (>= 4.3) - restriction: || (&& (== net461) (== netstandard16)) (&& (== net461) (== netcore11)) (&& (== net461) (< net45)) (== netstandard16) (&& (== netstandard16) (== netcore11)) (== netcore11)
    System.ObjectModel (4.3)
      System.Collections (>= 4.3) - restriction: || (&& (== net461) (== netstandard16)) (&& (== net461) (== netcore11)) (&& (== net461) (< net45)) (&& (== net461) (>= dnxcore50)) (== netstandard16) (&& (== netstandard16) (== netcore11)) (== netcore11)
      System.Diagnostics.Debug (>= 4.3) - restriction: || (&& (== net461) (== netstandard16)) (&& (== net461) (== netcore11)) (&& (== net461) (< net45)) (&& (== net461) (>= dnxcore50)) (== netstandard16) (&& (== netstandard16) (== netcore11)) (== netcore11)
      System.Resources.ResourceManager (>= 4.3) - restriction: || (&& (== net461) (== netstandard16)) (&& (== net461) (== netcore11)) (&& (== net461) (< net45)) (&& (== net461) (>= dnxcore50)) (== netstandard16) (&& (== netstandard16) (== netcore11)) (== netcore11)
      System.Runtime (>= 4.3) - restriction: || (&& (== net461) (== netstandard16)) (&& (== net461) (== netcore11)) (&& (== net461) (< net45)) (&& (== net461) (>= dnxcore50)) (== netstandard16) (&& (== netstandard16) (== netcore11)) (== netcore11)
      System.Threading (>= 4.3) - restriction: || (&& (== net461) (== netstandard16)) (&& (== net461) (== netcore11)) (&& (== net461) (< net45)) (&& (== net461) (>= dnxcore50)) (== netstandard16) (&& (== netstandard16) (== netcore11)) (== netcore11)
    System.Reflection (4.3)
      Microsoft.NETCore.Platforms (>= 1.1) - restriction: || (&& (== net461) (== netstandard16)) (&& (== net461) (== netcore11)) (&& (== net461) (< net45)) (&& (== net461) (>= dnxcore50)) (== netstandard16) (&& (== netstandard16) (== netcore11)) (== netcore11)
      Microsoft.NETCore.Targets (>= 1.1) - restriction: || (&& (== net461) (== netstandard16)) (&& (== net461) (== netcore11)) (&& (== net461) (< net45)) (&& (== net461) (>= dnxcore50)) (== netstandard16) (&& (== netstandard16) (== netcore11)) (== netcore11)
      System.IO (>= 4.3) - restriction: || (&& (== net461) (== netstandard16)) (&& (== net461) (== netcore11)) (&& (== net461) (< net45)) (&& (== net461) (>= dnxcore50)) (== netstandard16) (&& (== netstandard16) (== netcore11)) (== netcore11)
      System.Reflection.Primitives (>= 4.3) - restriction: || (&& (== net461) (== netstandard16)) (&& (== net461) (== netcore11)) (&& (== net461) (< net45)) (&& (== net461) (>= dnxcore50)) (== netstandard16) (&& (== netstandard16) (== netcore11)) (== netcore11)
      System.Runtime (>= 4.3) - restriction: || (&& (== net461) (== netstandard16)) (&& (== net461) (== netcore11)) (&& (== net461) (< net45)) (&& (== net461) (>= dnxcore50)) (== netstandard16) (&& (== netstandard16) (== netcore11)) (== netcore11)
    System.Reflection.DispatchProxy (4.3) - restriction: || (&& (== net461) (>= netcore11)) (&& (== netstandard16) (>= netcore11)) (== netcore11)
      System.Collections (>= 4.3) - restriction: || (&& (== net461) (== netstandard16)) (&& (== net461) (== netcore11)) (&& (== net461) (< net46)) (== netstandard16) (&& (== netstandard16) (== netcore11)) (== netcore11)
      System.Linq (>= 4.3) - restriction: || (&& (== net461) (== netstandard16)) (&& (== net461) (== netcore11)) (&& (== net461) (< net46)) (== netstandard16) (&& (== netstandard16) (== netcore11)) (== netcore11)
      System.Reflection (>= 4.3) - restriction: || (&& (== net461) (== netstandard16)) (&& (== net461) (== netcore11)) (&& (== net461) (< net46)) (== netstandard16) (&& (== netstandard16) (== netcore11)) (== netcore11)
      System.Reflection.Emit (>= 4.3) - restriction: || (&& (== net461) (== netstandard16)) (&& (== net461) (== netcore11)) (&& (== net461) (< net46)) (== netstandard16) (&& (== netstandard16) (== netcore11)) (== netcore11)
      System.Reflection.Emit.ILGeneration (>= 4.3) - restriction: || (&& (== net461) (== netstandard16)) (&& (== net461) (== netcore11)) (&& (== net461) (< net46)) (== netstandard16) (&& (== netstandard16) (== netcore11)) (== netcore11)
      System.Reflection.Extensions (>= 4.3) - restriction: || (&& (== net461) (== netstandard16)) (&& (== net461) (== netcore11)) (&& (== net461) (< net46)) (== netstandard16) (&& (== netstandard16) (== netcore11)) (== netcore11)
      System.Reflection.Primitives (>= 4.3) - restriction: || (&& (== net461) (== netstandard16)) (&& (== net461) (== netcore11)) (&& (== net461) (< net46)) (== netstandard16) (&& (== netstandard16) (== netcore11)) (== netcore11)
      System.Resources.ResourceManager (>= 4.3) - restriction: || (&& (== net461) (== netstandard16)) (&& (== net461) (== netcore11)) (&& (== net461) (< net46)) (== netstandard16) (&& (== netstandard16) (== netcore11)) (== netcore11)
      System.Runtime (>= 4.3) - restriction: || (&& (== net461) (== netstandard16)) (&& (== net461) (== netcore11)) (&& (== net461) (< net46)) (&& (== net461) (>= dnxcore50)) (== netstandard16) (&& (== netstandard16) (== netcore11)) (== netcore11)
      System.Threading (>= 4.3) - restriction: || (&& (== net461) (== netstandard16)) (&& (== net461) (== netcore11)) (&& (== net461) (< net46)) (== netstandard16) (&& (== netstandard16) (== netcore11)) (== netcore11)
    System.Reflection.Emit (4.3) - restriction: || (&& (== net461) (< net45)) (&& (== net461) (>= netcore11)) (== netstandard16) (== netcore11)
      System.IO (>= 4.3) - restriction: || (&& (== net461) (== netstandard16)) (&& (== net461) (== netcore11)) (&& (== net461) (< net45)) (== netstandard16) (&& (== netstandard16) (== netcore11)) (== netcore11)
      System.Reflection (>= 4.3) - restriction: || (&& (== net461) (== netstandard16)) (&& (== net461) (== netcore11)) (&& (== net461) (< net45)) (== netstandard16) (&& (== netstandard16) (== netcore11)) (== netcore11)
      System.Reflection.Emit.ILGeneration (>= 4.3) - restriction: || (&& (== net461) (== netstandard16)) (&& (== net461) (== netcore11)) (&& (== net461) (< net45)) (== netstandard16) (&& (== netstandard16) (== netcore11)) (== netcore11)
      System.Reflection.Primitives (>= 4.3) - restriction: || (&& (== net461) (== netstandard16)) (&& (== net461) (== netcore11)) (&& (== net461) (< net45)) (== netstandard16) (&& (== netstandard16) (== netcore11)) (== netcore11)
      System.Runtime (>= 4.3) - restriction: || (&& (== net461) (== netstandard16)) (&& (== net461) (== netcore11)) (&& (== net461) (< net45)) (== netstandard16) (&& (== netstandard16) (== netcore11)) (== netcore11)
    System.Reflection.Emit.ILGeneration (4.3) - restriction: || (&& (== net461) (< net45)) (&& (== net461) (>= dnxcore50)) (&& (== net461) (>= netcore11)) (== netstandard16) (== netcore11)
      System.Reflection (>= 4.3) - restriction: || (&& (== net461) (== netstandard16)) (&& (== net461) (== netcore11)) (&& (== net461) (< net45)) (== netstandard16) (&& (== netstandard16) (== netcore11)) (== netcore11)
      System.Reflection.Primitives (>= 4.3) - restriction: || (&& (== net461) (== netstandard16)) (&& (== net461) (== netcore11)) (&& (== net461) (< net45)) (== netstandard16) (&& (== netstandard16) (== netcore11)) (== netcore11)
      System.Runtime (>= 4.3) - restriction: || (&& (== net461) (== netstandard16)) (&& (== net461) (== netcore11)) (&& (== net461) (< net45)) (== netstandard16) (&& (== netstandard16) (== netcore11)) (== netcore11)
    System.Reflection.Emit.Lightweight (4.3) - restriction: || (&& (== net461) (< net45)) (&& (== net461) (>= dnxcore50)) (&& (== net461) (>= netcore11)) (== netstandard16) (== netcore11)
      System.Reflection (>= 4.3) - restriction: || (&& (== net461) (== netstandard16)) (&& (== net461) (== netcore11)) (&& (== net461) (< net45)) (== netstandard16) (&& (== netstandard16) (== netcore11)) (== netcore11)
      System.Reflection.Emit.ILGeneration (>= 4.3) - restriction: || (&& (== net461) (== netstandard16)) (&& (== net461) (== netcore11)) (&& (== net461) (< net45)) (== netstandard16) (&& (== netstandard16) (== netcore11)) (== netcore11)
      System.Reflection.Primitives (>= 4.3) - restriction: || (&& (== net461) (== netstandard16)) (&& (== net461) (== netcore11)) (&& (== net461) (< net45)) (== netstandard16) (&& (== netstandard16) (== netcore11)) (== netcore11)
      System.Runtime (>= 4.3) - restriction: || (&& (== net461) (== netstandard16)) (&& (== net461) (== netcore11)) (&& (== net461) (< net45)) (== netstandard16) (&& (== netstandard16) (== netcore11)) (== netcore11)
    System.Reflection.Extensions (4.3)
      Microsoft.NETCore.Platforms (>= 1.1) - restriction: || (&& (== net461) (== netstandard16)) (&& (== net461) (== netcore11)) (&& (== net461) (< net45)) (&& (== net461) (>= dnxcore50)) (== netstandard16) (&& (== netstandard16) (== netcore11)) (== netcore11)
      Microsoft.NETCore.Targets (>= 1.1) - restriction: || (&& (== net461) (== netstandard16)) (&& (== net461) (== netcore11)) (&& (== net461) (< net45)) (&& (== net461) (>= dnxcore50)) (== netstandard16) (&& (== netstandard16) (== netcore11)) (== netcore11)
      System.Reflection (>= 4.3) - restriction: || (&& (== net461) (== netstandard16)) (&& (== net461) (== netcore11)) (&& (== net461) (< net45)) (&& (== net461) (>= dnxcore50)) (== netstandard16) (&& (== netstandard16) (== netcore11)) (== netcore11)
      System.Runtime (>= 4.3) - restriction: || (&& (== net461) (== netstandard16)) (&& (== net461) (== netcore11)) (&& (== net461) (< net45)) (&& (== net461) (>= dnxcore50)) (== netstandard16) (&& (== netstandard16) (== netcore11)) (== netcore11)
    System.Reflection.Metadata (1.4.2)
      System.Collections (>= 4.3) - restriction: || (&& (== net461) (== netstandard16)) (&& (== net461) (== netcore11)) (&& (== net461) (< net45)) (== netstandard16) (&& (== netstandard16) (== netcore11)) (== netcore11)
      System.Collections.Immutable (>= 1.3.1)
      System.Diagnostics.Debug (>= 4.3) - restriction: || (&& (== net461) (== netstandard16)) (&& (== net461) (== netcore11)) (&& (== net461) (< net45)) (== netstandard16) (&& (== netstandard16) (== netcore11)) (== netcore11)
      System.IO (>= 4.3) - restriction: || (&& (== net461) (== netstandard16)) (&& (== net461) (== netcore11)) (&& (== net461) (< net45)) (== netstandard16) (&& (== netstandard16) (== netcore11)) (== netcore11)
      System.IO.Compression (>= 4.3) - restriction: || (&& (== net461) (== netstandard16)) (&& (== net461) (== netcore11)) (&& (== net461) (< net45)) (== netstandard16) (&& (== netstandard16) (== netcore11)) (== netcore11)
      System.Linq (>= 4.3) - restriction: || (&& (== net461) (== netstandard16)) (&& (== net461) (== netcore11)) (&& (== net461) (< net45)) (== netstandard16) (&& (== netstandard16) (== netcore11)) (== netcore11)
      System.Reflection (>= 4.3) - restriction: || (&& (== net461) (== netstandard16)) (&& (== net461) (== netcore11)) (&& (== net461) (< net45)) (== netstandard16) (&& (== netstandard16) (== netcore11)) (== netcore11)
      System.Reflection.Extensions (>= 4.3) - restriction: || (&& (== net461) (== netstandard16)) (&& (== net461) (== netcore11)) (&& (== net461) (< net45)) (== netstandard16) (&& (== netstandard16) (== netcore11)) (== netcore11)
      System.Reflection.Primitives (>= 4.3) - restriction: || (&& (== net461) (== netstandard16)) (&& (== net461) (== netcore11)) (&& (== net461) (< net45)) (== netstandard16) (&& (== netstandard16) (== netcore11)) (== netcore11)
      System.Resources.ResourceManager (>= 4.3) - restriction: || (&& (== net461) (== netstandard16)) (&& (== net461) (== netcore11)) (&& (== net461) (< net45)) (== netstandard16) (&& (== netstandard16) (== netcore11)) (== netcore11)
      System.Runtime (>= 4.3) - restriction: || (&& (== net461) (== netstandard16)) (&& (== net461) (== netcore11)) (&& (== net461) (< net45)) (== netstandard16) (&& (== netstandard16) (== netcore11)) (== netcore11)
      System.Runtime.Extensions (>= 4.3) - restriction: || (&& (== net461) (== netstandard16)) (&& (== net461) (== netcore11)) (&& (== net461) (< net45)) (== netstandard16) (&& (== netstandard16) (== netcore11)) (== netcore11)
      System.Runtime.InteropServices (>= 4.3) - restriction: || (&& (== net461) (== netstandard16)) (&& (== net461) (== netcore11)) (&& (== net461) (< net45)) (== netstandard16) (&& (== netstandard16) (== netcore11)) (== netcore11)
      System.Text.Encoding (>= 4.3) - restriction: || (&& (== net461) (== netstandard16)) (&& (== net461) (== netcore11)) (&& (== net461) (< net45)) (== netstandard16) (&& (== netstandard16) (== netcore11)) (== netcore11)
      System.Text.Encoding.Extensions (>= 4.3) - restriction: || (&& (== net461) (== netstandard16)) (&& (== net461) (== netcore11)) (&& (== net461) (< net45)) (== netstandard16) (&& (== netstandard16) (== netcore11)) (== netcore11)
      System.Threading (>= 4.3) - restriction: || (&& (== net461) (== netstandard16)) (&& (== net461) (== netcore11)) (&& (== net461) (< net45)) (== netstandard16) (&& (== netstandard16) (== netcore11)) (== netcore11)
    System.Reflection.Primitives (4.3)
      Microsoft.NETCore.Platforms (>= 1.1) - restriction: || (&& (== net461) (== netstandard16)) (&& (== net461) (== netcore11)) (&& (== net461) (< net45)) (&& (== net461) (>= dnxcore50)) (== netstandard16) (&& (== netstandard16) (== netcore11)) (== netcore11)
      Microsoft.NETCore.Targets (>= 1.1) - restriction: || (&& (== net461) (== netstandard16)) (&& (== net461) (== netcore11)) (&& (== net461) (< net45)) (&& (== net461) (>= dnxcore50)) (== netstandard16) (&& (== netstandard16) (== netcore11)) (== netcore11)
      System.Runtime (>= 4.3) - restriction: || (&& (== net461) (== netstandard16)) (&& (== net461) (== netcore11)) (&& (== net461) (< net45)) (&& (== net461) (>= dnxcore50)) (== netstandard16) (&& (== netstandard16) (== netcore11)) (== netcore11)
    System.Reflection.TypeExtensions (4.3) - restriction: || (&& (== net461) (< net45)) (&& (== net461) (>= dnxcore50)) (&& (== net461) (>= netcore11)) (== netstandard16) (== netcore11)
      System.Reflection (>= 4.3) - restriction: || (&& (== net461) (== netstandard16)) (&& (== net461) (== netcore11)) (&& (== net461) (< net46)) (&& (== net461) (>= net462)) (&& (== net461) (>= dnxcore50)) (== netstandard16) (&& (== netstandard16) (== netcore11)) (== netcore11)
      System.Runtime (>= 4.3) - restriction: || (&& (== net461) (== netstandard16)) (&& (== net461) (== netcore11)) (&& (== net461) (< net46)) (&& (== net461) (>= dnxcore50)) (== netstandard16) (&& (== netstandard16) (== netcore11)) (== netcore11)
    System.Resources.Reader (4.3) - restriction: || (&& (== net461) (>= netcore11)) (&& (== netstandard16) (>= netcore11)) (== netcore11)
      System.IO (>= 4.3) - restriction: || (&& (== net461) (== netstandard16)) (&& (== net461) (== netcore11)) (&& (== net461) (< net45)) (== netstandard16) (&& (== netstandard16) (== netcore11)) (== netcore11)
      System.Resources.ResourceManager (>= 4.3) - restriction: || (&& (== net461) (== netstandard16)) (&& (== net461) (== netcore11)) (&& (== net461) (< net45)) (== netstandard16) (&& (== netstandard16) (== netcore11)) (== netcore11)
      System.Runtime (>= 4.3) - restriction: || (&& (== net461) (== netstandard16)) (&& (== net461) (== netcore11)) (&& (== net461) (< net45)) (== netstandard16) (&& (== netstandard16) (== netcore11)) (== netcore11)
      System.Text.Encoding (>= 4.3) - restriction: || (&& (== net461) (== netstandard16)) (&& (== net461) (== netcore11)) (&& (== net461) (< net45)) (== netstandard16) (&& (== netstandard16) (== netcore11)) (== netcore11)
      System.Threading (>= 4.3) - restriction: || (&& (== net461) (== netstandard16)) (&& (== net461) (== netcore11)) (&& (== net461) (< net45)) (== netstandard16) (&& (== netstandard16) (== netcore11)) (== netcore11)
    System.Resources.ResourceManager (4.3)
      Microsoft.NETCore.Platforms (>= 1.1) - restriction: || (&& (== net461) (== netstandard16)) (&& (== net461) (== netcore11)) (&& (== net461) (< net45)) (&& (== net461) (>= dnxcore50)) (== netstandard16) (&& (== netstandard16) (== netcore11)) (== netcore11)
      Microsoft.NETCore.Targets (>= 1.1) - restriction: || (&& (== net461) (== netstandard16)) (&& (== net461) (== netcore11)) (&& (== net461) (< net45)) (&& (== net461) (>= dnxcore50)) (== netstandard16) (&& (== netstandard16) (== netcore11)) (== netcore11)
      System.Globalization (>= 4.3) - restriction: || (&& (== net461) (== netstandard16)) (&& (== net461) (== netcore11)) (&& (== net461) (< net45)) (&& (== net461) (>= dnxcore50)) (== netstandard16) (&& (== netstandard16) (== netcore11)) (== netcore11)
      System.Reflection (>= 4.3) - restriction: || (&& (== net461) (== netstandard16)) (&& (== net461) (== netcore11)) (&& (== net461) (< net45)) (&& (== net461) (>= dnxcore50)) (== netstandard16) (&& (== netstandard16) (== netcore11)) (== netcore11)
      System.Runtime (>= 4.3) - restriction: || (&& (== net461) (== netstandard16)) (&& (== net461) (== netcore11)) (&& (== net461) (< net45)) (&& (== net461) (>= dnxcore50)) (== netstandard16) (&& (== netstandard16) (== netcore11)) (== netcore11)
    System.Runtime (4.3)
      Microsoft.NETCore.Platforms (>= 1.1) - restriction: || (&& (== net461) (== netstandard16)) (&& (== net461) (== netcore11)) (&& (== net461) (< net45)) (&& (== net461) (>= dnxcore50)) (== netstandard16) (&& (== netstandard16) (== netcore11)) (== netcore11)
      Microsoft.NETCore.Targets (>= 1.1) - restriction: || (&& (== net461) (== netstandard16)) (&& (== net461) (== netcore11)) (&& (== net461) (< net45)) (&& (== net461) (>= dnxcore50)) (== netstandard16) (&& (== netstandard16) (== netcore11)) (== netcore11)
    System.Runtime.Extensions (4.3)
      Microsoft.NETCore.Platforms (>= 1.1) - restriction: || (&& (== net461) (== netstandard16)) (&& (== net461) (== netcore11)) (&& (== net461) (< net45)) (&& (== net461) (>= dnxcore50)) (== netstandard16) (&& (== netstandard16) (== netcore11)) (== netcore11)
      Microsoft.NETCore.Targets (>= 1.1) - restriction: || (&& (== net461) (== netstandard16)) (&& (== net461) (== netcore11)) (&& (== net461) (< net45)) (&& (== net461) (>= dnxcore50)) (== netstandard16) (&& (== netstandard16) (== netcore11)) (== netcore11)
      System.Runtime (>= 4.3) - restriction: || (&& (== net461) (== netstandard16)) (&& (== net461) (== netcore11)) (&& (== net461) (< net45)) (&& (== net461) (>= dnxcore50)) (== netstandard16) (&& (== netstandard16) (== netcore11)) (== netcore11)
    System.Runtime.Handles (4.3)
      Microsoft.NETCore.Platforms (>= 1.1) - restriction: || (&& (== net461) (== netstandard16)) (&& (== net461) (== netcore11)) (&& (== net461) (< net46)) (== netstandard16) (&& (== netstandard16) (== netcore11)) (== netcore11)
      Microsoft.NETCore.Targets (>= 1.1) - restriction: || (&& (== net461) (== netstandard16)) (&& (== net461) (== netcore11)) (&& (== net461) (< net46)) (== netstandard16) (&& (== netstandard16) (== netcore11)) (== netcore11)
      System.Runtime (>= 4.3) - restriction: || (&& (== net461) (== netstandard16)) (&& (== net461) (== netcore11)) (&& (== net461) (< net46)) (== netstandard16) (&& (== netstandard16) (== netcore11)) (== netcore11)
    System.Runtime.InteropServices (4.3)
      Microsoft.NETCore.Platforms (>= 1.1) - restriction: || (&& (== net461) (== netstandard16)) (&& (== net461) (== netcore11)) (&& (== net461) (< net45)) (&& (== net461) (>= dnxcore50)) (&& (== net461) (>= netcore11)) (== netstandard16) (&& (== netstandard16) (== netcore11)) (== netcore11)
      Microsoft.NETCore.Targets (>= 1.1) - restriction: || (&& (== net461) (== netstandard16)) (&& (== net461) (== netcore11)) (&& (== net461) (< net45)) (&& (== net461) (>= dnxcore50)) (&& (== net461) (>= netcore11)) (== netstandard16) (&& (== netstandard16) (== netcore11)) (== netcore11)
      System.Reflection (>= 4.3) - restriction: || (&& (== net461) (== netstandard16)) (&& (== net461) (== netcore11)) (&& (== net461) (< net45)) (&& (== net461) (>= dnxcore50)) (&& (== net461) (>= netcore11)) (== netstandard16) (&& (== netstandard16) (== netcore11)) (== netcore11)
      System.Reflection.Primitives (>= 4.3) - restriction: || (&& (== net461) (== netstandard16)) (&& (== net461) (== netcore11)) (&& (== net461) (< net45)) (&& (== net461) (>= dnxcore50)) (&& (== net461) (>= netcore11)) (== netstandard16) (&& (== netstandard16) (== netcore11)) (== netcore11)
      System.Runtime (>= 4.3) - restriction: || (&& (== net461) (== netstandard16)) (&& (== net461) (== netcore11)) (&& (== net461) (< net45)) (&& (== net461) (>= net462)) (&& (== net461) (>= dnxcore50)) (&& (== net461) (>= netcore11)) (== netstandard16) (&& (== netstandard16) (== netcore11)) (== netcore11)
      System.Runtime.Handles (>= 4.3) - restriction: || (&& (== net461) (== netstandard16)) (&& (== net461) (== netcore11)) (&& (== net461) (< net45)) (&& (== net461) (>= dnxcore50)) (&& (== net461) (>= netcore11)) (== netstandard16) (&& (== netstandard16) (== netcore11)) (== netcore11)
    System.Runtime.InteropServices.RuntimeInformation (4.3)
      runtime.native.System (>= 4.3) - restriction: || (&& (== net461) (== netstandard16)) (&& (== net461) (== netcore11)) (&& (== net461) (< net45)) (== netstandard16) (&& (== netstandard16) (== netcore11)) (== netcore11)
      System.Reflection (>= 4.3) - restriction: || (&& (== net461) (== netstandard16)) (&& (== net461) (== netcore11)) (&& (== net461) (< net45)) (&& (== net461) (>= dnxcore50)) (== netstandard16) (&& (== netstandard16) (== netcore11)) (== netcore11)
      System.Reflection.Extensions (>= 4.3) - restriction: || (&& (== net461) (== netstandard16)) (&& (== net461) (== netcore11)) (&& (== net461) (< net45)) (&& (== net461) (>= dnxcore50)) (== netstandard16) (&& (== netstandard16) (== netcore11)) (== netcore11)
      System.Resources.ResourceManager (>= 4.3) - restriction: || (&& (== net461) (== netstandard16)) (&& (== net461) (== netcore11)) (&& (== net461) (< net45)) (&& (== net461) (>= dnxcore50)) (== netstandard16) (&& (== netstandard16) (== netcore11)) (== netcore11)
      System.Runtime (>= 4.3) - restriction: || (&& (== net461) (== netstandard16)) (&& (== net461) (== netcore11)) (&& (== net461) (< net45)) (&& (== net461) (>= dnxcore50)) (== netstandard16) (&& (== netstandard16) (== netcore11)) (== netcore11)
      System.Runtime.InteropServices (>= 4.3) - restriction: || (&& (== net461) (== netstandard16)) (&& (== net461) (== netcore11)) (&& (== net461) (< net45)) (== netstandard16) (&& (== netstandard16) (== netcore11)) (== netcore11)
      System.Threading (>= 4.3) - restriction: || (&& (== net461) (== netstandard16)) (&& (== net461) (== netcore11)) (&& (== net461) (< net45)) (&& (== net461) (>= dnxcore50)) (== netstandard16) (&& (== netstandard16) (== netcore11)) (== netcore11)
    System.Runtime.Loader (4.3) - restriction: || (&& (== net461) (>= netcore11)) (&& (== netstandard16) (>= netcore11)) (== netcore11)
      System.IO (>= 4.3)
      System.Reflection (>= 4.3)
      System.Runtime (>= 4.3)
    System.Runtime.Numerics (4.3)
      System.Globalization (>= 4.3) - restriction: || (&& (== net461) (== netstandard16)) (&& (== net461) (== netcore11)) (&& (== net461) (< net45)) (&& (== net461) (>= dnxcore50)) (== netstandard16) (&& (== netstandard16) (== netcore11)) (== netcore11)
      System.Resources.ResourceManager (>= 4.3) - restriction: || (&& (== net461) (== netstandard16)) (&& (== net461) (== netcore11)) (&& (== net461) (< net45)) (&& (== net461) (>= dnxcore50)) (== netstandard16) (&& (== netstandard16) (== netcore11)) (== netcore11)
      System.Runtime (>= 4.3) - restriction: || (&& (== net461) (== netstandard16)) (&& (== net461) (== netcore11)) (&& (== net461) (< net45)) (&& (== net461) (>= dnxcore50)) (== netstandard16) (&& (== netstandard16) (== netcore11)) (== netcore11)
      System.Runtime.Extensions (>= 4.3) - restriction: || (&& (== net461) (== netstandard16)) (&& (== net461) (== netcore11)) (&& (== net461) (< net45)) (&& (== net461) (>= dnxcore50)) (== netstandard16) (&& (== netstandard16) (== netcore11)) (== netcore11)
    System.Runtime.Serialization.Primitives (4.3) - restriction: || (&& (== net461) (>= netcore11)) (&& (== netstandard16) (>= netcore11)) (== netcore11)
      System.Resources.ResourceManager (>= 4.3) - restriction: || (&& (== net461) (== netstandard16)) (&& (== net461) (== netcore11)) (&& (== net461) (< net45)) (&& (== net461) (>= dnxcore50)) (== netstandard16) (&& (== netstandard16) (== netcore11)) (== netcore11)
      System.Runtime (>= 4.3) - restriction: || (&& (== net461) (== netstandard16)) (&& (== net461) (== netcore11)) (&& (== net461) (< net45)) (&& (== net461) (>= dnxcore50)) (== netstandard16) (&& (== netstandard16) (== netcore11)) (== netcore11)
    System.Security.Claims (4.3) - restriction: || (&& (== net461) (>= netcore11)) (&& (== netstandard16) (>= netcore11)) (== netcore11)
      System.Collections (>= 4.3) - restriction: || (&& (== net461) (== netstandard16)) (&& (== net461) (== netcore11)) (&& (== net461) (< net46)) (== netstandard16) (&& (== netstandard16) (== netcore11)) (== netcore11)
      System.Globalization (>= 4.3) - restriction: || (&& (== net461) (== netstandard16)) (&& (== net461) (== netcore11)) (&& (== net461) (< net46)) (== netstandard16) (&& (== netstandard16) (== netcore11)) (== netcore11)
      System.IO (>= 4.3) - restriction: || (&& (== net461) (== netstandard16)) (&& (== net461) (== netcore11)) (&& (== net461) (< net46)) (== netstandard16) (&& (== netstandard16) (== netcore11)) (== netcore11)
      System.Resources.ResourceManager (>= 4.3) - restriction: || (&& (== net461) (== netstandard16)) (&& (== net461) (== netcore11)) (&& (== net461) (< net46)) (== netstandard16) (&& (== netstandard16) (== netcore11)) (== netcore11)
      System.Runtime (>= 4.3) - restriction: || (&& (== net461) (== netstandard16)) (&& (== net461) (== netcore11)) (&& (== net461) (< net46)) (== netstandard16) (&& (== netstandard16) (== netcore11)) (== netcore11)
      System.Runtime.Extensions (>= 4.3) - restriction: || (&& (== net461) (== netstandard16)) (&& (== net461) (== netcore11)) (&& (== net461) (< net46)) (== netstandard16) (&& (== netstandard16) (== netcore11)) (== netcore11)
      System.Security.Principal (>= 4.3) - restriction: || (&& (== net461) (== netstandard16)) (&& (== net461) (== netcore11)) (&& (== net461) (< net46)) (== netstandard16) (&& (== netstandard16) (== netcore11)) (== netcore11)
    System.Security.Cryptography.Algorithms (4.3)
      Microsoft.NETCore.Platforms (>= 1.1) - restriction: || (&& (== net461) (== netstandard16)) (&& (== net461) (== netcore11)) (&& (== net461) (< net46)) (&& (== net461) (>= dnxcore50)) (== netstandard16) (&& (== netstandard16) (== netcore11)) (== netcore11)
      runtime.native.System.Security.Cryptography.Apple (>= 4.3) - restriction: || (&& (== net461) (== netstandard16)) (&& (== net461) (== netcore11)) (&& (== net461) (< net46)) (== netstandard16) (&& (== netstandard16) (== netcore11)) (== netcore11)
      runtime.native.System.Security.Cryptography.OpenSsl (>= 4.3) - restriction: || (&& (== net461) (== netstandard16)) (&& (== net461) (== netcore11)) (&& (== net461) (< net46)) (== netstandard16) (&& (== netstandard16) (== netcore11)) (== netcore11)
      System.Collections (>= 4.3) - restriction: || (&& (== net461) (== netstandard16)) (&& (== net461) (== netcore11)) (&& (== net461) (< net46)) (== netstandard16) (&& (== netstandard16) (== netcore11)) (== netcore11)
      System.IO (>= 4.3) - restriction: || (&& (== net461) (== netstandard16)) (&& (== net461) (== netcore11)) (&& (== net461) (< net46)) (&& (== net461) (>= net463)) (&& (== net461) (>= dnxcore50)) (== netstandard16) (&& (== netstandard16) (== netcore11)) (== netcore11)
      System.Resources.ResourceManager (>= 4.3) - restriction: || (&& (== net461) (== netstandard16)) (&& (== net461) (== netcore11)) (&& (== net461) (< net46)) (&& (== net461) (>= dnxcore50)) (== netstandard16) (&& (== netstandard16) (== netcore11)) (== netcore11)
      System.Runtime (>= 4.3) - restriction: || (&& (== net461) (== netstandard16)) (&& (== net461) (== netcore11)) (&& (== net461) (< net46)) (&& (== net461) (>= net463)) (&& (== net461) (>= dnxcore50)) (== netstandard16) (&& (== netstandard16) (== netcore11)) (== netcore11)
      System.Runtime.Extensions (>= 4.3) - restriction: || (&& (== net461) (== netstandard16)) (&& (== net461) (== netcore11)) (&& (== net461) (< net46)) (&& (== net461) (>= dnxcore50)) (== netstandard16) (&& (== netstandard16) (== netcore11)) (== netcore11)
      System.Runtime.Handles (>= 4.3) - restriction: || (&& (== net461) (== netstandard16)) (&& (== net461) (== netcore11)) (&& (== net461) (< net46)) (&& (== net461) (>= dnxcore50)) (== netstandard16) (&& (== netstandard16) (== netcore11)) (== netcore11)
      System.Runtime.InteropServices (>= 4.3) - restriction: || (&& (== net461) (== netstandard16)) (&& (== net461) (== netcore11)) (&& (== net461) (< net46)) (&& (== net461) (>= dnxcore50)) (== netstandard16) (&& (== netstandard16) (== netcore11)) (== netcore11)
      System.Runtime.Numerics (>= 4.3) - restriction: || (&& (== net461) (== netstandard16)) (&& (== net461) (== netcore11)) (&& (== net461) (< net46)) (== netstandard16) (&& (== netstandard16) (== netcore11)) (== netcore11)
      System.Security.Cryptography.Encoding (>= 4.3) - restriction: || (&& (== net461) (== netstandard16)) (&& (== net461) (== netcore11)) (&& (== net461) (< net46)) (&& (== net461) (>= net463)) (&& (== net461) (>= dnxcore50)) (== netstandard16) (&& (== netstandard16) (== netcore11)) (== netcore11)
      System.Security.Cryptography.Primitives (>= 4.3)
      System.Text.Encoding (>= 4.3) - restriction: || (&& (== net461) (== netstandard16)) (&& (== net461) (== netcore11)) (&& (== net461) (< net46)) (&& (== net461) (>= dnxcore50)) (== netstandard16) (&& (== netstandard16) (== netcore11)) (== netcore11)
    System.Security.Cryptography.Cng (4.3) - restriction: || (&& (== net461) (< net46)) (&& (== net461) (>= dnxcore50)) (&& (== net461) (>= netcore11)) (== netstandard16) (== netcore11)
      Microsoft.NETCore.Platforms (>= 1.1) - restriction: || (&& (== net461) (== netstandard16)) (&& (== net461) (== netcore11)) (&& (== net461) (< net46)) (== netstandard16) (&& (== netstandard16) (== netcore11)) (== netcore11)
      System.IO (>= 4.3) - restriction: || (&& (== net461) (== netstandard16)) (&& (== net461) (== netcore11)) (&& (== net461) (< net46)) (== netstandard16) (&& (== netstandard16) (== netcore11)) (== netcore11)
      System.Resources.ResourceManager (>= 4.3) - restriction: || (&& (== net461) (== netstandard16)) (&& (== net461) (== netcore11)) (&& (== net461) (< net46)) (== netstandard16) (&& (== netstandard16) (== netcore11)) (== netcore11)
      System.Runtime (>= 4.3) - restriction: || (&& (== net461) (== netstandard16)) (&& (== net461) (== netcore11)) (&& (== net461) (< net46)) (== netstandard16) (&& (== netstandard16) (== netcore11)) (== netcore11)
      System.Runtime.Extensions (>= 4.3) - restriction: || (&& (== net461) (== netstandard16)) (&& (== net461) (== netcore11)) (&& (== net461) (< net46)) (== netstandard16) (&& (== netstandard16) (== netcore11)) (== netcore11)
      System.Runtime.Handles (>= 4.3) - restriction: || (&& (== net461) (== netstandard16)) (&& (== net461) (== netcore11)) (&& (== net461) (< net46)) (== netstandard16) (&& (== netstandard16) (== netcore11)) (== netcore11)
      System.Runtime.InteropServices (>= 4.3) - restriction: || (&& (== net461) (== netstandard16)) (&& (== net461) (== netcore11)) (&& (== net461) (< net46)) (== netstandard16) (&& (== netstandard16) (== netcore11)) (== netcore11)
      System.Security.Cryptography.Algorithms (>= 4.3)
      System.Security.Cryptography.Encoding (>= 4.3) - restriction: || (&& (== net461) (== netstandard16)) (&& (== net461) (== netcore11)) (&& (== net461) (< net46)) (== netstandard16) (&& (== netstandard16) (== netcore11)) (== netcore11)
      System.Security.Cryptography.Primitives (>= 4.3)
      System.Text.Encoding (>= 4.3) - restriction: || (&& (== net461) (== netstandard16)) (&& (== net461) (== netcore11)) (&& (== net461) (< net46)) (== netstandard16) (&& (== netstandard16) (== netcore11)) (== netcore11)
    System.Security.Cryptography.Csp (4.3) - restriction: || (&& (== net461) (< net35)) (&& (== net461) (< net46)) (&& (== net461) (>= netcore11)) (== netstandard16) (== netcore11)
      Microsoft.NETCore.Platforms (>= 1.1) - restriction: || (&& (== net461) (== netstandard16)) (&& (== net461) (== netcore11)) (&& (== net461) (< net46)) (== netstandard16) (&& (== netstandard16) (== netcore11)) (== netcore11)
      System.IO (>= 4.3) - restriction: || (&& (== net461) (== netstandard16)) (&& (== net461) (== netcore11)) (&& (== net461) (< net46)) (== netstandard16) (&& (== netstandard16) (== netcore11)) (== netcore11)
      System.Reflection (>= 4.3) - restriction: || (&& (== net461) (== netstandard16)) (&& (== net461) (== netcore11)) (&& (== net461) (< net46)) (== netstandard16) (&& (== netstandard16) (== netcore11)) (== netcore11)
      System.Resources.ResourceManager (>= 4.3) - restriction: || (&& (== net461) (== netstandard16)) (&& (== net461) (== netcore11)) (&& (== net461) (< net46)) (== netstandard16) (&& (== netstandard16) (== netcore11)) (== netcore11)
      System.Runtime (>= 4.3) - restriction: || (&& (== net461) (== netstandard16)) (&& (== net461) (== netcore11)) (&& (== net461) (< net46)) (== netstandard16) (&& (== netstandard16) (== netcore11)) (== netcore11)
      System.Runtime.Extensions (>= 4.3) - restriction: || (&& (== net461) (== netstandard16)) (&& (== net461) (== netcore11)) (&& (== net461) (< net46)) (== netstandard16) (&& (== netstandard16) (== netcore11)) (== netcore11)
      System.Runtime.Handles (>= 4.3) - restriction: || (&& (== net461) (== netstandard16)) (&& (== net461) (== netcore11)) (&& (== net461) (< net46)) (== netstandard16) (&& (== netstandard16) (== netcore11)) (== netcore11)
      System.Runtime.InteropServices (>= 4.3) - restriction: || (&& (== net461) (== netstandard16)) (&& (== net461) (== netcore11)) (&& (== net461) (< net46)) (== netstandard16) (&& (== netstandard16) (== netcore11)) (== netcore11)
      System.Security.Cryptography.Algorithms (>= 4.3)
      System.Security.Cryptography.Encoding (>= 4.3) - restriction: || (&& (== net461) (== netstandard16)) (&& (== net461) (== netcore11)) (&& (== net461) (< net46)) (== netstandard16) (&& (== netstandard16) (== netcore11)) (== netcore11)
      System.Security.Cryptography.Primitives (>= 4.3)
      System.Text.Encoding (>= 4.3) - restriction: || (&& (== net461) (== netstandard16)) (&& (== net461) (== netcore11)) (&& (== net461) (< net46)) (== netstandard16) (&& (== netstandard16) (== netcore11)) (== netcore11)
      System.Threading (>= 4.3) - restriction: || (&& (== net461) (== netstandard16)) (&& (== net461) (== netcore11)) (&& (== net461) (< net46)) (== netstandard16) (&& (== netstandard16) (== netcore11)) (== netcore11)
    System.Security.Cryptography.Encoding (4.3)
      Microsoft.NETCore.Platforms (>= 1.1) - restriction: || (&& (== net461) (== netstandard16)) (&& (== net461) (== netcore11)) (&& (== net461) (< net46)) (== netstandard16) (&& (== netstandard16) (== netcore11)) (== netcore11)
      runtime.native.System.Security.Cryptography.OpenSsl (>= 4.3) - restriction: || (&& (== net461) (== netstandard16)) (&& (== net461) (== netcore11)) (&& (== net461) (< net46)) (== netstandard16) (&& (== netstandard16) (== netcore11)) (== netcore11)
      System.Collections (>= 4.3) - restriction: || (&& (== net461) (== netstandard16)) (&& (== net461) (== netcore11)) (&& (== net461) (< net46)) (== netstandard16) (&& (== netstandard16) (== netcore11)) (== netcore11)
      System.Collections.Concurrent (>= 4.3) - restriction: || (&& (== net461) (== netstandard16)) (&& (== net461) (== netcore11)) (&& (== net461) (< net46)) (== netstandard16) (&& (== netstandard16) (== netcore11)) (== netcore11)
      System.Linq (>= 4.3) - restriction: || (&& (== net461) (== netstandard16)) (&& (== net461) (== netcore11)) (&& (== net461) (< net46)) (== netstandard16) (&& (== netstandard16) (== netcore11)) (== netcore11)
      System.Resources.ResourceManager (>= 4.3) - restriction: || (&& (== net461) (== netstandard16)) (&& (== net461) (== netcore11)) (&& (== net461) (< net46)) (== netstandard16) (&& (== netstandard16) (== netcore11)) (== netcore11)
      System.Runtime (>= 4.3) - restriction: || (&& (== net461) (== netstandard16)) (&& (== net461) (== netcore11)) (&& (== net461) (< net46)) (== netstandard16) (&& (== netstandard16) (== netcore11)) (== netcore11)
      System.Runtime.Extensions (>= 4.3) - restriction: || (&& (== net461) (== netstandard16)) (&& (== net461) (== netcore11)) (&& (== net461) (< net46)) (== netstandard16) (&& (== netstandard16) (== netcore11)) (== netcore11)
      System.Runtime.Handles (>= 4.3) - restriction: || (&& (== net461) (== netstandard16)) (&& (== net461) (== netcore11)) (&& (== net461) (< net46)) (== netstandard16) (&& (== netstandard16) (== netcore11)) (== netcore11)
      System.Runtime.InteropServices (>= 4.3) - restriction: || (&& (== net461) (== netstandard16)) (&& (== net461) (== netcore11)) (&& (== net461) (< net46)) (== netstandard16) (&& (== netstandard16) (== netcore11)) (== netcore11)
      System.Security.Cryptography.Primitives (>= 4.3) - restriction: || (&& (== net461) (== netstandard16)) (&& (== net461) (== netcore11)) (&& (== net461) (< net46)) (== netstandard16) (&& (== netstandard16) (== netcore11)) (== netcore11)
      System.Text.Encoding (>= 4.3) - restriction: || (&& (== net461) (== netstandard16)) (&& (== net461) (== netcore11)) (&& (== net461) (< net46)) (== netstandard16) (&& (== netstandard16) (== netcore11)) (== netcore11)
    System.Security.Cryptography.OpenSsl (4.3) - restriction: || (&& (== net461) (< net45)) (&& (== net461) (< net46)) (&& (== net461) (>= netcore11)) (== netstandard16) (== netcore11)
      runtime.native.System.Security.Cryptography.OpenSsl (>= 4.3)
      System.Collections (>= 4.3)
      System.IO (>= 4.3)
      System.Resources.ResourceManager (>= 4.3)
      System.Runtime (>= 4.3)
      System.Runtime.Extensions (>= 4.3)
      System.Runtime.Handles (>= 4.3)
      System.Runtime.InteropServices (>= 4.3)
      System.Runtime.Numerics (>= 4.3)
      System.Security.Cryptography.Algorithms (>= 4.3)
      System.Security.Cryptography.Encoding (>= 4.3)
      System.Security.Cryptography.Primitives (>= 4.3)
      System.Text.Encoding (>= 4.3)
    System.Security.Cryptography.Primitives (4.3)
      System.Diagnostics.Debug (>= 4.3) - restriction: || (&& (== net461) (== netstandard16)) (&& (== net461) (== netcore11)) (&& (== net461) (< net46)) (== netstandard16) (&& (== netstandard16) (== netcore11)) (== netcore11)
      System.Globalization (>= 4.3) - restriction: || (&& (== net461) (== netstandard16)) (&& (== net461) (== netcore11)) (&& (== net461) (< net46)) (== netstandard16) (&& (== netstandard16) (== netcore11)) (== netcore11)
      System.IO (>= 4.3) - restriction: || (&& (== net461) (== netstandard16)) (&& (== net461) (== netcore11)) (&& (== net461) (< net46)) (== netstandard16) (&& (== netstandard16) (== netcore11)) (== netcore11)
      System.Resources.ResourceManager (>= 4.3) - restriction: || (&& (== net461) (== netstandard16)) (&& (== net461) (== netcore11)) (&& (== net461) (< net46)) (== netstandard16) (&& (== netstandard16) (== netcore11)) (== netcore11)
      System.Runtime (>= 4.3) - restriction: || (&& (== net461) (== netstandard16)) (&& (== net461) (== netcore11)) (&& (== net461) (< net46)) (== netstandard16) (&& (== netstandard16) (== netcore11)) (== netcore11)
      System.Threading (>= 4.3) - restriction: || (&& (== net461) (== netstandard16)) (&& (== net461) (== netcore11)) (&& (== net461) (< net46)) (== netstandard16) (&& (== netstandard16) (== netcore11)) (== netcore11)
      System.Threading.Tasks (>= 4.3) - restriction: || (&& (== net461) (== netstandard16)) (&& (== net461) (== netcore11)) (&& (== net461) (< net46)) (== netstandard16) (&& (== netstandard16) (== netcore11)) (== netcore11)
    System.Security.Cryptography.X509Certificates (4.3)
      Microsoft.NETCore.Platforms (>= 1.1) - restriction: || (&& (== net461) (== netstandard16)) (&& (== net461) (== netcore11)) (&& (== net461) (< net46)) (&& (== net461) (>= dnxcore50)) (== netstandard16) (&& (== netstandard16) (== netcore11)) (== netcore11)
      runtime.native.System (>= 4.3) - restriction: || (&& (== net461) (== netstandard16)) (&& (== net461) (== netcore11)) (&& (== net461) (< net46)) (== netstandard16) (&& (== netstandard16) (== netcore11)) (== netcore11)
      runtime.native.System.Net.Http (>= 4.3) - restriction: || (&& (== net461) (== netstandard16)) (&& (== net461) (== netcore11)) (&& (== net461) (< net46)) (== netstandard16) (&& (== netstandard16) (== netcore11)) (== netcore11)
      runtime.native.System.Security.Cryptography.OpenSsl (>= 4.3) - restriction: || (&& (== net461) (== netstandard16)) (&& (== net461) (== netcore11)) (&& (== net461) (< net46)) (== netstandard16) (&& (== netstandard16) (== netcore11)) (== netcore11)
      System.Collections (>= 4.3) - restriction: || (&& (== net461) (== netstandard16)) (&& (== net461) (== netcore11)) (&& (== net461) (< net46)) (&& (== net461) (>= dnxcore50)) (== netstandard16) (&& (== netstandard16) (== netcore11)) (== netcore11)
      System.Diagnostics.Debug (>= 4.3) - restriction: || (&& (== net461) (== netstandard16)) (&& (== net461) (== netcore11)) (&& (== net461) (< net46)) (== netstandard16) (&& (== netstandard16) (== netcore11)) (== netcore11)
      System.Globalization (>= 4.3) - restriction: || (&& (== net461) (== netstandard16)) (&& (== net461) (== netcore11)) (&& (== net461) (< net46)) (&& (== net461) (>= dnxcore50)) (== netstandard16) (&& (== netstandard16) (== netcore11)) (== netcore11)
      System.Globalization.Calendars (>= 4.3) - restriction: || (&& (== net461) (== netstandard16)) (&& (== net461) (== netcore11)) (&& (== net461) (< net46)) (&& (== net461) (>= dnxcore50)) (== netstandard16) (&& (== netstandard16) (== netcore11)) (== netcore11)
      System.IO (>= 4.3) - restriction: || (&& (== net461) (== netstandard16)) (&& (== net461) (== netcore11)) (&& (== net461) (< net46)) (&& (== net461) (>= dnxcore50)) (== netstandard16) (&& (== netstandard16) (== netcore11)) (== netcore11)
      System.IO.FileSystem (>= 4.3) - restriction: || (&& (== net461) (== netstandard16)) (&& (== net461) (== netcore11)) (&& (== net461) (< net46)) (&& (== net461) (>= dnxcore50)) (== netstandard16) (&& (== netstandard16) (== netcore11)) (== netcore11)
      System.IO.FileSystem.Primitives (>= 4.3) - restriction: || (&& (== net461) (== netstandard16)) (&& (== net461) (== netcore11)) (&& (== net461) (< net46)) (== netstandard16) (&& (== netstandard16) (== netcore11)) (== netcore11)
      System.Resources.ResourceManager (>= 4.3) - restriction: || (&& (== net461) (== netstandard16)) (&& (== net461) (== netcore11)) (&& (== net461) (< net46)) (&& (== net461) (>= dnxcore50)) (== netstandard16) (&& (== netstandard16) (== netcore11)) (== netcore11)
      System.Runtime (>= 4.3) - restriction: || (&& (== net461) (== netstandard16)) (&& (== net461) (== netcore11)) (&& (== net461) (< net46)) (&& (== net461) (>= dnxcore50)) (== netstandard16) (&& (== netstandard16) (== netcore11)) (== netcore11)
      System.Runtime.Extensions (>= 4.3) - restriction: || (&& (== net461) (== netstandard16)) (&& (== net461) (== netcore11)) (&& (== net461) (< net46)) (&& (== net461) (>= dnxcore50)) (== netstandard16) (&& (== netstandard16) (== netcore11)) (== netcore11)
      System.Runtime.Handles (>= 4.3) - restriction: || (&& (== net461) (== netstandard16)) (&& (== net461) (== netcore11)) (&& (== net461) (< net46)) (&& (== net461) (>= dnxcore50)) (== netstandard16) (&& (== netstandard16) (== netcore11)) (== netcore11)
      System.Runtime.InteropServices (>= 4.3) - restriction: || (&& (== net461) (== netstandard16)) (&& (== net461) (== netcore11)) (&& (== net461) (< net46)) (&& (== net461) (>= dnxcore50)) (== netstandard16) (&& (== netstandard16) (== netcore11)) (== netcore11)
      System.Runtime.Numerics (>= 4.3) - restriction: || (&& (== net461) (== netstandard16)) (&& (== net461) (== netcore11)) (&& (== net461) (< net46)) (&& (== net461) (>= dnxcore50)) (== netstandard16) (&& (== netstandard16) (== netcore11)) (== netcore11)
      System.Security.Cryptography.Algorithms (>= 4.3)
      System.Security.Cryptography.Cng (>= 4.3) - restriction: || (&& (== net461) (== netstandard16)) (&& (== net461) (== netcore11)) (&& (== net461) (< net46)) (&& (== net461) (>= dnxcore50)) (== netstandard16) (&& (== netstandard16) (== netcore11)) (== netcore11)
      System.Security.Cryptography.Csp (>= 4.3) - restriction: || (&& (== net461) (== netstandard16)) (&& (== net461) (== netcore11)) (&& (== net461) (< net46)) (== netstandard16) (&& (== netstandard16) (== netcore11)) (== netcore11)
      System.Security.Cryptography.Encoding (>= 4.3)
      System.Security.Cryptography.OpenSsl (>= 4.3) - restriction: || (&& (== net461) (== netstandard16)) (&& (== net461) (== netcore11)) (&& (== net461) (< net46)) (== netstandard16) (&& (== netstandard16) (== netcore11)) (== netcore11)
      System.Security.Cryptography.Primitives (>= 4.3) - restriction: || (&& (== net461) (== netstandard16)) (&& (== net461) (== netcore11)) (&& (== net461) (< net46)) (&& (== net461) (>= dnxcore50)) (== netstandard16) (&& (== netstandard16) (== netcore11)) (== netcore11)
      System.Text.Encoding (>= 4.3) - restriction: || (&& (== net461) (== netstandard16)) (&& (== net461) (== netcore11)) (&& (== net461) (< net46)) (&& (== net461) (>= dnxcore50)) (== netstandard16) (&& (== netstandard16) (== netcore11)) (== netcore11)
      System.Threading (>= 4.3) - restriction: || (&& (== net461) (== netstandard16)) (&& (== net461) (== netcore11)) (&& (== net461) (< net46)) (&& (== net461) (>= dnxcore50)) (== netstandard16) (&& (== netstandard16) (== netcore11)) (== netcore11)
    System.Security.Principal (4.3) - restriction: || (&& (== net461) (>= netcore11)) (&& (== netstandard16) (>= netcore11)) (== netcore11)
      System.Runtime (>= 4.3) - restriction: || (&& (== net461) (== netstandard16)) (&& (== net461) (== netcore11)) (&& (== net461) (< net45)) (&& (== net461) (>= dnxcore50)) (== netstandard16) (&& (== netstandard16) (== netcore11)) (== netcore11)
    System.Security.Principal.Windows (4.3) - restriction: || (&& (== net461) (>= netcore11)) (&& (== netstandard16) (>= netcore11)) (== netcore11)
      Microsoft.NETCore.Platforms (>= 1.1) - restriction: || (&& (== net461) (== netstandard16)) (&& (== net461) (== netcore11)) (&& (== net461) (< net46)) (== netstandard16) (&& (== netstandard16) (== netcore11)) (== netcore11)
      Microsoft.Win32.Primitives (>= 4.3) - restriction: || (&& (== net461) (== netstandard16)) (&& (== net461) (== netcore11)) (&& (== net461) (< net46)) (== netstandard16) (&& (== netstandard16) (== netcore11)) (== netcore11)
      System.Collections (>= 4.3) - restriction: || (&& (== net461) (== netstandard16)) (&& (== net461) (== netcore11)) (&& (== net461) (< net46)) (== netstandard16) (&& (== netstandard16) (== netcore11)) (== netcore11)
      System.Diagnostics.Debug (>= 4.3) - restriction: || (&& (== net461) (== netstandard16)) (&& (== net461) (== netcore11)) (&& (== net461) (< net46)) (== netstandard16) (&& (== netstandard16) (== netcore11)) (== netcore11)
      System.Reflection (>= 4.3) - restriction: || (&& (== net461) (== netstandard16)) (&& (== net461) (== netcore11)) (&& (== net461) (< net46)) (== netstandard16) (&& (== netstandard16) (== netcore11)) (== netcore11)
      System.Resources.ResourceManager (>= 4.3) - restriction: || (&& (== net461) (== netstandard16)) (&& (== net461) (== netcore11)) (&& (== net461) (< net46)) (== netstandard16) (&& (== netstandard16) (== netcore11)) (== netcore11)
      System.Runtime (>= 4.3) - restriction: || (&& (== net461) (== netstandard16)) (&& (== net461) (== netcore11)) (&& (== net461) (< net46)) (== netstandard16) (&& (== netstandard16) (== netcore11)) (== netcore11)
      System.Runtime.Extensions (>= 4.3) - restriction: || (&& (== net461) (== netstandard16)) (&& (== net461) (== netcore11)) (&& (== net461) (< net46)) (== netstandard16) (&& (== netstandard16) (== netcore11)) (== netcore11)
      System.Runtime.Handles (>= 4.3) - restriction: || (&& (== net461) (== netstandard16)) (&& (== net461) (== netcore11)) (&& (== net461) (< net46)) (== netstandard16) (&& (== netstandard16) (== netcore11)) (== netcore11)
      System.Runtime.InteropServices (>= 4.3) - restriction: || (&& (== net461) (== netstandard16)) (&& (== net461) (== netcore11)) (&& (== net461) (< net46)) (== netstandard16) (&& (== netstandard16) (== netcore11)) (== netcore11)
      System.Security.Claims (>= 4.3)
      System.Security.Principal (>= 4.3) - restriction: || (&& (== net461) (== netstandard16)) (&& (== net461) (== netcore11)) (&& (== net461) (< net46)) (== netstandard16) (&& (== netstandard16) (== netcore11)) (== netcore11)
      System.Text.Encoding (>= 4.3) - restriction: || (&& (== net461) (== netstandard16)) (&& (== net461) (== netcore11)) (&& (== net461) (< net46)) (== netstandard16) (&& (== netstandard16) (== netcore11)) (== netcore11)
      System.Threading (>= 4.3) - restriction: || (&& (== net461) (== netstandard16)) (&& (== net461) (== netcore11)) (&& (== net461) (< net46)) (== netstandard16) (&& (== netstandard16) (== netcore11)) (== netcore11)
    System.Text.Encoding (4.3)
      Microsoft.NETCore.Platforms (>= 1.1) - restriction: || (&& (== net461) (== netstandard16)) (&& (== net461) (== netcore11)) (&& (== net461) (< net45)) (&& (== net461) (>= dnxcore50)) (== netstandard16) (&& (== netstandard16) (== netcore11)) (== netcore11)
      Microsoft.NETCore.Targets (>= 1.1) - restriction: || (&& (== net461) (== netstandard16)) (&& (== net461) (== netcore11)) (&& (== net461) (< net45)) (&& (== net461) (>= dnxcore50)) (== netstandard16) (&& (== netstandard16) (== netcore11)) (== netcore11)
      System.Runtime (>= 4.3) - restriction: || (&& (== net461) (== netstandard16)) (&& (== net461) (== netcore11)) (&& (== net461) (< net45)) (&& (== net461) (>= dnxcore50)) (== netstandard16) (&& (== netstandard16) (== netcore11)) (== netcore11)
    System.Text.Encoding.CodePages (4.3) - restriction: || (== net461) (&& (== netstandard16) (>= net46)) (&& (== netstandard16) (>= netcore11)) (== netcore11)
    System.Text.Encoding.Extensions (4.3)
      Microsoft.NETCore.Platforms (>= 1.1) - restriction: || (&& (== net461) (== netstandard16)) (&& (== net461) (== netcore11)) (&& (== net461) (< net45)) (&& (== net461) (>= dnxcore50)) (== netstandard16) (&& (== netstandard16) (== netcore11)) (== netcore11)
      Microsoft.NETCore.Targets (>= 1.1) - restriction: || (&& (== net461) (== netstandard16)) (&& (== net461) (== netcore11)) (&& (== net461) (< net45)) (&& (== net461) (>= dnxcore50)) (== netstandard16) (&& (== netstandard16) (== netcore11)) (== netcore11)
      System.Runtime (>= 4.3) - restriction: || (&& (== net461) (== netstandard16)) (&& (== net461) (== netcore11)) (&& (== net461) (< net45)) (&& (== net461) (>= dnxcore50)) (== netstandard16) (&& (== netstandard16) (== netcore11)) (== netcore11)
      System.Text.Encoding (>= 4.3) - restriction: || (&& (== net461) (== netstandard16)) (&& (== net461) (== netcore11)) (&& (== net461) (< net45)) (&& (== net461) (>= dnxcore50)) (== netstandard16) (&& (== netstandard16) (== netcore11)) (== netcore11)
    System.Text.RegularExpressions (4.3)
      System.Collections (>= 4.3) - restriction: || (&& (== net461) (== netstandard16)) (&& (== net461) (== netcore11)) (&& (== net461) (< net45)) (&& (== net461) (>= dnxcore50)) (== netstandard16) (&& (== netstandard16) (== netcore11)) (&& (== netcore11) (>= dnxcore50))
      System.Globalization (>= 4.3) - restriction: || (&& (== net461) (== netstandard16)) (&& (== net461) (== netcore11)) (&& (== net461) (< net45)) (&& (== net461) (>= dnxcore50)) (== netstandard16) (&& (== netstandard16) (== netcore11)) (&& (== netcore11) (>= dnxcore50))
      System.Resources.ResourceManager (>= 4.3) - restriction: || (&& (== net461) (== netstandard16)) (&& (== net461) (== netcore11)) (&& (== net461) (< net45)) (&& (== net461) (>= dnxcore50)) (== netstandard16) (&& (== netstandard16) (== netcore11)) (&& (== netcore11) (>= dnxcore50))
      System.Runtime (>= 4.3) - restriction: || (&& (== net461) (== netstandard16)) (&& (== net461) (== netcore11)) (&& (== net461) (< net45)) (&& (== net461) (>= dnxcore50)) (&& (== net461) (>= netcore11)) (== netstandard16) (&& (== netstandard16) (== netcore11)) (== netcore11)
      System.Runtime.Extensions (>= 4.3) - restriction: || (&& (== net461) (== netstandard16)) (&& (== net461) (== netcore11)) (&& (== net461) (< net45)) (&& (== net461) (>= dnxcore50)) (== netstandard16) (&& (== netstandard16) (== netcore11)) (&& (== netcore11) (>= dnxcore50))
      System.Threading (>= 4.3) - restriction: || (&& (== net461) (== netstandard16)) (&& (== net461) (== netcore11)) (&& (== net461) (< net45)) (&& (== net461) (>= dnxcore50)) (== netstandard16) (&& (== netstandard16) (== netcore11)) (&& (== netcore11) (>= dnxcore50))
    System.Threading (4.3)
      System.Runtime (>= 4.3) - restriction: || (&& (== net461) (== netstandard16)) (&& (== net461) (== netcore11)) (&& (== net461) (< net45)) (&& (== net461) (>= dnxcore50)) (== netstandard16) (&& (== netstandard16) (== netcore11)) (== netcore11)
      System.Threading.Tasks (>= 4.3) - restriction: || (&& (== net461) (== netstandard16)) (&& (== net461) (== netcore11)) (&& (== net461) (< net45)) (&& (== net461) (>= dnxcore50)) (== netstandard16) (&& (== netstandard16) (== netcore11)) (== netcore11)
    System.Threading.Overlapped (4.3) - restriction: || (&& (== net461) (>= netcore11)) (&& (== netstandard16) (>= netcore11)) (== netcore11)
      Microsoft.NETCore.Platforms (>= 1.1) - restriction: || (&& (== net461) (== netstandard16)) (&& (== net461) (== netcore11)) (&& (== net461) (< net46)) (&& (== net461) (>= dnxcore50)) (== netstandard16) (&& (== netstandard16) (== netcore11)) (== netcore11)
      System.Resources.ResourceManager (>= 4.3) - restriction: || (&& (== net461) (== netstandard16)) (&& (== net461) (== netcore11)) (&& (== net461) (< net46)) (&& (== net461) (>= dnxcore50)) (== netstandard16) (&& (== netstandard16) (== netcore11)) (== netcore11)
      System.Runtime (>= 4.3) - restriction: || (&& (== net461) (== netstandard16)) (&& (== net461) (== netcore11)) (&& (== net461) (< net46)) (&& (== net461) (>= dnxcore50)) (== netstandard16) (&& (== netstandard16) (== netcore11)) (== netcore11)
      System.Runtime.Handles (>= 4.3) - restriction: || (&& (== net461) (== netstandard16)) (&& (== net461) (== netcore11)) (&& (== net461) (< net46)) (&& (== net461) (>= dnxcore50)) (== netstandard16) (&& (== netstandard16) (== netcore11)) (== netcore11)
    System.Threading.Tasks (4.3)
    System.Threading.Tasks.Dataflow (4.7) - restriction: || (&& (== net461) (>= netcore11)) (&& (== netstandard16) (>= netcore11)) (== netcore11)
      System.Collections (>= 4.3) - restriction: || (&& (== net461) (== netstandard16)) (&& (== net461) (== netcore11)) (&& (== net461) (< net45)) (&& (== net461) (< netstandard11)) (== netstandard16) (&& (== netstandard16) (== netcore11)) (== netcore11)
      System.Collections.Concurrent (>= 4.3) - restriction: || (&& (== net461) (== netstandard16)) (&& (== net461) (== netcore11)) (&& (== net461) (< net45)) (== netstandard16) (&& (== netstandard16) (== netcore11)) (== netcore11)
      System.Diagnostics.Debug (>= 4.3) - restriction: || (&& (== net461) (== netstandard16)) (&& (== net461) (== netcore11)) (&& (== net461) (< net45)) (&& (== net461) (< netstandard11)) (== netstandard16) (&& (== netstandard16) (== netcore11)) (== netcore11)
      System.Diagnostics.Tracing (>= 4.3) - restriction: || (&& (== net461) (== netstandard16)) (&& (== net461) (== netcore11)) (&& (== net461) (< net45)) (== netstandard16) (&& (== netstandard16) (== netcore11)) (== netcore11)
      System.Dynamic.Runtime (>= 4.3) - restriction: || (&& (== net461) (== netstandard16)) (&& (== net461) (== netcore11)) (&& (== net461) (< net45)) (&& (== net461) (< netstandard11)) (== netstandard16) (&& (== netstandard16) (== netcore11)) (== netcore11)
      System.Linq (>= 4.3) - restriction: || (&& (== net461) (== netstandard16)) (&& (== net461) (== netcore11)) (&& (== net461) (< net45)) (&& (== net461) (< netstandard11)) (== netstandard16) (&& (== netstandard16) (== netcore11)) (== netcore11)
      System.Resources.ResourceManager (>= 4.3) - restriction: || (&& (== net461) (== netstandard16)) (&& (== net461) (== netcore11)) (&& (== net461) (< net45)) (&& (== net461) (< netstandard11)) (== netstandard16) (&& (== netstandard16) (== netcore11)) (== netcore11)
      System.Runtime (>= 4.3) - restriction: || (&& (== net461) (== netstandard16)) (&& (== net461) (== netcore11)) (&& (== net461) (< net45)) (&& (== net461) (< netstandard11)) (== netstandard16) (&& (== netstandard16) (== netcore11)) (== netcore11)
      System.Runtime.Extensions (>= 4.3) - restriction: || (&& (== net461) (== netstandard16)) (&& (== net461) (== netcore11)) (&& (== net461) (< net45)) (&& (== net461) (< netstandard11)) (== netstandard16) (&& (== netstandard16) (== netcore11)) (== netcore11)
      System.Threading (>= 4.3) - restriction: || (&& (== net461) (== netstandard16)) (&& (== net461) (== netcore11)) (&& (== net461) (< net45)) (&& (== net461) (< netstandard11)) (== netstandard16) (&& (== netstandard16) (== netcore11)) (== netcore11)
      System.Threading.Tasks (>= 4.3) - restriction: || (&& (== net461) (== netstandard16)) (&& (== net461) (== netcore11)) (&& (== net461) (< net45)) (&& (== net461) (< netstandard11)) (== netstandard16) (&& (== netstandard16) (== netcore11)) (== netcore11)
    System.Threading.Tasks.Extensions (4.3)
    System.Threading.Tasks.Parallel (4.3)
      System.Collections.Concurrent (>= 4.3) - restriction: || (&& (== net461) (== netstandard16)) (&& (== net461) (== netcore11)) (&& (== net461) (< net45)) (&& (== net461) (>= dnxcore50)) (== netstandard16) (&& (== netstandard16) (== netcore11)) (== netcore11)
      System.Diagnostics.Debug (>= 4.3) - restriction: || (&& (== net461) (== netstandard16)) (&& (== net461) (== netcore11)) (&& (== net461) (< net45)) (&& (== net461) (>= dnxcore50)) (== netstandard16) (&& (== netstandard16) (== netcore11)) (== netcore11)
      System.Diagnostics.Tracing (>= 4.3) - restriction: || (&& (== net461) (== netstandard16)) (&& (== net461) (== netcore11)) (&& (== net461) (< net45)) (&& (== net461) (>= dnxcore50)) (== netstandard16) (&& (== netstandard16) (== netcore11)) (== netcore11)
      System.Resources.ResourceManager (>= 4.3) - restriction: || (&& (== net461) (== netstandard16)) (&& (== net461) (== netcore11)) (&& (== net461) (< net45)) (&& (== net461) (>= dnxcore50)) (== netstandard16) (&& (== netstandard16) (== netcore11)) (== netcore11)
      System.Runtime (>= 4.3) - restriction: || (&& (== net461) (== netstandard16)) (&& (== net461) (== netcore11)) (&& (== net461) (< net45)) (&& (== net461) (>= dnxcore50)) (== netstandard16) (&& (== netstandard16) (== netcore11)) (== netcore11)
      System.Runtime.Extensions (>= 4.3) - restriction: || (&& (== net461) (== netstandard16)) (&& (== net461) (== netcore11)) (&& (== net461) (< net45)) (&& (== net461) (>= dnxcore50)) (== netstandard16) (&& (== netstandard16) (== netcore11)) (== netcore11)
      System.Threading (>= 4.3) - restriction: || (&& (== net461) (== netstandard16)) (&& (== net461) (== netcore11)) (&& (== net461) (< net45)) (&& (== net461) (>= dnxcore50)) (== netstandard16) (&& (== netstandard16) (== netcore11)) (== netcore11)
      System.Threading.Tasks (>= 4.3) - restriction: || (&& (== net461) (== netstandard16)) (&& (== net461) (== netcore11)) (&& (== net461) (< net45)) (&& (== net461) (>= dnxcore50)) (== netstandard16) (&& (== netstandard16) (== netcore11)) (== netcore11)
    System.Threading.Thread (4.3)
      System.Runtime (>= 4.3) - restriction: || (&& (== net461) (== netstandard16)) (&& (== net461) (== netcore11)) (&& (== net461) (< net46)) (== netstandard16) (&& (== netstandard16) (== netcore11)) (== netcore11)
    System.Threading.ThreadPool (4.3)
      System.Runtime (>= 4.3) - restriction: || (&& (== net461) (== netstandard16)) (&& (== net461) (== netcore11)) (&& (== net461) (< net46)) (== netstandard16) (&& (== netstandard16) (== netcore11)) (== netcore11)
      System.Runtime.Handles (>= 4.3) - restriction: || (&& (== net461) (== netstandard16)) (&& (== net461) (== netcore11)) (&& (== net461) (< net46)) (== netstandard16) (&& (== netstandard16) (== netcore11)) (== netcore11)
    System.Threading.Timer (4.3)
      Microsoft.NETCore.Platforms (>= 1.1) - restriction: || (&& (== net461) (== netstandard16)) (&& (== net461) (== netcore11)) (&& (== net461) (< net451)) (&& (== net461) (>= dnxcore50)) (== netstandard16) (&& (== netstandard16) (== netcore11)) (== netcore11)
      Microsoft.NETCore.Targets (>= 1.1) - restriction: || (&& (== net461) (== netstandard16)) (&& (== net461) (== netcore11)) (&& (== net461) (< net451)) (&& (== net461) (>= dnxcore50)) (== netstandard16) (&& (== netstandard16) (== netcore11)) (== netcore11)
      System.Runtime (>= 4.3) - restriction: || (&& (== net461) (== netstandard16)) (&& (== net461) (== netcore11)) (&& (== net461) (< net451)) (&& (== net461) (>= dnxcore50)) (== netstandard16) (&& (== netstandard16) (== netcore11)) (== netcore11)
    System.ValueTuple (4.3.1) - restriction: || (== net461) (&& (== netstandard16) (>= net46)) (&& (== netstandard16) (>= netcore11)) (== netcore11)
      System.Collections (>= 4.3) - restriction: || (&& (== net461) (== netstandard16)) (&& (== net461) (== netcore11)) (&& (== net461) (< net45)) (== netstandard16) (&& (== netstandard16) (== netcore11)) (== netcore11)
      System.Resources.ResourceManager (>= 4.3) - restriction: || (&& (== net461) (== netstandard16)) (&& (== net461) (== netcore11)) (&& (== net461) (< net45)) (== netstandard16) (&& (== netstandard16) (== netcore11)) (== netcore11)
      System.Runtime (>= 4.3) - restriction: || (&& (== net461) (== netstandard16)) (&& (== net461) (== netcore11)) (&& (== net461) (< net45)) (== netstandard16) (&& (== netstandard16) (== netcore11)) (== netcore11)
    System.Xml.ReaderWriter (4.3)
      System.Collections (>= 4.3) - restriction: || (&& (== net461) (== netstandard16)) (&& (== net461) (== netcore11)) (&& (== net461) (< net45)) (&& (== net461) (>= dnxcore50)) (== netstandard16) (&& (== netstandard16) (== netcore11)) (== netcore11)
      System.Diagnostics.Debug (>= 4.3) - restriction: || (&& (== net461) (== netstandard16)) (&& (== net461) (== netcore11)) (&& (== net461) (< net45)) (&& (== net461) (>= dnxcore50)) (== netstandard16) (&& (== netstandard16) (== netcore11)) (== netcore11)
      System.Globalization (>= 4.3) - restriction: || (&& (== net461) (== netstandard16)) (&& (== net461) (== netcore11)) (&& (== net461) (< net45)) (&& (== net461) (>= dnxcore50)) (== netstandard16) (&& (== netstandard16) (== netcore11)) (== netcore11)
      System.IO (>= 4.3) - restriction: || (&& (== net461) (== netstandard16)) (&& (== net461) (== netcore11)) (&& (== net461) (< net45)) (&& (== net461) (>= dnxcore50)) (== netstandard16) (&& (== netstandard16) (== netcore11)) (== netcore11)
      System.IO.FileSystem (>= 4.3) - restriction: || (&& (== net461) (== netstandard16)) (&& (== net461) (== netcore11)) (&& (== net461) (< net45)) (&& (== net461) (>= dnxcore50)) (== netstandard16) (&& (== netstandard16) (== netcore11)) (== netcore11)
      System.IO.FileSystem.Primitives (>= 4.3) - restriction: || (&& (== net461) (== netstandard16)) (&& (== net461) (== netcore11)) (&& (== net461) (< net45)) (&& (== net461) (>= dnxcore50)) (== netstandard16) (&& (== netstandard16) (== netcore11)) (== netcore11)
      System.Resources.ResourceManager (>= 4.3) - restriction: || (&& (== net461) (== netstandard16)) (&& (== net461) (== netcore11)) (&& (== net461) (< net45)) (&& (== net461) (>= dnxcore50)) (== netstandard16) (&& (== netstandard16) (== netcore11)) (== netcore11)
      System.Runtime (>= 4.3) - restriction: || (&& (== net461) (== netstandard16)) (&& (== net461) (== netcore11)) (&& (== net461) (< net45)) (&& (== net461) (>= dnxcore50)) (== netstandard16) (&& (== netstandard16) (== netcore11)) (== netcore11)
      System.Runtime.Extensions (>= 4.3) - restriction: || (&& (== net461) (== netstandard16)) (&& (== net461) (== netcore11)) (&& (== net461) (< net45)) (&& (== net461) (>= dnxcore50)) (== netstandard16) (&& (== netstandard16) (== netcore11)) (== netcore11)
      System.Runtime.InteropServices (>= 4.3) - restriction: || (&& (== net461) (== netstandard16)) (&& (== net461) (== netcore11)) (&& (== net461) (< net45)) (&& (== net461) (>= dnxcore50)) (== netstandard16) (&& (== netstandard16) (== netcore11)) (== netcore11)
      System.Text.Encoding (>= 4.3) - restriction: || (&& (== net461) (== netstandard16)) (&& (== net461) (== netcore11)) (&& (== net461) (< net45)) (&& (== net461) (>= dnxcore50)) (== netstandard16) (&& (== netstandard16) (== netcore11)) (== netcore11)
      System.Text.Encoding.Extensions (>= 4.3) - restriction: || (&& (== net461) (== netstandard16)) (&& (== net461) (== netcore11)) (&& (== net461) (< net45)) (&& (== net461) (>= dnxcore50)) (== netstandard16) (&& (== netstandard16) (== netcore11)) (== netcore11)
      System.Text.RegularExpressions (>= 4.3) - restriction: || (&& (== net461) (== netstandard16)) (&& (== net461) (== netcore11)) (&& (== net461) (< net45)) (&& (== net461) (>= dnxcore50)) (== netstandard16) (&& (== netstandard16) (== netcore11)) (== netcore11)
      System.Threading.Tasks (>= 4.3) - restriction: || (&& (== net461) (== netstandard16)) (&& (== net461) (== netcore11)) (&& (== net461) (< net45)) (&& (== net461) (>= dnxcore50)) (== netstandard16) (&& (== netstandard16) (== netcore11)) (== netcore11)
      System.Threading.Tasks.Extensions (>= 4.3) - restriction: || (&& (== net461) (== netstandard16)) (&& (== net461) (== netcore11)) (&& (== net461) (< net45)) (&& (== net461) (>= dnxcore50)) (== netstandard16) (&& (== netstandard16) (== netcore11)) (== netcore11)
    System.Xml.XDocument (4.3)
      System.Collections (>= 4.3) - restriction: || (&& (== net461) (== netstandard16)) (&& (== net461) (== netcore11)) (&& (== net461) (< net45)) (&& (== net461) (>= dnxcore50)) (== netstandard16) (&& (== netstandard16) (== netcore11)) (== netcore11)
      System.Diagnostics.Debug (>= 4.3) - restriction: || (&& (== net461) (== netstandard16)) (&& (== net461) (== netcore11)) (&& (== net461) (< net45)) (&& (== net461) (>= dnxcore50)) (== netstandard16) (&& (== netstandard16) (== netcore11)) (== netcore11)
      System.Diagnostics.Tools (>= 4.3) - restriction: || (&& (== net461) (== netstandard16)) (&& (== net461) (== netcore11)) (&& (== net461) (< net45)) (&& (== net461) (>= dnxcore50)) (== netstandard16) (&& (== netstandard16) (== netcore11)) (== netcore11)
      System.Globalization (>= 4.3) - restriction: || (&& (== net461) (== netstandard16)) (&& (== net461) (== netcore11)) (&& (== net461) (< net45)) (&& (== net461) (>= dnxcore50)) (== netstandard16) (&& (== netstandard16) (== netcore11)) (== netcore11)
      System.IO (>= 4.3) - restriction: || (&& (== net461) (== netstandard16)) (&& (== net461) (== netcore11)) (&& (== net461) (< net45)) (&& (== net461) (>= dnxcore50)) (== netstandard16) (&& (== netstandard16) (== netcore11)) (== netcore11)
      System.Reflection (>= 4.3) - restriction: || (&& (== net461) (== netstandard16)) (&& (== net461) (== netcore11)) (&& (== net461) (< net45)) (&& (== net461) (>= dnxcore50)) (== netstandard16) (&& (== netstandard16) (== netcore11)) (== netcore11)
      System.Resources.ResourceManager (>= 4.3) - restriction: || (&& (== net461) (== netstandard16)) (&& (== net461) (== netcore11)) (&& (== net461) (< net45)) (&& (== net461) (>= dnxcore50)) (== netstandard16) (&& (== netstandard16) (== netcore11)) (== netcore11)
      System.Runtime (>= 4.3) - restriction: || (&& (== net461) (== netstandard16)) (&& (== net461) (== netcore11)) (&& (== net461) (< net45)) (&& (== net461) (>= dnxcore50)) (== netstandard16) (&& (== netstandard16) (== netcore11)) (== netcore11)
      System.Runtime.Extensions (>= 4.3) - restriction: || (&& (== net461) (== netstandard16)) (&& (== net461) (== netcore11)) (&& (== net461) (< net45)) (&& (== net461) (>= dnxcore50)) (== netstandard16) (&& (== netstandard16) (== netcore11)) (== netcore11)
      System.Text.Encoding (>= 4.3) - restriction: || (&& (== net461) (== netstandard16)) (&& (== net461) (== netcore11)) (&& (== net461) (< net45)) (&& (== net461) (>= dnxcore50)) (== netstandard16) (&& (== netstandard16) (== netcore11)) (== netcore11)
      System.Threading (>= 4.3) - restriction: || (&& (== net461) (== netstandard16)) (&& (== net461) (== netcore11)) (&& (== net461) (< net45)) (&& (== net461) (>= dnxcore50)) (== netstandard16) (&& (== netstandard16) (== netcore11)) (== netcore11)
      System.Xml.ReaderWriter (>= 4.3) - restriction: || (&& (== net461) (== netstandard16)) (&& (== net461) (== netcore11)) (&& (== net461) (< net45)) (&& (== net461) (>= dnxcore50)) (== netstandard16) (&& (== netstandard16) (== netcore11)) (== netcore11)
    System.Xml.XmlDocument (4.3) - restriction: || (== net461) (&& (== netstandard16) (>= net46)) (&& (== netstandard16) (>= netcore11)) (== netcore11)
      System.Collections (>= 4.3) - restriction: || (&& (== net461) (== netstandard16)) (&& (== net461) (== netcore11)) (&& (== net461) (< net46)) (== netstandard16) (&& (== netstandard16) (== netcore11)) (== netcore11)
      System.Diagnostics.Debug (>= 4.3) - restriction: || (&& (== net461) (== netstandard16)) (&& (== net461) (== netcore11)) (&& (== net461) (< net46)) (== netstandard16) (&& (== netstandard16) (== netcore11)) (== netcore11)
      System.Globalization (>= 4.3) - restriction: || (&& (== net461) (== netstandard16)) (&& (== net461) (== netcore11)) (&& (== net461) (< net46)) (== netstandard16) (&& (== netstandard16) (== netcore11)) (== netcore11)
      System.IO (>= 4.3) - restriction: || (&& (== net461) (== netstandard16)) (&& (== net461) (== netcore11)) (&& (== net461) (< net46)) (== netstandard16) (&& (== netstandard16) (== netcore11)) (== netcore11)
      System.Resources.ResourceManager (>= 4.3) - restriction: || (&& (== net461) (== netstandard16)) (&& (== net461) (== netcore11)) (&& (== net461) (< net46)) (== netstandard16) (&& (== netstandard16) (== netcore11)) (== netcore11)
      System.Runtime (>= 4.3) - restriction: || (&& (== net461) (== netstandard16)) (&& (== net461) (== netcore11)) (&& (== net461) (< net46)) (== netstandard16) (&& (== netstandard16) (== netcore11)) (== netcore11)
      System.Runtime.Extensions (>= 4.3) - restriction: || (&& (== net461) (== netstandard16)) (&& (== net461) (== netcore11)) (&& (== net461) (< net46)) (== netstandard16) (&& (== netstandard16) (== netcore11)) (== netcore11)
      System.Text.Encoding (>= 4.3) - restriction: || (&& (== net461) (== netstandard16)) (&& (== net461) (== netcore11)) (&& (== net461) (< net46)) (== netstandard16) (&& (== netstandard16) (== netcore11)) (== netcore11)
      System.Threading (>= 4.3) - restriction: || (&& (== net461) (== netstandard16)) (&& (== net461) (== netcore11)) (&& (== net461) (< net46)) (== netstandard16) (&& (== netstandard16) (== netcore11)) (== netcore11)
      System.Xml.ReaderWriter (>= 4.3) - restriction: || (&& (== net461) (== netstandard16)) (&& (== net461) (== netcore11)) (&& (== net461) (< net46)) (== netstandard16) (&& (== netstandard16) (== netcore11)) (== netcore11)
    System.Xml.XPath (4.3) - restriction: || (== net461) (&& (== netstandard16) (>= net46)) (&& (== netstandard16) (>= netcore11)) (== netcore11)
      System.Collections (>= 4.3) - restriction: || (&& (== net461) (== netstandard16)) (&& (== net461) (== netcore11)) (&& (== net461) (< net46)) (== netstandard16) (&& (== netstandard16) (== netcore11)) (== netcore11)
      System.Diagnostics.Debug (>= 4.3) - restriction: || (&& (== net461) (== netstandard16)) (&& (== net461) (== netcore11)) (&& (== net461) (< net46)) (== netstandard16) (&& (== netstandard16) (== netcore11)) (== netcore11)
      System.Globalization (>= 4.3) - restriction: || (&& (== net461) (== netstandard16)) (&& (== net461) (== netcore11)) (&& (== net461) (< net46)) (== netstandard16) (&& (== netstandard16) (== netcore11)) (== netcore11)
      System.IO (>= 4.3) - restriction: || (&& (== net461) (== netstandard16)) (&& (== net461) (== netcore11)) (&& (== net461) (< net46)) (== netstandard16) (&& (== netstandard16) (== netcore11)) (== netcore11)
      System.Resources.ResourceManager (>= 4.3) - restriction: || (&& (== net461) (== netstandard16)) (&& (== net461) (== netcore11)) (&& (== net461) (< net46)) (== netstandard16) (&& (== netstandard16) (== netcore11)) (== netcore11)
      System.Runtime (>= 4.3) - restriction: || (&& (== net461) (== netstandard16)) (&& (== net461) (== netcore11)) (&& (== net461) (< net46)) (== netstandard16) (&& (== netstandard16) (== netcore11)) (== netcore11)
      System.Runtime.Extensions (>= 4.3) - restriction: || (&& (== net461) (== netstandard16)) (&& (== net461) (== netcore11)) (&& (== net461) (< net46)) (== netstandard16) (&& (== netstandard16) (== netcore11)) (== netcore11)
      System.Threading (>= 4.3) - restriction: || (&& (== net461) (== netstandard16)) (&& (== net461) (== netcore11)) (&& (== net461) (< net46)) (== netstandard16) (&& (== netstandard16) (== netcore11)) (== netcore11)
      System.Xml.ReaderWriter (>= 4.3) - restriction: || (&& (== net461) (== netstandard16)) (&& (== net461) (== netcore11)) (&& (== net461) (< net46)) (== netstandard16) (&& (== netstandard16) (== netcore11)) (== netcore11)
    System.Xml.XPath.XDocument (4.3) - restriction: || (== net461) (&& (== netstandard16) (>= net46)) (&& (== netstandard16) (>= netcore11)) (== netcore11)
      System.Xml.XPath (>= 4.3)
    System.Xml.XPath.XmlDocument (4.3) - restriction: || (&& (== net461) (>= netcore11)) (&& (== netstandard16) (>= netcore11)) (== netcore11)
      System.Collections (>= 4.3) - restriction: || (&& (== net461) (== netstandard16)) (&& (== net461) (== netcore11)) (&& (== net461) (< net46)) (== netstandard16) (&& (== netstandard16) (== netcore11)) (== netcore11)
      System.Globalization (>= 4.3) - restriction: || (&& (== net461) (== netstandard16)) (&& (== net461) (== netcore11)) (&& (== net461) (< net46)) (== netstandard16) (&& (== netstandard16) (== netcore11)) (== netcore11)
      System.IO (>= 4.3) - restriction: || (&& (== net461) (== netstandard16)) (&& (== net461) (== netcore11)) (&& (== net461) (< net46)) (== netstandard16) (&& (== netstandard16) (== netcore11)) (== netcore11)
      System.Resources.ResourceManager (>= 4.3) - restriction: || (&& (== net461) (== netstandard16)) (&& (== net461) (== netcore11)) (&& (== net461) (< net46)) (== netstandard16) (&& (== netstandard16) (== netcore11)) (== netcore11)
      System.Runtime (>= 4.3) - restriction: || (&& (== net461) (== netstandard16)) (&& (== net461) (== netcore11)) (&& (== net461) (< net46)) (== netstandard16) (&& (== netstandard16) (== netcore11)) (== netcore11)
      System.Runtime.Extensions (>= 4.3) - restriction: || (&& (== net461) (== netstandard16)) (&& (== net461) (== netcore11)) (&& (== net461) (< net46)) (== netstandard16) (&& (== netstandard16) (== netcore11)) (== netcore11)
      System.Threading (>= 4.3) - restriction: || (&& (== net461) (== netstandard16)) (&& (== net461) (== netcore11)) (&& (== net461) (< net46)) (== netstandard16) (&& (== netstandard16) (== netcore11)) (== netcore11)
      System.Xml.ReaderWriter (>= 4.3) - restriction: || (&& (== net461) (== netstandard16)) (&& (== net461) (== netcore11)) (&& (== net461) (< net46)) (== netstandard16) (&& (== netstandard16) (== netcore11)) (== netcore11)
      System.Xml.XmlDocument (>= 4.3)
      System.Xml.XPath (>= 4.3)
GITHUB
  remote: logary/logary
    src/Logary.Facade/Facade.fs (f1d5a7bd317381f014d50ed693e507505b207616)
GROUP Build
NUGET
  remote: https://api.nuget.org/v3/index.json
    FAKE (4.61.3)
    FSharp.Configuration (1.2)

GROUP FsCheckTest
NUGET
  remote: https://api.nuget.org/v3/index.json
    FsCheck (2.9)
      FSharp.Core (>= 4.1) - restriction: < netstandard16
      FSharp.Core (>= 4.1.17) - restriction: >= netstandard16
      NETStandard.Library (>= 1.6.1) - restriction: >= netstandard16
    FSharp.Core (4.2)
      System.Collections (>= 4.0.11) - restriction: >= netstandard16
      System.Console (>= 4.0) - restriction: >= netstandard16
      System.Diagnostics.Debug (>= 4.0.11) - restriction: >= netstandard16
      System.Diagnostics.Tools (>= 4.0.1) - restriction: >= netstandard16
      System.Globalization (>= 4.0.11) - restriction: >= netstandard16
      System.IO (>= 4.1) - restriction: >= netstandard16
      System.Linq (>= 4.1) - restriction: >= netstandard16
      System.Linq.Expressions (>= 4.1) - restriction: >= netstandard16
      System.Linq.Queryable (>= 4.0.1) - restriction: >= netstandard16
      System.Net.Requests (>= 4.0.11) - restriction: >= netstandard16
      System.Reflection (>= 4.1) - restriction: >= netstandard16
      System.Reflection.Extensions (>= 4.0.1) - restriction: >= netstandard16
      System.Resources.ResourceManager (>= 4.0.1) - restriction: >= netstandard16
      System.Runtime (>= 4.1) - restriction: >= netstandard16
      System.Runtime.Extensions (>= 4.1) - restriction: >= netstandard16
      System.Runtime.Numerics (>= 4.0.1) - restriction: >= netstandard16
      System.Text.RegularExpressions (>= 4.1) - restriction: >= netstandard16
      System.Threading (>= 4.0.11) - restriction: >= netstandard16
      System.Threading.Tasks (>= 4.0.11) - restriction: >= netstandard16
      System.Threading.Tasks.Parallel (>= 4.0.1) - restriction: >= netstandard16
      System.Threading.Thread (>= 4.0) - restriction: >= netstandard16
      System.Threading.ThreadPool (>= 4.0.10) - restriction: >= netstandard16
      System.Threading.Timer (>= 4.0.1) - restriction: >= netstandard16
    Microsoft.NETCore.Platforms (1.1) - restriction: >= netstandard16
    Microsoft.NETCore.Targets (1.1) - restriction: || (&& (< net45) (>= netstandard16)) (&& (< net451) (>= netstandard16)) (&& (< net46) (>= netstandard16)) (&& (>= dnxcore50) (>= netstandard16)) (&& (< netstandard11) (>= netstandard16)) (>= netcore11)
    Microsoft.Win32.Primitives (4.3) - restriction: >= netstandard16
      Microsoft.NETCore.Platforms (>= 1.1) - restriction: && (< net46) (>= netstandard13)
      Microsoft.NETCore.Targets (>= 1.1) - restriction: && (< net46) (>= netstandard13)
      System.Runtime (>= 4.3) - restriction: && (< net46) (>= netstandard13)
    NETStandard.Library (1.6.1) - restriction: >= netstandard16
      Microsoft.NETCore.Platforms (>= 1.1) - restriction: >= netstandard10
      Microsoft.Win32.Primitives (>= 4.3) - restriction: >= netstandard13
      System.AppContext (>= 4.3) - restriction: >= netstandard13
      System.Collections (>= 4.3) - restriction: >= netstandard10
      System.Collections.Concurrent (>= 4.3) - restriction: >= netstandard11
      System.Console (>= 4.3) - restriction: >= netstandard13
      System.Diagnostics.Debug (>= 4.3) - restriction: >= netstandard10
      System.Diagnostics.Tools (>= 4.3) - restriction: >= netstandard10
      System.Diagnostics.Tracing (>= 4.3) - restriction: >= netstandard11
      System.Globalization (>= 4.3) - restriction: >= netstandard10
      System.Globalization.Calendars (>= 4.3) - restriction: >= netstandard13
      System.IO (>= 4.3) - restriction: >= netstandard10
      System.IO.Compression (>= 4.3) - restriction: >= netstandard11
      System.IO.Compression.ZipFile (>= 4.3) - restriction: >= netstandard13
      System.IO.FileSystem (>= 4.3) - restriction: >= netstandard13
      System.IO.FileSystem.Primitives (>= 4.3) - restriction: >= netstandard13
      System.Linq (>= 4.3) - restriction: >= netstandard10
      System.Linq.Expressions (>= 4.3) - restriction: >= netstandard10
      System.Net.Http (>= 4.3) - restriction: >= netstandard11
      System.Net.Primitives (>= 4.3) - restriction: >= netstandard10
      System.Net.Sockets (>= 4.3) - restriction: >= netstandard13
      System.ObjectModel (>= 4.3) - restriction: >= netstandard10
      System.Reflection (>= 4.3) - restriction: >= netstandard10
      System.Reflection.Extensions (>= 4.3) - restriction: >= netstandard10
      System.Reflection.Primitives (>= 4.3) - restriction: >= netstandard10
      System.Resources.ResourceManager (>= 4.3) - restriction: >= netstandard10
      System.Runtime (>= 4.3) - restriction: >= netstandard10
      System.Runtime.Extensions (>= 4.3) - restriction: >= netstandard10
      System.Runtime.Handles (>= 4.3) - restriction: >= netstandard13
      System.Runtime.InteropServices (>= 4.3) - restriction: >= netstandard11
      System.Runtime.InteropServices.RuntimeInformation (>= 4.3) - restriction: >= netstandard11
      System.Runtime.Numerics (>= 4.3) - restriction: >= netstandard11
      System.Security.Cryptography.Algorithms (>= 4.3) - restriction: >= netstandard13
      System.Security.Cryptography.Encoding (>= 4.3) - restriction: >= netstandard13
      System.Security.Cryptography.Primitives (>= 4.3) - restriction: >= netstandard13
      System.Security.Cryptography.X509Certificates (>= 4.3) - restriction: >= netstandard13
      System.Text.Encoding (>= 4.3) - restriction: >= netstandard10
      System.Text.Encoding.Extensions (>= 4.3) - restriction: >= netstandard10
      System.Text.RegularExpressions (>= 4.3) - restriction: >= netstandard10
      System.Threading (>= 4.3) - restriction: >= netstandard10
      System.Threading.Tasks (>= 4.3) - restriction: >= netstandard10
      System.Threading.Timer (>= 4.3) - restriction: >= netstandard12
      System.Xml.ReaderWriter (>= 4.3) - restriction: >= netstandard10
      System.Xml.XDocument (>= 4.3) - restriction: >= netstandard10
    runtime.debian.8-x64.runtime.native.System.Security.Cryptography.OpenSsl (4.3.1) - restriction: && (< net45) (>= netstandard16)
    runtime.fedora.23-x64.runtime.native.System.Security.Cryptography.OpenSsl (4.3.1) - restriction: && (< net45) (>= netstandard16)
    runtime.fedora.24-x64.runtime.native.System.Security.Cryptography.OpenSsl (4.3.1) - restriction: && (< net45) (>= netstandard16)
    runtime.native.System (4.3) - restriction: || (&& (< net45) (>= netstandard16)) (&& (< net46) (>= netstandard16))
      Microsoft.NETCore.Platforms (>= 1.1)
      Microsoft.NETCore.Targets (>= 1.1)
    runtime.native.System.IO.Compression (4.3) - restriction: || (&& (< net45) (>= netstandard16)) (&& (>= dnxcore50) (>= netstandard16))
      Microsoft.NETCore.Platforms (>= 1.1)
      Microsoft.NETCore.Targets (>= 1.1)
    runtime.native.System.Net.Http (4.3) - restriction: || (&& (< net45) (>= netstandard16)) (&& (< net46) (>= netstandard16))
      Microsoft.NETCore.Platforms (>= 1.1)
      Microsoft.NETCore.Targets (>= 1.1)
    runtime.native.System.Security.Cryptography.Apple (4.3) - restriction: && (< net46) (>= netstandard16)
      runtime.osx.10.10-x64.runtime.native.System.Security.Cryptography.Apple (>= 4.3)
    runtime.native.System.Security.Cryptography.OpenSsl (4.3.1) - restriction: || (&& (< net45) (>= netstandard16)) (&& (< net46) (>= netstandard16))
      runtime.debian.8-x64.runtime.native.System.Security.Cryptography.OpenSsl (>= 4.3.1)
      runtime.fedora.23-x64.runtime.native.System.Security.Cryptography.OpenSsl (>= 4.3.1)
      runtime.fedora.24-x64.runtime.native.System.Security.Cryptography.OpenSsl (>= 4.3.1)
      runtime.opensuse.13.2-x64.runtime.native.System.Security.Cryptography.OpenSsl (>= 4.3.1)
      runtime.opensuse.42.1-x64.runtime.native.System.Security.Cryptography.OpenSsl (>= 4.3.1)
      runtime.osx.10.10-x64.runtime.native.System.Security.Cryptography.OpenSsl (>= 4.3.1)
      runtime.rhel.7-x64.runtime.native.System.Security.Cryptography.OpenSsl (>= 4.3.1)
      runtime.ubuntu.14.04-x64.runtime.native.System.Security.Cryptography.OpenSsl (>= 4.3.1)
      runtime.ubuntu.16.04-x64.runtime.native.System.Security.Cryptography.OpenSsl (>= 4.3.1)
      runtime.ubuntu.16.10-x64.runtime.native.System.Security.Cryptography.OpenSsl (>= 4.3.1)
    runtime.opensuse.13.2-x64.runtime.native.System.Security.Cryptography.OpenSsl (4.3.1) - restriction: && (< net45) (>= netstandard16)
    runtime.opensuse.42.1-x64.runtime.native.System.Security.Cryptography.OpenSsl (4.3.1) - restriction: && (< net45) (>= netstandard16)
    runtime.osx.10.10-x64.runtime.native.System.Security.Cryptography.Apple (4.3) - restriction: && (< net46) (>= netstandard16)
    runtime.osx.10.10-x64.runtime.native.System.Security.Cryptography.OpenSsl (4.3.1) - restriction: && (< net45) (>= netstandard16)
    runtime.rhel.7-x64.runtime.native.System.Security.Cryptography.OpenSsl (4.3.1) - restriction: && (< net45) (>= netstandard16)
    runtime.ubuntu.14.04-x64.runtime.native.System.Security.Cryptography.OpenSsl (4.3.1) - restriction: && (< net45) (>= netstandard16)
    runtime.ubuntu.16.04-x64.runtime.native.System.Security.Cryptography.OpenSsl (4.3.1) - restriction: && (< net45) (>= netstandard16)
    runtime.ubuntu.16.10-x64.runtime.native.System.Security.Cryptography.OpenSsl (4.3.1) - restriction: && (< net45) (>= netstandard16)
    System.AppContext (4.3) - restriction: >= netstandard16
      System.Runtime (>= 4.3) - restriction: || (&& (< net46) (>= netstandard13) (< netstandard16)) (&& (< net46) (>= netstandard16)) (>= dnxcore50)
    System.Buffers (4.3) - restriction: || (&& (< net45) (>= netstandard16)) (&& (< net46) (>= netstandard16)) (&& (>= dnxcore50) (>= netstandard16))
      System.Diagnostics.Debug (>= 4.3) - restriction: && (< net45) (>= netstandard11) (< win8) (< wpa81)
      System.Diagnostics.Tracing (>= 4.3) - restriction: && (< net45) (>= netstandard11) (< win8) (< wpa81)
      System.Resources.ResourceManager (>= 4.3) - restriction: && (< net45) (>= netstandard11) (< win8) (< wpa81)
      System.Runtime (>= 4.3) - restriction: && (< net45) (>= netstandard11) (< win8) (< wpa81)
      System.Threading (>= 4.3) - restriction: && (< net45) (>= netstandard11) (< win8) (< wpa81)
    System.Collections (4.3) - restriction: >= netstandard16
      Microsoft.NETCore.Platforms (>= 1.1) - restriction: || (&& (< net45) (>= netstandard10) (< netstandard13) (< win8) (< wp8) (< wpa81)) (&& (< net45) (>= netstandard13) (< win8) (< wpa81)) (>= dnxcore50)
      Microsoft.NETCore.Targets (>= 1.1) - restriction: || (&& (< net45) (>= netstandard10) (< netstandard13) (< win8) (< wp8) (< wpa81)) (&& (< net45) (>= netstandard13) (< win8) (< wpa81)) (>= dnxcore50)
      System.Runtime (>= 4.3) - restriction: || (&& (< net45) (>= netstandard10) (< netstandard13) (< win8) (< wp8) (< wpa81)) (&& (< net45) (>= netstandard13) (< win8) (< wpa81)) (>= dnxcore50)
    System.Collections.Concurrent (4.3) - restriction: >= netstandard16
      System.Collections (>= 4.3) - restriction: || (&& (< net45) (>= netstandard13) (< win8) (< wpa81)) (>= dnxcore50)
      System.Diagnostics.Debug (>= 4.3) - restriction: || (&& (< net45) (>= netstandard13) (< win8) (< wpa81)) (>= dnxcore50)
      System.Diagnostics.Tracing (>= 4.3) - restriction: || (&& (< net45) (>= netstandard13) (< win8) (< wpa81)) (>= dnxcore50)
      System.Globalization (>= 4.3) - restriction: || (&& (< net45) (>= netstandard13) (< win8) (< wpa81)) (>= dnxcore50)
      System.Reflection (>= 4.3) - restriction: && (< net45) (>= netstandard13) (< win8) (< wpa81)
      System.Resources.ResourceManager (>= 4.3) - restriction: || (&& (< net45) (>= netstandard13) (< win8) (< wpa81)) (>= dnxcore50)
      System.Runtime (>= 4.3) - restriction: || (&& (< net45) (>= netstandard11) (< netstandard13) (< win8) (< wpa81)) (&& (< net45) (>= netstandard13) (< win8) (< wpa81)) (>= dnxcore50)
      System.Runtime.Extensions (>= 4.3) - restriction: || (&& (< net45) (>= netstandard13) (< win8) (< wpa81)) (>= dnxcore50)
      System.Threading (>= 4.3) - restriction: || (&& (< net45) (>= netstandard13) (< win8) (< wpa81)) (>= dnxcore50)
      System.Threading.Tasks (>= 4.3) - restriction: || (&& (< net45) (>= netstandard11) (< netstandard13) (< win8) (< wpa81)) (&& (< net45) (>= netstandard13) (< win8) (< wpa81)) (>= dnxcore50)
    System.Console (4.3) - restriction: >= netstandard16
      Microsoft.NETCore.Platforms (>= 1.1) - restriction: && (< net46) (>= netstandard13)
      Microsoft.NETCore.Targets (>= 1.1) - restriction: && (< net46) (>= netstandard13)
      System.IO (>= 4.3) - restriction: && (< net46) (>= netstandard13)
      System.Runtime (>= 4.3) - restriction: && (< net46) (>= netstandard13)
      System.Text.Encoding (>= 4.3) - restriction: && (< net46) (>= netstandard13)
    System.Diagnostics.Debug (4.3) - restriction: >= netstandard16
      Microsoft.NETCore.Platforms (>= 1.1) - restriction: || (&& (< net45) (>= netstandard10) (< netstandard13) (< win8) (< wp8) (< wpa81)) (&& (< net45) (>= netstandard13) (< win8) (< wpa81)) (>= dnxcore50)
      Microsoft.NETCore.Targets (>= 1.1) - restriction: || (&& (< net45) (>= netstandard10) (< netstandard13) (< win8) (< wp8) (< wpa81)) (&& (< net45) (>= netstandard13) (< win8) (< wpa81)) (>= dnxcore50)
      System.Runtime (>= 4.3) - restriction: || (&& (< net45) (>= netstandard10) (< netstandard13) (< win8) (< wp8) (< wpa81)) (&& (< net45) (>= netstandard13) (< win8) (< wpa81)) (>= dnxcore50)
    System.Diagnostics.DiagnosticSource (4.3.1) - restriction: || (&& (< net45) (>= netstandard16)) (&& (>= dnxcore50) (>= netstandard16))
      System.Collections (>= 4.3) - restriction: || (&& (< net45) (>= netstandard11) (< netstandard13) (< win8) (< wpa81)) (&& (< net45) (>= netstandard13) (< win8) (< wpa81))
      System.Diagnostics.Tracing (>= 4.3) - restriction: || (&& (< net45) (>= netstandard11) (< netstandard13) (< win8) (< wpa81)) (&& (< net45) (>= netstandard13) (< win8) (< wpa81))
      System.Reflection (>= 4.3) - restriction: || (&& (< net45) (>= netstandard11) (< netstandard13) (< win8) (< wpa81)) (&& (< net45) (>= netstandard13) (< win8) (< wpa81))
      System.Runtime (>= 4.3) - restriction: || (&& (< net45) (>= netstandard11) (< netstandard13) (< win8) (< wpa81)) (&& (< net45) (>= netstandard13) (< win8) (< wpa81))
      System.Threading (>= 4.3) - restriction: || (&& (< net45) (>= netstandard11) (< netstandard13) (< win8) (< wpa81)) (&& (< net45) (>= netstandard13) (< win8) (< wpa81))
    System.Diagnostics.Tools (4.3) - restriction: >= netstandard16
      Microsoft.NETCore.Platforms (>= 1.1) - restriction: || (&& (< net45) (>= netstandard10) (< win8) (< wp8) (< wpa81)) (>= dnxcore50)
      Microsoft.NETCore.Targets (>= 1.1) - restriction: || (&& (< net45) (>= netstandard10) (< win8) (< wp8) (< wpa81)) (>= dnxcore50)
      System.Runtime (>= 4.3) - restriction: || (&& (< net45) (>= netstandard10) (< win8) (< wp8) (< wpa81)) (>= dnxcore50)
    System.Diagnostics.Tracing (4.3) - restriction: >= netstandard16
      Microsoft.NETCore.Platforms (>= 1.1) - restriction: || (&& (< net45) (>= netstandard11) (< netstandard12) (< win8)) (&& (< net45) (>= netstandard12) (< netstandard13) (< win8) (< wpa81)) (&& (< net45) (>= netstandard13) (< netstandard15) (< win8) (< wpa81)) (&& (< net45) (>= netstandard15)) (>= dnxcore50)
      Microsoft.NETCore.Targets (>= 1.1) - restriction: || (&& (< net45) (>= netstandard11) (< netstandard12) (< win8)) (&& (< net45) (>= netstandard12) (< netstandard13) (< win8) (< wpa81)) (&& (< net45) (>= netstandard13) (< netstandard15) (< win8) (< wpa81)) (&& (< net45) (>= netstandard15)) (>= dnxcore50)
      System.Runtime (>= 4.3) - restriction: || (&& (< net45) (>= netstandard11) (< netstandard12) (< win8)) (&& (< net45) (>= netstandard12) (< netstandard13) (< win8) (< wpa81)) (&& (< net45) (>= netstandard13) (< netstandard15) (< win8) (< wpa81)) (&& (< net45) (>= netstandard15)) (>= dnxcore50)
    System.Globalization (4.3) - restriction: >= netstandard16
      Microsoft.NETCore.Platforms (>= 1.1) - restriction: || (&& (< net45) (>= netstandard10) (< netstandard13) (< win8) (< wp8) (< wpa81)) (&& (< net45) (>= netstandard13) (< win8) (< wpa81)) (>= dnxcore50)
      Microsoft.NETCore.Targets (>= 1.1) - restriction: || (&& (< net45) (>= netstandard10) (< netstandard13) (< win8) (< wp8) (< wpa81)) (&& (< net45) (>= netstandard13) (< win8) (< wpa81)) (>= dnxcore50)
      System.Runtime (>= 4.3) - restriction: || (&& (< net45) (>= netstandard10) (< netstandard13) (< win8) (< wp8) (< wpa81)) (&& (< net45) (>= netstandard13) (< win8) (< wpa81)) (>= dnxcore50)
    System.Globalization.Calendars (4.3) - restriction: >= netstandard16
      Microsoft.NETCore.Platforms (>= 1.1) - restriction: && (< net46) (>= netstandard13)
      Microsoft.NETCore.Targets (>= 1.1) - restriction: && (< net46) (>= netstandard13)
      System.Globalization (>= 4.3) - restriction: && (< net46) (>= netstandard13)
      System.Runtime (>= 4.3) - restriction: && (< net46) (>= netstandard13)
    System.Globalization.Extensions (4.3) - restriction: && (< net45) (>= netstandard16)
      Microsoft.NETCore.Platforms (>= 1.1) - restriction: && (< net46) (>= netstandard13)
      System.Globalization (>= 4.3) - restriction: && (< net46) (>= netstandard13)
      System.Resources.ResourceManager (>= 4.3) - restriction: && (< net46) (>= netstandard13)
      System.Runtime (>= 4.3) - restriction: && (< net46) (>= netstandard13)
      System.Runtime.Extensions (>= 4.3) - restriction: && (< net46) (>= netstandard13)
      System.Runtime.InteropServices (>= 4.3) - restriction: && (< net46) (>= netstandard13)
    System.IO (4.3) - restriction: >= netstandard16
      Microsoft.NETCore.Platforms (>= 1.1) - restriction: || (&& (< net45) (>= netstandard10) (< netstandard13) (< win8) (< wp8) (< wpa81)) (&& (< net45) (>= netstandard13) (< netstandard15) (< win8) (< wpa81)) (&& (< net45) (>= netstandard15)) (>= dnxcore50)
      Microsoft.NETCore.Targets (>= 1.1) - restriction: || (&& (< net45) (>= netstandard10) (< netstandard13) (< win8) (< wp8) (< wpa81)) (&& (< net45) (>= netstandard13) (< netstandard15) (< win8) (< wpa81)) (&& (< net45) (>= netstandard15)) (>= dnxcore50)
      System.Runtime (>= 4.3) - restriction: || (&& (< net45) (>= netstandard10) (< netstandard13) (< win8) (< wp8) (< wpa81)) (&& (< net45) (>= netstandard13) (< netstandard15) (< win8) (< wpa81)) (&& (< net45) (>= netstandard15)) (>= dnxcore50)
      System.Text.Encoding (>= 4.3) - restriction: || (&& (< net45) (>= netstandard10) (< netstandard13) (< win8) (< wp8) (< wpa81)) (&& (< net45) (>= netstandard13) (< netstandard15) (< win8) (< wpa81)) (&& (< net45) (>= netstandard15)) (>= dnxcore50)
      System.Threading.Tasks (>= 4.3) - restriction: || (&& (< net45) (>= netstandard10) (< netstandard13) (< win8) (< wp8) (< wpa81)) (&& (< net45) (>= netstandard13) (< netstandard15) (< win8) (< wpa81)) (&& (< net45) (>= netstandard15)) (>= dnxcore50)
    System.IO.Compression (4.3) - restriction: >= netstandard16
      Microsoft.NETCore.Platforms (>= 1.1) - restriction: && (< net45) (>= netstandard13) (< win8) (< wpa81)
      runtime.native.System (>= 4.3) - restriction: && (< net45) (>= netstandard13) (< win8) (< wpa81)
      runtime.native.System.IO.Compression (>= 4.3) - restriction: || (&& (< net45) (>= netstandard13) (< win8) (< wpa81)) (>= dnxcore50)
      System.Buffers (>= 4.3) - restriction: || (&& (< net45) (>= netstandard13) (< win8) (< wpa81)) (>= dnxcore50)
      System.Collections (>= 4.3) - restriction: || (&& (< net45) (>= netstandard13) (< win8) (< wpa81)) (>= dnxcore50)
      System.Diagnostics.Debug (>= 4.3) - restriction: || (&& (< net45) (>= netstandard13) (< win8) (< wpa81)) (>= dnxcore50)
      System.IO (>= 4.3) - restriction: || (&& (< net45) (>= netstandard11) (< netstandard13) (< win8) (< wpa81)) (&& (< net45) (>= netstandard13) (< win8) (< wpa81)) (>= dnxcore50)
      System.Resources.ResourceManager (>= 4.3) - restriction: || (&& (< net45) (>= netstandard13) (< win8) (< wpa81)) (>= dnxcore50)
      System.Runtime (>= 4.3) - restriction: || (&& (< net45) (>= netstandard11) (< netstandard13) (< win8) (< wpa81)) (&& (< net45) (>= netstandard13) (< win8) (< wpa81)) (>= dnxcore50)
      System.Runtime.Extensions (>= 4.3) - restriction: || (&& (< net45) (>= netstandard13) (< win8) (< wpa81)) (>= dnxcore50)
      System.Runtime.Handles (>= 4.3) - restriction: || (&& (< net45) (>= netstandard13) (< win8) (< wpa81)) (>= dnxcore50)
      System.Runtime.InteropServices (>= 4.3) - restriction: || (&& (< net45) (>= netstandard13) (< win8) (< wpa81)) (>= dnxcore50)
      System.Text.Encoding (>= 4.3) - restriction: || (&& (< net45) (>= netstandard11) (< netstandard13) (< win8) (< wpa81)) (&& (< net45) (>= netstandard13) (< win8) (< wpa81)) (>= dnxcore50)
      System.Threading (>= 4.3) - restriction: || (&& (< net45) (>= netstandard13) (< win8) (< wpa81)) (>= dnxcore50)
      System.Threading.Tasks (>= 4.3) - restriction: || (&& (< net45) (>= netstandard13) (< win8) (< wpa81)) (>= dnxcore50)
    System.IO.Compression.ZipFile (4.3) - restriction: >= netstandard16
      System.Buffers (>= 4.3) - restriction: && (< net46) (>= netstandard13)
      System.IO (>= 4.3) - restriction: && (< net46) (>= netstandard13)
      System.IO.Compression (>= 4.3) - restriction: && (< net46) (>= netstandard13)
      System.IO.FileSystem (>= 4.3) - restriction: && (< net46) (>= netstandard13)
      System.IO.FileSystem.Primitives (>= 4.3) - restriction: && (< net46) (>= netstandard13)
      System.Resources.ResourceManager (>= 4.3) - restriction: && (< net46) (>= netstandard13)
      System.Runtime (>= 4.3) - restriction: && (< net46) (>= netstandard13)
      System.Runtime.Extensions (>= 4.3) - restriction: && (< net46) (>= netstandard13)
      System.Text.Encoding (>= 4.3) - restriction: && (< net46) (>= netstandard13)
    System.IO.FileSystem (4.3) - restriction: >= netstandard16
      Microsoft.NETCore.Platforms (>= 1.1) - restriction: && (< net46) (>= netstandard13)
      Microsoft.NETCore.Targets (>= 1.1) - restriction: && (< net46) (>= netstandard13)
      System.IO (>= 4.3) - restriction: && (< net46) (>= netstandard13)
      System.IO.FileSystem.Primitives (>= 4.3) - restriction: >= netstandard13
      System.Runtime (>= 4.3) - restriction: && (< net46) (>= netstandard13)
      System.Runtime.Handles (>= 4.3) - restriction: && (< net46) (>= netstandard13)
      System.Text.Encoding (>= 4.3) - restriction: && (< net46) (>= netstandard13)
      System.Threading.Tasks (>= 4.3) - restriction: && (< net46) (>= netstandard13)
    System.IO.FileSystem.Primitives (4.3) - restriction: >= netstandard16
      System.Runtime (>= 4.3) - restriction: && (< net46) (>= netstandard13)
    System.Linq (4.3) - restriction: >= netstandard16
      System.Collections (>= 4.3) - restriction: || (&& (< net45) (>= netstandard10) (< netstandard16) (< win8) (< wp8) (< wpa81)) (&& (< net45) (>= netstandard16)) (>= dnxcore50)
      System.Diagnostics.Debug (>= 4.3) - restriction: || (&& (< net45) (>= netstandard16)) (>= dnxcore50)
      System.Resources.ResourceManager (>= 4.3) - restriction: || (&& (< net45) (>= netstandard16)) (>= dnxcore50)
      System.Runtime (>= 4.3) - restriction: || (&& (< net45) (>= netstandard10) (< netstandard16) (< win8) (< wp8) (< wpa81)) (&& (< net45) (>= netstandard16)) (>= dnxcore50)
      System.Runtime.Extensions (>= 4.3) - restriction: || (&& (< net45) (>= netstandard16)) (>= dnxcore50)
    System.Linq.Expressions (4.3) - restriction: >= netstandard16
      System.Collections (>= 4.3) - restriction: || (&& (< net45) (>= netstandard16)) (>= dnxcore50)
      System.Diagnostics.Debug (>= 4.3) - restriction: || (&& (< net45) (>= netstandard16)) (>= dnxcore50)
      System.Globalization (>= 4.3) - restriction: || (&& (< net45) (>= netstandard16)) (>= dnxcore50)
      System.IO (>= 4.3) - restriction: || (&& (< net45) (>= netstandard16)) (>= dnxcore50)
      System.Linq (>= 4.3) - restriction: || (&& (< net45) (>= netstandard16)) (>= dnxcore50)
      System.ObjectModel (>= 4.3) - restriction: && (< net45) (>= netstandard16)
      System.Reflection (>= 4.3) - restriction: || (&& (< net45) (>= netstandard10) (< netstandard13) (< win8) (< wp8) (< wpa81)) (&& (< net45) (>= netstandard13) (< netstandard16) (< win8) (< wpa81)) (&& (< net45) (>= netstandard16)) (>= dnxcore50)
      System.Reflection.Emit (>= 4.3) - restriction: && (< net45) (>= netstandard16)
      System.Reflection.Emit.ILGeneration (>= 4.3) - restriction: || (&& (< net45) (>= netstandard16)) (>= dnxcore50)
      System.Reflection.Emit.Lightweight (>= 4.3) - restriction: || (&& (< net45) (>= netstandard16)) (>= dnxcore50)
      System.Reflection.Extensions (>= 4.3) - restriction: || (&& (< net45) (>= netstandard16)) (>= dnxcore50)
      System.Reflection.Primitives (>= 4.3) - restriction: || (&& (< net45) (>= netstandard16)) (>= dnxcore50)
      System.Reflection.TypeExtensions (>= 4.3) - restriction: || (&& (< net45) (>= netstandard16)) (>= dnxcore50)
      System.Resources.ResourceManager (>= 4.3) - restriction: || (&& (< net45) (>= netstandard16)) (>= dnxcore50)
      System.Runtime (>= 4.3) - restriction: || (&& (< net45) (>= netstandard10) (< netstandard13) (< win8) (< wp8) (< wpa81)) (&& (< net45) (>= netstandard13) (< netstandard16) (< win8) (< wpa81)) (&& (< net45) (>= netstandard16)) (>= dnxcore50)
      System.Runtime.Extensions (>= 4.3) - restriction: || (&& (< net45) (>= netstandard16)) (>= dnxcore50)
      System.Threading (>= 4.3) - restriction: || (&& (< net45) (>= netstandard16)) (>= dnxcore50)
    System.Linq.Queryable (4.3) - restriction: >= netstandard16
      System.Collections (>= 4.3) - restriction: || (&& (< net45) (>= netstandard13) (< win8) (< wpa81)) (>= dnxcore50)
      System.Diagnostics.Debug (>= 4.3) - restriction: || (&& (< net45) (>= netstandard13) (< win8) (< wpa81)) (>= dnxcore50)
      System.Linq (>= 4.3) - restriction: || (&& (< net45) (>= netstandard10) (< netstandard13) (< win8) (< wp8) (< wpa81)) (&& (< net45) (>= netstandard13) (< win8) (< wpa81)) (>= dnxcore50)
      System.Linq.Expressions (>= 4.3) - restriction: || (&& (< net45) (>= netstandard10) (< netstandard13) (< win8) (< wp8) (< wpa81)) (&& (< net45) (>= netstandard13) (< win8) (< wpa81)) (>= dnxcore50)
      System.Reflection (>= 4.3) - restriction: || (&& (< net45) (>= netstandard13) (< win8) (< wpa81)) (>= dnxcore50)
      System.Reflection.Extensions (>= 4.3) - restriction: || (&& (< net45) (>= netstandard13) (< win8) (< wpa81)) (>= dnxcore50)
      System.Resources.ResourceManager (>= 4.3) - restriction: || (&& (< net45) (>= netstandard13) (< win8) (< wpa81)) (>= dnxcore50)
      System.Runtime (>= 4.3) - restriction: || (&& (< net45) (>= netstandard10) (< netstandard13) (< win8) (< wp8) (< wpa81)) (&& (< net45) (>= netstandard13) (< win8) (< wpa81)) (>= dnxcore50)
    System.Net.Http (4.3.2) - restriction: >= netstandard16
      Microsoft.NETCore.Platforms (>= 1.1) - restriction: || (&& (< net45) (>= netstandard13) (< netstandard16) (< win8) (< wpa81)) (&& (< net45) (>= netstandard16)) (>= dnxcore50)
      runtime.native.System (>= 4.3) - restriction: && (< net45) (>= netstandard16)
      runtime.native.System.Net.Http (>= 4.3) - restriction: && (< net45) (>= netstandard16)
      runtime.native.System.Security.Cryptography.OpenSsl (>= 4.3) - restriction: && (< net45) (>= netstandard16)
      System.Collections (>= 4.3) - restriction: || (&& (< net45) (>= netstandard13) (< netstandard16) (< win8) (< wpa81)) (&& (< net45) (>= netstandard16)) (>= dnxcore50)
      System.Diagnostics.Debug (>= 4.3) - restriction: || (&& (< net45) (>= netstandard13) (< netstandard16) (< win8) (< wpa81)) (&& (< net45) (>= netstandard16)) (>= dnxcore50)
      System.Diagnostics.DiagnosticSource (>= 4.3) - restriction: || (&& (< net45) (>= netstandard13) (< netstandard16) (< win8) (< wpa81)) (&& (< net45) (>= netstandard16)) (>= dnxcore50)
      System.Diagnostics.Tracing (>= 4.3) - restriction: || (&& (< net45) (>= netstandard13) (< netstandard16) (< win8) (< wpa81)) (&& (< net45) (>= netstandard16)) (>= dnxcore50)
      System.Globalization (>= 4.3) - restriction: || (&& (< net45) (>= netstandard13) (< netstandard16) (< win8) (< wpa81)) (&& (< net45) (>= netstandard16)) (>= dnxcore50)
      System.Globalization.Extensions (>= 4.3) - restriction: && (< net45) (>= netstandard16)
      System.IO (>= 4.3) - restriction: || (&& (< net45) (>= netstandard11) (< netstandard13) (< win8) (< wpa81)) (&& (< net45) (>= netstandard13) (< netstandard16) (< win8) (< wpa81)) (&& (< net45) (>= netstandard16)) (>= dnxcore50)
      System.IO.FileSystem (>= 4.3) - restriction: && (< net45) (>= netstandard16)
      System.Net.Primitives (>= 4.3) - restriction: || (&& (< net45) (>= netstandard11) (< netstandard13) (< win8) (< wpa81)) (&& (< net45) (>= netstandard13) (< netstandard16) (< win8) (< wpa81)) (&& (< net45) (>= netstandard16)) (>= dnxcore50)
      System.Resources.ResourceManager (>= 4.3) - restriction: || (&& (< net45) (>= netstandard13) (< netstandard16) (< win8) (< wpa81)) (&& (< net45) (>= netstandard16)) (>= dnxcore50)
      System.Runtime (>= 4.3) - restriction: || (&& (< net45) (>= netstandard11) (< netstandard13) (< win8) (< wpa81)) (&& (< net45) (>= netstandard13) (< netstandard16) (< win8) (< wpa81)) (&& (< net45) (>= netstandard16)) (>= dnxcore50)
      System.Runtime.Extensions (>= 4.3) - restriction: || (&& (< net45) (>= netstandard13) (< netstandard16) (< win8) (< wpa81)) (&& (< net45) (>= netstandard16)) (>= dnxcore50)
      System.Runtime.Handles (>= 4.3) - restriction: || (&& (< net45) (>= netstandard13) (< netstandard16) (< win8) (< wpa81)) (&& (< net45) (>= netstandard16))
      System.Runtime.InteropServices (>= 4.3) - restriction: || (&& (< net45) (>= netstandard13) (< netstandard16) (< win8) (< wpa81)) (&& (< net45) (>= netstandard16)) (>= dnxcore50)
      System.Security.Cryptography.Algorithms (>= 4.3) - restriction: && (< net45) (>= netstandard16)
      System.Security.Cryptography.Encoding (>= 4.3) - restriction: || (&& (< net45) (>= netstandard13) (< netstandard16) (< win8) (< wpa81)) (&& (< net45) (>= netstandard16))
      System.Security.Cryptography.OpenSsl (>= 4.3) - restriction: && (< net45) (>= netstandard16)
      System.Security.Cryptography.Primitives (>= 4.3) - restriction: && (< net45) (>= netstandard16)
      System.Security.Cryptography.X509Certificates (>= 4.3) - restriction: || (&& (< net45) (>= netstandard13) (< netstandard16) (< win8) (< wpa81)) (&& (< net45) (>= netstandard16)) (>= net46) (>= dnxcore50)
      System.Text.Encoding (>= 4.3) - restriction: || (&& (< net45) (>= netstandard11) (< netstandard13) (< win8) (< wpa81)) (&& (< net45) (>= netstandard13) (< netstandard16) (< win8) (< wpa81)) (&& (< net45) (>= netstandard16)) (>= dnxcore50)
      System.Threading (>= 4.3) - restriction: || (&& (< net45) (>= netstandard13) (< netstandard16) (< win8) (< wpa81)) (&& (< net45) (>= netstandard16)) (>= dnxcore50)
      System.Threading.Tasks (>= 4.3) - restriction: || (&& (< net45) (>= netstandard11) (< netstandard13) (< win8) (< wpa81)) (&& (< net45) (>= netstandard13) (< netstandard16) (< win8) (< wpa81)) (&& (< net45) (>= netstandard16)) (>= dnxcore50)
    System.Net.Primitives (4.3) - restriction: >= netstandard16
      Microsoft.NETCore.Platforms (>= 1.1) - restriction: || (&& (< net45) (>= netstandard11) (< netstandard13) (< win8) (< wpa81)) (&& (< net45) (>= netstandard13) (< win8) (< wpa81)) (>= dnxcore50) (&& (>= netstandard10) (< netstandard11) (< win8) (< wp8))
      Microsoft.NETCore.Targets (>= 1.1) - restriction: || (&& (< net45) (>= netstandard11) (< netstandard13) (< win8) (< wpa81)) (&& (< net45) (>= netstandard13) (< win8) (< wpa81)) (>= dnxcore50) (&& (>= netstandard10) (< netstandard11) (< win8) (< wp8))
      System.Runtime (>= 4.3) - restriction: || (&& (< net45) (>= netstandard11) (< netstandard13) (< win8) (< wpa81)) (&& (< net45) (>= netstandard13) (< win8) (< wpa81)) (>= dnxcore50) (&& (>= netstandard10) (< netstandard11) (< win8) (< wp8))
      System.Runtime.Handles (>= 4.3) - restriction: || (&& (< net45) (>= netstandard13) (< win8) (< wpa81)) (>= dnxcore50)
    System.Net.Requests (4.3) - restriction: >= netstandard16
      Microsoft.NETCore.Platforms (>= 1.1) - restriction: && (< net45) (>= netstandard13) (< win8) (< wpa81)
      System.Collections (>= 4.3) - restriction: || (&& (< net45) (>= netstandard13) (< win8) (< wpa81)) (>= dnxcore50)
      System.Diagnostics.Debug (>= 4.3) - restriction: || (&& (< net45) (>= netstandard13) (< win8) (< wpa81)) (>= dnxcore50)
      System.Diagnostics.Tracing (>= 4.3) - restriction: || (&& (< net45) (>= netstandard13) (< win8) (< wpa81)) (>= dnxcore50)
      System.Globalization (>= 4.3) - restriction: || (&& (< net45) (>= netstandard13) (< win8) (< wpa81)) (>= dnxcore50)
      System.IO (>= 4.3) - restriction: || (&& (< net45) (>= netstandard11) (< netstandard13) (< win8) (< wpa81)) (&& (< net45) (>= netstandard13) (< win8) (< wpa81)) (>= dnxcore50) (&& (>= netstandard10) (< netstandard11) (< win8) (< wp8))
      System.Net.Http (>= 4.3) - restriction: || (&& (< net45) (>= netstandard13) (< win8) (< wpa81)) (>= dnxcore50)
      System.Net.Primitives (>= 4.3) - restriction: || (&& (< net45) (>= netstandard11) (< netstandard13) (< win8) (< wpa81)) (&& (< net45) (>= netstandard13) (< win8) (< wpa81)) (>= dnxcore50) (&& (>= netstandard10) (< netstandard11) (< win8) (< wp8))
      System.Net.WebHeaderCollection (>= 4.3) - restriction: || (&& (< net45) (>= netstandard13) (< win8) (< wpa81)) (>= dnxcore50)
      System.Resources.ResourceManager (>= 4.3) - restriction: || (&& (< net45) (>= netstandard13) (< win8) (< wpa81)) (>= dnxcore50)
      System.Runtime (>= 4.3) - restriction: || (&& (< net45) (>= netstandard11) (< netstandard13) (< win8) (< wpa81)) (&& (< net45) (>= netstandard13) (< win8) (< wpa81)) (>= dnxcore50) (&& (>= netstandard10) (< netstandard11) (< win8) (< wp8))
      System.Threading (>= 4.3) - restriction: || (&& (< net45) (>= netstandard13) (< win8) (< wpa81)) (>= dnxcore50)
      System.Threading.Tasks (>= 4.3) - restriction: || (&& (< net45) (>= netstandard11) (< netstandard13) (< win8) (< wpa81)) (&& (< net45) (>= netstandard13) (< win8) (< wpa81)) (>= dnxcore50)
    System.Net.Sockets (4.3) - restriction: >= netstandard16
      Microsoft.NETCore.Platforms (>= 1.1) - restriction: && (< net46) (>= netstandard13)
      Microsoft.NETCore.Targets (>= 1.1) - restriction: && (< net46) (>= netstandard13)
      System.IO (>= 4.3) - restriction: && (< net46) (>= netstandard13)
      System.Net.Primitives (>= 4.3) - restriction: && (< net46) (>= netstandard13)
      System.Runtime (>= 4.3) - restriction: && (< net46) (>= netstandard13)
      System.Threading.Tasks (>= 4.3) - restriction: && (< net46) (>= netstandard13)
    System.Net.WebHeaderCollection (4.3) - restriction: || (&& (< net45) (>= netstandard16)) (&& (>= dnxcore50) (>= netstandard16))
      System.Collections (>= 4.3) - restriction: && (< net46) (>= netstandard13)
      System.Resources.ResourceManager (>= 4.3) - restriction: && (< net46) (>= netstandard13)
      System.Runtime (>= 4.3) - restriction: && (< net46) (>= netstandard13)
      System.Runtime.Extensions (>= 4.3) - restriction: && (< net46) (>= netstandard13)
    System.ObjectModel (4.3) - restriction: >= netstandard16
      System.Collections (>= 4.3) - restriction: || (&& (< net45) (>= netstandard13) (< win8) (< wpa81)) (>= dnxcore50)
      System.Diagnostics.Debug (>= 4.3) - restriction: || (&& (< net45) (>= netstandard13) (< win8) (< wpa81)) (>= dnxcore50)
      System.Resources.ResourceManager (>= 4.3) - restriction: || (&& (< net45) (>= netstandard13) (< win8) (< wpa81)) (>= dnxcore50)
      System.Runtime (>= 4.3) - restriction: || (&& (< net45) (>= netstandard10) (< netstandard13) (< win8) (< wp8) (< wpa81)) (&& (< net45) (>= netstandard13) (< win8) (< wpa81)) (>= dnxcore50)
      System.Threading (>= 4.3) - restriction: || (&& (< net45) (>= netstandard13) (< win8) (< wpa81)) (>= dnxcore50)
    System.Reflection (4.3) - restriction: >= netstandard16
      Microsoft.NETCore.Platforms (>= 1.1) - restriction: || (&& (< net45) (>= netstandard10) (< netstandard13) (< win8) (< wp8) (< wpa81)) (&& (< net45) (>= netstandard13) (< netstandard15) (< win8) (< wpa81)) (&& (< net45) (>= netstandard15)) (>= dnxcore50)
      Microsoft.NETCore.Targets (>= 1.1) - restriction: || (&& (< net45) (>= netstandard10) (< netstandard13) (< win8) (< wp8) (< wpa81)) (&& (< net45) (>= netstandard13) (< netstandard15) (< win8) (< wpa81)) (&& (< net45) (>= netstandard15)) (>= dnxcore50)
      System.IO (>= 4.3) - restriction: || (&& (< net45) (>= netstandard10) (< netstandard13) (< win8) (< wp8) (< wpa81)) (&& (< net45) (>= netstandard13) (< netstandard15) (< win8) (< wpa81)) (&& (< net45) (>= netstandard15)) (>= dnxcore50)
      System.Reflection.Primitives (>= 4.3) - restriction: || (&& (< net45) (>= netstandard10) (< netstandard13) (< win8) (< wp8) (< wpa81)) (&& (< net45) (>= netstandard13) (< netstandard15) (< win8) (< wpa81)) (&& (< net45) (>= netstandard15)) (>= dnxcore50)
      System.Runtime (>= 4.3) - restriction: || (&& (< net45) (>= netstandard10) (< netstandard13) (< win8) (< wp8) (< wpa81)) (&& (< net45) (>= netstandard13) (< netstandard15) (< win8) (< wpa81)) (&& (< net45) (>= netstandard15)) (>= dnxcore50)
    System.Reflection.Emit (4.3) - restriction: && (< net45) (>= netstandard16)
      System.IO (>= 4.3) - restriction: && (< net45) (>= netstandard11)
      System.Reflection (>= 4.3) - restriction: && (< net45) (>= netstandard11)
      System.Reflection.Emit.ILGeneration (>= 4.3) - restriction: && (< net45) (>= netstandard11)
      System.Reflection.Primitives (>= 4.3) - restriction: && (< net45) (>= netstandard11)
      System.Runtime (>= 4.3) - restriction: && (< net45) (>= netstandard11)
    System.Reflection.Emit.ILGeneration (4.3) - restriction: || (&& (< net45) (>= netstandard16)) (&& (>= dnxcore50) (>= netstandard16))
      System.Reflection (>= 4.3) - restriction: && (< net45) (>= netstandard10) (< wp8)
      System.Reflection.Primitives (>= 4.3) - restriction: && (< net45) (>= netstandard10) (< wp8)
      System.Runtime (>= 4.3) - restriction: && (< net45) (>= netstandard10) (< wp8)
    System.Reflection.Emit.Lightweight (4.3) - restriction: || (&& (< net45) (>= netstandard16)) (&& (>= dnxcore50) (>= netstandard16))
      System.Reflection (>= 4.3) - restriction: && (< net45) (>= netstandard10) (< wp8)
      System.Reflection.Emit.ILGeneration (>= 4.3) - restriction: && (< net45) (>= netstandard10) (< wp8)
      System.Reflection.Primitives (>= 4.3) - restriction: && (< net45) (>= netstandard10) (< wp8)
      System.Runtime (>= 4.3) - restriction: && (< net45) (>= netstandard10) (< wp8)
    System.Reflection.Extensions (4.3) - restriction: >= netstandard16
      Microsoft.NETCore.Platforms (>= 1.1) - restriction: || (&& (< net45) (>= netstandard10) (< win8) (< wp8) (< wpa81)) (>= dnxcore50)
      Microsoft.NETCore.Targets (>= 1.1) - restriction: || (&& (< net45) (>= netstandard10) (< win8) (< wp8) (< wpa81)) (>= dnxcore50)
      System.Reflection (>= 4.3) - restriction: || (&& (< net45) (>= netstandard10) (< win8) (< wp8) (< wpa81)) (>= dnxcore50)
      System.Runtime (>= 4.3) - restriction: || (&& (< net45) (>= netstandard10) (< win8) (< wp8) (< wpa81)) (>= dnxcore50)
    System.Reflection.Primitives (4.3) - restriction: >= netstandard16
      Microsoft.NETCore.Platforms (>= 1.1) - restriction: || (&& (< net45) (>= netstandard10) (< win8) (< wp8) (< wpa81)) (>= dnxcore50)
      Microsoft.NETCore.Targets (>= 1.1) - restriction: || (&& (< net45) (>= netstandard10) (< win8) (< wp8) (< wpa81)) (>= dnxcore50)
      System.Runtime (>= 4.3) - restriction: || (&& (< net45) (>= netstandard10) (< win8) (< wp8) (< wpa81)) (>= dnxcore50)
    System.Reflection.TypeExtensions (4.3) - restriction: || (&& (< net45) (>= netstandard16)) (&& (>= dnxcore50) (>= netstandard16))
      System.Reflection (>= 4.3) - restriction: || (&& (< net46) (>= netstandard13) (< netstandard15)) (&& (< net46) (>= netstandard15)) (>= net462) (>= dnxcore50)
      System.Runtime (>= 4.3) - restriction: || (&& (< net46) (>= netstandard13) (< netstandard15)) (&& (< net46) (>= netstandard15)) (>= dnxcore50)
    System.Resources.ResourceManager (4.3) - restriction: >= netstandard16
      Microsoft.NETCore.Platforms (>= 1.1) - restriction: || (&& (< net45) (>= netstandard10) (< win8) (< wp8) (< wpa81)) (>= dnxcore50)
      Microsoft.NETCore.Targets (>= 1.1) - restriction: || (&& (< net45) (>= netstandard10) (< win8) (< wp8) (< wpa81)) (>= dnxcore50)
      System.Globalization (>= 4.3) - restriction: || (&& (< net45) (>= netstandard10) (< win8) (< wp8) (< wpa81)) (>= dnxcore50)
      System.Reflection (>= 4.3) - restriction: || (&& (< net45) (>= netstandard10) (< win8) (< wp8) (< wpa81)) (>= dnxcore50)
      System.Runtime (>= 4.3) - restriction: || (&& (< net45) (>= netstandard10) (< win8) (< wp8) (< wpa81)) (>= dnxcore50)
    System.Runtime (4.3) - restriction: >= netstandard16
      Microsoft.NETCore.Platforms (>= 1.1) - restriction: || (&& (< net45) (>= netstandard10) (< netstandard12) (< win8) (< wp8)) (&& (< net45) (>= netstandard12) (< netstandard13) (< win8) (< wpa81)) (&& (< net45) (>= netstandard13) (< netstandard15) (< win8) (< wpa81)) (&& (< net45) (>= netstandard15)) (>= dnxcore50)
      Microsoft.NETCore.Targets (>= 1.1) - restriction: || (&& (< net45) (>= netstandard10) (< netstandard12) (< win8) (< wp8)) (&& (< net45) (>= netstandard12) (< netstandard13) (< win8) (< wpa81)) (&& (< net45) (>= netstandard13) (< netstandard15) (< win8) (< wpa81)) (&& (< net45) (>= netstandard15)) (>= dnxcore50)
    System.Runtime.Extensions (4.3) - restriction: >= netstandard16
      Microsoft.NETCore.Platforms (>= 1.1) - restriction: || (&& (< net45) (>= netstandard10) (< netstandard13) (< win8) (< wp8) (< wpa81)) (&& (< net45) (>= netstandard13) (< netstandard15) (< win8) (< wpa81)) (&& (< net45) (>= netstandard15)) (>= dnxcore50)
      Microsoft.NETCore.Targets (>= 1.1) - restriction: || (&& (< net45) (>= netstandard10) (< netstandard13) (< win8) (< wp8) (< wpa81)) (&& (< net45) (>= netstandard13) (< netstandard15) (< win8) (< wpa81)) (&& (< net45) (>= netstandard15)) (>= dnxcore50)
      System.Runtime (>= 4.3) - restriction: || (&& (< net45) (>= netstandard10) (< netstandard13) (< win8) (< wp8) (< wpa81)) (&& (< net45) (>= netstandard13) (< netstandard15) (< win8) (< wpa81)) (&& (< net45) (>= netstandard15)) (>= dnxcore50)
    System.Runtime.Handles (4.3) - restriction: >= netstandard16
      Microsoft.NETCore.Platforms (>= 1.1) - restriction: && (< net46) (>= netstandard13)
      Microsoft.NETCore.Targets (>= 1.1) - restriction: && (< net46) (>= netstandard13)
      System.Runtime (>= 4.3) - restriction: && (< net46) (>= netstandard13)
    System.Runtime.InteropServices (4.3) - restriction: >= netstandard16
      Microsoft.NETCore.Platforms (>= 1.1) - restriction: || (&& (< net45) (>= netstandard11) (< netstandard12) (< win8)) (&& (< net45) (>= netstandard12) (< netstandard13) (< win8) (< wpa81)) (&& (< net45) (>= netstandard13) (< netstandard15) (< win8) (< wpa81)) (&& (< net45) (>= netstandard15)) (>= dnxcore50) (>= netcore11)
      Microsoft.NETCore.Targets (>= 1.1) - restriction: || (&& (< net45) (>= netstandard11) (< netstandard12) (< win8)) (&& (< net45) (>= netstandard12) (< netstandard13) (< win8) (< wpa81)) (&& (< net45) (>= netstandard13) (< netstandard15) (< win8) (< wpa81)) (&& (< net45) (>= netstandard15)) (>= dnxcore50) (>= netcore11)
      System.Reflection (>= 4.3) - restriction: || (&& (< net45) (>= netstandard11) (< netstandard12) (< win8)) (&& (< net45) (>= netstandard12) (< netstandard13) (< win8) (< wpa81)) (&& (< net45) (>= netstandard13) (< netstandard15) (< win8) (< wpa81)) (&& (< net45) (>= netstandard15)) (>= dnxcore50) (>= netcore11)
      System.Reflection.Primitives (>= 4.3) - restriction: || (&& (< net45) (>= netstandard11) (< netstandard12) (< win8)) (&& (< net45) (>= netstandard12) (< netstandard13) (< win8) (< wpa81)) (&& (< net45) (>= netstandard13) (< netstandard15) (< win8) (< wpa81)) (&& (< net45) (>= netstandard15)) (>= dnxcore50) (>= netcore11)
      System.Runtime (>= 4.3) - restriction: || (&& (< net45) (>= netstandard11) (< netstandard12) (< win8)) (&& (< net45) (>= netstandard12) (< netstandard13) (< win8) (< wpa81)) (&& (< net45) (>= netstandard13) (< netstandard15) (< win8) (< wpa81)) (&& (< net45) (>= netstandard15)) (>= net462) (>= dnxcore50) (>= netcore11)
      System.Runtime.Handles (>= 4.3) - restriction: || (&& (< net45) (>= netstandard13) (< netstandard15) (< win8) (< wpa81)) (&& (< net45) (>= netstandard15)) (>= dnxcore50) (>= netcore11)
    System.Runtime.InteropServices.RuntimeInformation (4.3) - restriction: >= netstandard16
      runtime.native.System (>= 4.3) - restriction: && (< net45) (>= netstandard11) (< win8) (< wpa81)
      System.Reflection (>= 4.3) - restriction: || (&& (< net45) (>= netstandard11) (< win8) (< wpa81)) (>= dnxcore50)
      System.Reflection.Extensions (>= 4.3) - restriction: || (&& (< net45) (>= netstandard11) (< win8) (< wpa81)) (>= dnxcore50)
      System.Resources.ResourceManager (>= 4.3) - restriction: || (&& (< net45) (>= netstandard11) (< win8) (< wpa81)) (>= dnxcore50)
      System.Runtime (>= 4.3) - restriction: || (&& (< net45) (>= netstandard11) (< win8) (< wpa81)) (>= dnxcore50)
      System.Runtime.InteropServices (>= 4.3) - restriction: && (< net45) (>= netstandard11) (< win8) (< wpa81)
      System.Threading (>= 4.3) - restriction: || (&& (< net45) (>= netstandard11) (< win8) (< wpa81)) (>= dnxcore50)
    System.Runtime.Numerics (4.3) - restriction: >= netstandard16
      System.Globalization (>= 4.3) - restriction: || (&& (< net45) (>= netstandard13) (< win8) (< wpa81)) (>= dnxcore50)
      System.Resources.ResourceManager (>= 4.3) - restriction: || (&& (< net45) (>= netstandard13) (< win8) (< wpa81)) (>= dnxcore50)
      System.Runtime (>= 4.3) - restriction: || (&& (< net45) (>= netstandard11) (< netstandard13) (< win8) (< wpa81)) (&& (< net45) (>= netstandard13) (< win8) (< wpa81)) (>= dnxcore50)
      System.Runtime.Extensions (>= 4.3) - restriction: || (&& (< net45) (>= netstandard13) (< win8) (< wpa81)) (>= dnxcore50)
    System.Security.Cryptography.Algorithms (4.3) - restriction: >= netstandard16
      Microsoft.NETCore.Platforms (>= 1.1) - restriction: || (&& (< net46) (>= netstandard16)) (>= dnxcore50)
      runtime.native.System.Security.Cryptography.Apple (>= 4.3) - restriction: && (< net46) (>= netstandard16)
      runtime.native.System.Security.Cryptography.OpenSsl (>= 4.3) - restriction: && (< net46) (>= netstandard16)
      System.Collections (>= 4.3) - restriction: && (< net46) (>= netstandard16)
      System.IO (>= 4.3) - restriction: || (&& (< net46) (>= netstandard13) (< netstandard14)) (&& (< net46) (>= netstandard14) (< netstandard16)) (&& (< net46) (>= netstandard16)) (>= net463) (>= dnxcore50)
      System.Resources.ResourceManager (>= 4.3) - restriction: || (&& (< net46) (>= netstandard16)) (>= dnxcore50)
      System.Runtime (>= 4.3) - restriction: || (&& (< net46) (>= netstandard13) (< netstandard14)) (&& (< net46) (>= netstandard14) (< netstandard16)) (&& (< net46) (>= netstandard16)) (>= net463) (>= dnxcore50)
      System.Runtime.Extensions (>= 4.3) - restriction: || (&& (< net46) (>= netstandard16)) (>= dnxcore50)
      System.Runtime.Handles (>= 4.3) - restriction: || (&& (< net46) (>= netstandard16)) (>= dnxcore50)
      System.Runtime.InteropServices (>= 4.3) - restriction: || (&& (< net46) (>= netstandard16)) (>= dnxcore50)
      System.Runtime.Numerics (>= 4.3) - restriction: && (< net46) (>= netstandard16)
      System.Security.Cryptography.Encoding (>= 4.3) - restriction: || (&& (< net46) (>= netstandard16)) (>= net463) (>= dnxcore50)
      System.Security.Cryptography.Primitives (>= 4.3) - restriction: || (&& (>= net46) (< netstandard14)) (&& (< net46) (>= netstandard13) (< netstandard14)) (&& (< net46) (>= netstandard14) (< netstandard16)) (&& (< net46) (>= netstandard16)) (>= net461) (>= dnxcore50)
      System.Text.Encoding (>= 4.3) - restriction: || (&& (< net46) (>= netstandard16)) (>= dnxcore50)
    System.Security.Cryptography.Cng (4.3) - restriction: || (&& (< net46) (>= netstandard16)) (&& (>= dnxcore50) (>= netstandard16))
      Microsoft.NETCore.Platforms (>= 1.1) - restriction: || (&& (< net46) (>= netstandard14) (< netstandard16)) (&& (< net46) (>= netstandard16))
      System.IO (>= 4.3) - restriction: || (&& (< net46) (>= netstandard13) (< netstandard14)) (&& (< net46) (>= netstandard14) (< netstandard16)) (&& (< net46) (>= netstandard16))
      System.Resources.ResourceManager (>= 4.3) - restriction: || (&& (< net46) (>= netstandard14) (< netstandard16)) (&& (< net46) (>= netstandard16))
      System.Runtime (>= 4.3) - restriction: || (&& (< net46) (>= netstandard13) (< netstandard14)) (&& (< net46) (>= netstandard14) (< netstandard16)) (&& (< net46) (>= netstandard16))
      System.Runtime.Extensions (>= 4.3) - restriction: || (&& (< net46) (>= netstandard14) (< netstandard16)) (&& (< net46) (>= netstandard16))
      System.Runtime.Handles (>= 4.3) - restriction: || (&& (< net46) (>= netstandard13) (< netstandard14)) (&& (< net46) (>= netstandard14) (< netstandard16)) (&& (< net46) (>= netstandard16))
      System.Runtime.InteropServices (>= 4.3) - restriction: || (&& (< net46) (>= netstandard14) (< netstandard16)) (&& (< net46) (>= netstandard16))
      System.Security.Cryptography.Algorithms (>= 4.3) - restriction: || (&& (>= net46) (< netstandard14)) (&& (< net46) (>= netstandard13) (< netstandard14)) (&& (< net46) (>= netstandard14) (< netstandard16)) (&& (< net46) (>= netstandard16)) (>= net461)
      System.Security.Cryptography.Encoding (>= 4.3) - restriction: || (&& (< net46) (>= netstandard14) (< netstandard16)) (&& (< net46) (>= netstandard16))
      System.Security.Cryptography.Primitives (>= 4.3) - restriction: || (&& (>= net46) (< netstandard14)) (&& (< net46) (>= netstandard13) (< netstandard14)) (&& (< net46) (>= netstandard14) (< netstandard16)) (&& (< net46) (>= netstandard16)) (>= net461)
      System.Text.Encoding (>= 4.3) - restriction: || (&& (< net46) (>= netstandard14) (< netstandard16)) (&& (< net46) (>= netstandard16))
    System.Security.Cryptography.Csp (4.3) - restriction: && (< net46) (>= netstandard16)
      Microsoft.NETCore.Platforms (>= 1.1) - restriction: && (< net46) (>= netstandard13)
      System.IO (>= 4.3) - restriction: && (< net46) (>= netstandard13)
      System.Reflection (>= 4.3) - restriction: && (< net46) (>= netstandard13)
      System.Resources.ResourceManager (>= 4.3) - restriction: && (< net46) (>= netstandard13)
      System.Runtime (>= 4.3) - restriction: && (< net46) (>= netstandard13)
      System.Runtime.Extensions (>= 4.3) - restriction: && (< net46) (>= netstandard13)
      System.Runtime.Handles (>= 4.3) - restriction: && (< net46) (>= netstandard13)
      System.Runtime.InteropServices (>= 4.3) - restriction: && (< net46) (>= netstandard13)
      System.Security.Cryptography.Algorithms (>= 4.3) - restriction: >= netstandard13
      System.Security.Cryptography.Encoding (>= 4.3) - restriction: && (< net46) (>= netstandard13)
      System.Security.Cryptography.Primitives (>= 4.3) - restriction: >= netstandard13
      System.Text.Encoding (>= 4.3) - restriction: && (< net46) (>= netstandard13)
      System.Threading (>= 4.3) - restriction: && (< net46) (>= netstandard13)
    System.Security.Cryptography.Encoding (4.3) - restriction: >= netstandard16
      Microsoft.NETCore.Platforms (>= 1.1) - restriction: && (< net46) (>= netstandard13)
      runtime.native.System.Security.Cryptography.OpenSsl (>= 4.3) - restriction: && (< net46) (>= netstandard13)
      System.Collections (>= 4.3) - restriction: && (< net46) (>= netstandard13)
      System.Collections.Concurrent (>= 4.3) - restriction: && (< net46) (>= netstandard13)
      System.Linq (>= 4.3) - restriction: && (< net46) (>= netstandard13)
      System.Resources.ResourceManager (>= 4.3) - restriction: && (< net46) (>= netstandard13)
      System.Runtime (>= 4.3) - restriction: && (< net46) (>= netstandard13)
      System.Runtime.Extensions (>= 4.3) - restriction: && (< net46) (>= netstandard13)
      System.Runtime.Handles (>= 4.3) - restriction: && (< net46) (>= netstandard13)
      System.Runtime.InteropServices (>= 4.3) - restriction: && (< net46) (>= netstandard13)
      System.Security.Cryptography.Primitives (>= 4.3) - restriction: && (< net46) (>= netstandard13)
      System.Text.Encoding (>= 4.3) - restriction: && (< net46) (>= netstandard13)
    System.Security.Cryptography.OpenSsl (4.3) - restriction: || (&& (< net45) (>= netstandard16)) (&& (< net46) (>= netstandard16))
      runtime.native.System.Security.Cryptography.OpenSsl (>= 4.3) - restriction: || (>= netstandard16) (>= monoandroid) (>= monotouch) (>= xamarinios) (>= xamarinmac)
      System.Collections (>= 4.3) - restriction: && (< net463) (>= netstandard16)
      System.IO (>= 4.3) - restriction: >= netstandard16
      System.Resources.ResourceManager (>= 4.3) - restriction: && (< net463) (>= netstandard16)
      System.Runtime (>= 4.3) - restriction: >= netstandard16
      System.Runtime.Extensions (>= 4.3) - restriction: >= netstandard16
      System.Runtime.Handles (>= 4.3) - restriction: && (< net463) (>= netstandard16)
      System.Runtime.InteropServices (>= 4.3) - restriction: && (< net463) (>= netstandard16)
      System.Runtime.Numerics (>= 4.3) - restriction: && (< net463) (>= netstandard16)
      System.Security.Cryptography.Algorithms (>= 4.3) - restriction: >= netstandard16
      System.Security.Cryptography.Encoding (>= 4.3) - restriction: >= netstandard16
      System.Security.Cryptography.Primitives (>= 4.3) - restriction: >= netstandard16
      System.Text.Encoding (>= 4.3) - restriction: && (< net463) (>= netstandard16)
    System.Security.Cryptography.Primitives (4.3) - restriction: >= netstandard16
      System.Diagnostics.Debug (>= 4.3) - restriction: && (< net46) (>= netstandard13)
      System.Globalization (>= 4.3) - restriction: && (< net46) (>= netstandard13)
      System.IO (>= 4.3) - restriction: && (< net46) (>= netstandard13)
      System.Resources.ResourceManager (>= 4.3) - restriction: && (< net46) (>= netstandard13)
      System.Runtime (>= 4.3) - restriction: && (< net46) (>= netstandard13)
      System.Threading (>= 4.3) - restriction: && (< net46) (>= netstandard13)
      System.Threading.Tasks (>= 4.3) - restriction: && (< net46) (>= netstandard13)
    System.Security.Cryptography.X509Certificates (4.3) - restriction: >= netstandard16
      Microsoft.NETCore.Platforms (>= 1.1) - restriction: || (&& (< net46) (>= netstandard16)) (>= dnxcore50)
      runtime.native.System (>= 4.3) - restriction: && (< net46) (>= netstandard16)
      runtime.native.System.Net.Http (>= 4.3) - restriction: && (< net46) (>= netstandard16)
      runtime.native.System.Security.Cryptography.OpenSsl (>= 4.3) - restriction: && (< net46) (>= netstandard16)
      System.Collections (>= 4.3) - restriction: || (&& (< net46) (>= netstandard16)) (>= dnxcore50)
      System.Diagnostics.Debug (>= 4.3) - restriction: && (< net46) (>= netstandard16)
      System.Globalization (>= 4.3) - restriction: || (&& (< net46) (>= netstandard16)) (>= dnxcore50)
      System.Globalization.Calendars (>= 4.3) - restriction: || (&& (< net46) (>= netstandard16)) (>= dnxcore50)
      System.IO (>= 4.3) - restriction: || (&& (< net46) (>= netstandard16)) (>= dnxcore50)
      System.IO.FileSystem (>= 4.3) - restriction: || (&& (< net46) (>= netstandard16)) (>= dnxcore50)
      System.IO.FileSystem.Primitives (>= 4.3) - restriction: && (< net46) (>= netstandard16)
      System.Resources.ResourceManager (>= 4.3) - restriction: || (&& (< net46) (>= netstandard16)) (>= dnxcore50)
      System.Runtime (>= 4.3) - restriction: || (&& (< net46) (>= netstandard13) (< netstandard14)) (&& (< net46) (>= netstandard14) (< netstandard16)) (&& (< net46) (>= netstandard16)) (>= dnxcore50)
      System.Runtime.Extensions (>= 4.3) - restriction: || (&& (< net46) (>= netstandard16)) (>= dnxcore50)
      System.Runtime.Handles (>= 4.3) - restriction: || (&& (< net46) (>= netstandard13) (< netstandard14)) (&& (< net46) (>= netstandard14) (< netstandard16)) (&& (< net46) (>= netstandard16)) (>= dnxcore50)
      System.Runtime.InteropServices (>= 4.3) - restriction: || (&& (< net46) (>= netstandard16)) (>= dnxcore50)
      System.Runtime.Numerics (>= 4.3) - restriction: || (&& (< net46) (>= netstandard16)) (>= dnxcore50)
      System.Security.Cryptography.Algorithms (>= 4.3) - restriction: || (&& (>= net46) (< netstandard14)) (&& (< net46) (>= netstandard13) (< netstandard14)) (&& (< net46) (>= netstandard14) (< netstandard16)) (&& (< net46) (>= netstandard16)) (>= net461) (>= dnxcore50)
      System.Security.Cryptography.Cng (>= 4.3) - restriction: || (&& (< net46) (>= netstandard16)) (>= dnxcore50)
      System.Security.Cryptography.Csp (>= 4.3) - restriction: && (< net46) (>= netstandard16)
      System.Security.Cryptography.Encoding (>= 4.3) - restriction: || (&& (>= net46) (< netstandard14)) (&& (< net46) (>= netstandard13) (< netstandard14)) (&& (< net46) (>= netstandard14) (< netstandard16)) (&& (< net46) (>= netstandard16)) (>= net461) (>= dnxcore50)
      System.Security.Cryptography.OpenSsl (>= 4.3) - restriction: && (< net46) (>= netstandard16)
      System.Security.Cryptography.Primitives (>= 4.3) - restriction: || (&& (< net46) (>= netstandard16)) (>= dnxcore50)
      System.Text.Encoding (>= 4.3) - restriction: || (&& (< net46) (>= netstandard16)) (>= dnxcore50)
      System.Threading (>= 4.3) - restriction: || (&& (< net46) (>= netstandard16)) (>= dnxcore50)
    System.Text.Encoding (4.3) - restriction: >= netstandard16
      Microsoft.NETCore.Platforms (>= 1.1) - restriction: || (&& (< net45) (>= netstandard10) (< netstandard13) (< win8) (< wp8) (< wpa81)) (&& (< net45) (>= netstandard13) (< win8) (< wpa81)) (>= dnxcore50)
      Microsoft.NETCore.Targets (>= 1.1) - restriction: || (&& (< net45) (>= netstandard10) (< netstandard13) (< win8) (< wp8) (< wpa81)) (&& (< net45) (>= netstandard13) (< win8) (< wpa81)) (>= dnxcore50)
      System.Runtime (>= 4.3) - restriction: || (&& (< net45) (>= netstandard10) (< netstandard13) (< win8) (< wp8) (< wpa81)) (&& (< net45) (>= netstandard13) (< win8) (< wpa81)) (>= dnxcore50)
    System.Text.Encoding.Extensions (4.3) - restriction: >= netstandard16
      Microsoft.NETCore.Platforms (>= 1.1) - restriction: || (&& (< net45) (>= netstandard10) (< netstandard13) (< win8) (< wp8) (< wpa81)) (&& (< net45) (>= netstandard13) (< win8) (< wpa81)) (>= dnxcore50)
      Microsoft.NETCore.Targets (>= 1.1) - restriction: || (&& (< net45) (>= netstandard10) (< netstandard13) (< win8) (< wp8) (< wpa81)) (&& (< net45) (>= netstandard13) (< win8) (< wpa81)) (>= dnxcore50)
      System.Runtime (>= 4.3) - restriction: || (&& (< net45) (>= netstandard10) (< netstandard13) (< win8) (< wp8) (< wpa81)) (&& (< net45) (>= netstandard13) (< win8) (< wpa81)) (>= dnxcore50)
      System.Text.Encoding (>= 4.3) - restriction: || (&& (< net45) (>= netstandard10) (< netstandard13) (< win8) (< wp8) (< wpa81)) (&& (< net45) (>= netstandard13) (< win8) (< wpa81)) (>= dnxcore50)
    System.Text.RegularExpressions (4.3) - restriction: >= netstandard16
      System.Collections (>= 4.3) - restriction: || (&& (< net45) (>= netstandard16) (< netcore11)) (>= dnxcore50)
      System.Globalization (>= 4.3) - restriction: || (&& (< net45) (>= netstandard16) (< netcore11)) (>= dnxcore50)
      System.Resources.ResourceManager (>= 4.3) - restriction: || (&& (< net45) (>= netstandard16) (< netcore11)) (>= dnxcore50)
      System.Runtime (>= 4.3) - restriction: || (&& (< net45) (>= netstandard10) (< netstandard13) (< win8) (< wp8) (< wpa81)) (&& (< net45) (>= netstandard13) (< netstandard16) (< win8) (< wpa81)) (&& (< net45) (>= netstandard16)) (>= dnxcore50) (>= netcore11)
      System.Runtime.Extensions (>= 4.3) - restriction: || (&& (< net45) (>= netstandard16) (< netcore11)) (>= dnxcore50)
      System.Threading (>= 4.3) - restriction: || (&& (< net45) (>= netstandard16) (< netcore11)) (>= dnxcore50)
    System.Threading (4.3) - restriction: >= netstandard16
      System.Runtime (>= 4.3) - restriction: || (&& (< net45) (>= netstandard10) (< netstandard13) (< win8) (< wp8) (< wpa81)) (&& (< net45) (>= netstandard13) (< win8) (< wpa81)) (>= dnxcore50)
      System.Threading.Tasks (>= 4.3) - restriction: || (&& (< net45) (>= netstandard10) (< netstandard13) (< win8) (< wp8) (< wpa81)) (&& (< net45) (>= netstandard13) (< win8) (< wpa81)) (>= dnxcore50)
    System.Threading.Tasks (4.3) - restriction: >= netstandard16
      Microsoft.NETCore.Platforms (>= 1.1) - restriction: || (&& (< net45) (>= netstandard10) (< netstandard13) (< win8) (< wp8) (< wpa81)) (&& (< net45) (>= netstandard13) (< win8) (< wpa81)) (>= dnxcore50)
      Microsoft.NETCore.Targets (>= 1.1) - restriction: || (&& (< net45) (>= netstandard10) (< netstandard13) (< win8) (< wp8) (< wpa81)) (&& (< net45) (>= netstandard13) (< win8) (< wpa81)) (>= dnxcore50)
      System.Runtime (>= 4.3) - restriction: || (&& (< net45) (>= netstandard10) (< netstandard13) (< win8) (< wp8) (< wpa81)) (&& (< net45) (>= netstandard13) (< win8) (< wpa81)) (>= dnxcore50)
    System.Threading.Tasks.Extensions (4.3) - restriction: || (&& (< net45) (>= netstandard16)) (&& (>= dnxcore50) (>= netstandard16))
      System.Collections (>= 4.3) - restriction: && (< net45) (>= netstandard10) (< win8) (< wp8) (< wpa81)
      System.Runtime (>= 4.3) - restriction: && (< net45) (>= netstandard10) (< win8) (< wp8) (< wpa81)
      System.Threading.Tasks (>= 4.3) - restriction: && (< net45) (>= netstandard10) (< win8) (< wp8) (< wpa81)
    System.Threading.Tasks.Parallel (4.3) - restriction: >= netstandard16
      System.Collections.Concurrent (>= 4.3) - restriction: || (&& (< net45) (>= netstandard11) (< netstandard13) (< win8) (< wpa81)) (&& (< net45) (>= netstandard13) (< win8) (< wpa81)) (>= dnxcore50)
      System.Diagnostics.Debug (>= 4.3) - restriction: || (&& (< net45) (>= netstandard13) (< win8) (< wpa81)) (>= dnxcore50)
      System.Diagnostics.Tracing (>= 4.3) - restriction: || (&& (< net45) (>= netstandard13) (< win8) (< wpa81)) (>= dnxcore50)
      System.Resources.ResourceManager (>= 4.3) - restriction: || (&& (< net45) (>= netstandard13) (< win8) (< wpa81)) (>= dnxcore50)
      System.Runtime (>= 4.3) - restriction: || (&& (< net45) (>= netstandard11) (< netstandard13) (< win8) (< wpa81)) (&& (< net45) (>= netstandard13) (< win8) (< wpa81)) (>= dnxcore50)
      System.Runtime.Extensions (>= 4.3) - restriction: || (&& (< net45) (>= netstandard13) (< win8) (< wpa81)) (>= dnxcore50)
      System.Threading (>= 4.3) - restriction: || (&& (< net45) (>= netstandard13) (< win8) (< wpa81)) (>= dnxcore50)
      System.Threading.Tasks (>= 4.3) - restriction: || (&& (< net45) (>= netstandard11) (< netstandard13) (< win8) (< wpa81)) (&& (< net45) (>= netstandard13) (< win8) (< wpa81)) (>= dnxcore50)
    System.Threading.Thread (4.3) - restriction: >= netstandard16
      System.Runtime (>= 4.3) - restriction: && (< net46) (>= netstandard13)
    System.Threading.ThreadPool (4.3) - restriction: >= netstandard16
      System.Runtime (>= 4.3) - restriction: && (< net46) (>= netstandard13)
      System.Runtime.Handles (>= 4.3) - restriction: && (< net46) (>= netstandard13)
    System.Threading.Timer (4.3) - restriction: >= netstandard16
      Microsoft.NETCore.Platforms (>= 1.1) - restriction: || (&& (< net451) (>= netstandard12) (< win81) (< wpa81)) (>= dnxcore50)
      Microsoft.NETCore.Targets (>= 1.1) - restriction: || (&& (< net451) (>= netstandard12) (< win81) (< wpa81)) (>= dnxcore50)
      System.Runtime (>= 4.3) - restriction: || (&& (< net451) (>= netstandard12) (< win81) (< wpa81)) (>= dnxcore50)
    System.Xml.ReaderWriter (4.3) - restriction: >= netstandard16
      System.Collections (>= 4.3) - restriction: || (&& (< net45) (>= netstandard13) (< win8) (< wpa81)) (>= dnxcore50)
      System.Diagnostics.Debug (>= 4.3) - restriction: || (&& (< net45) (>= netstandard13) (< win8) (< wpa81)) (>= dnxcore50)
      System.Globalization (>= 4.3) - restriction: || (&& (< net45) (>= netstandard13) (< win8) (< wpa81)) (>= dnxcore50)
      System.IO (>= 4.3) - restriction: || (&& (< net45) (>= netstandard10) (< netstandard13) (< win8) (< wp8) (< wpa81)) (&& (< net45) (>= netstandard13) (< win8) (< wpa81)) (>= dnxcore50)
      System.IO.FileSystem (>= 4.3) - restriction: || (&& (< net45) (>= netstandard13) (< win8) (< wpa81)) (>= dnxcore50)
      System.IO.FileSystem.Primitives (>= 4.3) - restriction: || (&& (< net45) (>= netstandard13) (< win8) (< wpa81)) (>= dnxcore50)
      System.Resources.ResourceManager (>= 4.3) - restriction: || (&& (< net45) (>= netstandard13) (< win8) (< wpa81)) (>= dnxcore50)
      System.Runtime (>= 4.3) - restriction: || (&& (< net45) (>= netstandard10) (< netstandard13) (< win8) (< wp8) (< wpa81)) (&& (< net45) (>= netstandard13) (< win8) (< wpa81)) (>= dnxcore50)
      System.Runtime.Extensions (>= 4.3) - restriction: || (&& (< net45) (>= netstandard13) (< win8) (< wpa81)) (>= dnxcore50)
      System.Runtime.InteropServices (>= 4.3) - restriction: || (&& (< net45) (>= netstandard13) (< win8) (< wpa81)) (>= dnxcore50)
      System.Text.Encoding (>= 4.3) - restriction: || (&& (< net45) (>= netstandard10) (< netstandard13) (< win8) (< wp8) (< wpa81)) (&& (< net45) (>= netstandard13) (< win8) (< wpa81)) (>= dnxcore50)
      System.Text.Encoding.Extensions (>= 4.3) - restriction: || (&& (< net45) (>= netstandard13) (< win8) (< wpa81)) (>= dnxcore50)
      System.Text.RegularExpressions (>= 4.3) - restriction: || (&& (< net45) (>= netstandard13) (< win8) (< wpa81)) (>= dnxcore50)
      System.Threading.Tasks (>= 4.3) - restriction: || (&& (< net45) (>= netstandard10) (< netstandard13) (< win8) (< wp8) (< wpa81)) (&& (< net45) (>= netstandard13) (< win8) (< wpa81)) (>= dnxcore50)
      System.Threading.Tasks.Extensions (>= 4.3) - restriction: || (&& (< net45) (>= netstandard13) (< win8) (< wpa81)) (>= dnxcore50)
    System.Xml.XDocument (4.3) - restriction: >= netstandard16
      System.Collections (>= 4.3) - restriction: || (&& (< net45) (>= netstandard13) (< win8) (< wpa81)) (>= dnxcore50)
      System.Diagnostics.Debug (>= 4.3) - restriction: || (&& (< net45) (>= netstandard13) (< win8) (< wpa81)) (>= dnxcore50)
      System.Diagnostics.Tools (>= 4.3) - restriction: || (&& (< net45) (>= netstandard13) (< win8) (< wpa81)) (>= dnxcore50)
      System.Globalization (>= 4.3) - restriction: || (&& (< net45) (>= netstandard13) (< win8) (< wpa81)) (>= dnxcore50)
      System.IO (>= 4.3) - restriction: || (&& (< net45) (>= netstandard10) (< netstandard13) (< win8) (< wp8) (< wpa81)) (&& (< net45) (>= netstandard13) (< win8) (< wpa81)) (>= dnxcore50)
      System.Reflection (>= 4.3) - restriction: || (&& (< net45) (>= netstandard13) (< win8) (< wpa81)) (>= dnxcore50)
      System.Resources.ResourceManager (>= 4.3) - restriction: || (&& (< net45) (>= netstandard13) (< win8) (< wpa81)) (>= dnxcore50)
      System.Runtime (>= 4.3) - restriction: || (&& (< net45) (>= netstandard10) (< netstandard13) (< win8) (< wp8) (< wpa81)) (&& (< net45) (>= netstandard13) (< win8) (< wpa81)) (>= dnxcore50)
      System.Runtime.Extensions (>= 4.3) - restriction: || (&& (< net45) (>= netstandard13) (< win8) (< wpa81)) (>= dnxcore50)
      System.Text.Encoding (>= 4.3) - restriction: || (&& (< net45) (>= netstandard13) (< win8) (< wpa81)) (>= dnxcore50)
      System.Threading (>= 4.3) - restriction: || (&& (< net45) (>= netstandard13) (< win8) (< wpa81)) (>= dnxcore50)
      System.Xml.ReaderWriter (>= 4.3) - restriction: || (&& (< net45) (>= netstandard10) (< netstandard13) (< win8) (< wp8) (< wpa81)) (&& (< net45) (>= netstandard13) (< win8) (< wpa81)) (>= dnxcore50)
